{
  "bids_meta": {
    "AccelNumReferenceLines": 32,
    "AccelerationFactorPE": 2,
    "AcquisitionMatrix": "0/256/256/0",
    "DeviceSerialNumber": "35426",
    "EchoTime": 0.00331,
    "EchoTrainLength": 1,
    "FlipAngle": 7,
    "ImageType": "ORIGINAL/PRIMARY/M/ND/NORM",
    "ImagingFrequency": 123192125,
    "InPlanePhaseEncodingDirection": "ROW",
    "InversionTime": 1.1,
    "MRAcquisitionType": "3D",
    "MagneticFieldStrength": 3,
    "ManufacturerModelName": "TrioTim",
    "NumberOfAverages": 1,
    "NumberOfPhaseEncodingSteps": 255,
    "PatientPosition": "HFS",
    "PercentPhaseFieldOfView": 100,
    "PercentSampling": 100,
    "PhaseEncodingDirection": "i-",
    "PixelBandwidth": 199,
    "ProtocolName": "MPRAGE - BWM",
    "ReceiveCoilName": "HeadMatrix",
    "RepetitionTime": 2.53,
    "ScanOptions": "IR",
    "ScanningSequence": "GR/IR",
    "SequenceName": "*tfl3d1_ns",
    "SequenceVariant": "SP/MP",
    "SoftwareVersions": "syngo MR B17",
    "TotalScanTimeSec": 363,
    "TransmitCoilName": "Body",
    "VariableFlipAngleFlag": "N",
    "dataset": "ds000030",
    "modality": "T1w",
    "subject_id": "50053"
  },
  "cjv": 0.4477596225729012,
  "cnr": 2.8915562532506134,
  "efc": 0.5338613466766471,
  "fber": 1190.9439697265625,
  "fwhm_avg": 3.1665490934852376,
  "fwhm_x": 3.259027280455713,
  "fwhm_y": 3.32506,
  "fwhm_z": 2.91556,
  "icvs_csf": 0.18182190671582724,
  "icvs_gm": 0.4023964244760223,
  "icvs_wm": 0.41578166880815043,
  "inu_med": 1.7842071056365967,
  "inu_range": 0.6550228118896484,
  "provenance": {
    "md5sum": "5c468979d473242ddec62eda26ae6c5c",
    "settings": {
      "testing": false
    },
    "software": "mriqc",
    "version": "0.16.1",
    "warnings": {
      "large_rot_frame": true,
      "small_air_mask": false
    },
    "webapi_port": null,
    "webapi_url": "https://mriqc.nimh.nih.gov/api/v1"
  },
  "qi_1": 3.515309171441628e-05,
  "qi_2": 0.003576735854342879,
  "rpve_csf": 32.30302073584629,
  "rpve_gm": 15.559041096825732,
  "rpve_wm": 18.750043330248438,
  "size_x": 176,
  "size_y": 256,
  "size_z": 256,
  "snr_csf": 1.7647752203284313,
  "snr_gm": 8.231989243758496,
  "snr_total": 8.761118957904992,
  "snr_wm": 16.286592409628053,
  "snrd_csf": 20.742146937478182,
  "snrd_gm": 49.63963628749346,
  "snrd_total": 47.29346876782495,
  "snrd_wm": 71.49862307850319,
  "spacing_x": 1.0000008344650269,
  "spacing_y": 1.0,
  "spacing_z": 1.0,
  "summary_bg_k": 1001.7762190437234,
  "summary_bg_mad": 9.163020866208317,
  "summary_bg_mean": 17.70819091796875,
  "summary_bg_median": 15.119553565979004,
  "summary_bg_n": 3847099.0,
  "summary_bg_p05": 3.0166518688201904,
  "summary_bg_p95": 42.324852752685544,
  "summary_bg_stdv": 17.225515365600586,
  "summary_csf_k": -0.5393337413380355,
  "summary_csf_mad": 192.81027388331745,
  "summary_csf_mean": 316.3136291503906,
  "summary_csf_median": 290.108642578125,
  "summary_csf_n": 5443.0,
  "summary_csf_p05": 95.93730239868165,
  "summary_csf_p95": 591.1699035644531,
  "summary_csf_stdv": 164.3733367919922,
  "summary_gm_k": 0.28794199760745975,
  "summary_gm_mad": 78.45792670300526,
  "summary_gm_mean": 693.4935302734375,
  "summary_gm_median": 694.2814331054688,
  "summary_gm_n": 10028.0,
  "summary_gm_p05": 553.9031829833984,
  "summary_gm_p95": 833.8023559570311,
  "summary_gm_stdv": 84.33524322509766,
  "summary_wm_k": 0.3537910252877121,
  "summary_wm_mad": 58.435286011960386,
  "summary_wm_mean": 999.7793579101562,
  "summary_wm_median": 1000.0106811523438,
  "summary_wm_n": 214921.0,
  "summary_wm_p05": 898.0814819335938,
  "summary_wm_p95": 1100.4996337890625,
  "summary_wm_stdv": 61.40071105957031,
  "tpm_overlap_csf": 0.15561681985855103,
  "tpm_overlap_gm": 0.4287168085575104,
  "tpm_overlap_wm": 0.5051150918006897,
  "wm2max": 0.6502826271595149
}