{
  "bids_meta": {
    "AccelNumReferenceLines": 32,
    "AccelerationFactorPE": 2,
    "AcquisitionMatrix": "0/256/256/0",
    "DeviceSerialNumber": "35343",
    "EchoTime": 0.00331,
    "EchoTrainLength": 1,
    "FlipAngle": 7,
    "ImageType": "ORIGINAL/PRIMARY/M/ND/NORM",
    "ImagingFrequency": 123227089,
    "InPlanePhaseEncodingDirection": "ROW",
    "InversionTime": 1.1,
    "MRAcquisitionType": "3D",
    "MagneticFieldStrength": 3,
    "ManufacturerModelName": "TrioTim",
    "NumberOfAverages": 1,
    "NumberOfPhaseEncodingSteps": 255,
    "PatientPosition": "HFS",
    "PercentPhaseFieldOfView": 100,
    "PercentSampling": 100,
    "PhaseEncodingDirection": "i-",
    "PixelBandwidth": 200,
    "ProtocolName": "MPRAGE - BWM",
    "ReceiveCoilName": "HeadMatrix",
    "RepetitionTime": 2.53,
    "ScanOptions": "IR",
    "ScanningSequence": "GR/IR",
    "SequenceName": "*tfl3d1_ns",
    "SequenceVariant": "SP/MP",
    "SoftwareVersions": "syngo MR B15",
    "TotalScanTimeSec": 363,
    "TransmitCoilName": "Body",
    "VariableFlipAngleFlag": "N",
    "dataset": "ds000030",
    "modality": "T1w",
    "subject_id": "70051"
  },
  "cjv": 0.3438718323850057,
  "cnr": 3.8816578640456565,
  "efc": 0.5254123121879757,
  "fber": 1529.7818603515625,
  "fwhm_avg": 3.32066508687609,
  "fwhm_x": 3.3945652606282697,
  "fwhm_y": 3.44496,
  "fwhm_z": 3.12247,
  "icvs_csf": 0.16984458266327226,
  "icvs_gm": 0.45279445642307325,
  "icvs_wm": 0.37736096091365445,
  "inu_med": 1.704223394393921,
  "inu_range": 0.5504789352416992,
  "provenance": {
    "md5sum": "1a6175c7788610fd6c7a9987a4f63051",
    "settings": {
      "testing": false
    },
    "software": "mriqc",
    "version": "21.0.0rc2",
    "warnings": {
      "large_rot_frame": true,
      "small_air_mask": false
    },
    "webapi_port": null,
    "webapi_url": "https://mriqc.nimh.nih.gov/api/v1"
  },
  "qi_1": 1.2398749999354231e-05,
  "qi_2": 0.004307890476752805,
  "rpve_csf": 29.592704122251057,
  "rpve_gm": 12.779999348286049,
  "rpve_wm": 18.11930017647394,
  "size_x": 176,
  "size_y": 256,
  "size_z": 256,
  "snr_csf": 2.0856994043924577,
  "snr_gm": 8.917199032443383,
  "snr_total": 9.457530303236956,
  "snr_wm": 17.369692472875023,
  "snrd_csf": 21.401452124146346,
  "snrd_gm": 46.13897488989063,
  "snrd_total": 46.56707501886706,
  "snrd_wm": 72.1607980425642,
  "spacing_x": 0.9999984502792358,
  "spacing_y": 1.0,
  "spacing_z": 1.0,
  "summary_bg_k": 129.21944760123722,
  "summary_bg_mad": 9.078795086146442,
  "summary_bg_mean": 15.33969783782959,
  "summary_bg_median": 12.229935646057129,
  "summary_bg_n": 3637837.0,
  "summary_bg_p05": 3.0146109104156493,
  "summary_bg_p95": 37.47391510009763,
  "summary_bg_stdv": 13.227818489074707,
  "summary_csf_k": -1.0652506790605702,
  "summary_csf_mad": 182.80660001530134,
  "summary_csf_mean": 301.08587646484375,
  "summary_csf_median": 296.57855224609375,
  "summary_csf_n": 6315.0,
  "summary_csf_p05": 100.35386123657227,
  "summary_csf_p95": 526.9207031249997,
  "summary_csf_stdv": 142.18495178222656,
  "summary_gm_k": 0.14090375529162236,
  "summary_gm_mad": 69.65827894694755,
  "summary_gm_mean": 640.1000366210938,
  "summary_gm_median": 639.387939453125,
  "summary_gm_n": 21708.0,
  "summary_gm_p05": 523.9436798095703,
  "summary_gm_p95": 759.6361663818359,
  "summary_gm_stdv": 71.70112609863281,
  "summary_wm_k": 0.4932516443339887,
  "summary_wm_mad": 54.344330055215366,
  "summary_wm_mean": 998.7708740234375,
  "summary_wm_median": 999.9949951171875,
  "summary_wm_n": 203516.0,
  "summary_wm_p05": 901.8809814453125,
  "summary_wm_p95": 1090.6413269042969,
  "summary_wm_stdv": 57.57111358642578,
  "tpm_overlap_csf": 0.16941748559474945,
  "tpm_overlap_gm": 0.4471575617790222,
  "tpm_overlap_wm": 0.49709007143974304,
  "wm2max": 0.6545812614063664
}