{
  "bids_meta": {
    "AccelNumReferenceLines": 32,
    "AccelerationFactorPE": 2,
    "AcquisitionMatrix": "0/256/256/0",
    "DeviceSerialNumber": "35426",
    "EchoTime": 0.00331,
    "EchoTrainLength": 1,
    "FlipAngle": 7,
    "ImageType": "ORIGINAL/PRIMARY/M/ND/NORM",
    "ImagingFrequency": 123191781,
    "InPlanePhaseEncodingDirection": "ROW",
    "InversionTime": 1.1,
    "MRAcquisitionType": "3D",
    "MagneticFieldStrength": 3,
    "ManufacturerModelName": "TrioTim",
    "NumberOfAverages": 1,
    "NumberOfPhaseEncodingSteps": 255,
    "PatientPosition": "HFS",
    "PercentPhaseFieldOfView": 100,
    "PercentSampling": 100,
    "PhaseEncodingDirection": "i-",
    "PixelBandwidth": 199,
    "ProtocolName": "MPRAGE - BWM",
    "ReceiveCoilName": "HeadMatrix",
    "RepetitionTime": 2.53,
    "ScanOptions": "IR",
    "ScanningSequence": "GR/IR",
    "SequenceName": "*tfl3d1_ns",
    "SequenceVariant": "SP/MP",
    "SoftwareVersions": "syngo MR B17",
    "TotalScanTimeSec": 363,
    "TransmitCoilName": "Body",
    "VariableFlipAngleFlag": "N",
    "dataset": "ds000030",
    "modality": "T1w",
    "subject_id": "11128"
  },
  "cjv": 0.40698962256495974,
  "cnr": 3.228058338697008,
  "efc": 0.49093356013687844,
  "fber": 1287.0150146484375,
  "fwhm_avg": 3.225728059805975,
  "fwhm_x": 3.2368941794179253,
  "fwhm_y": 3.39884,
  "fwhm_z": 3.04145,
  "icvs_csf": 0.18579395412975866,
  "icvs_gm": 0.4291410384619558,
  "icvs_wm": 0.3850650074082856,
  "inu_med": 1.754328966140747,
  "inu_range": 0.5035202503204343,
  "provenance": {
    "md5sum": "f71fc2b408a41037b25d08df644e11e3",
    "settings": {
      "testing": false
    },
    "software": "mriqc",
    "version": "0.16.1",
    "warnings": {
      "large_rot_frame": true,
      "small_air_mask": false
    },
    "webapi_port": null,
    "webapi_url": "https://mriqc.nimh.nih.gov/api/v1"
  },
  "qi_1": 0.00021186135226189485,
  "qi_2": 0.003582062755644593,
  "rpve_csf": 32.84358326312834,
  "rpve_gm": 15.597908987168225,
  "rpve_wm": 21.054406099326968,
  "size_x": 176,
  "size_y": 256,
  "size_z": 256,
  "snr_csf": 2.9016010101000385,
  "snr_gm": 8.390235109938168,
  "snr_total": 10.095460690270917,
  "snr_wm": 18.994545950774548,
  "snrd_csf": 29.947874282109428,
  "snrd_gm": 54.638108530970996,
  "snrd_total": 54.8570784138621,
  "snrd_wm": 79.98525242850589,
  "spacing_x": 1.0000048875808716,
  "spacing_y": 1.0,
  "spacing_z": 1.0,
  "summary_bg_k": 469.0553755880355,
  "summary_bg_mad": 8.19072063295463,
  "summary_bg_mean": 16.32163429260254,
  "summary_bg_median": 13.517644882202148,
  "summary_bg_n": 3857683.0,
  "summary_bg_p05": 2.691958427429199,
  "summary_bg_p95": 37.94805145263672,
  "summary_bg_stdv": 15.411381721496582,
  "summary_csf_k": -0.38423416139213007,
  "summary_csf_mad": 130.47302207167678,
  "summary_csf_mean": 355.5384521484375,
  "summary_csf_median": 374.417724609375,
  "summary_csf_n": 5853.0,
  "summary_csf_p05": 134.3662139892578,
  "summary_csf_p95": 542.3720703125,
  "summary_csf_stdv": 129.0272979736328,
  "summary_gm_k": 0.0734116789842032,
  "summary_gm_mad": 78.854910097328,
  "summary_gm_mean": 684.8527221679688,
  "summary_gm_median": 683.102783203125,
  "summary_gm_n": 13574.0,
  "summary_gm_p05": 552.4461700439454,
  "summary_gm_p95": 822.6156707763671,
  "summary_gm_stdv": 81.41340637207031,
  "summary_wm_k": 0.39613855124308195,
  "summary_wm_mad": 50.11926664682085,
  "summary_wm_mean": 999.5037231445312,
  "summary_wm_median": 1000.000732421875,
  "summary_wm_n": 179734.0,
  "summary_wm_p05": 911.7732940673828,
  "summary_wm_p95": 1084.830615234375,
  "summary_wm_stdv": 52.646583557128906,
  "tpm_overlap_csf": 0.16107699275016785,
  "tpm_overlap_gm": 0.435243159532547,
  "tpm_overlap_wm": 0.4960442781448364,
  "wm2max": 0.7676526806568084
}