{
  "bids_meta": {
    "AccelNumReferenceLines": 32,
    "AccelerationFactorPE": 2,
    "AcquisitionMatrix": "0/256/256/0",
    "DeviceSerialNumber": "35426",
    "EchoTime": 0.00331,
    "EchoTrainLength": 1,
    "FlipAngle": 7,
    "ImageType": "ORIGINAL/PRIMARY/M/ND/NORM",
    "ImagingFrequency": 123191535,
    "InPlanePhaseEncodingDirection": "ROW",
    "InversionTime": 1.1,
    "MRAcquisitionType": "3D",
    "MagneticFieldStrength": 3,
    "ManufacturerModelName": "TrioTim",
    "NumberOfAverages": 1,
    "NumberOfPhaseEncodingSteps": 255,
    "PatientPosition": "HFS",
    "PercentPhaseFieldOfView": 100,
    "PercentSampling": 100,
    "PhaseEncodingDirection": "i-",
    "PixelBandwidth": 199,
    "ProtocolName": "MPRAGE - BWM",
    "ReceiveCoilName": "HeadMatrix",
    "RepetitionTime": 2.53,
    "ScanOptions": "IR",
    "ScanningSequence": "GR/IR",
    "SequenceName": "*tfl3d1_ns",
    "SequenceVariant": "SP/MP",
    "SoftwareVersions": "syngo MR B17",
    "TotalScanTimeSec": 363,
    "TransmitCoilName": "Body",
    "VariableFlipAngleFlag": "N",
    "dataset": "ds000030",
    "modality": "T1w",
    "subject_id": "70069"
  },
  "cjv": 0.511337195168251,
  "cnr": 2.5403410444276195,
  "efc": 0.5593729237227084,
  "fber": 1037.8519287109375,
  "fwhm_avg": 3.0766533333333332,
  "fwhm_x": 3.16442,
  "fwhm_y": 3.18675,
  "fwhm_z": 2.87879,
  "icvs_csf": 0.19107458100784835,
  "icvs_gm": 0.40350016063671695,
  "icvs_wm": 0.4054252583554347,
  "inu_med": 1.7992589473724365,
  "inu_range": 0.815105330944061,
  "provenance": {
    "md5sum": "ed5dbf6ea6082cb0c0c09247bfa8d698",
    "settings": {
      "testing": false
    },
    "software": "mriqc",
    "version": "21.0.0rc2",
    "warnings": {
      "large_rot_frame": true,
      "small_air_mask": false
    },
    "webapi_port": null,
    "webapi_url": "https://mriqc.nimh.nih.gov/api/v1"
  },
  "qi_1": 1.648737346639482e-05,
  "qi_2": 0.004046042476497527,
  "rpve_csf": 27.165842588878153,
  "rpve_gm": 13.397697608393075,
  "rpve_wm": 16.69483008385775,
  "size_x": 176,
  "size_y": 256,
  "size_z": 256,
  "snr_csf": 4.670397000904339,
  "snr_gm": 7.970684416562478,
  "snr_total": 9.203188640728053,
  "snr_wm": 14.968484504717344,
  "snrd_csf": 29.432744602230397,
  "snrd_gm": 45.53490109370635,
  "snrd_total": 46.276079167721285,
  "snrd_wm": 63.860591807227095,
  "spacing_x": 1.0,
  "spacing_y": 1.0,
  "spacing_z": 1.0,
  "summary_bg_k": 192.44391006570817,
  "summary_bg_mad": 10.259070175702588,
  "summary_bg_mean": 20.499286651611328,
  "summary_bg_median": 16.88764190673828,
  "summary_bg_n": 3342665.0,
  "summary_bg_p05": 3.3614203929901123,
  "summary_bg_p95": 47.72958221435546,
  "summary_bg_stdv": 17.196372985839844,
  "summary_csf_k": 1.6769335660578122,
  "summary_csf_mad": 81.49231140100568,
  "summary_csf_mean": 449.4482727050781,
  "summary_csf_median": 460.9003601074219,
  "summary_csf_n": 4397.0,
  "summary_csf_p05": 266.69349365234376,
  "summary_csf_p95": 586.2205932617187,
  "summary_csf_stdv": 98.67425537109375,
  "summary_gm_k": 0.5256883057222224,
  "summary_gm_mad": 82.55214033064055,
  "summary_gm_mean": 716.675537109375,
  "summary_gm_median": 713.0511474609375,
  "summary_gm_n": 9078.0,
  "summary_gm_p05": 577.5026824951171,
  "summary_gm_p95": 872.5684539794921,
  "summary_gm_stdv": 89.45428466796875,
  "summary_wm_k": 0.31548703332971995,
  "summary_wm_mad": 64.18634200530175,
  "summary_wm_mean": 998.81005859375,
  "summary_wm_median": 1000.021240234375,
  "summary_wm_n": 217991.0,
  "summary_wm_p05": 886.635498046875,
  "summary_wm_p95": 1106.3506469726562,
  "summary_wm_stdv": 66.80829620361328,
  "tpm_overlap_csf": 0.1353006213903427,
  "tpm_overlap_gm": 0.41000476479530334,
  "tpm_overlap_wm": 0.4758957326412201,
  "wm2max": 0.5727456092576713
}