{
  "bids_meta": {
    "AccelNumReferenceLines": 32,
    "AccelerationFactorPE": 2,
    "AcquisitionMatrix": "0/256/256/0",
    "DeviceSerialNumber": "35343",
    "EchoTime": 0.00331,
    "EchoTrainLength": 1,
    "FlipAngle": 7,
    "ImageType": "ORIGINAL/PRIMARY/M/ND/NORM",
    "ImagingFrequency": 123249587,
    "InPlanePhaseEncodingDirection": "ROW",
    "InversionTime": 1.1,
    "MRAcquisitionType": "3D",
    "MagneticFieldStrength": 3,
    "ManufacturerModelName": "TrioTim",
    "NumberOfAverages": 1,
    "NumberOfPhaseEncodingSteps": 255,
    "PatientPosition": "HFS",
    "PercentPhaseFieldOfView": 100,
    "PercentSampling": 100,
    "PhaseEncodingDirection": "i-",
    "PixelBandwidth": 200,
    "ProtocolName": "MPRAGE - BWM",
    "ReceiveCoilName": "HeadMatrix",
    "RepetitionTime": 2.53,
    "ScanOptions": "IR",
    "ScanningSequence": "GR/IR",
    "SequenceName": "*tfl3d1_ns",
    "SequenceVariant": "SP/MP",
    "SoftwareVersions": "syngo MR B15",
    "TotalScanTimeSec": 363,
    "TransmitCoilName": "Body",
    "VariableFlipAngleFlag": "N",
    "dataset": "ds000030",
    "modality": "T1w",
    "subject_id": "10629"
  },
  "cjv": 0.4394243570594416,
  "cnr": 3.0262836700210256,
  "efc": 0.5544500350786653,
  "fber": 1588.9249267578125,
  "fwhm_avg": 3.2367666666666666,
  "fwhm_x": 3.24874,
  "fwhm_y": 3.47159,
  "fwhm_z": 2.98997,
  "icvs_csf": 0.1865021269270588,
  "icvs_gm": 0.41473775729901885,
  "icvs_wm": 0.39876011577392234,
  "inu_med": 1.5731124877929688,
  "inu_range": 0.5338556170463562,
  "provenance": {
    "md5sum": "7abadff22a76d3b46bdb0cf026d4e54b",
    "settings": {
      "testing": false
    },
    "software": "mriqc",
    "version": "0.16.1",
    "warnings": {
      "large_rot_frame": true,
      "small_air_mask": false
    },
    "webapi_port": null,
    "webapi_url": "https://mriqc.nimh.nih.gov/api/v1"
  },
  "qi_1": 8.044205736866638e-06,
  "qi_2": 0.0038382882690170496,
  "rpve_csf": 25.941316933459415,
  "rpve_gm": 12.512556248932853,
  "rpve_wm": 15.976001819079691,
  "size_x": 176,
  "size_y": 256,
  "size_z": 256,
  "snr_csf": 2.5717342149809177,
  "snr_gm": 8.041521920679559,
  "snr_total": 9.076985022984493,
  "snr_wm": 16.617698933293003,
  "snrd_csf": 25.580838402423595,
  "snrd_gm": 48.155983518084284,
  "snrd_total": 48.0892034875655,
  "snrd_wm": 70.53078854218863,
  "spacing_x": 1.0,
  "spacing_y": 1.0,
  "spacing_z": 1.0,
  "summary_bg_k": 97.47438146733141,
  "summary_bg_mad": 9.288728928134002,
  "summary_bg_mean": 15.081600189208984,
  "summary_bg_median": 12.533258438110352,
  "summary_bg_n": 4339926.0,
  "summary_bg_p05": 3.099897265434265,
  "summary_bg_p95": 37.393672943115234,
  "summary_bg_stdv": 12.606542587280273,
  "summary_csf_k": -0.6542599520710111,
  "summary_csf_mad": 161.92291618707168,
  "summary_csf_mean": 347.5216369628906,
  "summary_csf_median": 362.6931457519531,
  "summary_csf_n": 7050.0,
  "summary_csf_p05": 118.93994903564453,
  "summary_csf_p95": 558.6789794921875,
  "summary_csf_stdv": 141.02056884765625,
  "summary_gm_k": 0.20458716453484627,
  "summary_gm_mad": 81.64990123032254,
  "summary_gm_mean": 685.8410034179688,
  "summary_gm_median": 682.7706298828125,
  "summary_gm_n": 16806.0,
  "summary_gm_p05": 550.9782562255859,
  "summary_gm_p95": 833.1085815429688,
  "summary_gm_stdv": 84.90312194824219,
  "summary_wm_k": 0.32518349246105194,
  "summary_wm_mad": 57.75176331558087,
  "summary_wm_mean": 998.9163818359375,
  "summary_wm_median": 1000.0076293945312,
  "summary_wm_n": 237022.0,
  "summary_wm_p05": 897.8357666015625,
  "summary_wm_p95": 1096.0726013183594,
  "summary_wm_stdv": 60.1771354675293,
  "tpm_overlap_csf": 0.15872666239738464,
  "tpm_overlap_gm": 0.4345379173755646,
  "tpm_overlap_wm": 0.5025312304496765,
  "wm2max": 0.6586616320302038
}