{
  "bids_meta": {
    "AccelNumReferenceLines": 32,
    "AccelerationFactorPE": 2,
    "AcquisitionMatrix": "0/256/256/0",
    "DeviceSerialNumber": "35343",
    "EchoTime": 0.00331,
    "EchoTrainLength": 1,
    "FlipAngle": 7,
    "ImageType": "ORIGINAL/PRIMARY/M/ND/NORM",
    "ImagingFrequency": 123249913,
    "InPlanePhaseEncodingDirection": "ROW",
    "InversionTime": 1.1,
    "MRAcquisitionType": "3D",
    "MagneticFieldStrength": 3,
    "ManufacturerModelName": "TrioTim",
    "NumberOfAverages": 1,
    "NumberOfPhaseEncodingSteps": 255,
    "PatientPosition": "HFS",
    "PercentPhaseFieldOfView": 100,
    "PercentSampling": 100,
    "PhaseEncodingDirection": "i-",
    "PixelBandwidth": 200,
    "ProtocolName": "MPRAGE - BWM",
    "ReceiveCoilName": "HeadMatrix",
    "RepetitionTime": 2.53,
    "ScanOptions": "IR",
    "ScanningSequence": "GR/IR",
    "SequenceName": "*tfl3d1_ns",
    "SequenceVariant": "SP/MP",
    "SoftwareVersions": "syngo MR B15",
    "TotalScanTimeSec": 363,
    "TransmitCoilName": "Body",
    "VariableFlipAngleFlag": "N",
    "dataset": "ds000030",
    "modality": "T1w",
    "subject_id": "10189"
  },
  "cjv": 0.42810734923116994,
  "cnr": 3.09336925527084,
  "efc": 0.5422610154808065,
  "fber": 1392.619140625,
  "fwhm_avg": 3.1425375405748035,
  "fwhm_x": 3.141802621724409,
  "fwhm_y": 3.34707,
  "fwhm_z": 2.93874,
  "icvs_csf": 0.17691832532936647,
  "icvs_gm": 0.410621826859218,
  "icvs_wm": 0.41245984781141554,
  "inu_med": 1.6073399782180786,
  "inu_range": 0.5617413401603697,
  "provenance": {
    "md5sum": "f47a5b46fdf2fb2b90beb202f7c76f4f",
    "settings": {
      "testing": false
    },
    "software": "mriqc",
    "version": "0.16.1",
    "warnings": {
      "large_rot_frame": true,
      "small_air_mask": false
    },
    "webapi_port": null,
    "webapi_url": "https://mriqc.nimh.nih.gov/api/v1"
  },
  "qi_1": 0.0,
  "qi_2": 0.004769772281145891,
  "rpve_csf": 32.72815553379823,
  "rpve_gm": 14.93604659546604,
  "rpve_wm": 17.950274347885337,
  "size_x": 176,
  "size_y": 256,
  "size_z": 256,
  "snr_csf": 1.825210389107708,
  "snr_gm": 8.21412197934513,
  "snr_total": 8.791697453491276,
  "snr_wm": 16.33575999202099,
  "snrd_csf": 16.04554293318532,
  "snrd_gm": 45.75160962349182,
  "snrd_total": 43.04388600238471,
  "snrd_wm": 67.334505450477,
  "spacing_x": 0.9999991655349731,
  "spacing_y": 1.0,
  "spacing_z": 1.0,
  "summary_bg_k": 49.71418640768388,
  "summary_bg_mad": 9.729506362960151,
  "summary_bg_mean": 15.197214126586914,
  "summary_bg_median": 13.135429382324219,
  "summary_bg_n": 3760654.0,
  "summary_bg_p05": 0.0,
  "summary_bg_p95": 36.557466316223106,
  "summary_bg_stdv": 12.162487983703613,
  "summary_csf_k": 0.30059038467976373,
  "summary_csf_mad": 116.65276052856292,
  "summary_csf_mean": 270.79400634765625,
  "summary_csf_median": 238.29421997070312,
  "summary_csf_n": 11267.0,
  "summary_csf_p05": 105.88303756713867,
  "summary_csf_p95": 517.7750976562498,
  "summary_csf_stdv": 130.55133056640625,
  "summary_gm_k": 0.16067024890041237,
  "summary_gm_mad": 79.3278153215657,
  "summary_gm_mean": 681.1468505859375,
  "summary_gm_median": 679.4624633789062,
  "summary_gm_n": 8565.0,
  "summary_gm_p05": 546.6998046875,
  "summary_gm_p95": 822.0571899414061,
  "summary_gm_stdv": 82.7139892578125,
  "summary_wm_k": 0.42152238244078033,
  "summary_wm_mad": 57.893471999307664,
  "summary_wm_mean": 999.8482666015625,
  "summary_wm_median": 999.9925537109375,
  "summary_wm_n": 205702.0,
  "summary_wm_p05": 898.7672515869141,
  "summary_wm_p95": 1100.207501220703,
  "summary_wm_stdv": 61.21479034423828,
  "tpm_overlap_csf": 0.1654827892780304,
  "tpm_overlap_gm": 0.4133404791355133,
  "tpm_overlap_wm": 0.4910198152065277,
  "wm2max": 0.6436269968774642
}