{
  "bids_meta": {
    "AccelNumReferenceLines": 32,
    "AccelerationFactorPE": 2,
    "AcquisitionMatrix": "0/256/256/0",
    "DeviceSerialNumber": "35343",
    "EchoTime": 0.00331,
    "EchoTrainLength": 1,
    "FlipAngle": 7,
    "ImageType": "ORIGINAL/PRIMARY/M/ND/NORM",
    "ImagingFrequency": 123249753,
    "InPlanePhaseEncodingDirection": "ROW",
    "InversionTime": 1.1,
    "MRAcquisitionType": "3D",
    "MagneticFieldStrength": 3,
    "ManufacturerModelName": "TrioTim",
    "NumberOfAverages": 1,
    "NumberOfPhaseEncodingSteps": 255,
    "PatientPosition": "HFS",
    "PercentPhaseFieldOfView": 100,
    "PercentSampling": 100,
    "PhaseEncodingDirection": "i-",
    "PixelBandwidth": 200,
    "ProtocolName": "MPRAGE - BWM",
    "ReceiveCoilName": "HeadMatrix",
    "RepetitionTime": 2.53,
    "ScanOptions": "IR",
    "ScanningSequence": "GR/IR",
    "SequenceName": "*tfl3d1_ns",
    "SequenceVariant": "SP/MP",
    "SoftwareVersions": "syngo MR B15",
    "TotalScanTimeSec": 363,
    "TransmitCoilName": "Body",
    "VariableFlipAngleFlag": "N",
    "dataset": "ds000030",
    "modality": "T1w",
    "subject_id": "10527"
  },
  "cjv": 0.4649430923875428,
  "cnr": 2.908236642629363,
  "efc": 0.556071577419872,
  "fber": 1258.3758544921875,
  "fwhm_avg": 3.108683333333333,
  "fwhm_x": 3.17392,
  "fwhm_y": 3.22756,
  "fwhm_z": 2.92457,
  "icvs_csf": 0.18298521046611643,
  "icvs_gm": 0.4250147615461009,
  "icvs_wm": 0.39200002798778266,
  "inu_med": 1.532296895980835,
  "inu_range": 0.48711900711059575,
  "provenance": {
    "md5sum": "b38cdd319aea056917e102cf5c5c9b98",
    "settings": {
      "testing": false
    },
    "software": "mriqc",
    "version": "0.16.1",
    "warnings": {
      "large_rot_frame": true,
      "small_air_mask": false
    },
    "webapi_port": null,
    "webapi_url": "https://mriqc.nimh.nih.gov/api/v1"
  },
  "qi_1": 8.684936050000418e-05,
  "qi_2": 0.004016356468353034,
  "rpve_csf": 30.861536680326765,
  "rpve_gm": 14.165143742785496,
  "rpve_wm": 18.14309487354469,
  "size_x": 176,
  "size_y": 256,
  "size_z": 256,
  "snr_csf": 2.476300374670865,
  "snr_gm": 8.779572995140292,
  "snr_total": 8.98546233686504,
  "snr_wm": 15.700513640783964,
  "snrd_csf": 21.18560974607362,
  "snrd_gm": 43.53903063372863,
  "snrd_total": 42.31192700477527,
  "snrd_wm": 62.21114063452356,
  "spacing_x": 1.0,
  "spacing_y": 1.0,
  "spacing_z": 1.0,
  "summary_bg_k": 116.88467284454217,
  "summary_bg_mad": 10.530848510017723,
  "summary_bg_mean": 17.44111442565918,
  "summary_bg_median": 14.20119857788086,
  "summary_bg_n": 3949544.0,
  "summary_bg_p05": 3.5035035848617557,
  "summary_bg_p95": 42.81421031951903,
  "summary_bg_stdv": 15.503033638000488,
  "summary_csf_k": -0.8845613955683413,
  "summary_csf_mad": 171.91502984797023,
  "summary_csf_mean": 337.8245849609375,
  "summary_csf_median": 340.54351806640625,
  "summary_csf_n": 13027.0,
  "summary_csf_p05": 126.29185333251954,
  "summary_csf_p95": 545.6239868164062,
  "summary_csf_stdv": 137.51580810546875,
  "summary_gm_k": 0.07709928687888823,
  "summary_gm_mad": 78.20382837356411,
  "summary_gm_mean": 700.423828125,
  "summary_gm_median": 699.8587646484375,
  "summary_gm_n": 15813.0,
  "summary_gm_p05": 568.7662963867188,
  "summary_gm_p95": 833.9752197265625,
  "summary_gm_stdv": 79.71192169189453,
  "summary_wm_k": 0.3211805538658239,
  "summary_wm_mad": 61.34456709868861,
  "summary_wm_mean": 1000.7432861328125,
  "summary_wm_median": 999.9995727539062,
  "summary_wm_n": 205182.0,
  "summary_wm_p05": 897.3168457031251,
  "summary_wm_p95": 1106.338909912109,
  "summary_wm_stdv": 63.69200134277344,
  "tpm_overlap_csf": 0.16810694336891174,
  "tpm_overlap_gm": 0.4359544813632965,
  "tpm_overlap_wm": 0.5019268989562988,
  "wm2max": 0.6736879289521542
}