{
  "bids_meta": {
    "AccelNumReferenceLines": 32,
    "AccelerationFactorPE": 2,
    "AcquisitionMatrix": "0/256/256/0",
    "DeviceSerialNumber": "35343",
    "EchoTime": 0.00331,
    "EchoTrainLength": 1,
    "FlipAngle": 7,
    "ImageType": "ORIGINAL/PRIMARY/M/ND/NORM",
    "ImagingFrequency": 123227375,
    "InPlanePhaseEncodingDirection": "ROW",
    "InversionTime": 1.1,
    "MRAcquisitionType": "3D",
    "MagneticFieldStrength": 3,
    "ManufacturerModelName": "TrioTim",
    "NumberOfAverages": 1,
    "NumberOfPhaseEncodingSteps": 255,
    "PatientPosition": "HFS",
    "PercentPhaseFieldOfView": 100,
    "PercentSampling": 100,
    "PhaseEncodingDirection": "i-",
    "PixelBandwidth": 200,
    "ProtocolName": "MPRAGE - BWM",
    "ReceiveCoilName": "HeadMatrix",
    "RepetitionTime": 2.53,
    "ScanOptions": "IR",
    "ScanningSequence": "GR/IR",
    "SequenceName": "*tfl3d1_ns",
    "SequenceVariant": "SP/MP",
    "SoftwareVersions": "syngo MR B15",
    "TotalScanTimeSec": 363,
    "TransmitCoilName": "Body",
    "VariableFlipAngleFlag": "N",
    "dataset": "ds000030",
    "modality": "T1w",
    "subject_id": "11019"
  },
  "cjv": 0.4414239972467027,
  "cnr": 2.9823040550643523,
  "efc": 0.5254866704637134,
  "fber": 1195.9705810546875,
  "fwhm_avg": 3.0799733333333337,
  "fwhm_x": 3.1014,
  "fwhm_y": 3.24928,
  "fwhm_z": 2.88924,
  "icvs_csf": 0.18526790714304245,
  "icvs_gm": 0.4312848133809209,
  "icvs_wm": 0.38344727947603663,
  "inu_med": 1.879942774772644,
  "inu_range": 0.7834471940994265,
  "provenance": {
    "md5sum": "de78d429a3806001269ebf13b85ce100",
    "settings": {
      "testing": false
    },
    "software": "mriqc",
    "version": "0.16.1",
    "warnings": {
      "large_rot_frame": true,
      "small_air_mask": false
    },
    "webapi_port": null,
    "webapi_url": "https://mriqc.nimh.nih.gov/api/v1"
  },
  "qi_1": 3.113145137420594e-05,
  "qi_2": 0.005418957358049954,
  "rpve_csf": 32.87112340864778,
  "rpve_gm": 15.194435369777493,
  "rpve_wm": 20.229345315094797,
  "size_x": 176,
  "size_y": 256,
  "size_z": 256,
  "snr_csf": 1.6811827376101385,
  "snr_gm": 8.165209034617527,
  "snr_total": 8.256377853735012,
  "snr_wm": 14.92274178897737,
  "snrd_csf": 15.034591447023002,
  "snrd_gm": 41.27054535964994,
  "snrd_total": 39.059372522423125,
  "snrd_wm": 60.872980760596434,
  "spacing_x": 1.0,
  "spacing_y": 1.0,
  "spacing_z": 1.0,
  "summary_bg_k": 532.5221224801669,
  "summary_bg_mad": 10.762455972951136,
  "summary_bg_mean": 17.916345596313477,
  "summary_bg_median": 14.504717826843262,
  "summary_bg_n": 3994224.0,
  "summary_bg_p05": 3.5853486180305483,
  "summary_bg_p95": 43.1813980102539,
  "summary_bg_stdv": 16.5832462310791,
  "summary_csf_k": 0.10425388813903957,
  "summary_csf_mad": 150.0780474527605,
  "summary_csf_mean": 279.63287353515625,
  "summary_csf_median": 246.98541259765625,
  "summary_csf_n": 5863.0,
  "summary_csf_p05": 94.55358352661133,
  "summary_csf_p95": 545.6366882324219,
  "summary_csf_stdv": 146.899169921875,
  "summary_gm_k": 0.5272645434492671,
  "summary_gm_mad": 77.97081441405166,
  "summary_gm_mean": 681.5807495117188,
  "summary_gm_median": 677.9846801757812,
  "summary_gm_n": 8589.0,
  "summary_gm_p05": 551.9565673828125,
  "summary_gm_p95": 824.132763671875,
  "summary_gm_stdv": 83.02851867675781,
  "summary_wm_k": 0.2997629953177503,
  "summary_wm_mad": 64.17878601865348,
  "summary_wm_mean": 998.06201171875,
  "summary_wm_median": 1000.009765625,
  "summary_wm_n": 167082.0,
  "summary_wm_p05": 883.4268310546875,
  "summary_wm_p95": 1104.6217834472657,
  "summary_wm_stdv": 67.01226806640625,
  "tpm_overlap_csf": 0.15510955452919006,
  "tpm_overlap_gm": 0.42661648988723755,
  "tpm_overlap_wm": 0.4867532551288605,
  "wm2max": 0.6270479716488421
}