{
  "bids_meta": {
    "AccelNumReferenceLines": 32,
    "AccelerationFactorPE": 2,
    "AcquisitionMatrix": "0/256/256/0",
    "DeviceSerialNumber": "35426",
    "EchoTime": 0.00331,
    "EchoTrainLength": 1,
    "FlipAngle": 7,
    "ImageType": "ORIGINAL/PRIMARY/M/ND/NORM",
    "ImagingFrequency": 123191540,
    "InPlanePhaseEncodingDirection": "ROW",
    "InversionTime": 1.1,
    "MRAcquisitionType": "3D",
    "MagneticFieldStrength": 3,
    "ManufacturerModelName": "TrioTim",
    "NumberOfAverages": 1,
    "NumberOfPhaseEncodingSteps": 255,
    "PatientPosition": "HFS",
    "PercentPhaseFieldOfView": 100,
    "PercentSampling": 100,
    "PhaseEncodingDirection": "i-",
    "PixelBandwidth": 199,
    "ProtocolName": "MPRAGE - BWM",
    "ReceiveCoilName": "HeadMatrix",
    "RepetitionTime": 2.53,
    "ScanOptions": "IR",
    "ScanningSequence": "GR/IR",
    "SequenceName": "*tfl3d1_ns",
    "SequenceVariant": "SP/MP",
    "SoftwareVersions": "syngo MR B17",
    "TotalScanTimeSec": 363,
    "TransmitCoilName": "Body",
    "VariableFlipAngleFlag": "N",
    "dataset": "ds000030",
    "modality": "T1w",
    "subject_id": "60072"
  },
  "cjv": 0.5077833426667737,
  "cnr": 2.643270283007045,
  "efc": 0.5586538795723055,
  "fber": 659.0165405273438,
  "fwhm_avg": 3.3620533333333333,
  "fwhm_x": 3.34626,
  "fwhm_y": 3.53502,
  "fwhm_z": 3.20488,
  "icvs_csf": 0.20353914283214525,
  "icvs_gm": 0.40937618828944455,
  "icvs_wm": 0.3870846688784102,
  "inu_med": 1.551636815071106,
  "inu_range": 0.5721101880073547,
  "provenance": {
    "md5sum": "84fc9ac9870ac5a102368c80a53e06f3",
    "settings": {
      "testing": false
    },
    "software": "mriqc",
    "version": "21.0.0rc2",
    "warnings": {
      "large_rot_frame": true,
      "small_air_mask": false
    },
    "webapi_port": null,
    "webapi_url": "https://mriqc.nimh.nih.gov/api/v1"
  },
  "qi_1": 1.6418353623390913e-05,
  "qi_2": 0.008211269090184905,
  "rpve_csf": 29.338357515142977,
  "rpve_gm": 14.93539863528961,
  "rpve_wm": 19.351712005564586,
  "size_x": 176,
  "size_y": 256,
  "size_z": 256,
  "snr_csf": 2.4751329168413734,
  "snr_gm": 8.404182789934737,
  "snr_total": 8.752642520258291,
  "snr_wm": 15.378611853998764,
  "snrd_csf": 20.03725312700496,
  "snrd_gm": 43.05152251248626,
  "snrd_total": 41.15472215242162,
  "snrd_wm": 60.375390817773656,
  "spacing_x": 1.0,
  "spacing_y": 1.0,
  "spacing_z": 1.0,
  "summary_bg_k": 615.1140673111938,
  "summary_bg_mad": 10.851298907653714,
  "summary_bg_mean": 20.10195541381836,
  "summary_bg_median": 17.769973754882812,
  "summary_bg_n": 2655041.0,
  "summary_bg_p05": 3.5580294132232666,
  "summary_bg_p95": 50.22727966308594,
  "summary_bg_stdv": 18.90372085571289,
  "summary_csf_k": -0.4014313616823313,
  "summary_csf_mad": 147.64022373654095,
  "summary_csf_mean": 335.4374694824219,
  "summary_csf_median": 331.88543701171875,
  "summary_csf_n": 10095.0,
  "summary_csf_p05": 124.74130477905274,
  "summary_csf_p95": 558.7963439941406,
  "summary_csf_stdv": 134.08128356933594,
  "summary_gm_k": -0.016436743250526575,
  "summary_gm_mad": 84.27992752906808,
  "summary_gm_mean": 715.2608032226562,
  "summary_gm_median": 713.0804443359375,
  "summary_gm_n": 10661.0,
  "summary_gm_p05": 578.6195678710938,
  "summary_gm_p95": 857.1647338867188,
  "summary_gm_stdv": 84.84429931640625,
  "summary_wm_k": 0.6702003545380846,
  "summary_wm_mad": 61.42469675350347,
  "summary_wm_mean": 1001.9549560546875,
  "summary_wm_median": 1000.02294921875,
  "summary_wm_n": 189198.0,
  "summary_wm_p05": 898.9164581298828,
  "summary_wm_p95": 1111.4197692871094,
  "summary_wm_stdv": 65.02669525146484,
  "tpm_overlap_csf": 0.16861173510551453,
  "tpm_overlap_gm": 0.4322739839553833,
  "tpm_overlap_wm": 0.5073455572128296,
  "wm2max": 0.4554674823492743
}