{
  "bids_meta": {
    "AccelNumReferenceLines": 32,
    "AccelerationFactorPE": 2,
    "AcquisitionMatrix": "0/256/256/0",
    "DeviceSerialNumber": "35343",
    "EchoTime": 0.00331,
    "EchoTrainLength": 1,
    "FlipAngle": 7,
    "ImageType": "ORIGINAL/PRIMARY/M/ND/NORM",
    "ImagingFrequency": 123249710,
    "InPlanePhaseEncodingDirection": "ROW",
    "InversionTime": 1.1,
    "MRAcquisitionType": "3D",
    "MagneticFieldStrength": 3,
    "ManufacturerModelName": "TrioTim",
    "NumberOfAverages": 1,
    "NumberOfPhaseEncodingSteps": 255,
    "PatientPosition": "HFS",
    "PercentPhaseFieldOfView": 100,
    "PercentSampling": 100,
    "PhaseEncodingDirection": "i-",
    "PixelBandwidth": 200,
    "ProtocolName": "MPRAGE - BWM",
    "ReceiveCoilName": "HeadMatrix",
    "RepetitionTime": 2.53,
    "ScanOptions": "IR",
    "ScanningSequence": "GR/IR",
    "SequenceName": "*tfl3d1_ns",
    "SequenceVariant": "SP/MP",
    "SoftwareVersions": "syngo MR B15",
    "TotalScanTimeSec": 363,
    "TransmitCoilName": "Body",
    "VariableFlipAngleFlag": "N",
    "dataset": "ds000030",
    "modality": "T1w",
    "subject_id": "10316"
  },
  "cjv": 0.46587178732788864,
  "cnr": 2.86881359654063,
  "efc": 0.5624433367152885,
  "fber": 1080.7669677734375,
  "fwhm_avg": 3.379656666666667,
  "fwhm_x": 3.41072,
  "fwhm_y": 3.57352,
  "fwhm_z": 3.15473,
  "icvs_csf": 0.20464924728777092,
  "icvs_gm": 0.40740059569901693,
  "icvs_wm": 0.38795015701321217,
  "inu_med": 1.6976627111434937,
  "inu_range": 0.6403123259544374,
  "provenance": {
    "md5sum": "43acbfc6095577d16a66464c435eaf2e",
    "settings": {
      "testing": false
    },
    "software": "mriqc",
    "version": "0.16.1",
    "warnings": {
      "large_rot_frame": true,
      "small_air_mask": false
    },
    "webapi_port": null,
    "webapi_url": "https://mriqc.nimh.nih.gov/api/v1"
  },
  "qi_1": 0.0001571340843963228,
  "qi_2": 0.00516913019094383,
  "rpve_csf": 24.749813968781364,
  "rpve_gm": 12.76352103021654,
  "rpve_wm": 16.37138363206097,
  "size_x": 176,
  "size_y": 256,
  "size_z": 256,
  "snr_csf": 2.2952135229925097,
  "snr_gm": 8.398107620555914,
  "snr_total": 8.851522540495388,
  "snr_wm": 15.861246477937739,
  "snrd_csf": 20.406081399619982,
  "snrd_gm": 40.56846910268197,
  "snrd_total": 39.70052952895425,
  "snrd_wm": 58.127038084560795,
  "spacing_x": 1.0,
  "spacing_y": 1.0,
  "spacing_z": 1.0,
  "summary_bg_k": 130.19771230284476,
  "summary_bg_mad": 11.270962280238361,
  "summary_bg_mean": 17.94851303100586,
  "summary_bg_median": 15.211736679077148,
  "summary_bg_n": 4304186.0,
  "summary_bg_p05": 3.7627811431884766,
  "summary_bg_p95": 42.18195819854736,
  "summary_bg_stdv": 14.361233711242676,
  "summary_csf_k": -0.7641537747255844,
  "summary_csf_mad": 181.56177383771376,
  "summary_csf_mean": 344.75018310546875,
  "summary_csf_median": 351.06610107421875,
  "summary_csf_n": 11446.0,
  "summary_csf_p05": 107.08914184570312,
  "summary_csf_p95": 589.3842315673828,
  "summary_csf_stdv": 152.94906616210938,
  "summary_gm_k": 0.16802492191693164,
  "summary_gm_mad": 81.0687689398414,
  "summary_gm_mean": 699.4686279296875,
  "summary_gm_median": 697.939697265625,
  "summary_gm_n": 12965.0,
  "summary_gm_p05": 564.9778076171875,
  "summary_gm_p95": 839.27119140625,
  "summary_gm_stdv": 83.10357666015625,
  "summary_wm_k": 0.7479831967719219,
  "summary_wm_mad": 59.660622720992635,
  "summary_wm_mean": 999.3577880859375,
  "summary_wm_median": 1000.0172119140625,
  "summary_wm_n": 236008.0,
  "summary_wm_p05": 894.5660614013673,
  "summary_wm_p95": 1100.505499267578,
  "summary_wm_stdv": 63.047698974609375,
  "tpm_overlap_csf": 0.1620188057422638,
  "tpm_overlap_gm": 0.4462636113166809,
  "tpm_overlap_wm": 0.5196194648742676,
  "wm2max": 0.6420823872008423
}