{
  "bids_meta": {
    "AccelNumReferenceLines": 32,
    "AccelerationFactorPE": 2,
    "AcquisitionMatrix": "0/256/256/0",
    "DeviceSerialNumber": "35343",
    "EchoTime": 0.00331,
    "EchoTrainLength": 1,
    "FlipAngle": 7,
    "ImageType": "ORIGINAL/PRIMARY/M/ND/NORM",
    "ImagingFrequency": 123227674,
    "InPlanePhaseEncodingDirection": "ROW",
    "InversionTime": 1.1,
    "MRAcquisitionType": "3D",
    "MagneticFieldStrength": 3,
    "ManufacturerModelName": "TrioTim",
    "NumberOfAverages": 1,
    "NumberOfPhaseEncodingSteps": 255,
    "PatientPosition": "HFS",
    "PercentPhaseFieldOfView": 100,
    "PercentSampling": 100,
    "PhaseEncodingDirection": "i-",
    "PixelBandwidth": 200,
    "ProtocolName": "MPRAGE - BWM",
    "ReceiveCoilName": "HeadMatrix",
    "RepetitionTime": 2.53,
    "ScanOptions": "IR",
    "ScanningSequence": "GR/IR",
    "SequenceName": "*tfl3d1_ns",
    "SequenceVariant": "SP/MP",
    "SoftwareVersions": "syngo MR B15",
    "TotalScanTimeSec": 363,
    "TransmitCoilName": "Body",
    "VariableFlipAngleFlag": "N",
    "dataset": "ds000030",
    "modality": "T1w",
    "subject_id": "10893"
  },
  "cjv": 0.3660988237535764,
  "cnr": 3.623704483093358,
  "efc": 0.47466616235098763,
  "fber": 1301.9580078125,
  "fwhm_avg": 3.0616696750885883,
  "fwhm_x": 3.154559025265766,
  "fwhm_y": 3.14959,
  "fwhm_z": 2.88086,
  "icvs_csf": 0.17924680877244617,
  "icvs_gm": 0.44710402067694033,
  "icvs_wm": 0.37364917055061353,
  "inu_med": 1.8195927143096924,
  "inu_range": 0.5274630069732664,
  "provenance": {
    "md5sum": "b26f8b5f348ff63aaaa99bb34a12c17f",
    "settings": {
      "testing": false
    },
    "software": "mriqc",
    "version": "0.16.1",
    "warnings": {
      "large_rot_frame": true,
      "small_air_mask": false
    },
    "webapi_port": null,
    "webapi_url": "https://mriqc.nimh.nih.gov/api/v1"
  },
  "qi_1": 0.0003254783533865869,
  "qi_2": 0.003971071929268094,
  "rpve_csf": 34.80962976904583,
  "rpve_gm": 15.619167603556576,
  "rpve_wm": 22.104198779209568,
  "size_x": 176,
  "size_y": 256,
  "size_z": 256,
  "snr_csf": 1.9205370616097615,
  "snr_gm": 8.604285256528927,
  "snr_total": 9.286900587381654,
  "snr_wm": 17.335879444006277,
  "snrd_csf": 18.80554279418129,
  "snrd_gm": 45.16886664412915,
  "snrd_total": 44.42904628199687,
  "snrd_wm": 69.31272940768015,
  "spacing_x": 0.9999971389770508,
  "spacing_y": 1.0,
  "spacing_z": 1.0,
  "summary_bg_k": 64.18715707497526,
  "summary_bg_mad": 9.451744674135508,
  "summary_bg_mean": 15.301759719848633,
  "summary_bg_median": 12.75088119506836,
  "summary_bg_n": 4955094.0,
  "summary_bg_p05": 0.0,
  "summary_bg_p95": 38.101038932800286,
  "summary_bg_stdv": 13.310426712036133,
  "summary_csf_k": -1.0442106021087831,
  "summary_csf_mad": 176.46212759749676,
  "summary_csf_mean": 292.4436340332031,
  "summary_csf_median": 271.3102111816406,
  "summary_csf_n": 3819.0,
  "summary_csf_p05": 97.37596588134765,
  "summary_csf_p95": 519.4646423339843,
  "summary_csf_stdv": 141.2493896484375,
  "summary_gm_k": 0.2109232218444146,
  "summary_gm_mad": 72.56832920596929,
  "summary_gm_mean": 652.2330932617188,
  "summary_gm_median": 651.6575927734375,
  "summary_gm_n": 10528.0,
  "summary_gm_p05": 527.9028991699219,
  "summary_gm_p95": 777.3129974365233,
  "summary_gm_stdv": 75.73280334472656,
  "summary_wm_k": 0.45012394694366575,
  "summary_wm_mad": 54.95374073884122,
  "summary_wm_mean": 998.7141723632812,
  "summary_wm_median": 999.9844970703125,
  "summary_wm_n": 161993.0,
  "summary_wm_p05": 901.89384765625,
  "summary_wm_p95": 1090.8864501953126,
  "summary_wm_stdv": 57.682762145996094,
  "tpm_overlap_csf": 0.16047684848308563,
  "tpm_overlap_gm": 0.44320133328437805,
  "tpm_overlap_wm": 0.4923795461654663,
  "wm2max": 0.7226885850555718
}