{
  "bids_meta": {
    "AccelNumReferenceLines": 32,
    "AccelerationFactorPE": 2,
    "AcquisitionMatrix": "0/256/256/0",
    "DeviceSerialNumber": "35343",
    "EchoTime": 0.00331,
    "EchoTrainLength": 1,
    "FlipAngle": 7,
    "ImageType": "ORIGINAL/PRIMARY/M/ND/NORM",
    "ImagingFrequency": 123249570,
    "InPlanePhaseEncodingDirection": "ROW",
    "InversionTime": 1.1,
    "MRAcquisitionType": "3D",
    "MagneticFieldStrength": 3,
    "ManufacturerModelName": "TrioTim",
    "NumberOfAverages": 1,
    "NumberOfPhaseEncodingSteps": 255,
    "PatientPosition": "HFS",
    "PercentPhaseFieldOfView": 100,
    "PercentSampling": 100,
    "PhaseEncodingDirection": "i-",
    "PixelBandwidth": 200,
    "ProtocolName": "MPRAGE - BWM",
    "ReceiveCoilName": "HeadMatrix",
    "RepetitionTime": 2.53,
    "ScanOptions": "IR",
    "ScanningSequence": "GR/IR",
    "SequenceName": "*tfl3d1_ns",
    "SequenceVariant": "SP/MP",
    "SoftwareVersions": "syngo MR B15",
    "TotalScanTimeSec": 363,
    "TransmitCoilName": "Body",
    "VariableFlipAngleFlag": "N",
    "dataset": "ds000030",
    "modality": "T1w",
    "subject_id": "10624"
  },
  "cjv": 0.3887859947603411,
  "cnr": 3.442294250446302,
  "efc": 0.5516325220790439,
  "fber": 1341.23876953125,
  "fwhm_avg": 3.161626666666667,
  "fwhm_x": 3.17878,
  "fwhm_y": 3.30143,
  "fwhm_z": 3.00467,
  "icvs_csf": 0.18148580721248392,
  "icvs_gm": 0.42671555323017846,
  "icvs_wm": 0.3917986395573377,
  "inu_med": 1.6527119874954224,
  "inu_range": 0.5906515359878537,
  "provenance": {
    "md5sum": "a62defff5304015febc196811bb4038d",
    "settings": {
      "testing": false
    },
    "software": "mriqc",
    "version": "0.16.1",
    "warnings": {
      "large_rot_frame": true,
      "small_air_mask": false
    },
    "webapi_port": null,
    "webapi_url": "https://mriqc.nimh.nih.gov/api/v1"
  },
  "qi_1": 0.0,
  "qi_2": 0.005114850626805137,
  "rpve_csf": 25.822354167795048,
  "rpve_gm": 11.820345601711876,
  "rpve_wm": 15.601364768157046,
  "size_x": 176,
  "size_y": 256,
  "size_z": 256,
  "snr_csf": 2.4964525543762703,
  "snr_gm": 8.423444623836836,
  "snr_total": 9.525599830730625,
  "snr_wm": 17.65690231397877,
  "snrd_csf": 22.97582385872726,
  "snrd_gm": 43.46322638028701,
  "snrd_total": 43.999334012194915,
  "snrd_wm": 65.55895179757047,
  "spacing_x": 1.0,
  "spacing_y": 1.0,
  "spacing_z": 1.0,
  "summary_bg_k": 341.76492200950327,
  "summary_bg_mad": 9.992902628067279,
  "summary_bg_mean": 15.78505802154541,
  "summary_bg_median": 13.49234390258789,
  "summary_bg_n": 4284849.0,
  "summary_bg_p05": 0.0,
  "summary_bg_p95": 37.37733840942383,
  "summary_bg_stdv": 13.599194526672363,
  "summary_csf_k": -0.8119593026721508,
  "summary_csf_mad": 171.40172045560738,
  "summary_csf_mean": 334.65869140625,
  "summary_csf_median": 350.4540100097656,
  "summary_csf_n": 10546.0,
  "summary_csf_p05": 117.35206604003906,
  "summary_csf_p95": 538.9912414550781,
  "summary_csf_stdv": 140.3741455078125,
  "summary_gm_k": 0.19656504462771052,
  "summary_gm_mad": 76.68448686668489,
  "summary_gm_mean": 664.64892578125,
  "summary_gm_median": 662.9517211914062,
  "summary_gm_n": 13511.0,
  "summary_gm_p05": 537.1808776855469,
  "summary_gm_p95": 796.6015625,
  "summary_gm_stdv": 78.70024871826172,
  "summary_wm_k": 0.404689608260564,
  "summary_wm_mad": 54.347949689537884,
  "summary_wm_mean": 998.849853515625,
  "summary_wm_median": 999.9814453125,
  "summary_wm_n": 233260.0,
  "summary_wm_p05": 903.7917602539063,
  "summary_wm_p95": 1089.1654541015623,
  "summary_wm_stdv": 56.63390350341797,
  "tpm_overlap_csf": 0.16261209547519684,
  "tpm_overlap_gm": 0.4293851852416992,
  "tpm_overlap_wm": 0.4888846278190613,
  "wm2max": 0.6941099870129598
}