{
  "bids_meta": {
    "AccelNumReferenceLines": 32,
    "AccelerationFactorPE": 2,
    "AcquisitionMatrix": "0/256/256/0",
    "DeviceSerialNumber": "35343",
    "EchoTime": 0.00331,
    "EchoTrainLength": 1,
    "FlipAngle": 7,
    "ImageType": "ORIGINAL/PRIMARY/M/ND/NORM",
    "ImagingFrequency": 123249770,
    "InPlanePhaseEncodingDirection": "ROW",
    "InversionTime": 1.1,
    "MRAcquisitionType": "3D",
    "MagneticFieldStrength": 3,
    "ManufacturerModelName": "TrioTim",
    "NumberOfAverages": 1,
    "NumberOfPhaseEncodingSteps": 255,
    "PatientPosition": "HFS",
    "PercentPhaseFieldOfView": 100,
    "PercentSampling": 100,
    "PhaseEncodingDirection": "i-",
    "PixelBandwidth": 200,
    "ProtocolName": "MPRAGE - BWM",
    "ReceiveCoilName": "HeadMatrix",
    "RepetitionTime": 2.53,
    "ScanOptions": "IR",
    "ScanningSequence": "GR/IR",
    "SequenceName": "*tfl3d1_ns",
    "SequenceVariant": "SP/MP",
    "SoftwareVersions": "syngo MR B15",
    "TotalScanTimeSec": 363,
    "TransmitCoilName": "Body",
    "VariableFlipAngleFlag": "N",
    "dataset": "ds000030",
    "modality": "T1w",
    "subject_id": "60015"
  },
  "cjv": 0.602047915162306,
  "cnr": 2.2368498603432543,
  "efc": 0.5316878266549452,
  "fber": 1032.78564453125,
  "fwhm_avg": 3.4891862466686483,
  "fwhm_x": 3.523198740005944,
  "fwhm_y": 3.6704,
  "fwhm_z": 3.27396,
  "icvs_csf": 0.22381936463910487,
  "icvs_gm": 0.40114695614891394,
  "icvs_wm": 0.37503367921198116,
  "inu_med": 1.715571403503418,
  "inu_range": 0.7503898561000821,
  "provenance": {
    "md5sum": "8d22d4f093c6320ec7c36214b48c1a2f",
    "settings": {
      "testing": false
    },
    "software": "mriqc",
    "version": "0.16.1",
    "warnings": {
      "large_rot_frame": true,
      "small_air_mask": false
    },
    "webapi_port": null,
    "webapi_url": "https://mriqc.nimh.nih.gov/api/v1"
  },
  "qi_1": 0.0,
  "qi_2": 0.005710345077847133,
  "rpve_csf": 26.932616868353673,
  "rpve_gm": 14.683677222762137,
  "rpve_wm": 18.732550552334853,
  "size_x": 176,
  "size_y": 256,
  "size_z": 256,
  "snr_csf": 3.0645306748876284,
  "snr_gm": 8.46259584008953,
  "snr_total": 8.087113089493203,
  "snr_wm": 12.734212753502451,
  "snrd_csf": 20.01266456937734,
  "snrd_gm": 36.84841439527391,
  "snrd_total": 35.659527867882936,
  "snrd_wm": 50.117504638997566,
  "spacing_x": 1.0000003576278687,
  "spacing_y": 1.0,
  "spacing_z": 1.0,
  "summary_bg_k": 24.0241399078165,
  "summary_bg_mad": 13.072401260571132,
  "summary_bg_mean": 19.60199737548828,
  "summary_bg_median": 14.912877082824707,
  "summary_bg_n": 4000701.0,
  "summary_bg_p05": 2.967390775680542,
  "summary_bg_p95": 50.927635192871094,
  "summary_bg_stdv": 17.1846923828125,
  "summary_csf_k": 0.01161644594170852,
  "summary_csf_mad": 129.45968282037182,
  "summary_csf_mean": 390.0729675292969,
  "summary_csf_median": 399.326904296875,
  "summary_csf_n": 20464.0,
  "summary_csf_p05": 163.1722053527832,
  "summary_csf_p95": 588.6813934326171,
  "summary_csf_stdv": 130.30287170410156,
  "summary_gm_k": 0.04207194013601745,
  "summary_gm_mad": 86.338187341142,
  "summary_gm_mean": 737.743896484375,
  "summary_gm_median": 735.2625732421875,
  "summary_gm_n": 12198.0,
  "summary_gm_p05": 598.3410552978515,
  "summary_gm_p95": 884.412759399414,
  "summary_gm_stdv": 86.8802490234375,
  "summary_wm_k": 0.829110216462106,
  "summary_wm_mad": 73.06458107158726,
  "summary_wm_mean": 1003.7748413085938,
  "summary_wm_median": 1000.0301513671875,
  "summary_wm_n": 197663.0,
  "summary_wm_p05": 881.5385620117188,
  "summary_wm_p95": 1138.1475463867187,
  "summary_wm_stdv": 78.53077697753906,
  "tpm_overlap_csf": 0.1683441400527954,
  "tpm_overlap_gm": 0.44982609152793884,
  "tpm_overlap_wm": 0.5230391621589661,
  "wm2max": 0.5842876174950088
}