{
  "bids_meta": {
    "AccelNumReferenceLines": 32,
    "AccelerationFactorPE": 2,
    "AcquisitionMatrix": "0/256/256/0",
    "DeviceSerialNumber": "35426",
    "EchoTime": 0.00331,
    "EchoTrainLength": 1,
    "FlipAngle": 7,
    "ImageType": "ORIGINAL/PRIMARY/M/ND/NORM",
    "ImagingFrequency": 123191803,
    "InPlanePhaseEncodingDirection": "ROW",
    "InversionTime": 1.1,
    "MRAcquisitionType": "3D",
    "MagneticFieldStrength": 3,
    "ManufacturerModelName": "TrioTim",
    "NumberOfAverages": 1,
    "NumberOfPhaseEncodingSteps": 255,
    "PatientPosition": "HFS",
    "PercentPhaseFieldOfView": 100,
    "PercentSampling": 100,
    "PhaseEncodingDirection": "i-",
    "PixelBandwidth": 199,
    "ProtocolName": "MPRAGE - BWM",
    "ReceiveCoilName": "HeadMatrix",
    "RepetitionTime": 2.53,
    "ScanOptions": "IR",
    "ScanningSequence": "GR/IR",
    "SequenceName": "tfl3d1_ns",
    "SequenceVariant": "SP/MP",
    "SoftwareVersions": "syngo MR B17",
    "TotalScanTimeSec": 363,
    "TransmitCoilName": "Body",
    "VariableFlipAngleFlag": "N",
    "dataset": "ds000030",
    "modality": "T1w",
    "subject_id": "11082"
  },
  "cjv": 0.3886287789685062,
  "cnr": 3.3993321127348093,
  "efc": 0.4993391260882013,
  "fber": 1303.5621337890625,
  "fwhm_avg": 3.2378766666666667,
  "fwhm_x": 3.2803,
  "fwhm_y": 3.43747,
  "fwhm_z": 2.99586,
  "icvs_csf": 0.18108035839558106,
  "icvs_gm": 0.41485672766888804,
  "icvs_wm": 0.4040629139355309,
  "inu_med": 1.7655402421951294,
  "inu_range": 0.5144370794296265,
  "provenance": {
    "md5sum": "21e687dbc31bbefbe3b7ec6cb04dd24a",
    "settings": {
      "testing": false
    },
    "software": "mriqc",
    "version": "0.16.1",
    "warnings": {
      "large_rot_frame": true,
      "small_air_mask": false
    },
    "webapi_port": null,
    "webapi_url": "https://mriqc.nimh.nih.gov/api/v1"
  },
  "qi_1": 4.361575562281758e-05,
  "qi_2": 0.005559860991359664,
  "rpve_csf": 30.99929661292068,
  "rpve_gm": 14.878317884911214,
  "rpve_wm": 18.7285336338249,
  "size_x": 176,
  "size_y": 256,
  "size_z": 256,
  "snr_csf": 2.6813167090205035,
  "snr_gm": 8.450362440023088,
  "snr_total": 10.009314239183293,
  "snr_wm": 18.89626356850629,
  "snrd_csf": 27.556736150339972,
  "snrd_gm": 52.615279910426615,
  "snrd_total": 52.812935480361006,
  "snrd_wm": 78.26679038031642,
  "spacing_x": 1.0,
  "spacing_y": 1.0,
  "spacing_z": 1.0,
  "summary_bg_k": 696.2014780871583,
  "summary_bg_mad": 8.370429114429461,
  "summary_bg_mean": 15.194814682006836,
  "summary_bg_median": 13.811302185058594,
  "summary_bg_n": 3983114.0,
  "summary_bg_p05": 2.7618203163146973,
  "summary_bg_p95": 36.009586524963375,
  "summary_bg_stdv": 12.918386459350586,
  "summary_csf_k": -0.7676969840482633,
  "summary_csf_mad": 150.8276737209551,
  "summary_csf_mean": 333.3136901855469,
  "summary_csf_median": 352.08197021484375,
  "summary_csf_n": 10445.0,
  "summary_csf_p05": 125.20673217773438,
  "summary_csf_p95": 528.8520751953124,
  "summary_csf_stdv": 131.30307006835938,
  "summary_gm_k": 0.17336523433702355,
  "summary_gm_mad": 76.49671833620398,
  "summary_gm_mean": 672.613037109375,
  "summary_gm_median": 672.2454833984375,
  "summary_gm_n": 13278.0,
  "summary_gm_p05": 540.3570922851562,
  "summary_gm_p95": 804.9995819091796,
  "summary_gm_stdv": 79.54927062988281,
  "summary_wm_k": 0.3302683933634709,
  "summary_wm_mad": 50.87233156762184,
  "summary_wm_mean": 998.7632446289062,
  "summary_wm_median": 999.985107421875,
  "summary_wm_n": 224565.0,
  "summary_wm_p05": 909.751513671875,
  "summary_wm_p95": 1083.5472412109375,
  "summary_wm_stdv": 52.91960906982422,
  "tpm_overlap_csf": 0.17627383768558502,
  "tpm_overlap_gm": 0.4390294849872589,
  "tpm_overlap_wm": 0.518335223197937,
  "wm2max": 0.7306072343945454
}