{
  "bids_meta": {
    "AccelNumReferenceLines": 32,
    "AccelerationFactorPE": 2,
    "AcquisitionMatrix": "0/256/256/0",
    "DeviceSerialNumber": "35426",
    "EchoTime": 0.00331,
    "EchoTrainLength": 1,
    "FlipAngle": 7,
    "ImageType": "ORIGINAL/PRIMARY/M/ND/NORM",
    "ImagingFrequency": 123191563,
    "InPlanePhaseEncodingDirection": "ROW",
    "InversionTime": 1.1,
    "MRAcquisitionType": "3D",
    "MagneticFieldStrength": 3,
    "ManufacturerModelName": "TrioTim",
    "NumberOfAverages": 1,
    "NumberOfPhaseEncodingSteps": 255,
    "PatientPosition": "HFS",
    "PercentPhaseFieldOfView": 100,
    "PercentSampling": 100,
    "PhaseEncodingDirection": "i-",
    "PixelBandwidth": 199,
    "ProtocolName": "MPRAGE - BWM",
    "ReceiveCoilName": "HeadMatrix",
    "RepetitionTime": 2.53,
    "ScanOptions": "IR",
    "ScanningSequence": "GR/IR",
    "SequenceName": "*tfl3d1_ns",
    "SequenceVariant": "SP/MP",
    "SoftwareVersions": "syngo MR B17",
    "TotalScanTimeSec": 363,
    "TransmitCoilName": "Body",
    "VariableFlipAngleFlag": "N",
    "dataset": "ds000030",
    "modality": "T1w",
    "subject_id": "50058"
  },
  "cjv": 0.4250009312322217,
  "cnr": 3.1307177692396317,
  "efc": 0.5076714750007839,
  "fber": 1139.3543701171875,
  "fwhm_avg": 3.195515856137378,
  "fwhm_x": 3.255817568412135,
  "fwhm_y": 3.29292,
  "fwhm_z": 3.03781,
  "icvs_csf": 0.21738041238313616,
  "icvs_gm": 0.40886894354971726,
  "icvs_wm": 0.3737506440671466,
  "inu_med": 1.5958225727081299,
  "inu_range": 0.425408834218979,
  "provenance": {
    "md5sum": "a6517af2cb3c25ab085ad86a9807c332",
    "settings": {
      "testing": false
    },
    "software": "mriqc",
    "version": "0.16.1",
    "warnings": {
      "large_rot_frame": true,
      "small_air_mask": false
    },
    "webapi_port": null,
    "webapi_url": "https://mriqc.nimh.nih.gov/api/v1"
  },
  "qi_1": 0.00015376687368125763,
  "qi_2": 0.004179778890085136,
  "rpve_csf": 29.506560070880703,
  "rpve_gm": 15.951113961019415,
  "rpve_wm": 21.417923240532048,
  "size_x": 176,
  "size_y": 256,
  "size_z": 256,
  "snr_csf": 3.1745138759078735,
  "snr_gm": 8.921047552450439,
  "snr_total": 9.860067742290177,
  "snr_wm": 17.484641798512218,
  "snrd_csf": 19.130024106241052,
  "snrd_gm": 36.15212273265095,
  "snrd_total": 35.82889321782907,
  "snrd_wm": 52.204532814595204,
  "spacing_x": 0.9999976754188538,
  "spacing_y": 1.0,
  "spacing_z": 1.0,
  "summary_bg_k": 269.9578864100133,
  "summary_bg_mad": 12.54949983725359,
  "summary_bg_mean": 17.451160430908203,
  "summary_bg_median": 12.81786060333252,
  "summary_bg_n": 4449720.0,
  "summary_bg_p05": 0.0,
  "summary_bg_p95": 42.67241306304931,
  "summary_bg_stdv": 18.712406158447266,
  "summary_csf_k": -0.022169076557278178,
  "summary_csf_mad": 113.52385812931561,
  "summary_csf_mean": 353.8726501464844,
  "summary_csf_median": 366.4461975097656,
  "summary_csf_n": 5328.0,
  "summary_csf_p05": 145.8985725402832,
  "summary_csf_p95": 525.7833404541014,
  "summary_csf_stdv": 115.42296600341797,
  "summary_gm_k": 3.9504696259129446e-05,
  "summary_gm_mad": 76.35234017216433,
  "summary_gm_mean": 691.7915649414062,
  "summary_gm_median": 692.513916015625,
  "summary_gm_n": 15160.0,
  "summary_gm_p05": 561.893701171875,
  "summary_gm_p95": 819.3913879394531,
  "summary_gm_stdv": 77.6244125366211,
  "summary_wm_k": 0.5139878852830724,
  "summary_wm_mad": 54.33238526195103,
  "summary_wm_mean": 998.6494140625,
  "summary_wm_median": 1000.0067138671875,
  "summary_wm_n": 167820.0,
  "summary_wm_p05": 902.0934234619141,
  "summary_wm_p95": 1089.6718688964843,
  "summary_wm_stdv": 57.19326400756836,
  "tpm_overlap_csf": 0.14072763919830322,
  "tpm_overlap_gm": 0.4212871491909027,
  "tpm_overlap_wm": 0.4861980378627777,
  "wm2max": 0.7177469845443694
}