{
  "bids_meta": {
    "AccelNumReferenceLines": 32,
    "AccelerationFactorPE": 2,
    "AcquisitionMatrix": "0/256/256/0",
    "DeviceSerialNumber": "35343",
    "EchoTime": 0.00331,
    "EchoTrainLength": 1,
    "FlipAngle": 7,
    "ImageType": "ORIGINAL/PRIMARY/M/ND/NORM",
    "ImagingFrequency": 123249907,
    "InPlanePhaseEncodingDirection": "ROW",
    "InversionTime": 1.1,
    "MRAcquisitionType": "3D",
    "MagneticFieldStrength": 3,
    "ManufacturerModelName": "TrioTim",
    "NumberOfAverages": 1,
    "NumberOfPhaseEncodingSteps": 255,
    "PatientPosition": "HFS",
    "PercentPhaseFieldOfView": 100,
    "PercentSampling": 100,
    "PhaseEncodingDirection": "i-",
    "PixelBandwidth": 200,
    "ProtocolName": "MPRAGE - BWM",
    "ReceiveCoilName": "HeadMatrix",
    "RepetitionTime": 2.53,
    "ScanOptions": "IR",
    "ScanningSequence": "GR/IR",
    "SequenceName": "*tfl3d1_ns",
    "SequenceVariant": "SP/MP",
    "SoftwareVersions": "syngo MR B15",
    "TotalScanTimeSec": 363,
    "TransmitCoilName": "Body",
    "VariableFlipAngleFlag": "N",
    "dataset": "ds000030",
    "modality": "T1w",
    "subject_id": "50010"
  },
  "cjv": 0.43757666293388275,
  "cnr": 3.059642784348245,
  "efc": 0.5803225683209412,
  "fber": 761.7213745117188,
  "fwhm_avg": 3.2537866666666666,
  "fwhm_x": 3.30016,
  "fwhm_y": 3.39348,
  "fwhm_z": 3.06772,
  "icvs_csf": 0.19079179271426489,
  "icvs_gm": 0.39950990979545936,
  "icvs_wm": 0.40969829749027575,
  "inu_med": 1.500500202178955,
  "inu_range": 0.48839014768600464,
  "provenance": {
    "md5sum": "923938f6f8db4abd3b2234639594b2ce",
    "settings": {
      "testing": false
    },
    "software": "mriqc",
    "version": "0.16.1",
    "warnings": {
      "large_rot_frame": true,
      "small_air_mask": false
    },
    "webapi_port": null,
    "webapi_url": "https://mriqc.nimh.nih.gov/api/v1"
  },
  "qi_1": 0.0001583743572026816,
  "qi_2": 0.004225976530062304,
  "rpve_csf": 30.285084496693607,
  "rpve_gm": 14.992635256225402,
  "rpve_wm": 18.045799615462744,
  "size_x": 176,
  "size_y": 256,
  "size_z": 256,
  "snr_csf": 2.639560577712477,
  "snr_gm": 8.340247305977018,
  "snr_total": 9.252542951439338,
  "snr_wm": 16.77782097062852,
  "snrd_csf": 21.640046613101198,
  "snrd_gm": 40.82440579773955,
  "snrd_total": 40.68050916472827,
  "snrd_wm": 59.57707508334406,
  "spacing_x": 1.0,
  "spacing_y": 1.0,
  "spacing_z": 1.0,
  "summary_bg_k": 242.89961976131357,
  "summary_bg_mad": 10.996457555344161,
  "summary_bg_mean": 18.405193328857422,
  "summary_bg_median": 14.823379516601562,
  "summary_bg_n": 2499793.0,
  "summary_bg_p05": 3.674473905563355,
  "summary_bg_p95": 44.53393936157226,
  "summary_bg_stdv": 16.77998161315918,
  "summary_csf_k": -0.8385214809584807,
  "summary_csf_mad": 155.24837836448202,
  "summary_csf_mean": 341.4815673828125,
  "summary_csf_median": 363.22796630859375,
  "summary_csf_n": 10039.0,
  "summary_csf_p05": 113.5643096923828,
  "summary_csf_p95": 540.7464782714845,
  "summary_csf_stdv": 137.60240173339844,
  "summary_gm_k": 0.17460830332879862,
  "summary_gm_mad": 80.06988560311203,
  "summary_gm_mean": 686.9227905273438,
  "summary_gm_median": 685.2372436523438,
  "summary_gm_n": 7614.0,
  "summary_gm_p05": 552.9662506103516,
  "summary_gm_p95": 825.0620239257812,
  "summary_gm_stdv": 82.1549072265625,
  "summary_wm_k": 0.25816151849929936,
  "summary_wm_mad": 57.66321801096614,
  "summary_wm_mean": 999.7517700195312,
  "summary_wm_median": 1000.0006103515625,
  "summary_wm_n": 210380.0,
  "summary_wm_p05": 901.4100280761719,
  "summary_wm_p95": 1097.4503051757813,
  "summary_wm_stdv": 59.60239028930664,
  "tpm_overlap_csf": 0.1672659069299698,
  "tpm_overlap_gm": 0.42291975021362305,
  "tpm_overlap_wm": 0.5154869556427002,
  "wm2max": 0.5512187329741636
}