{
  "bids_meta": {
    "AccelNumReferenceLines": 32,
    "AccelerationFactorPE": 2,
    "AcquisitionMatrix": "0/256/256/0",
    "DeviceSerialNumber": "35343",
    "EchoTime": 0.00331,
    "EchoTrainLength": 1,
    "FlipAngle": 7,
    "ImageType": "ORIGINAL/PRIMARY/M/ND/NORM",
    "ImagingFrequency": 123227360,
    "InPlanePhaseEncodingDirection": "ROW",
    "InversionTime": 1.1,
    "MRAcquisitionType": "3D",
    "MagneticFieldStrength": 3,
    "ManufacturerModelName": "TrioTim",
    "NumberOfAverages": 1,
    "NumberOfPhaseEncodingSteps": 255,
    "PatientPosition": "HFS",
    "PercentPhaseFieldOfView": 100,
    "PercentSampling": 100,
    "PhaseEncodingDirection": "i-",
    "PixelBandwidth": 200,
    "ProtocolName": "MPRAGE - BWM",
    "ReceiveCoilName": "HeadMatrix",
    "RepetitionTime": 2.53,
    "ScanOptions": "IR",
    "ScanningSequence": "GR/IR",
    "SequenceName": "*tfl3d1_ns",
    "SequenceVariant": "SP/MP",
    "SoftwareVersions": "syngo MR B15",
    "TotalScanTimeSec": 363,
    "TransmitCoilName": "Body",
    "VariableFlipAngleFlag": "N",
    "dataset": "ds000030",
    "modality": "T1w",
    "subject_id": "10968"
  },
  "cjv": 0.4227277110264605,
  "cnr": 3.197787465088903,
  "efc": 0.5983653354059397,
  "fber": 1066.3076171875,
  "fwhm_avg": 3.1428066666666665,
  "fwhm_x": 3.21966,
  "fwhm_y": 3.23952,
  "fwhm_z": 2.96924,
  "icvs_csf": 0.17684524158932016,
  "icvs_gm": 0.4267964727800307,
  "icvs_wm": 0.3963582856306491,
  "inu_med": 1.4523557424545288,
  "inu_range": 0.46177930831909175,
  "provenance": {
    "md5sum": "0aa4b93a199ec2fc0a3896ea4a1851a2",
    "settings": {
      "testing": false
    },
    "software": "mriqc",
    "version": "0.16.1",
    "warnings": {
      "large_rot_frame": true,
      "small_air_mask": false
    },
    "webapi_port": null,
    "webapi_url": "https://mriqc.nimh.nih.gov/api/v1"
  },
  "qi_1": 0.0,
  "qi_2": 0.005342978466408742,
  "rpve_csf": 27.15241379964704,
  "rpve_gm": 12.442762486811633,
  "rpve_wm": 16.132888287983775,
  "size_x": 176,
  "size_y": 256,
  "size_z": 256,
  "snr_csf": 2.2304503165265746,
  "snr_gm": 8.193256453394707,
  "snr_total": 8.98330502993081,
  "snr_wm": 16.52620831987115,
  "snrd_csf": 19.24178852512068,
  "snrd_gm": 40.22462400828779,
  "snrd_total": 39.78743994181608,
  "snrd_wm": 59.89590729203977,
  "spacing_x": 1.0,
  "spacing_y": 1.0,
  "spacing_z": 1.0,
  "summary_bg_k": 21.81308071941472,
  "summary_bg_mad": 10.937866845627799,
  "summary_bg_mean": 16.992145538330078,
  "summary_bg_median": 14.76976203918457,
  "summary_bg_n": 3067456.0,
  "summary_bg_p05": 0.0,
  "summary_bg_p95": 40.86399841308594,
  "summary_bg_stdv": 12.977121353149414,
  "summary_csf_k": -0.2244129411327247,
  "summary_csf_mad": 175.60201199160713,
  "summary_csf_mean": 320.14996337890625,
  "summary_csf_median": 321.25238037109375,
  "summary_csf_n": 6516.0,
  "summary_csf_p05": 108.56874465942383,
  "summary_csf_p95": 546.0888824462891,
  "summary_csf_stdv": 144.01922607421875,
  "summary_gm_k": -0.03588913434168939,
  "summary_gm_mad": 80.63405085770634,
  "summary_gm_mean": 671.833984375,
  "summary_gm_median": 671.572509765625,
  "summary_gm_n": 18249.0,
  "summary_gm_p05": 536.9056762695313,
  "summary_gm_p95": 809.0528442382813,
  "summary_gm_stdv": 81.96424865722656,
  "summary_wm_k": 0.33606517621483833,
  "summary_wm_mad": 58.199466835847986,
  "summary_wm_mean": 999.028076171875,
  "summary_wm_median": 999.9955444335938,
  "summary_wm_n": 233018.0,
  "summary_wm_p05": 897.732943725586,
  "summary_wm_p95": 1096.6403015136718,
  "summary_wm_stdv": 60.50954818725586,
  "tpm_overlap_csf": 0.16573797166347504,
  "tpm_overlap_gm": 0.44188621640205383,
  "tpm_overlap_wm": 0.5162521004676819,
  "wm2max": 0.6843655072821381
}