{
  "bids_meta": {
    "AccelNumReferenceLines": 32,
    "AccelerationFactorPE": 2,
    "AcquisitionMatrix": "0/256/256/0",
    "DeviceSerialNumber": "35343",
    "EchoTime": 0.00331,
    "EchoTrainLength": 1,
    "FlipAngle": 7,
    "ImageType": "ORIGINAL/PRIMARY/M/ND/NORM",
    "ImagingFrequency": 123227392,
    "InPlanePhaseEncodingDirection": "ROW",
    "InversionTime": 1.1,
    "MRAcquisitionType": "3D",
    "MagneticFieldStrength": 3,
    "ManufacturerModelName": "TrioTim",
    "NumberOfAverages": 1,
    "NumberOfPhaseEncodingSteps": 255,
    "PatientPosition": "HFS",
    "PercentPhaseFieldOfView": 100,
    "PercentSampling": 100,
    "PhaseEncodingDirection": "i-",
    "PixelBandwidth": 200,
    "ProtocolName": "MPRAGE - BWM",
    "ReceiveCoilName": "HeadMatrix",
    "RepetitionTime": 2.53,
    "ScanOptions": "IR",
    "ScanningSequence": "GR/IR",
    "SequenceName": "*tfl3d1_ns",
    "SequenceVariant": "SP/MP",
    "SoftwareVersions": "syngo MR B15",
    "TotalScanTimeSec": 363,
    "TransmitCoilName": "Body",
    "VariableFlipAngleFlag": "N",
    "dataset": "ds000030",
    "modality": "T1w",
    "subject_id": "10949"
  },
  "cjv": 0.4003603745876185,
  "cnr": 3.341454130367292,
  "efc": 0.538634675001458,
  "fber": 1343.4931640625,
  "fwhm_avg": 3.3643318188303177,
  "fwhm_x": 3.3905454564909534,
  "fwhm_y": 3.52427,
  "fwhm_z": 3.17818,
  "icvs_csf": 0.20028886531736492,
  "icvs_gm": 0.4147324315370972,
  "icvs_wm": 0.3849787031455379,
  "inu_med": 1.691515564918518,
  "inu_range": 0.6997662782669067,
  "provenance": {
    "md5sum": "b59a89de114bec3d0895ba431485a52d",
    "settings": {
      "testing": false
    },
    "software": "mriqc",
    "version": "0.16.1",
    "warnings": {
      "large_rot_frame": true,
      "small_air_mask": false
    },
    "webapi_port": null,
    "webapi_url": "https://mriqc.nimh.nih.gov/api/v1"
  },
  "qi_1": 0.0,
  "qi_2": 0.004733287643885375,
  "rpve_csf": 26.987928324129918,
  "rpve_gm": 13.792289510048729,
  "rpve_wm": 18.032215278302242,
  "size_x": 176,
  "size_y": 256,
  "size_z": 256,
  "snr_csf": 2.4974252249691675,
  "snr_gm": 8.042740451660833,
  "snr_total": 9.058090489279467,
  "snr_wm": 16.634105791208402,
  "snrd_csf": 24.041820421187946,
  "snrd_gm": 44.837967264290995,
  "snrd_total": 45.68850045546048,
  "snrd_wm": 68.18571368090248,
  "spacing_x": 0.9999983906745911,
  "spacing_y": 1.0,
  "spacing_z": 1.0,
  "summary_bg_k": 201.76775754582957,
  "summary_bg_mad": 9.608087426314691,
  "summary_bg_mean": 16.510225296020508,
  "summary_bg_median": 12.92851734161377,
  "summary_bg_n": 4097084.0,
  "summary_bg_p05": 3.1947431564331055,
  "summary_bg_p95": 39.16800384521483,
  "summary_bg_stdv": 14.230332374572754,
  "summary_csf_k": -0.4411937052129242,
  "summary_csf_mad": 156.17145298486903,
  "summary_csf_mean": 338.75225830078125,
  "summary_csf_median": 352.59210205078125,
  "summary_csf_n": 13307.0,
  "summary_csf_p05": 106.29378204345703,
  "summary_csf_p95": 551.528985595703,
  "summary_csf_stdv": 141.17694091796875,
  "summary_gm_k": 0.16597683505051242,
  "summary_gm_mad": 79.8740181408345,
  "summary_gm_mean": 659.2587280273438,
  "summary_gm_median": 657.5838623046875,
  "summary_gm_n": 13636.0,
  "summary_gm_p05": 525.4661254882812,
  "summary_gm_p95": 797.9537353515625,
  "summary_gm_stdv": 81.75817108154297,
  "summary_wm_k": 0.37235749448169786,
  "summary_wm_mad": 57.21456433668936,
  "summary_wm_mean": 997.9266967773438,
  "summary_wm_median": 999.996826171875,
  "summary_wm_n": 222405.0,
  "summary_wm_p05": 894.8030151367187,
  "summary_wm_p95": 1092.938134765625,
  "summary_wm_stdv": 60.117122650146484,
  "tpm_overlap_csf": 0.1553443968296051,
  "tpm_overlap_gm": 0.43959149718284607,
  "tpm_overlap_wm": 0.5051564574241638,
  "wm2max": 0.68212738692691
}