{
  "bids_meta": {
    "AccelNumReferenceLines": 32,
    "AccelerationFactorPE": 2,
    "AcquisitionMatrix": "0/256/256/0",
    "DeviceSerialNumber": "35343",
    "EchoTime": 0.00331,
    "EchoTrainLength": 1,
    "FlipAngle": 7,
    "ImageType": "ORIGINAL/PRIMARY/M/ND/NORM",
    "ImagingFrequency": 123227095,
    "InPlanePhaseEncodingDirection": "ROW",
    "InversionTime": 1.1,
    "MRAcquisitionType": "3D",
    "MagneticFieldStrength": 3,
    "ManufacturerModelName": "TrioTim",
    "NumberOfAverages": 1,
    "NumberOfPhaseEncodingSteps": 255,
    "PatientPosition": "HFS",
    "PercentPhaseFieldOfView": 100,
    "PercentSampling": 100,
    "PhaseEncodingDirection": "i-",
    "PixelBandwidth": 200,
    "ProtocolName": "MPRAGE - BWM",
    "ReceiveCoilName": "HeadMatrix",
    "RepetitionTime": 2.53,
    "ScanOptions": "IR",
    "ScanningSequence": "GR/IR",
    "SequenceName": "*tfl3d1_ns",
    "SequenceVariant": "SP/MP",
    "SoftwareVersions": "syngo MR B15",
    "TotalScanTimeSec": 363,
    "TransmitCoilName": "Body",
    "VariableFlipAngleFlag": "N",
    "dataset": "ds000030",
    "modality": "T1w",
    "subject_id": "10844"
  },
  "cjv": 0.44791294595734293,
  "cnr": 3.040405444126754,
  "efc": 0.5287741678665671,
  "fber": 1394.6497802734375,
  "fwhm_avg": 3.3574066666666664,
  "fwhm_x": 3.34766,
  "fwhm_y": 3.53319,
  "fwhm_z": 3.19137,
  "icvs_csf": 0.1838773801284554,
  "icvs_gm": 0.40241695614940587,
  "icvs_wm": 0.41370566372213874,
  "inu_med": 1.7462762594223022,
  "inu_range": 0.6421850085258485,
  "provenance": {
    "md5sum": "0e184456fecdcf2e1c07e188a3447e6c",
    "settings": {
      "testing": false
    },
    "software": "mriqc",
    "version": "0.16.1",
    "warnings": {
      "large_rot_frame": true,
      "small_air_mask": false
    },
    "webapi_port": null,
    "webapi_url": "https://mriqc.nimh.nih.gov/api/v1"
  },
  "qi_1": 3.4749157077432366e-06,
  "qi_2": 0.004710778501495662,
  "rpve_csf": 26.30462973181768,
  "rpve_gm": 12.943119309937977,
  "rpve_wm": 15.77424835035636,
  "size_x": 176,
  "size_y": 256,
  "size_z": 256,
  "snr_csf": 1.902692379507728,
  "snr_gm": 8.065540900000194,
  "snr_total": 9.023045210807647,
  "snr_wm": 17.10090235291502,
  "snrd_csf": 19.874811535773016,
  "snrd_gm": 45.71373276833872,
  "snrd_total": 44.13376228034013,
  "snrd_wm": 66.81274253690864,
  "spacing_x": 1.0,
  "spacing_y": 1.0,
  "spacing_z": 1.0,
  "summary_bg_k": 75.83532531177153,
  "summary_bg_mad": 9.80558725883652,
  "summary_bg_mean": 16.689455032348633,
  "summary_bg_median": 13.201637268066406,
  "summary_bg_n": 4634283.0,
  "summary_bg_p05": 3.268062400817871,
  "summary_bg_p95": 39.61839027404784,
  "summary_bg_stdv": 13.139404296875,
  "summary_csf_k": 11.022374663246598,
  "summary_csf_mad": 179.11289892545324,
  "summary_csf_mean": 305.1511535644531,
  "summary_csf_median": 297.47119140625,
  "summary_csf_n": 5514.0,
  "summary_csf_p05": 92.10769157409669,
  "summary_csf_p95": 546.0684631347656,
  "summary_csf_stdv": 156.32806396484375,
  "summary_gm_k": -0.08959686980951975,
  "summary_gm_mad": 85.93989182937733,
  "summary_gm_mean": 685.8976440429688,
  "summary_gm_median": 684.2086791992188,
  "summary_gm_n": 19963.0,
  "summary_gm_p05": 549.6458862304688,
  "summary_gm_p95": 829.4778381347656,
  "summary_gm_stdv": 84.82897186279297,
  "summary_wm_k": 0.4818114694057005,
  "summary_wm_mad": 55.50835920790987,
  "summary_wm_mean": 999.0963745117188,
  "summary_wm_median": 1000.0027465820312,
  "summary_wm_n": 267334.0,
  "summary_wm_p05": 901.5471038818359,
  "summary_wm_p95": 1092.9717285156248,
  "summary_wm_stdv": 58.476497650146484,
  "tpm_overlap_csf": 0.16673019528388977,
  "tpm_overlap_gm": 0.4329679012298584,
  "tpm_overlap_wm": 0.5219333171844482,
  "wm2max": 0.6763109483685179
}