{
  "aor": 0.0020535443037974677,
  "aqi": 0.003187884430379747,
  "bids_meta": {
    "AccelNumReferenceLines": 24,
    "AccelerationFactorPE": 2,
    "AcquisitionMatrix": "0/64/64/0",
    "CogAtlasID": "trm_4c898a680e424",
    "CogPOID": "COGPO_00136",
    "DeviceSerialNumber": "35426",
    "EPIFactor": 128,
    "EchoTime": 0.03,
    "EchoTrainLength": 1,
    "EffectiveEchoSpacing": 0.000395,
    "FlipAngle": 90,
    "ImageType": "ORIGINAL/PRIMARY/M/ND/MOSAIC",
    "ImagingFrequency": 123191508,
    "InPlanePhaseEncodingDirection": "ROW",
    "Instructions": "Demo Instructions: During this task we will periodically ask you to hold your breath for 13.5 seconds at a time. After each breath hold, you will be given a rest period to breathe normally. For the practice, this will go on for 2 cycles, so you will need to hold your breath 2 separate times. During the scan, you will need to hold your breath 5 times. The task starts out with 13.5 sec of normal breathing. During these periods of regular breathing, you will see a green bar on the screen. When it’s almost time to hold your breath, you will see a yellow bar. A blue line will travel upwards. As it moves, you should take a breath and prepare to hold it. When the blue line reaches the top, the bar will turn red and you should start holding your breath. During the entire time that the bar is red, you should not breathe (in or out). After 13.5 seconds, the bar will turn green, and you can start breathing normally again. When you take in a breath and hold it, please make sure that you do not move your chest and shoulders. You can avoid this by breathing in gently. Scan Instructions: This task is the one where you have to hold your breath. When you see the green bar, it means you can breathe normally. When you see the yellow bar with the blue line moving up, it means you should inhale until the blue line reaches the top. And once the blue line is at the top you’ll see the red bar, which means that you should hold your breath until the green bar comes back. So again, green bar means breathe normally, yellow bar means start breathing in, and red bar means hold your breath. You’ll do that about five times. Participants saw on the screen: When the bar is GREEN, breathe normally. When the bar is YELLOW and the blue line is moving upwards, take a deep breath and prepare to hold it. When the bar is RED, hold your breath and do not breathe until the bar is green again.",
    "MRAcquisitionType": "2D",
    "MagneticFieldStrength": 3,
    "ManufacturerModelName": "TrioTim",
    "NumberOfAverages": 1,
    "NumberOfPhaseEncodingSteps": 63,
    "PatientPosition": "HFS",
    "PercentPhaseFieldOfView": 100,
    "PercentSampling": 100,
    "PhaseEncodingDirection": "i-",
    "PixelBandwidth": 1420,
    "ProtocolName": "BOLD - BHT",
    "ReceiveCoilName": "HeadMatrix",
    "RepetitionTime": 2,
    "ScanOptions": "FS",
    "ScanningSequence": "EP",
    "SequenceName": "*epfid2d1_64",
    "SequenceVariant": "SK",
    "SliceTiming": [
      1.005,
      0,
      1.0625,
      0.06,
      1.1225,
      0.1175,
      1.1825,
      0.1775,
      1.24,
      0.2375,
      1.3,
      0.295,
      1.3575,
      0.355,
      1.4175,
      0.415,
      1.4775,
      0.4725,
      1.535,
      0.5325,
      1.595,
      0.59,
      1.655,
      0.65,
      1.7125,
      0.71,
      1.7725,
      0.7675,
      1.83,
      0.8275,
      1.89,
      0.8875,
      1.95,
      0.945
    ],
    "SoftwareVersions": "syngo MR B17",
    "TaskDescription": "In the Breath Holding Task, participants were asked to alternate between holding their breath and breathing regularly while resting. Participants were presented with bars on the screen in order to pace breath holding. When the bar was green, they were asked to breathe regularly; when the bar was yellow, they were asked to prepare to hold their breath; and when the bar was red, they were asked to hold their breath for 13.5 seconds. This cycle was repeated eight times, for a total run time of 2 minutes and 46 seconds. Participants performed the BHT in the scanner while wearing a respiratory belt in order to measure breathing. The purpose of this task was to assess the contribution of respiratory rhythms to changes in the BOLD signal. For the practice run, participants completed two cycles. The following instructions were read to participants while they saw a demo picture of the bars.",
    "TaskFullName": "Breath-Holding Task",
    "TaskName": "bht",
    "TaskParameters": {
      "trigger_time": 35.347
    },
    "TotalScanTimeSec": 166,
    "TransmitCoilName": "Body",
    "VariableFlipAngleFlag": "N",
    "dataset": "ds000030",
    "modality": "bold",
    "subject_id": "11097",
    "task_id": "bht"
  },
  "dummy_trs": 0,
  "dvars_nstd": 21.113399236282046,
  "dvars_std": 1.0911674316666666,
  "dvars_vstd": 1.0249572838461536,
  "efc": 0.5453370403414324,
  "fber": 1308.879638671875,
  "fd_mean": 0.15561894537042084,
  "fd_num": 25,
  "fd_perc": 31.645569620253166,
  "fwhm_avg": 2.2165258751644217,
  "fwhm_x": 2.2405833333333334,
  "fwhm_y": 2.3035666666666668,
  "fwhm_z": 2.1054276254932653,
  "gcor": 0.0493604,
  "gsr_x": 0.015400152653455734,
  "gsr_y": 0.0038697035051882267,
  "provenance": {
    "md5sum": "a1b76b91276a1743d1c224a0e6ae8755",
    "settings": {
      "fd_thres": 0.2,
      "testing": false
    },
    "software": "mriqc",
    "version": "0.16.1",
    "webapi_port": null,
    "webapi_url": "https://mriqc.nimh.nih.gov/api/v1"
  },
  "size_t": 79,
  "size_x": 64,
  "size_y": 64,
  "size_z": 34,
  "snr": 4.482206344737194,
  "spacing_tr": 2.0,
  "spacing_x": 3.0,
  "spacing_y": 3.0,
  "spacing_z": 3.999999761581421,
  "summary_bg_k": 19.621858209703873,
  "summary_bg_mad": 9.984105219959957,
  "summary_bg_mean": 43.88301086425781,
  "summary_bg_median": 20.316455841064453,
  "summary_bg_n": 78127.0,
  "summary_bg_p05": 11.873417854309082,
  "summary_bg_p95": 164.4746841430662,
  "summary_bg_stdv": 64.00123596191406,
  "summary_fg_k": 0.9797004117313297,
  "summary_fg_mad": 153.71206982171597,
  "summary_fg_mean": 780.5352783203125,
  "summary_fg_median": 763.9747314453125,
  "summary_fg_n": 28256.0,
  "summary_fg_p05": 534.8860931396484,
  "summary_fg_p95": 1090.9968872070312,
  "summary_fg_stdv": 170.443115234375,
  "tsnr": 69.87660085200332
}