{
  "bids_meta": {
    "AccelNumReferenceLines": 32,
    "AccelerationFactorPE": 2,
    "AcquisitionMatrix": "0/256/256/0",
    "DeviceSerialNumber": "35426",
    "EchoTime": 0.00331,
    "EchoTrainLength": 1,
    "FlipAngle": 7,
    "ImageType": "ORIGINAL/PRIMARY/M/ND/NORM",
    "ImagingFrequency": 123191619,
    "InPlanePhaseEncodingDirection": "ROW",
    "InversionTime": 1.1,
    "MRAcquisitionType": "3D",
    "MagneticFieldStrength": 3,
    "ManufacturerModelName": "TrioTim",
    "NumberOfAverages": 1,
    "NumberOfPhaseEncodingSteps": 255,
    "PatientPosition": "HFS",
    "PercentPhaseFieldOfView": 100,
    "PercentSampling": 100,
    "PhaseEncodingDirection": "i-",
    "PixelBandwidth": 199,
    "ProtocolName": "MPRAGE - BWM",
    "ReceiveCoilName": "HeadMatrix",
    "RepetitionTime": 2.53,
    "ScanOptions": "IR",
    "ScanningSequence": "GR/IR",
    "SequenceName": "tfl3d1_ns",
    "SequenceVariant": "SP/MP",
    "SoftwareVersions": "syngo MR B17",
    "TotalScanTimeSec": 363,
    "TransmitCoilName": "Body",
    "VariableFlipAngleFlag": "N",
    "dataset": "ds000030",
    "modality": "T1w",
    "subject_id": "11067"
  },
  "cjv": 0.38878783810971884,
  "cnr": 3.3933459074151173,
  "efc": 0.5541048514766712,
  "fber": 1155.5338134765625,
  "fwhm_avg": 3.3521433333333337,
  "fwhm_x": 3.42141,
  "fwhm_y": 3.50337,
  "fwhm_z": 3.13165,
  "icvs_csf": 0.18766356244837412,
  "icvs_gm": 0.4158386466674791,
  "icvs_wm": 0.3964977908841468,
  "inu_med": 1.6601643562316895,
  "inu_range": 0.6160474061965944,
  "provenance": {
    "md5sum": "3143b850dda1b9e5cd6e3c43d99e2f45",
    "settings": {
      "testing": false
    },
    "software": "mriqc",
    "version": "0.16.1",
    "warnings": {
      "large_rot_frame": true,
      "small_air_mask": false
    },
    "webapi_port": null,
    "webapi_url": "https://mriqc.nimh.nih.gov/api/v1"
  },
  "qi_1": 7.234003727792912e-05,
  "qi_2": 0.005643667981817411,
  "rpve_csf": 27.379196942372914,
  "rpve_gm": 13.238482400602736,
  "rpve_wm": 16.947318427157803,
  "size_x": 176,
  "size_y": 256,
  "size_z": 256,
  "snr_csf": 2.209215472461457,
  "snr_gm": 8.697261610967704,
  "snr_total": 9.429804938340583,
  "snr_wm": 17.382937731592587,
  "snrd_csf": 21.460543707348744,
  "snrd_gm": 46.94892046712359,
  "snrd_total": 46.12989104186275,
  "snrd_wm": 69.9802089511159,
  "spacing_x": 1.0,
  "spacing_y": 1.0,
  "spacing_z": 1.0,
  "summary_bg_k": 80.16012076980567,
  "summary_bg_mad": 9.36166137841362,
  "summary_bg_mean": 15.94017219543457,
  "summary_bg_median": 12.37626838684082,
  "summary_bg_n": 2847352.0,
  "summary_bg_p05": 3.011581552028656,
  "summary_bg_p95": 37.90687789916987,
  "summary_bg_stdv": 12.1414213180542,
  "summary_csf_k": -0.5694680016566585,
  "summary_csf_mad": 173.86424817607815,
  "summary_csf_mean": 313.0060119628906,
  "summary_csf_median": 306.66339111328125,
  "summary_csf_n": 8077.0,
  "summary_csf_p05": 114.61671295166015,
  "summary_csf_p95": 532.0554321289062,
  "summary_csf_stdv": 138.80239868164062,
  "summary_gm_k": 0.1892752345807347,
  "summary_gm_mad": 73.39242945034982,
  "summary_gm_mean": 669.4693603515625,
  "summary_gm_median": 670.883056640625,
  "summary_gm_n": 10714.0,
  "summary_gm_p05": 538.2558532714844,
  "summary_gm_p95": 795.3875610351563,
  "summary_gm_stdv": 77.13367462158203,
  "summary_wm_k": 0.4029429082009397,
  "summary_wm_mad": 54.56105566027645,
  "summary_wm_mean": 997.633056640625,
  "summary_wm_median": 999.9918212890625,
  "summary_wm_n": 224338.0,
  "summary_wm_p05": 898.1784393310547,
  "summary_wm_p95": 1088.0623046875,
  "summary_wm_stdv": 57.527076721191406,
  "tpm_overlap_csf": 0.17006945610046387,
  "tpm_overlap_gm": 0.4350390136241913,
  "tpm_overlap_wm": 0.5075955390930176,
  "wm2max": 0.6850131632257335
}