{
  "bids_meta": {
    "AccelNumReferenceLines": 32,
    "AccelerationFactorPE": 2,
    "AcquisitionMatrix": "0/256/256/0",
    "DeviceSerialNumber": "35426",
    "EchoTime": 0.00331,
    "EchoTrainLength": 1,
    "FlipAngle": 7,
    "ImageType": "ORIGINAL/PRIMARY/M/ND/NORM",
    "ImagingFrequency": 123191533,
    "InPlanePhaseEncodingDirection": "ROW",
    "InversionTime": 1.1,
    "MRAcquisitionType": "3D",
    "MagneticFieldStrength": 3,
    "ManufacturerModelName": "TrioTim",
    "NumberOfAverages": 1,
    "NumberOfPhaseEncodingSteps": 255,
    "PatientPosition": "HFS",
    "PercentPhaseFieldOfView": 100,
    "PercentSampling": 100,
    "PhaseEncodingDirection": "i-",
    "PixelBandwidth": 199,
    "ProtocolName": "MPRAGE - BWM",
    "ReceiveCoilName": "HeadMatrix",
    "RepetitionTime": 2.53,
    "ScanOptions": "IR",
    "ScanningSequence": "GR/IR",
    "SequenceName": "*tfl3d1_ns",
    "SequenceVariant": "SP/MP",
    "SoftwareVersions": "syngo MR B17",
    "TotalScanTimeSec": 363,
    "TransmitCoilName": "Body",
    "VariableFlipAngleFlag": "N",
    "dataset": "ds000030",
    "modality": "T1w",
    "subject_id": "70079"
  },
  "cjv": 0.424017231978239,
  "cnr": 3.199861603677955,
  "efc": 0.5552710361929689,
  "fber": 861.6892700195312,
  "fwhm_avg": 3.339195767770354,
  "fwhm_x": 3.4357273033110616,
  "fwhm_y": 3.48322,
  "fwhm_z": 3.09864,
  "icvs_csf": 0.20069519939183517,
  "icvs_gm": 0.4177922804090749,
  "icvs_wm": 0.38151252019908993,
  "inu_med": 1.5472527742385864,
  "inu_range": 0.5802913010120392,
  "provenance": {
    "md5sum": "0ef12a760078d4cefaf339f15fd46214",
    "settings": {
      "testing": false
    },
    "software": "mriqc",
    "version": "21.0.0rc2",
    "warnings": {
      "large_rot_frame": true,
      "small_air_mask": false
    },
    "webapi_port": null,
    "webapi_url": "https://mriqc.nimh.nih.gov/api/v1"
  },
  "qi_1": 0.0,
  "qi_2": 0.004745884330435334,
  "rpve_csf": 24.28794352749297,
  "rpve_gm": 12.315818471296131,
  "rpve_wm": 16.455827728067618,
  "size_x": 176,
  "size_y": 256,
  "size_z": 256,
  "snr_csf": 2.318497554635777,
  "snr_gm": 8.176833360460298,
  "snr_total": 8.669228252409733,
  "snr_wm": 15.512353842133127,
  "snrd_csf": 17.390014494806177,
  "snrd_gm": 35.49381626909572,
  "snrd_total": 35.43825911435881,
  "snrd_wm": 53.43094657917453,
  "spacing_x": 1.000003695487976,
  "spacing_y": 1.0,
  "spacing_z": 1.0,
  "summary_bg_k": 614.0065077794922,
  "summary_bg_mad": 12.261261710728657,
  "summary_bg_mean": 18.404218673706055,
  "summary_bg_median": 16.583236694335938,
  "summary_bg_n": 3718528.0,
  "summary_bg_p05": 0.0,
  "summary_bg_p95": 45.6350830078125,
  "summary_bg_stdv": 15.854501724243164,
  "summary_csf_k": -0.6093747989880134,
  "summary_csf_mad": 164.9704446822058,
  "summary_csf_mean": 318.8602294921875,
  "summary_csf_median": 325.4643249511719,
  "summary_csf_n": 6857.0,
  "summary_csf_p05": 94.7742431640625,
  "summary_csf_p95": 536.7764526367188,
  "summary_csf_stdv": 140.3670196533203,
  "summary_gm_k": 0.012113202652561661,
  "summary_gm_mad": 80.52876474434994,
  "summary_gm_mean": 663.994873046875,
  "summary_gm_median": 664.28759765625,
  "summary_gm_n": 15668.0,
  "summary_gm_p05": 530.494384765625,
  "summary_gm_p95": 797.4670867919922,
  "summary_gm_stdv": 81.23760986328125,
  "summary_wm_k": 0.3129823381651966,
  "summary_wm_mad": 61.815481524048906,
  "summary_wm_mean": 999.7086791992188,
  "summary_wm_median": 999.9915161132812,
  "summary_wm_n": 235717.0,
  "summary_wm_p05": 893.2722900390625,
  "summary_wm_p95": 1105.47109375,
  "summary_wm_stdv": 64.46406555175781,
  "tpm_overlap_csf": 0.159172922372818,
  "tpm_overlap_gm": 0.4371335506439209,
  "tpm_overlap_wm": 0.5139390826225281,
  "wm2max": 0.6489647504592335
}