{
  "bids_meta": {
    "AccelNumReferenceLines": 32,
    "AccelerationFactorPE": 2,
    "AcquisitionMatrix": "0/256/256/0",
    "DeviceSerialNumber": "35343",
    "EchoTime": 0.00331,
    "EchoTrainLength": 1,
    "FlipAngle": 7,
    "ImageType": "ORIGINAL/PRIMARY/M/ND/NORM",
    "ImagingFrequency": 123249925,
    "InPlanePhaseEncodingDirection": "ROW",
    "InversionTime": 1.1,
    "MRAcquisitionType": "3D",
    "MagneticFieldStrength": 3,
    "ManufacturerModelName": "TrioTim",
    "NumberOfAverages": 1,
    "NumberOfPhaseEncodingSteps": 255,
    "PatientPosition": "HFS",
    "PercentPhaseFieldOfView": 100,
    "PercentSampling": 100,
    "PhaseEncodingDirection": "i-",
    "PixelBandwidth": 200,
    "ProtocolName": "MPRAGE - BWM",
    "ReceiveCoilName": "HeadMatrix",
    "RepetitionTime": 2.53,
    "ScanOptions": "IR",
    "ScanningSequence": "GR/IR",
    "SequenceName": "*tfl3d1_ns",
    "SequenceVariant": "SP/MP",
    "SoftwareVersions": "syngo MR B15",
    "TotalScanTimeSec": 363,
    "TransmitCoilName": "Body",
    "VariableFlipAngleFlag": "N",
    "dataset": "ds000030",
    "modality": "T1w",
    "subject_id": "70029"
  },
  "cjv": 0.36285841952332026,
  "cnr": 3.7411288759264023,
  "efc": 0.482337310670184,
  "fber": 1730.5762939453125,
  "fwhm_avg": 3.248296666666667,
  "fwhm_x": 3.25142,
  "fwhm_y": 3.35658,
  "fwhm_z": 3.13689,
  "icvs_csf": 0.19707059713943656,
  "icvs_gm": 0.426621302256938,
  "icvs_wm": 0.37630810060362546,
  "inu_med": 1.6901471614837646,
  "inu_range": 0.4297794401645656,
  "provenance": {
    "md5sum": "3cd26cc8019259aab34fbd26ff8ddc88",
    "settings": {
      "testing": false
    },
    "software": "mriqc",
    "version": "21.0.0rc2",
    "warnings": {
      "large_rot_frame": true,
      "small_air_mask": false
    },
    "webapi_port": null,
    "webapi_url": "https://mriqc.nimh.nih.gov/api/v1"
  },
  "qi_1": 0.00036263951333274984,
  "qi_2": 0.006425129264552974,
  "rpve_csf": 31.83551737459249,
  "rpve_gm": 16.13618808200262,
  "rpve_wm": 22.17034763719571,
  "size_x": 176,
  "size_y": 256,
  "size_z": 256,
  "snr_csf": 3.193792495878774,
  "snr_gm": 8.992108184607709,
  "snr_total": 9.733986331802877,
  "snr_wm": 17.016058314922144,
  "snrd_csf": 31.557493794154997,
  "snrd_gm": 53.46569245249027,
  "snrd_total": 55.91340454492471,
  "snrd_wm": 82.71702738812886,
  "spacing_x": 1.0,
  "spacing_y": 1.0,
  "spacing_z": 1.0,
  "summary_bg_k": 233.3944134016117,
  "summary_bg_mad": 7.920063890407597,
  "summary_bg_mean": 14.783361434936523,
  "summary_bg_median": 10.641345024108887,
  "summary_bg_n": 4914490.0,
  "summary_bg_p05": 2.6328775882720947,
  "summary_bg_p95": 36.63402252197265,
  "summary_bg_stdv": 17.739538192749023,
  "summary_csf_k": 0.7439122965898597,
  "summary_csf_mad": 109.59393065449385,
  "summary_csf_mean": 365.9595947265625,
  "summary_csf_median": 381.50433349609375,
  "summary_csf_n": 4640.0,
  "summary_csf_p05": 144.78439407348634,
  "summary_csf_p95": 538.8529510498048,
  "summary_csf_stdv": 119.43894958496094,
  "summary_gm_k": -0.0003403486806483613,
  "summary_gm_mad": 71.50261837056033,
  "summary_gm_mean": 645.16455078125,
  "summary_gm_median": 646.3565673828125,
  "summary_gm_n": 16289.0,
  "summary_gm_p05": 526.7203735351562,
  "summary_gm_p95": 762.6152709960937,
  "summary_gm_stdv": 71.87821960449219,
  "summary_wm_k": 0.34041620802602823,
  "summary_wm_mad": 56.81310164489248,
  "summary_wm_mean": 999.5601806640625,
  "summary_wm_median": 999.9813232421875,
  "summary_wm_n": 170212.0,
  "summary_wm_p05": 902.1976715087891,
  "summary_wm_p95": 1094.63779296875,
  "summary_wm_stdv": 58.766746520996094,
  "tpm_overlap_csf": 0.14949820935726166,
  "tpm_overlap_gm": 0.4425530433654785,
  "tpm_overlap_wm": 0.5029240250587463,
  "wm2max": 0.7082266533413965
}