{
  "bids_meta": {
    "AccelNumReferenceLines": 32,
    "AccelerationFactorPE": 2,
    "AcquisitionMatrix": "0/256/256/0",
    "DeviceSerialNumber": "35343",
    "EchoTime": 0.00331,
    "EchoTrainLength": 1,
    "FlipAngle": 7,
    "ImageType": "ORIGINAL/PRIMARY/M/ND/NORM",
    "ImagingFrequency": 123227274,
    "InPlanePhaseEncodingDirection": "ROW",
    "InversionTime": 1.1,
    "MRAcquisitionType": "3D",
    "MagneticFieldStrength": 3,
    "ManufacturerModelName": "TrioTim",
    "NumberOfAverages": 1,
    "NumberOfPhaseEncodingSteps": 255,
    "PatientPosition": "HFS",
    "PercentPhaseFieldOfView": 100,
    "PercentSampling": 100,
    "PhaseEncodingDirection": "i-",
    "PixelBandwidth": 200,
    "ProtocolName": "MPRAGE - BWM",
    "ReceiveCoilName": "HeadMatrix",
    "RepetitionTime": 2.53,
    "ScanOptions": "IR",
    "ScanningSequence": "GR/IR",
    "SequenceName": "*tfl3d1_ns",
    "SequenceVariant": "SP/MP",
    "SoftwareVersions": "syngo MR B15",
    "TotalScanTimeSec": 363,
    "TransmitCoilName": "Body",
    "VariableFlipAngleFlag": "N",
    "dataset": "ds000030",
    "modality": "T1w",
    "subject_id": "60045"
  },
  "cjv": 0.4314200545688773,
  "cnr": 3.171175093122876,
  "efc": 0.5060527231102854,
  "fber": 1214.9027099609375,
  "fwhm_avg": 3.3492040720843153,
  "fwhm_x": 3.3802322162529457,
  "fwhm_y": 3.53177,
  "fwhm_z": 3.13561,
  "icvs_csf": 0.2016646707701604,
  "icvs_gm": 0.4039471603878985,
  "icvs_wm": 0.3943881688419411,
  "inu_med": 1.5908282995224,
  "inu_range": 0.3744958162307739,
  "provenance": {
    "md5sum": "a4d263c99863116eb655473e6ea4ea2d",
    "settings": {
      "testing": false
    },
    "software": "mriqc",
    "version": "21.0.0rc2",
    "warnings": {
      "large_rot_frame": true,
      "small_air_mask": false
    },
    "webapi_port": null,
    "webapi_url": "https://mriqc.nimh.nih.gov/api/v1"
  },
  "qi_1": 2.7406095298301645e-06,
  "qi_2": 0.005081913551492305,
  "rpve_csf": 31.782561527149635,
  "rpve_gm": 16.636934436783488,
  "rpve_wm": 21.60599607617197,
  "size_x": 176,
  "size_y": 256,
  "size_z": 256,
  "snr_csf": 2.82540759391123,
  "snr_gm": 8.556042072991383,
  "snr_total": 9.708265054969653,
  "snr_wm": 17.743345498006345,
  "snrd_csf": 22.57116022680998,
  "snrd_gm": 45.82193673990154,
  "snrd_total": 45.03757854943432,
  "snrd_wm": 66.71963868159143,
  "spacing_x": 0.9999993443489075,
  "spacing_y": 1.0,
  "spacing_z": 1.0,
  "summary_bg_k": 60.63168330329018,
  "summary_bg_mad": 9.819014546861458,
  "summary_bg_mean": 14.371018409729004,
  "summary_bg_median": 13.308433532714844,
  "summary_bg_n": 4136303.0,
  "summary_bg_p05": 0.0,
  "summary_bg_p95": 34.12213401794433,
  "summary_bg_stdv": 11.688729286193848,
  "summary_csf_k": -0.18060588420359114,
  "summary_csf_mad": 119.13852177684139,
  "summary_csf_mean": 323.0637512207031,
  "summary_csf_median": 338.29071044921875,
  "summary_csf_n": 7440.0,
  "summary_csf_p05": 115.69942054748536,
  "summary_csf_p95": 498.6534866333007,
  "summary_csf_stdv": 119.72360229492188,
  "summary_gm_k": -0.02713003340880915,
  "summary_gm_mad": 81.01415770700034,
  "summary_gm_mean": 687.0185546875,
  "summary_gm_median": 686.767333984375,
  "summary_gm_n": 11520.0,
  "summary_gm_p05": 554.953369140625,
  "summary_gm_p95": 819.8539703369139,
  "summary_gm_stdv": 80.26345825195312,
  "summary_wm_k": 0.32408639163521746,
  "summary_wm_mad": 54.110637414267444,
  "summary_wm_mean": 1000.8097534179688,
  "summary_wm_median": 999.9766845703125,
  "summary_wm_n": 187178.0,
  "summary_wm_p05": 909.8042938232422,
  "summary_wm_p95": 1094.967431640625,
  "summary_wm_stdv": 56.35769271850586,
  "tpm_overlap_csf": 0.16384190320968628,
  "tpm_overlap_gm": 0.42313632369041443,
  "tpm_overlap_wm": 0.49846217036247253,
  "wm2max": 0.7223404095603656
}