{
  "bids_meta": {
    "AccelNumReferenceLines": 32,
    "AccelerationFactorPE": 2,
    "AcquisitionMatrix": "0/256/256/0",
    "DeviceSerialNumber": "35426",
    "EchoTime": 0.00331,
    "EchoTrainLength": 1,
    "FlipAngle": 7,
    "ImageType": "ORIGINAL/PRIMARY/M/ND/NORM",
    "ImagingFrequency": 123191537,
    "InPlanePhaseEncodingDirection": "ROW",
    "InversionTime": 1.1,
    "MRAcquisitionType": "3D",
    "MagneticFieldStrength": 3,
    "ManufacturerModelName": "TrioTim",
    "NumberOfAverages": 1,
    "NumberOfPhaseEncodingSteps": 255,
    "PatientPosition": "HFS",
    "PercentPhaseFieldOfView": 100,
    "PercentSampling": 100,
    "PhaseEncodingDirection": "i-",
    "PixelBandwidth": 199,
    "ProtocolName": "MPRAGE - BWM",
    "ReceiveCoilName": "HeadMatrix",
    "RepetitionTime": 2.53,
    "ScanOptions": "IR",
    "ScanningSequence": "GR/IR",
    "SequenceName": "*tfl3d1_ns",
    "SequenceVariant": "SP/MP",
    "SoftwareVersions": "syngo MR B17",
    "TotalScanTimeSec": 363,
    "TransmitCoilName": "Body",
    "VariableFlipAngleFlag": "N",
    "dataset": "ds000030",
    "modality": "T1w",
    "subject_id": "11142"
  },
  "cjv": 0.4788754015159536,
  "cnr": 2.8244604938115305,
  "efc": 0.5744960902030504,
  "fber": 1137.9388427734375,
  "fwhm_avg": 3.23995,
  "fwhm_x": 3.30436,
  "fwhm_y": 3.42801,
  "fwhm_z": 2.98748,
  "icvs_csf": 0.18638154917041808,
  "icvs_gm": 0.4187768840862375,
  "icvs_wm": 0.3948415667433444,
  "inu_med": 1.690892219543457,
  "inu_range": 0.758905827999115,
  "provenance": {
    "md5sum": "b7a9dcfcf156f206abe6152ab7b034bd",
    "settings": {
      "testing": false
    },
    "software": "mriqc",
    "version": "0.16.1",
    "warnings": {
      "large_rot_frame": true,
      "small_air_mask": false
    },
    "webapi_port": null,
    "webapi_url": "https://mriqc.nimh.nih.gov/api/v1"
  },
  "qi_1": 1.5696579458015123e-05,
  "qi_2": 0.0046932678607666456,
  "rpve_csf": 27.331527006574394,
  "rpve_gm": 13.114499944078876,
  "rpve_wm": 16.772790418179927,
  "size_x": 176,
  "size_y": 256,
  "size_z": 256,
  "snr_csf": 2.677985278993379,
  "snr_gm": 7.93754992295765,
  "snr_total": 8.592891801766912,
  "snr_wm": 15.16314020334971,
  "snrd_csf": 22.158344554432556,
  "snrd_gm": 39.87876793160957,
  "snrd_total": 39.98810363245402,
  "snrd_wm": 57.92719841131993,
  "spacing_x": 1.0,
  "spacing_y": 1.0,
  "spacing_z": 1.0,
  "summary_bg_k": 412.06454052256777,
  "summary_bg_mad": 11.309796997543998,
  "summary_bg_mean": 19.141321182250977,
  "summary_bg_median": 15.231514930725098,
  "summary_bg_n": 3641629.0,
  "summary_bg_p05": 3.7623550415039064,
  "summary_bg_p95": 45.86811599731443,
  "summary_bg_stdv": 17.25065803527832,
  "summary_csf_k": 0.6112371841202267,
  "summary_csf_mad": 149.6976691308923,
  "summary_csf_mean": 367.1557312011719,
  "summary_csf_median": 382.5255126953125,
  "summary_csf_n": 10797.0,
  "summary_csf_p05": 130.19856872558594,
  "summary_csf_p95": 579.9193115234374,
  "summary_csf_stdv": 142.83416748046875,
  "summary_gm_k": 0.0518568938681474,
  "summary_gm_mad": 86.65250733662414,
  "summary_gm_mean": 691.224365234375,
  "summary_gm_median": 688.43798828125,
  "summary_gm_n": 17467.0,
  "summary_gm_p05": 553.7972839355468,
  "summary_gm_p95": 838.5818054199218,
  "summary_gm_stdv": 86.72931671142578,
  "summary_wm_k": 0.5184696593242011,
  "summary_wm_mad": 62.55307250812112,
  "summary_wm_mean": 999.7623901367188,
  "summary_wm_median": 1000.012939453125,
  "summary_wm_n": 232126.0,
  "summary_wm_p05": 890.7830505371094,
  "summary_wm_p95": 1107.2296752929688,
  "summary_wm_stdv": 65.95011138916016,
  "tpm_overlap_csf": 0.15466490387916565,
  "tpm_overlap_gm": 0.44463950395584106,
  "tpm_overlap_wm": 0.5029561519622803,
  "wm2max": 0.5969472077230116
}