{
  "bids_meta": {
    "AccelNumReferenceLines": 32,
    "AccelerationFactorPE": 2,
    "AcquisitionMatrix": "0/256/256/0",
    "DeviceSerialNumber": "35426",
    "EchoTime": 0.00331,
    "EchoTrainLength": 1,
    "FlipAngle": 7,
    "ImageType": "ORIGINAL/PRIMARY/M/ND/NORM",
    "ImagingFrequency": 123191522,
    "InPlanePhaseEncodingDirection": "ROW",
    "InversionTime": 1.1,
    "MRAcquisitionType": "3D",
    "MagneticFieldStrength": 3,
    "ManufacturerModelName": "TrioTim",
    "NumberOfAverages": 1,
    "NumberOfPhaseEncodingSteps": 255,
    "PatientPosition": "HFS",
    "PercentPhaseFieldOfView": 100,
    "PercentSampling": 100,
    "PhaseEncodingDirection": "i-",
    "PixelBandwidth": 199,
    "ProtocolName": "MPRAGE - BWM",
    "ReceiveCoilName": "HeadMatrix",
    "RepetitionTime": 2.53,
    "ScanOptions": "IR",
    "ScanningSequence": "GR/IR",
    "SequenceName": "*tfl3d1_ns",
    "SequenceVariant": "SP/MP",
    "SoftwareVersions": "syngo MR B17",
    "TotalScanTimeSec": 363,
    "TransmitCoilName": "Body",
    "VariableFlipAngleFlag": "N",
    "dataset": "ds000030",
    "modality": "T1w",
    "subject_id": "60068"
  },
  "cjv": 0.5024081545809505,
  "cnr": 2.710041612229754,
  "efc": 0.5449134635263885,
  "fber": 950.4127197265625,
  "fwhm_avg": 3.000683819583488,
  "fwhm_x": 3.0592214587504665,
  "fwhm_y": 3.16381,
  "fwhm_z": 2.77902,
  "icvs_csf": 0.18495959420485683,
  "icvs_gm": 0.43174521657583625,
  "icvs_wm": 0.38329518921930694,
  "inu_med": 1.6481930017471313,
  "inu_range": 0.6126511812210076,
  "provenance": {
    "md5sum": "93131be4171bd633fef899cb24c099ae",
    "settings": {
      "testing": false
    },
    "software": "mriqc",
    "version": "21.0.0rc2",
    "warnings": {
      "large_rot_frame": true,
      "small_air_mask": false
    },
    "webapi_port": null,
    "webapi_url": "https://mriqc.nimh.nih.gov/api/v1"
  },
  "qi_1": 4.009601994376032e-06,
  "qi_2": 0.0054368453079059464,
  "rpve_csf": 32.84825527086426,
  "rpve_gm": 15.232310893653532,
  "rpve_wm": 20.29189834887713,
  "size_x": 176,
  "size_y": 256,
  "size_z": 256,
  "snr_csf": 1.8648233971855095,
  "snr_gm": 8.003492444747401,
  "snr_total": 8.028685788636366,
  "snr_wm": 14.217741523976187,
  "snrd_csf": 14.337311616285087,
  "snrd_gm": 36.33341299667254,
  "snrd_total": 34.35144825439988,
  "snrd_wm": 52.383620150241995,
  "spacing_x": 0.9999995231628418,
  "spacing_y": 1.0,
  "spacing_z": 1.0,
  "summary_bg_k": 882.2145737903256,
  "summary_bg_mad": 12.506861676069988,
  "summary_bg_mean": 18.72580337524414,
  "summary_bg_median": 16.93316650390625,
  "summary_bg_n": 3751137.0,
  "summary_bg_p05": 0.0,
  "summary_bg_p95": 46.432708740234375,
  "summary_bg_stdv": 18.051998138427734,
  "summary_csf_k": -0.08947382227772804,
  "summary_csf_mad": 153.43401403760262,
  "summary_csf_mean": 304.7934265136719,
  "summary_csf_median": 273.7060241699219,
  "summary_csf_n": 5085.0,
  "summary_csf_p05": 112.29160919189454,
  "summary_csf_p95": 566.0017700195315,
  "summary_csf_stdv": 146.75872802734375,
  "summary_gm_k": 0.07529423621841369,
  "summary_gm_mad": 86.051286075653,
  "summary_gm_mean": 693.4826049804688,
  "summary_gm_median": 693.6219482421875,
  "summary_gm_n": 12428.0,
  "summary_gm_p05": 551.3726379394532,
  "summary_gm_p95": 838.0378753662109,
  "summary_gm_stdv": 86.66142272949219,
  "summary_wm_k": 0.29395802728135356,
  "summary_wm_mad": 67.88958988067549,
  "summary_wm_mean": 1001.455810546875,
  "summary_wm_median": 1000.0279541015625,
  "summary_wm_n": 176520.0,
  "summary_wm_p05": 888.0784942626954,
  "summary_wm_p95": 1119.4574401855468,
  "summary_wm_stdv": 70.33642578125,
  "tpm_overlap_csf": 0.15728938579559326,
  "tpm_overlap_gm": 0.4196218252182007,
  "tpm_overlap_wm": 0.4960331916809082,
  "wm2max": 0.5655748709329951
}