{
  "bids_meta": {
    "AccelNumReferenceLines": 32,
    "AccelerationFactorPE": 2,
    "AcquisitionMatrix": "0/256/256/0",
    "DeviceSerialNumber": "35343",
    "EchoTime": 0.00331,
    "EchoTrainLength": 1,
    "FlipAngle": 7,
    "ImageType": "ORIGINAL/PRIMARY/M/ND/NORM",
    "ImagingFrequency": 123249713,
    "InPlanePhaseEncodingDirection": "ROW",
    "InversionTime": 1.1,
    "MRAcquisitionType": "3D",
    "MagneticFieldStrength": 3,
    "ManufacturerModelName": "TrioTim",
    "NumberOfAverages": 1,
    "NumberOfPhaseEncodingSteps": 255,
    "PatientPosition": "HFS",
    "PercentPhaseFieldOfView": 100,
    "PercentSampling": 100,
    "PhaseEncodingDirection": "i-",
    "PixelBandwidth": 200,
    "ProtocolName": "MPRAGE - BWM",
    "ReceiveCoilName": "HeadMatrix",
    "RepetitionTime": 2.53,
    "ScanOptions": "IR",
    "ScanningSequence": "GR/IR",
    "SequenceName": "*tfl3d1_ns",
    "SequenceVariant": "SP/MP",
    "SoftwareVersions": "syngo MR B15",
    "TotalScanTimeSec": 363,
    "TransmitCoilName": "Body",
    "VariableFlipAngleFlag": "N",
    "dataset": "ds000030",
    "modality": "T1w",
    "subject_id": "10193"
  },
  "cjv": 0.7138548484970331,
  "cnr": 1.8942654592577235,
  "efc": 0.5556673739925406,
  "fber": 935.4827880859375,
  "fwhm_avg": 3.3169931196308107,
  "fwhm_x": 3.340769358892433,
  "fwhm_y": 3.42544,
  "fwhm_z": 3.18477,
  "icvs_csf": 0.21044733171868316,
  "icvs_gm": 0.3871986624171214,
  "icvs_wm": 0.4023540058641954,
  "inu_med": 1.8250360488891602,
  "inu_range": 0.723567199707031,
  "provenance": {
    "md5sum": "b2f879132f957c60510a209f260e6dd4",
    "settings": {
      "testing": false
    },
    "software": "mriqc",
    "version": "0.16.1",
    "warnings": {
      "large_rot_frame": true,
      "small_air_mask": false
    },
    "webapi_port": null,
    "webapi_url": "https://mriqc.nimh.nih.gov/api/v1"
  },
  "qi_1": 0.0,
  "qi_2": 0.003283707179684692,
  "rpve_csf": 23.927850552502363,
  "rpve_gm": 12.759831795277503,
  "rpve_wm": 15.244013690603026,
  "size_x": 176,
  "size_y": 256,
  "size_z": 256,
  "snr_csf": 2.107192909543147,
  "snr_gm": 7.111330877567665,
  "snr_total": 7.245551974886429,
  "snr_wm": 12.518132137548475,
  "snrd_csf": 19.600588381972706,
  "snrd_gm": 44.124278779385676,
  "snrd_total": 40.90947005893948,
  "snrd_wm": 59.003543015460075,
  "spacing_x": 0.9999971985816956,
  "spacing_y": 1.0,
  "spacing_z": 1.0,
  "summary_bg_k": 8.709907828799688,
  "summary_bg_mad": 11.104068152617057,
  "summary_bg_mean": 21.649097442626953,
  "summary_bg_median": 18.392927169799805,
  "summary_bg_n": 3849179.0,
  "summary_bg_p05": 3.668687105178833,
  "summary_bg_p95": 51.72990417480469,
  "summary_bg_stdv": 16.829486846923828,
  "summary_csf_k": 33.805896252793886,
  "summary_csf_mad": 156.72592440629336,
  "summary_csf_mean": 335.83355712890625,
  "summary_csf_median": 332.2152099609375,
  "summary_csf_n": 19664.0,
  "summary_csf_p05": 105.45706634521484,
  "summary_csf_p95": 571.0342742919921,
  "summary_csf_stdv": 157.65370178222656,
  "summary_gm_k": 0.15036071265054796,
  "summary_gm_mad": 102.28367193129645,
  "summary_gm_mean": 754.6109008789062,
  "summary_gm_median": 747.873291015625,
  "summary_gm_n": 16588.0,
  "summary_gm_p05": 593.0956207275391,
  "summary_gm_p95": 943.3277069091796,
  "summary_gm_stdv": 105.16326141357422,
  "summary_wm_k": 0.3545715156749454,
  "summary_wm_mad": 77.74503972318426,
  "summary_wm_mean": 1004.2691040039062,
  "summary_wm_median": 1000.0656127929688,
  "summary_wm_n": 252981.0,
  "summary_wm_p05": 880.5736083984375,
  "summary_wm_p95": 1141.8829345703125,
  "summary_wm_stdv": 79.88920593261719,
  "tpm_overlap_csf": 0.16458241641521454,
  "tpm_overlap_gm": 0.4258435368537903,
  "tpm_overlap_wm": 0.5025532245635986,
  "wm2max": 0.634332238979593
}