{
  "bids_meta": {
    "AccelNumReferenceLines": 32,
    "AccelerationFactorPE": 2,
    "AcquisitionMatrix": "0/256/256/0",
    "DeviceSerialNumber": "35343",
    "EchoTime": 0.00331,
    "EchoTrainLength": 1,
    "FlipAngle": 7,
    "ImageType": "ORIGINAL/PRIMARY/M/ND/NORM",
    "ImagingFrequency": 123227392,
    "InPlanePhaseEncodingDirection": "ROW",
    "InversionTime": 1.1,
    "MRAcquisitionType": "3D",
    "MagneticFieldStrength": 3,
    "ManufacturerModelName": "TrioTim",
    "NumberOfAverages": 1,
    "NumberOfPhaseEncodingSteps": 255,
    "PatientPosition": "HFS",
    "PercentPhaseFieldOfView": 100,
    "PercentSampling": 100,
    "PhaseEncodingDirection": "i-",
    "PixelBandwidth": 200,
    "ProtocolName": "MPRAGE - BWM",
    "ReceiveCoilName": "HeadMatrix",
    "RepetitionTime": 2.53,
    "ScanOptions": "IR",
    "ScanningSequence": "GR/IR",
    "SequenceName": "*tfl3d1_ns",
    "SequenceVariant": "SP/MP",
    "SoftwareVersions": "syngo MR B15",
    "TotalScanTimeSec": 363,
    "TransmitCoilName": "Body",
    "VariableFlipAngleFlag": "N",
    "dataset": "ds000030",
    "modality": "T1w",
    "subject_id": "10977"
  },
  "cjv": 0.4644983191048733,
  "cnr": 2.9035724996868697,
  "efc": 0.5157332614919407,
  "fber": 1503.813720703125,
  "fwhm_avg": 3.1927266666666667,
  "fwhm_x": 3.25821,
  "fwhm_y": 3.33099,
  "fwhm_z": 2.98898,
  "icvs_csf": 0.19069062332425313,
  "icvs_gm": 0.4178332437208813,
  "icvs_wm": 0.39147613295486555,
  "inu_med": 1.9248740673065186,
  "inu_range": 0.7168461084365845,
  "provenance": {
    "md5sum": "673b7d33870a8da40a90c7ed03eb2ea5",
    "settings": {
      "testing": false
    },
    "software": "mriqc",
    "version": "0.16.1",
    "warnings": {
      "large_rot_frame": true,
      "small_air_mask": false
    },
    "webapi_port": null,
    "webapi_url": "https://mriqc.nimh.nih.gov/api/v1"
  },
  "qi_1": 0.0,
  "qi_2": 0.004440096745843175,
  "rpve_csf": 32.05779433439329,
  "rpve_gm": 15.431437714911015,
  "rpve_wm": 19.792130641502396,
  "size_x": 176,
  "size_y": 256,
  "size_z": 256,
  "snr_csf": 1.8226928398933269,
  "snr_gm": 7.8883919025686975,
  "snr_total": 8.603788370259785,
  "snr_wm": 16.10028036831733,
  "snrd_csf": 19.622825900568134,
  "snrd_gm": 46.96684604951033,
  "snrd_total": 44.98092918256736,
  "snrd_wm": 68.3531155976236,
  "spacing_x": 1.0,
  "spacing_y": 1.0,
  "spacing_z": 1.0,
  "summary_bg_k": 55.1208871549582,
  "summary_bg_mad": 9.584638982719094,
  "summary_bg_mean": 16.209739685058594,
  "summary_bg_median": 12.909029006958008,
  "summary_bg_n": 4578947.0,
  "summary_bg_p05": 3.193038201332092,
  "summary_bg_p95": 39.15203399658204,
  "summary_bg_stdv": 12.928510665893555,
  "summary_csf_k": -0.25897632352104827,
  "summary_csf_mad": 184.71502958913732,
  "summary_csf_mean": 309.0670166015625,
  "summary_csf_median": 287.0817565917969,
  "summary_csf_n": 8524.0,
  "summary_csf_p05": 96.73230133056641,
  "summary_csf_p95": 572.9268951416016,
  "summary_csf_stdv": 157.4949493408203,
  "summary_gm_k": 0.11059524545742416,
  "summary_gm_mad": 85.41006785541796,
  "summary_gm_mean": 691.1275024414062,
  "summary_gm_median": 687.12451171875,
  "summary_gm_n": 10761.0,
  "summary_gm_p05": 555.0601196289062,
  "summary_gm_p95": 841.8684692382812,
  "summary_gm_stdv": 87.10173034667969,
  "summary_wm_k": 0.26667884776340456,
  "summary_wm_mad": 59.92259375508527,
  "summary_wm_mean": 997.9002685546875,
  "summary_wm_median": 1000.0054321289062,
  "summary_wm_n": 181179.0,
  "summary_wm_p05": 891.6503601074219,
  "summary_wm_p95": 1096.044677734375,
  "summary_wm_stdv": 62.11088562011719,
  "tpm_overlap_csf": 0.16949301958084106,
  "tpm_overlap_gm": 0.43441611528396606,
  "tpm_overlap_wm": 0.500430703163147,
  "wm2max": 0.6598203126064907
}