{
  "bids_meta": {
    "AccelNumReferenceLines": 32,
    "AccelerationFactorPE": 2,
    "AcquisitionMatrix": "0/256/256/0",
    "DeviceSerialNumber": "35426",
    "EchoTime": 0.00331,
    "EchoTrainLength": 1,
    "FlipAngle": 7,
    "ImageType": "ORIGINAL/PRIMARY/M/ND/NORM",
    "ImagingFrequency": 123192018,
    "InPlanePhaseEncodingDirection": "ROW",
    "InversionTime": 1.1,
    "MRAcquisitionType": "3D",
    "MagneticFieldStrength": 3,
    "ManufacturerModelName": "TrioTim",
    "NumberOfAverages": 1,
    "NumberOfPhaseEncodingSteps": 255,
    "PatientPosition": "HFS",
    "PercentPhaseFieldOfView": 100,
    "PercentSampling": 100,
    "PhaseEncodingDirection": "i-",
    "PixelBandwidth": 199,
    "ProtocolName": "MPRAGE - BWM",
    "ReceiveCoilName": "HeadMatrix",
    "RepetitionTime": 2.53,
    "ScanOptions": "IR",
    "ScanningSequence": "GR/IR",
    "SequenceName": "*tfl3d1_ns",
    "SequenceVariant": "SP/MP",
    "SoftwareVersions": "syngo MR B17",
    "TotalScanTimeSec": 363,
    "TransmitCoilName": "Body",
    "VariableFlipAngleFlag": "N",
    "dataset": "ds000030",
    "modality": "T1w",
    "subject_id": "50054"
  },
  "cjv": 0.47167778646767944,
  "cnr": 2.8643177260789985,
  "efc": 0.6121846533257039,
  "fber": 890.9597778320312,
  "fwhm_avg": 3.0787536502036406,
  "fwhm_x": 3.189720950610921,
  "fwhm_y": 3.15845,
  "fwhm_z": 2.88809,
  "icvs_csf": 0.19873988317261013,
  "icvs_gm": 0.4332882118678641,
  "icvs_wm": 0.3679719049595258,
  "inu_med": 1.5200605392456055,
  "inu_range": 0.5644727349281309,
  "provenance": {
    "md5sum": "db0e75229c86e1d9089f1a4cdbc764d1",
    "settings": {
      "testing": false
    },
    "software": "mriqc",
    "version": "0.16.1",
    "warnings": {
      "large_rot_frame": true,
      "small_air_mask": false
    },
    "webapi_port": null,
    "webapi_url": "https://mriqc.nimh.nih.gov/api/v1"
  },
  "qi_1": 0.0,
  "qi_2": 0.006868541653773025,
  "rpve_csf": 22.554562454876496,
  "rpve_gm": 11.209524862663944,
  "rpve_wm": 15.792574389863837,
  "size_x": 176,
  "size_y": 256,
  "size_z": 256,
  "snr_csf": 2.235311228408893,
  "snr_gm": 8.102692617767532,
  "snr_total": 8.444620067693881,
  "snr_wm": 14.99585635690522,
  "snrd_csf": 17.01133320234799,
  "snrd_gm": 35.192060414226624,
  "snrd_total": 34.45349443457392,
  "snrd_wm": 51.15708968714715,
  "spacing_x": 0.9999997019767761,
  "spacing_y": 1.0,
  "spacing_z": 1.0,
  "summary_bg_k": 4.829004505686957,
  "summary_bg_mad": 12.806571639733901,
  "summary_bg_mean": 19.554710388183594,
  "summary_bg_median": 17.30323600769043,
  "summary_bg_n": 3460265.0,
  "summary_bg_p05": 0.0,
  "summary_bg_p95": 47.55140838623046,
  "summary_bg_stdv": 14.710403442382812,
  "summary_csf_k": -0.6245496849597401,
  "summary_csf_mad": 173.56499490846352,
  "summary_csf_mean": 334.7677307128906,
  "summary_csf_median": 332.5366516113281,
  "summary_csf_n": 7159.0,
  "summary_csf_p05": 107.82454452514648,
  "summary_csf_p95": 576.2539916992187,
  "summary_csf_stdv": 148.75486755371094,
  "summary_gm_k": 0.061554655232171296,
  "summary_gm_mad": 83.2081538061689,
  "summary_gm_mean": 689.4183959960938,
  "summary_gm_median": 687.9325561523438,
  "summary_gm_n": 18333.0,
  "summary_gm_p05": 553.066064453125,
  "summary_gm_p95": 833.7953857421871,
  "summary_gm_stdv": 84.89940643310547,
  "summary_wm_k": 0.4826322167176711,
  "summary_wm_mad": 63.99472761335318,
  "summary_wm_mean": 1000.6160888671875,
  "summary_wm_median": 1000.01611328125,
  "summary_wm_n": 233880.0,
  "summary_wm_p05": 892.4192657470703,
  "summary_wm_p95": 1111.036212158203,
  "summary_wm_stdv": 66.68601989746094,
  "tpm_overlap_csf": 0.15065497159957886,
  "tpm_overlap_gm": 0.44360634684562683,
  "tpm_overlap_wm": 0.5005835890769958,
  "wm2max": 0.6465115014674631
}