{
  "bids_meta": {
    "AccelNumReferenceLines": 32,
    "AccelerationFactorPE": 2,
    "AcquisitionMatrix": "0/256/256/0",
    "DeviceSerialNumber": "35343",
    "EchoTime": 0.00331,
    "EchoTrainLength": 1,
    "FlipAngle": 7,
    "ImageType": "ORIGINAL/PRIMARY/M/ND/NORM",
    "ImagingFrequency": 123227526,
    "InPlanePhaseEncodingDirection": "ROW",
    "InversionTime": 1.1,
    "MRAcquisitionType": "3D",
    "MagneticFieldStrength": 3,
    "ManufacturerModelName": "TrioTim",
    "NumberOfAverages": 1,
    "NumberOfPhaseEncodingSteps": 255,
    "PatientPosition": "HFS",
    "PercentPhaseFieldOfView": 100,
    "PercentSampling": 100,
    "PhaseEncodingDirection": "i-",
    "PixelBandwidth": 200,
    "ProtocolName": "MPRAGE - BWM",
    "ReceiveCoilName": "HeadMatrix",
    "RepetitionTime": 2.53,
    "ScanOptions": "IR",
    "ScanningSequence": "GR/IR",
    "SequenceName": "*tfl3d1_ns",
    "SequenceVariant": "SP/MP",
    "SoftwareVersions": "syngo MR B15",
    "TotalScanTimeSec": 363,
    "TransmitCoilName": "Body",
    "VariableFlipAngleFlag": "N",
    "dataset": "ds000030",
    "modality": "T1w",
    "subject_id": "10934"
  },
  "cjv": 0.38462378708872613,
  "cnr": 3.4808246348705723,
  "efc": 0.4882735762669123,
  "fber": 1699.186767578125,
  "fwhm_avg": 3.188996362857243,
  "fwhm_x": 3.26898908857173,
  "fwhm_y": 3.30948,
  "fwhm_z": 2.98852,
  "icvs_csf": 0.17271881541373527,
  "icvs_gm": 0.4270136664973345,
  "icvs_wm": 0.40026751808893024,
  "inu_med": 1.8311275243759155,
  "inu_range": 0.5038830041885376,
  "provenance": {
    "md5sum": "0b9d848d47e3110525cd84b5359b6c9b",
    "settings": {
      "testing": false
    },
    "software": "mriqc",
    "version": "0.16.1",
    "warnings": {
      "large_rot_frame": true,
      "small_air_mask": false
    },
    "webapi_port": null,
    "webapi_url": "https://mriqc.nimh.nih.gov/api/v1"
  },
  "qi_1": 0.0,
  "qi_2": 0.004648523514989409,
  "rpve_csf": 33.424795924021616,
  "rpve_gm": 15.154703979169964,
  "rpve_wm": 19.684450089248937,
  "size_x": 176,
  "size_y": 256,
  "size_z": 256,
  "snr_csf": 2.9731516968826273,
  "snr_gm": 8.503520771546182,
  "snr_total": 10.154224238726036,
  "snr_wm": 18.9860002477493,
  "snrd_csf": 27.523033065940034,
  "snrd_gm": 51.99615483288705,
  "snrd_total": 52.44035322571801,
  "snrd_wm": 77.80187177832696,
  "spacing_x": 1.0000033378601074,
  "spacing_y": 1.0,
  "spacing_z": 1.0,
  "summary_bg_k": 89.20442870624022,
  "summary_bg_mad": 8.420374058921741,
  "summary_bg_mean": 14.338696479797363,
  "summary_bg_median": 11.3314208984375,
  "summary_bg_n": 4566762.0,
  "summary_bg_p05": 2.803171157836914,
  "summary_bg_p95": 33.94124984741211,
  "summary_bg_stdv": 11.382567405700684,
  "summary_csf_k": -0.20679154549525514,
  "summary_csf_mad": 114.38352128091492,
  "summary_csf_mean": 337.2987976074219,
  "summary_csf_median": 353.7496032714844,
  "summary_csf_n": 5669.0,
  "summary_csf_p05": 123.80858612060547,
  "summary_csf_p95": 509.5969787597656,
  "summary_csf_stdv": 118.97085571289062,
  "summary_gm_k": 0.03934722033214344,
  "summary_gm_mad": 77.07848406269157,
  "summary_gm_mean": 670.161865234375,
  "summary_gm_median": 668.2991333007812,
  "summary_gm_n": 12145.0,
  "summary_gm_p05": 541.8061279296875,
  "summary_gm_p95": 802.1006225585936,
  "summary_gm_stdv": 78.58763885498047,
  "summary_wm_k": 0.3641149653688913,
  "summary_wm_mad": 50.49245094547301,
  "summary_wm_mean": 999.2157592773438,
  "summary_wm_median": 999.976318359375,
  "summary_wm_n": 196013.0,
  "summary_wm_p05": 911.3392089843751,
  "summary_wm_p95": 1084.0836181640625,
  "summary_wm_stdv": 52.66900634765625,
  "tpm_overlap_csf": 0.15280914306640625,
  "tpm_overlap_gm": 0.4265717566013336,
  "tpm_overlap_wm": 0.4987507462501526,
  "wm2max": 0.7110560341345757
}