{
  "bids_meta": {
    "AccelNumReferenceLines": 32,
    "AccelerationFactorPE": 2,
    "AcquisitionMatrix": "0/256/256/0",
    "DeviceSerialNumber": "35343",
    "EchoTime": 0.00331,
    "EchoTrainLength": 1,
    "FlipAngle": 7,
    "ImageType": "ORIGINAL/PRIMARY/M/ND/NORM",
    "ImagingFrequency": 123249767,
    "InPlanePhaseEncodingDirection": "ROW",
    "InversionTime": 1.1,
    "MRAcquisitionType": "3D",
    "MagneticFieldStrength": 3,
    "ManufacturerModelName": "TrioTim",
    "NumberOfAverages": 1,
    "NumberOfPhaseEncodingSteps": 255,
    "PatientPosition": "HFS",
    "PercentPhaseFieldOfView": 100,
    "PercentSampling": 100,
    "PhaseEncodingDirection": "i-",
    "PixelBandwidth": 200,
    "ProtocolName": "MPRAGE - BWM",
    "ReceiveCoilName": "HeadMatrix",
    "RepetitionTime": 2.53,
    "ScanOptions": "IR",
    "ScanningSequence": "GR/IR",
    "SequenceName": "*tfl3d1_ns",
    "SequenceVariant": "SP/MP",
    "SoftwareVersions": "syngo MR B15",
    "TotalScanTimeSec": 363,
    "TransmitCoilName": "Body",
    "VariableFlipAngleFlag": "N",
    "dataset": "ds000030",
    "modality": "T1w",
    "subject_id": "10225"
  },
  "cjv": 0.42195103728233835,
  "cnr": 3.1362959817641354,
  "efc": 0.49954042191422243,
  "fber": 1366.7611083984375,
  "fwhm_avg": 3.1592310483321904,
  "fwhm_x": 3.19466314499657,
  "fwhm_y": 3.28737,
  "fwhm_z": 2.99566,
  "icvs_csf": 0.18182550292331728,
  "icvs_gm": 0.4355331952735596,
  "icvs_wm": 0.3826413018031231,
  "inu_med": 1.6232936382293701,
  "inu_range": 0.5636971473693848,
  "provenance": {
    "md5sum": "e54e332c0461fce9bd45bac2e5e9785b",
    "settings": {
      "testing": false
    },
    "software": "mriqc",
    "version": "0.16.1",
    "warnings": {
      "large_rot_frame": true,
      "small_air_mask": false
    },
    "webapi_port": null,
    "webapi_url": "https://mriqc.nimh.nih.gov/api/v1"
  },
  "qi_1": 2.4752527995355048e-05,
  "qi_2": 0.005550117982441501,
  "rpve_csf": 26.376096390204353,
  "rpve_gm": 12.10507040064882,
  "rpve_wm": 16.25042275260177,
  "size_x": 176,
  "size_y": 256,
  "size_z": 256,
  "snr_csf": 2.2861246868601683,
  "snr_gm": 8.129484315628131,
  "snr_total": 8.93092514978567,
  "snr_wm": 16.37716644686871,
  "snrd_csf": 18.207345820517045,
  "snrd_gm": 36.38194639295694,
  "snrd_total": 36.18045642520308,
  "snrd_wm": 53.95207706213527,
  "spacing_x": 1.000002145767212,
  "spacing_y": 1.0,
  "spacing_z": 1.0,
  "summary_bg_k": 9.170545523099571,
  "summary_bg_mad": 12.142961173887231,
  "summary_bg_mean": 16.529603958129883,
  "summary_bg_median": 12.3878812789917,
  "summary_bg_n": 5814818.0,
  "summary_bg_p05": 0.0,
  "summary_bg_p95": 41.06435832977294,
  "summary_bg_stdv": 13.172640800476074,
  "summary_csf_k": 2.4817414382820084,
  "summary_csf_mad": 178.4178386446707,
  "summary_csf_mean": 333.4058837890625,
  "summary_csf_median": 337.473388671875,
  "summary_csf_n": 13627.0,
  "summary_csf_p05": 118.89519271850585,
  "summary_csf_p95": 555.1521667480467,
  "summary_csf_stdv": 147.61268615722656,
  "summary_gm_k": 0.2103428143728978,
  "summary_gm_mad": 80.30131597260838,
  "summary_gm_mean": 676.3165283203125,
  "summary_gm_median": 674.33984375,
  "summary_gm_n": 12578.0,
  "summary_gm_p05": 542.1660003662109,
  "summary_gm_p95": 816.5719818115234,
  "summary_gm_stdv": 82.94659423828125,
  "summary_wm_k": 0.5731370788782058,
  "summary_wm_mad": 57.1123549125071,
  "summary_wm_mean": 998.1468505859375,
  "summary_wm_median": 1000.00244140625,
  "summary_wm_n": 240666.0,
  "summary_wm_p05": 894.3945007324219,
  "summary_wm_p95": 1094.5608520507812,
  "summary_wm_stdv": 61.060646057128906,
  "tpm_overlap_csf": 0.1672206073999405,
  "tpm_overlap_gm": 0.43510735034942627,
  "tpm_overlap_wm": 0.5002837777137756,
  "wm2max": 0.699581446148011
}