{
  "bids_meta": {
    "AccelNumReferenceLines": 32,
    "AccelerationFactorPE": 2,
    "AcquisitionMatrix": "0/256/256/0",
    "DeviceSerialNumber": "35343",
    "EchoTime": 0.00331,
    "EchoTrainLength": 1,
    "FlipAngle": 7,
    "ImageType": "ORIGINAL/PRIMARY/M/ND/NORM",
    "ImagingFrequency": 123227348,
    "InPlanePhaseEncodingDirection": "ROW",
    "InversionTime": 1.1,
    "MRAcquisitionType": "3D",
    "MagneticFieldStrength": 3,
    "ManufacturerModelName": "TrioTim",
    "NumberOfAverages": 1,
    "NumberOfPhaseEncodingSteps": 255,
    "PatientPosition": "HFS",
    "PercentPhaseFieldOfView": 100,
    "PercentSampling": 100,
    "PhaseEncodingDirection": "i-",
    "PixelBandwidth": 200,
    "ProtocolName": "MPRAGE - BWM",
    "ReceiveCoilName": "HeadMatrix",
    "RepetitionTime": 2.53,
    "ScanOptions": "IR",
    "ScanningSequence": "GR/IR",
    "SequenceName": "*tfl3d1_ns",
    "SequenceVariant": "SP/MP",
    "SoftwareVersions": "syngo MR B15",
    "TotalScanTimeSec": 363,
    "TransmitCoilName": "Body",
    "VariableFlipAngleFlag": "N",
    "dataset": "ds000030",
    "modality": "T1w",
    "subject_id": "60022"
  },
  "cjv": 0.4278995481886964,
  "cnr": 3.0831207382621932,
  "efc": 0.4954010869019693,
  "fber": 1706.3323974609375,
  "fwhm_avg": 3.1432900000000004,
  "fwhm_x": 3.19167,
  "fwhm_y": 3.25249,
  "fwhm_z": 2.98571,
  "icvs_csf": 0.17384600259477362,
  "icvs_gm": 0.4223087772299074,
  "icvs_wm": 0.403845220175319,
  "inu_med": 1.724291443824768,
  "inu_range": 0.5535043239593502,
  "provenance": {
    "md5sum": "475fdb7210c0b11c12a23bad8475b999",
    "settings": {
      "testing": false
    },
    "software": "mriqc",
    "version": "0.16.1",
    "warnings": {
      "large_rot_frame": true,
      "small_air_mask": false
    },
    "webapi_port": null,
    "webapi_url": "https://mriqc.nimh.nih.gov/api/v1"
  },
  "qi_1": 0.0,
  "qi_2": 0.005314701787394039,
  "rpve_csf": 32.56580352982623,
  "rpve_gm": 14.646422740187445,
  "rpve_wm": 18.5370278731896,
  "size_x": 176,
  "size_y": 256,
  "size_z": 256,
  "snr_csf": 2.4851024269029027,
  "snr_gm": 8.723165024867264,
  "snr_total": 9.96568902612288,
  "snr_wm": 18.688799626598474,
  "snrd_csf": 28.99772453094815,
  "snrd_gm": 53.70418287971657,
  "snrd_total": 53.11388991236456,
  "snrd_wm": 76.639762326429,
  "spacing_x": 1.0,
  "spacing_y": 1.0,
  "spacing_z": 1.0,
  "summary_bg_k": 7.714269450051903,
  "summary_bg_mad": 8.548180731098679,
  "summary_bg_mean": 13.523945808410645,
  "summary_bg_median": 11.533441543579102,
  "summary_bg_n": 4375857.0,
  "summary_bg_p05": 0.0,
  "summary_bg_p95": 32.19400024414061,
  "summary_bg_stdv": 10.306692123413086,
  "summary_csf_k": -1.0549617691357591,
  "summary_csf_mad": 177.92215234691562,
  "summary_csf_mean": 344.90625,
  "summary_csf_median": 378.360595703125,
  "summary_csf_n": 4950.0,
  "summary_csf_p05": 107.52664680480957,
  "summary_csf_p95": 565.4738464355469,
  "summary_csf_stdv": 152.2361297607422,
  "summary_gm_k": 0.22125706594585592,
  "summary_gm_mad": 76.78588187314458,
  "summary_gm_mean": 702.0589599609375,
  "summary_gm_median": 700.72900390625,
  "summary_gm_n": 11224.0,
  "summary_gm_p05": 569.5680877685546,
  "summary_gm_p95": 836.4077270507813,
  "summary_gm_stdv": 80.32609558105469,
  "summary_wm_k": 0.36539902867412755,
  "summary_wm_mad": 51.26822907164785,
  "summary_wm_mean": 998.613525390625,
  "summary_wm_median": 999.9910888671875,
  "summary_wm_n": 211988.0,
  "summary_wm_p05": 907.5856964111329,
  "summary_wm_p95": 1083.6447204589845,
  "summary_wm_stdv": 53.507381439208984,
  "tpm_overlap_csf": 0.15367157757282257,
  "tpm_overlap_gm": 0.4241628050804138,
  "tpm_overlap_wm": 0.49733486771583557,
  "wm2max": 0.6758416322977518
}