{
  "bids_meta": {
    "AccelNumReferenceLines": 32,
    "AccelerationFactorPE": 2,
    "AcquisitionMatrix": "0/256/256/0",
    "DeviceSerialNumber": "35426",
    "EchoTime": 0.00331,
    "EchoTrainLength": 1,
    "FlipAngle": 7,
    "ImageType": "ORIGINAL/PRIMARY/M/ND/NORM",
    "ImagingFrequency": 123191988,
    "InPlanePhaseEncodingDirection": "ROW",
    "InversionTime": 1.1,
    "MRAcquisitionType": "3D",
    "MagneticFieldStrength": 3,
    "ManufacturerModelName": "TrioTim",
    "NumberOfAverages": 1,
    "NumberOfPhaseEncodingSteps": 255,
    "PatientPosition": "HFS",
    "PercentPhaseFieldOfView": 100,
    "PercentSampling": 100,
    "PhaseEncodingDirection": "i-",
    "PixelBandwidth": 199,
    "ProtocolName": "MPRAGE - BWM",
    "ReceiveCoilName": "HeadMatrix",
    "RepetitionTime": 2.53,
    "ScanOptions": "IR",
    "ScanningSequence": "GR/IR",
    "SequenceName": "*tfl3d1_ns",
    "SequenceVariant": "SP/MP",
    "SoftwareVersions": "syngo MR B17",
    "TotalScanTimeSec": 363,
    "TransmitCoilName": "Body",
    "VariableFlipAngleFlag": "N",
    "dataset": "ds000030",
    "modality": "T1w",
    "subject_id": "60070"
  },
  "cjv": 0.4772458557194588,
  "cnr": 2.8213750182846407,
  "efc": 0.5655711428564346,
  "fber": 1188.4307861328125,
  "fwhm_avg": 2.971368724984923,
  "fwhm_x": 3.047016174954769,
  "fwhm_y": 3.05639,
  "fwhm_z": 2.8107,
  "icvs_csf": 0.21134403190165418,
  "icvs_gm": 0.3977249180811776,
  "icvs_wm": 0.3909310500171682,
  "inu_med": 1.4068150520324707,
  "inu_range": 0.3450073242187499,
  "provenance": {
    "md5sum": "568450b0d7b57219965796a7b47ee890",
    "settings": {
      "testing": false
    },
    "software": "mriqc",
    "version": "21.0.0rc2",
    "warnings": {
      "large_rot_frame": true,
      "small_air_mask": false
    },
    "webapi_port": null,
    "webapi_url": "https://mriqc.nimh.nih.gov/api/v1"
  },
  "qi_1": 0.0,
  "qi_2": 0.004768689457151198,
  "rpve_csf": 28.340804013387853,
  "rpve_gm": 15.29955058684201,
  "rpve_wm": 19.41306375149998,
  "size_x": 176,
  "size_y": 256,
  "size_z": 256,
  "snr_csf": 4.002967220985881,
  "snr_gm": 8.44755908507324,
  "snr_total": 9.46750074510853,
  "snr_wm": 15.951975929266471,
  "snrd_csf": 23.49189820524036,
  "snrd_gm": 38.49169093183341,
  "snrd_total": 38.90819777710453,
  "snrd_wm": 54.74100419423982,
  "spacing_x": 0.9999979734420776,
  "spacing_y": 1.0,
  "spacing_z": 1.0,
  "summary_bg_k": 124.66727350139276,
  "summary_bg_mad": 11.96786701921379,
  "summary_bg_mean": 17.800434112548828,
  "summary_bg_median": 16.230907440185547,
  "summary_bg_n": 3765626.0,
  "summary_bg_p05": 0.0,
  "summary_bg_p95": 44.877342224121094,
  "summary_bg_stdv": 14.570761680603027,
  "summary_csf_k": 0.6844982612210009,
  "summary_csf_mad": 92.44441995238098,
  "summary_csf_mean": 417.4626770019531,
  "summary_csf_median": 429.14410400390625,
  "summary_csf_n": 6403.0,
  "summary_csf_p05": 214.7997085571289,
  "summary_csf_p95": 573.5609436035155,
  "summary_csf_stdv": 107.19812774658203,
  "summary_gm_k": 0.1510511053538588,
  "summary_gm_mad": 80.77630248658153,
  "summary_gm_mean": 701.9729614257812,
  "summary_gm_median": 703.1565551757812,
  "summary_gm_n": 5196.0,
  "summary_gm_p05": 560.7017822265625,
  "summary_gm_p95": 837.0593414306641,
  "summary_gm_stdv": 83.22982788085938,
  "summary_wm_k": 0.2437908878011008,
  "summary_wm_mad": 60.888583664908715,
  "summary_wm_mean": 1000.4300537109375,
  "summary_wm_median": 999.9949340820312,
  "summary_wm_n": 198245.0,
  "summary_wm_p05": 898.3066650390625,
  "summary_wm_p95": 1104.139306640625,
  "summary_wm_stdv": 62.68768310546875,
  "tpm_overlap_csf": 0.14250871539115906,
  "tpm_overlap_gm": 0.4026246666908264,
  "tpm_overlap_wm": 0.4952049255371094,
  "wm2max": 0.5676193391615729
}