{
  "bids_meta": {
    "AccelNumReferenceLines": 32,
    "AccelerationFactorPE": 2,
    "AcquisitionMatrix": "0/256/256/0",
    "DeviceSerialNumber": "35343",
    "EchoTime": 0.00331,
    "EchoTrainLength": 1,
    "FlipAngle": 7,
    "ImageType": "ORIGINAL/PRIMARY/M/ND/NORM",
    "ImagingFrequency": 123249817,
    "InPlanePhaseEncodingDirection": "ROW",
    "InversionTime": 1.1,
    "MRAcquisitionType": "3D",
    "MagneticFieldStrength": 3,
    "ManufacturerModelName": "TrioTim",
    "NumberOfAverages": 1,
    "NumberOfPhaseEncodingSteps": 255,
    "PatientPosition": "HFS",
    "PercentPhaseFieldOfView": 100,
    "PercentSampling": 100,
    "PhaseEncodingDirection": "i-",
    "PixelBandwidth": 200,
    "ProtocolName": "MPRAGE - BWM",
    "ReceiveCoilName": "HeadMatrix",
    "RepetitionTime": 2.53,
    "ScanOptions": "IR",
    "ScanningSequence": "GR/IR",
    "SequenceName": "*tfl3d1_ns",
    "SequenceVariant": "SP/MP",
    "SoftwareVersions": "syngo MR B15",
    "TotalScanTimeSec": 363,
    "TransmitCoilName": "Body",
    "VariableFlipAngleFlag": "N",
    "dataset": "ds000030",
    "modality": "T1w",
    "subject_id": "10429"
  },
  "cjv": 0.459603187185907,
  "cnr": 2.95120372121238,
  "efc": 0.4920305083816209,
  "fber": 1510.5738525390625,
  "fwhm_avg": 3.077246666666667,
  "fwhm_x": 3.11566,
  "fwhm_y": 3.21672,
  "fwhm_z": 2.89936,
  "icvs_csf": 0.1835742768383367,
  "icvs_gm": 0.43818707481781394,
  "icvs_wm": 0.37823864834384935,
  "inu_med": 1.5905473232269287,
  "inu_range": 0.40242040157318115,
  "provenance": {
    "md5sum": "410124bc12ec33112fbd21af176a4724",
    "settings": {
      "testing": false
    },
    "software": "mriqc",
    "version": "0.16.1",
    "warnings": {
      "large_rot_frame": true,
      "small_air_mask": false
    },
    "webapi_port": null,
    "webapi_url": "https://mriqc.nimh.nih.gov/api/v1"
  },
  "qi_1": 5.9786781457287064e-05,
  "qi_2": 0.022694874556351986,
  "rpve_csf": 33.54101765316719,
  "rpve_gm": 15.429513701910718,
  "rpve_wm": 20.91701770702263,
  "size_x": 176,
  "size_y": 256,
  "size_z": 256,
  "snr_csf": 2.2613472848159226,
  "snr_gm": 8.561431614387175,
  "snr_total": 8.844055473553462,
  "snr_wm": 15.709387521457293,
  "snrd_csf": 25.349270614639153,
  "snrd_gm": 56.90398554437624,
  "snrd_total": 54.80284739160685,
  "snrd_wm": 82.15528601580516,
  "spacing_x": 1.0,
  "spacing_y": 1.0,
  "spacing_z": 1.0,
  "summary_bg_k": 135.85946391224846,
  "summary_bg_mad": 7.974402236754823,
  "summary_bg_mean": 16.01571273803711,
  "summary_bg_median": 10.7238187789917,
  "summary_bg_n": 5448364.0,
  "summary_bg_p05": 0.0,
  "summary_bg_p95": 42.60851440429687,
  "summary_bg_stdv": 15.808867454528809,
  "summary_csf_k": -0.40297158854120285,
  "summary_csf_mad": 156.48432512662214,
  "summary_csf_mean": 324.0570373535156,
  "summary_csf_median": 308.55450439453125,
  "summary_csf_n": 10010.0,
  "summary_csf_p05": 130.08369522094728,
  "summary_csf_p95": 552.0022705078125,
  "summary_csf_stdv": 136.4403839111328,
  "summary_gm_k": -0.10035745678063579,
  "summary_gm_mad": 80.83095896485162,
  "summary_gm_mean": 693.3916015625,
  "summary_gm_median": 692.6424560546875,
  "summary_gm_n": 13758.0,
  "summary_gm_p05": 559.3162872314454,
  "summary_gm_p95": 827.7546813964843,
  "summary_gm_stdv": 80.89970397949219,
  "summary_wm_k": 0.42287724138245775,
  "summary_wm_mad": 60.43359563056752,
  "summary_wm_mean": 1000.4262084960938,
  "summary_wm_median": 1000.0044555664062,
  "summary_wm_n": 178743.0,
  "summary_wm_p05": 896.0875549316406,
  "summary_wm_p95": 1105.48359375,
  "summary_wm_stdv": 63.65631103515625,
  "tpm_overlap_csf": 0.16551727056503296,
  "tpm_overlap_gm": 0.43804287910461426,
  "tpm_overlap_wm": 0.49523159861564636,
  "wm2max": 0.6498567111207116
}