{
  "bids_meta": {
    "AccelNumReferenceLines": 32,
    "AccelerationFactorPE": 2,
    "AcquisitionMatrix": "0/256/256/0",
    "DeviceSerialNumber": "35426",
    "EchoTime": 0.00331,
    "EchoTrainLength": 1,
    "FlipAngle": 7,
    "ImageType": "ORIGINAL/PRIMARY/M/ND/NORM",
    "ImagingFrequency": 123191883,
    "InPlanePhaseEncodingDirection": "ROW",
    "InversionTime": 1.1,
    "MRAcquisitionType": "3D",
    "MagneticFieldStrength": 3,
    "ManufacturerModelName": "TrioTim",
    "NumberOfAverages": 1,
    "NumberOfPhaseEncodingSteps": 255,
    "PatientPosition": "HFS",
    "PercentPhaseFieldOfView": 100,
    "PercentSampling": 100,
    "PhaseEncodingDirection": "i-",
    "PixelBandwidth": 199,
    "ProtocolName": "MPRAGE - BWM",
    "ReceiveCoilName": "HeadMatrix",
    "RepetitionTime": 2.53,
    "ScanOptions": "IR",
    "ScanningSequence": "GR/IR",
    "SequenceName": "*tfl3d1_ns",
    "SequenceVariant": "SP/MP",
    "SoftwareVersions": "syngo MR B17",
    "TotalScanTimeSec": 363,
    "TransmitCoilName": "Body",
    "VariableFlipAngleFlag": "N",
    "dataset": "ds000030",
    "modality": "T1w",
    "subject_id": "60077"
  },
  "cjv": 0.5710884495772169,
  "cnr": 2.3590041272283684,
  "efc": 0.5524545561029501,
  "fber": 940.2426147460938,
  "fwhm_avg": 3.0532018876833824,
  "fwhm_x": 3.064845663050148,
  "fwhm_y": 3.21074,
  "fwhm_z": 2.88402,
  "icvs_csf": 0.18233085849321887,
  "icvs_gm": 0.4232272346474414,
  "icvs_wm": 0.3944419068593398,
  "inu_med": 1.7364319562911987,
  "inu_range": 0.6977083683013916,
  "provenance": {
    "md5sum": "a5913b98516a4e9e8b3da988dc7b8c42",
    "settings": {
      "testing": false
    },
    "software": "mriqc",
    "version": "21.0.0rc2",
    "warnings": {
      "large_rot_frame": true,
      "small_air_mask": false
    },
    "webapi_port": null,
    "webapi_url": "https://mriqc.nimh.nih.gov/api/v1"
  },
  "qi_1": 0.0,
  "qi_2": 0.005244267780203464,
  "rpve_csf": 30.486724062702862,
  "rpve_gm": 14.042767300251732,
  "rpve_wm": 18.004512438272137,
  "size_x": 176,
  "size_y": 256,
  "size_z": 256,
  "snr_csf": 2.213186265164624,
  "snr_gm": 7.975136798546147,
  "snr_total": 8.153918051813497,
  "snr_wm": 14.273431091729714,
  "snrd_csf": 18.67515521458376,
  "snrd_gm": 37.01232825831255,
  "snrd_total": 35.55299592308315,
  "snrd_wm": 50.97150429635314,
  "spacing_x": 0.999998152256012,
  "spacing_y": 1.0,
  "spacing_z": 1.0,
  "summary_bg_k": 203.40709831737428,
  "summary_bg_mad": 12.853214021386794,
  "summary_bg_mean": 20.722352981567383,
  "summary_bg_median": 17.335058212280273,
  "summary_bg_n": 3540811.0,
  "summary_bg_p05": 0.0,
  "summary_bg_p95": 51.761783599853516,
  "summary_bg_stdv": 16.719568252563477,
  "summary_csf_k": -1.0074601818252595,
  "summary_csf_mad": 212.0212115775364,
  "summary_csf_mean": 349.7463684082031,
  "summary_csf_median": 366.3905334472656,
  "summary_csf_n": 8119.0,
  "summary_csf_p05": 104.22117919921875,
  "summary_csf_p95": 601.6391784667968,
  "summary_csf_stdv": 165.5386962890625,
  "summary_gm_k": 0.07091432909484796,
  "summary_gm_mad": 89.39637113481302,
  "summary_gm_mean": 729.0772094726562,
  "summary_gm_median": 726.150146484375,
  "summary_gm_n": 12813.0,
  "summary_gm_p05": 583.95283203125,
  "summary_gm_p95": 887.3038696289062,
  "summary_gm_stdv": 91.0481948852539,
  "summary_wm_k": 0.3657396248629836,
  "summary_wm_mad": 67.00594665168946,
  "summary_wm_mean": 1000.6668090820312,
  "summary_wm_median": 1000.0172119140625,
  "summary_wm_n": 201733.0,
  "summary_wm_p05": 886.4972534179688,
  "summary_wm_p95": 1117.239013671875,
  "summary_wm_stdv": 70.06127166748047,
  "tpm_overlap_csf": 0.16281460225582123,
  "tpm_overlap_gm": 0.437991201877594,
  "tpm_overlap_wm": 0.505786120891571,
  "wm2max": 0.5701235226479171
}