{
  "bids_meta": {
    "AccelNumReferenceLines": 32,
    "AccelerationFactorPE": 2,
    "AcquisitionMatrix": "0/256/256/0",
    "DeviceSerialNumber": "35343",
    "EchoTime": 0.00331,
    "EchoTrainLength": 1,
    "FlipAngle": 7,
    "ImageType": "ORIGINAL/PRIMARY/M/ND/NORM",
    "ImagingFrequency": 123250087,
    "InPlanePhaseEncodingDirection": "ROW",
    "InversionTime": 1.1,
    "MRAcquisitionType": "3D",
    "MagneticFieldStrength": 3,
    "ManufacturerModelName": "TrioTim",
    "NumberOfAverages": 1,
    "NumberOfPhaseEncodingSteps": 255,
    "PatientPosition": "HFS",
    "PercentPhaseFieldOfView": 100,
    "PercentSampling": 100,
    "PhaseEncodingDirection": "i-",
    "PixelBandwidth": 200,
    "ProtocolName": "MPRAGE - BWM",
    "ReceiveCoilName": "HeadMatrix",
    "RepetitionTime": 2.53,
    "ScanOptions": "IR",
    "ScanningSequence": "GR/IR",
    "SequenceName": "*tfl3d1_ns",
    "SequenceVariant": "SP/MP",
    "SoftwareVersions": "syngo MR B15",
    "TotalScanTimeSec": 363,
    "TransmitCoilName": "Body",
    "VariableFlipAngleFlag": "N",
    "dataset": "ds000030",
    "modality": "T1w",
    "subject_id": "70004"
  },
  "cjv": 0.3544237831513498,
  "cnr": 3.708805558706685,
  "efc": 0.48555487632286753,
  "fber": 1613.01318359375,
  "fwhm_avg": 3.20078,
  "fwhm_x": 3.23134,
  "fwhm_y": 3.39794,
  "fwhm_z": 2.97306,
  "icvs_csf": 0.1795089449099427,
  "icvs_gm": 0.45057132985970855,
  "icvs_wm": 0.3699197252303487,
  "inu_med": 1.7433940172195435,
  "inu_range": 0.4654550552368164,
  "provenance": {
    "md5sum": "c109886ed6342e970483c190881b11d5",
    "settings": {
      "testing": false
    },
    "software": "mriqc",
    "version": "21.0.0rc2",
    "warnings": {
      "large_rot_frame": true,
      "small_air_mask": false
    },
    "webapi_port": null,
    "webapi_url": "https://mriqc.nimh.nih.gov/api/v1"
  },
  "qi_1": 4.5947074221590925e-06,
  "qi_2": 0.005243821135295253,
  "rpve_csf": 31.50719998239882,
  "rpve_gm": 14.358366850987505,
  "rpve_wm": 20.69400861454512,
  "size_x": 176,
  "size_y": 256,
  "size_z": 256,
  "snr_csf": 2.709966388344028,
  "snr_gm": 8.4279535991325,
  "snr_total": 9.768253574083634,
  "snr_wm": 18.16684073477437,
  "snrd_csf": 25.205131081450162,
  "snrd_gm": 50.06900104000343,
  "snrd_total": 50.88042017636355,
  "snrd_wm": 77.36712840763707,
  "spacing_x": 1.0,
  "spacing_y": 1.0,
  "spacing_z": 1.0,
  "summary_bg_k": 68.28570709093447,
  "summary_bg_mad": 8.467807882102772,
  "summary_bg_mean": 13.833172798156738,
  "summary_bg_median": 11.416498184204102,
  "summary_bg_n": 4328921.0,
  "summary_bg_p05": 2.8155438899993896,
  "summary_bg_p95": 34.04998016357422,
  "summary_bg_stdv": 11.171485900878906,
  "summary_csf_k": -0.30393150242161093,
  "summary_csf_mad": 123.91691415957716,
  "summary_csf_mean": 313.9429016113281,
  "summary_csf_median": 325.7828674316406,
  "summary_csf_n": 7199.0,
  "summary_csf_p05": 116.2159538269043,
  "summary_csf_p95": 502.65128479003846,
  "summary_csf_stdv": 120.20822143554688,
  "summary_gm_k": 0.24474317315237437,
  "summary_gm_mad": 72.73822579198274,
  "summary_gm_mean": 649.5182495117188,
  "summary_gm_median": 647.1548461914062,
  "summary_gm_n": 17298.0,
  "summary_gm_p05": 526.2045318603516,
  "summary_gm_p95": 782.5109069824217,
  "summary_gm_stdv": 76.78449249267578,
  "summary_wm_k": 0.41969860140693394,
  "summary_wm_mad": 52.31502731772163,
  "summary_wm_mean": 998.2830810546875,
  "summary_wm_median": 999.990234375,
  "summary_wm_n": 181389.0,
  "summary_wm_p05": 904.723486328125,
  "summary_wm_p95": 1085.26904296875,
  "summary_wm_stdv": 55.044654846191406,
  "tpm_overlap_csf": 0.17142537236213684,
  "tpm_overlap_gm": 0.45522406697273254,
  "tpm_overlap_wm": 0.5132424831390381,
  "wm2max": 0.7073247918474483
}