{
  "bids_meta": {
    "AccelNumReferenceLines": 32,
    "AccelerationFactorPE": 2,
    "AcquisitionMatrix": "0/256/256/0",
    "DeviceSerialNumber": "35343",
    "EchoTime": 0.00331,
    "EchoTrainLength": 1,
    "FlipAngle": 7,
    "ImageType": "ORIGINAL/PRIMARY/M/ND/NORM",
    "ImagingFrequency": 123227631,
    "InPlanePhaseEncodingDirection": "ROW",
    "InversionTime": 1.1,
    "MRAcquisitionType": "3D",
    "MagneticFieldStrength": 3,
    "ManufacturerModelName": "TrioTim",
    "NumberOfAverages": 1,
    "NumberOfPhaseEncodingSteps": 255,
    "PatientPosition": "HFS",
    "PercentPhaseFieldOfView": 100,
    "PercentSampling": 100,
    "PhaseEncodingDirection": "i-",
    "PixelBandwidth": 200,
    "ProtocolName": "MPRAGE - BWM",
    "ReceiveCoilName": "HeadMatrix",
    "RepetitionTime": 2.53,
    "ScanOptions": "IR",
    "ScanningSequence": "GR/IR",
    "SequenceName": "*tfl3d1_ns",
    "SequenceVariant": "SP/MP",
    "SoftwareVersions": "syngo MR B15",
    "TotalScanTimeSec": 363,
    "TransmitCoilName": "Body",
    "VariableFlipAngleFlag": "N",
    "dataset": "ds000030",
    "modality": "T1w",
    "subject_id": "50023"
  },
  "cjv": 0.46584509292030407,
  "cnr": 2.8925790125232655,
  "efc": 0.5314051338561784,
  "fber": 1149.08642578125,
  "fwhm_avg": 2.997687259178669,
  "fwhm_x": 3.039911777536007,
  "fwhm_y": 3.09149,
  "fwhm_z": 2.86166,
  "icvs_csf": 0.19977643679882162,
  "icvs_gm": 0.4004338956299158,
  "icvs_wm": 0.39978966757126255,
  "inu_med": 1.6174812316894531,
  "inu_range": 0.3928534686565399,
  "provenance": {
    "md5sum": "3448021c690b65f27908674408fa44e8",
    "settings": {
      "testing": false
    },
    "software": "mriqc",
    "version": "0.16.1",
    "warnings": {
      "large_rot_frame": true,
      "small_air_mask": false
    },
    "webapi_port": null,
    "webapi_url": "https://mriqc.nimh.nih.gov/api/v1"
  },
  "qi_1": 0.0,
  "qi_2": 0.006504947424680168,
  "rpve_csf": 31.126686239309507,
  "rpve_gm": 16.098469905698074,
  "rpve_wm": 20.14903458630772,
  "size_x": 176,
  "size_y": 256,
  "size_z": 256,
  "snr_csf": 3.9605297141862117,
  "snr_gm": 8.241901642500709,
  "snr_total": 9.672985203763977,
  "snr_wm": 16.816524254605007,
  "snrd_csf": 22.90150740567883,
  "snrd_gm": 36.07213709020067,
  "snrd_total": 36.878251852606766,
  "snrd_wm": 51.661111061940794,
  "spacing_x": 0.9999961256980896,
  "spacing_y": 1.0,
  "spacing_z": 1.0,
  "summary_bg_k": 23.297545619067087,
  "summary_bg_mad": 12.681458131024085,
  "summary_bg_mean": 17.11772918701172,
  "summary_bg_median": 13.002877235412598,
  "summary_bg_n": 4380011.0,
  "summary_bg_p05": 0.0,
  "summary_bg_p95": 42.82082939147949,
  "summary_bg_stdv": 13.036651611328125,
  "summary_csf_k": 11.766826305531081,
  "summary_csf_mad": 95.11779137213874,
  "summary_csf_mean": 431.0736389160156,
  "summary_csf_median": 443.30389404296875,
  "summary_csf_n": 6182.0,
  "summary_csf_p05": 226.30498352050782,
  "summary_csf_p95": 587.5178161621094,
  "summary_csf_stdv": 111.92140197753906,
  "summary_gm_k": -0.08024532781598115,
  "summary_gm_mad": 83.77982980198243,
  "summary_gm_mean": 697.7631225585938,
  "summary_gm_median": 698.2474365234375,
  "summary_gm_n": 10996.0,
  "summary_gm_p05": 557.6599273681641,
  "summary_gm_p95": 838.5582885742188,
  "summary_gm_stdv": 84.71536254882812,
  "summary_wm_k": 0.4544192435698098,
  "summary_wm_mad": 56.791429084386365,
  "summary_wm_mean": 999.8615112304688,
  "summary_wm_median": 1000.0028076171875,
  "summary_wm_n": 191630.0,
  "summary_wm_p05": 902.0294708251953,
  "summary_wm_p95": 1096.7436401367188,
  "summary_wm_stdv": 59.46533203125,
  "tpm_overlap_csf": 0.1470438539981842,
  "tpm_overlap_gm": 0.4199874997138977,
  "tpm_overlap_wm": 0.5060444474220276,
  "wm2max": 0.6597119279397649
}