{
  "bids_meta": {
    "AccelNumReferenceLines": 32,
    "AccelerationFactorPE": 2,
    "AcquisitionMatrix": "0/256/256/0",
    "DeviceSerialNumber": "35343",
    "EchoTime": 0.00331,
    "EchoTrainLength": 1,
    "FlipAngle": 7,
    "ImageType": "ORIGINAL/PRIMARY/M/ND/NORM",
    "ImagingFrequency": 123249939,
    "InPlanePhaseEncodingDirection": "ROW",
    "InversionTime": 1.1,
    "MRAcquisitionType": "3D",
    "MagneticFieldStrength": 3,
    "ManufacturerModelName": "TrioTim",
    "NumberOfAverages": 1,
    "NumberOfPhaseEncodingSteps": 255,
    "PatientPosition": "HFS",
    "PercentPhaseFieldOfView": 100,
    "PercentSampling": 100,
    "PhaseEncodingDirection": "i-",
    "PixelBandwidth": 200,
    "ProtocolName": "MPRAGE - BWM",
    "ReceiveCoilName": "HeadMatrix",
    "RepetitionTime": 2.53,
    "ScanOptions": "IR",
    "ScanningSequence": "GR/IR",
    "SequenceName": "*tfl3d1_ns",
    "SequenceVariant": "SP/MP",
    "SoftwareVersions": "syngo MR B15",
    "TotalScanTimeSec": 363,
    "TransmitCoilName": "Body",
    "VariableFlipAngleFlag": "N",
    "dataset": "ds000030",
    "modality": "T1w",
    "subject_id": "10440"
  },
  "cjv": 0.44377233354033285,
  "cnr": 3.0122815657861985,
  "efc": 0.5148938891046488,
  "fber": 1263.9107666015625,
  "fwhm_avg": 3.490346666666667,
  "fwhm_x": 3.44014,
  "fwhm_y": 3.77864,
  "fwhm_z": 3.25226,
  "icvs_csf": 0.21533144947359115,
  "icvs_gm": 0.39484393628158015,
  "icvs_wm": 0.3898246142448287,
  "inu_med": 1.713976263999939,
  "inu_range": 0.5919007658958435,
  "provenance": {
    "md5sum": "af989af4527e2cd2ae7c5fe20fabf8f2",
    "settings": {
      "testing": false
    },
    "software": "mriqc",
    "version": "0.16.1",
    "warnings": {
      "large_rot_frame": true,
      "small_air_mask": false
    },
    "webapi_port": null,
    "webapi_url": "https://mriqc.nimh.nih.gov/api/v1"
  },
  "qi_1": 0.0,
  "qi_2": 0.005069282539682518,
  "rpve_csf": 25.688413099932887,
  "rpve_gm": 14.14895025287242,
  "rpve_wm": 17.87355916713583,
  "size_x": 176,
  "size_y": 256,
  "size_z": 256,
  "snr_csf": 2.672607506043996,
  "snr_gm": 8.570793588985724,
  "snr_total": 9.806234613305548,
  "snr_wm": 18.175302744886924,
  "snrd_csf": 26.545626665331334,
  "snrd_gm": 53.578391871057846,
  "snrd_total": 52.182964209267304,
  "snrd_wm": 76.42487409141272,
  "spacing_x": 1.0,
  "spacing_y": 1.0,
  "spacing_z": 1.0,
  "summary_bg_k": 7.2582261976080265,
  "summary_bg_mad": 8.572375724273297,
  "summary_bg_mean": 14.89279842376709,
  "summary_bg_median": 11.517363548278809,
  "summary_bg_n": 3936570.0,
  "summary_bg_p05": 2.842425060272217,
  "summary_bg_p95": 36.9464838027954,
  "summary_bg_stdv": 11.459044456481934,
  "summary_csf_k": -0.7090278534369858,
  "summary_csf_mad": 146.7767260348312,
  "summary_csf_mean": 337.4557800292969,
  "summary_csf_median": 347.34613037109375,
  "summary_csf_n": 11886.0,
  "summary_csf_p05": 124.32148551940918,
  "summary_csf_p95": 538.3484344482422,
  "summary_csf_stdv": 129.9597930908203,
  "summary_gm_k": 0.046653387920240874,
  "summary_gm_mad": 80.25570858014459,
  "summary_gm_mean": 703.3779907226562,
  "summary_gm_median": 701.06640625,
  "summary_gm_n": 15777.0,
  "summary_gm_p05": 572.3767700195312,
  "summary_gm_p95": 843.8305053710938,
  "summary_gm_stdv": 81.79454803466797,
  "summary_wm_k": 0.44181773710570393,
  "summary_wm_mad": 52.40705652037178,
  "summary_wm_mean": 999.6316528320312,
  "summary_wm_median": 1000.0097045898438,
  "summary_wm_n": 229159.0,
  "summary_wm_p05": 908.5531860351562,
  "summary_wm_p95": 1089.0382324218751,
  "summary_wm_stdv": 55.0201301574707,
  "tpm_overlap_csf": 0.1687469780445099,
  "tpm_overlap_gm": 0.4360605478286743,
  "tpm_overlap_wm": 0.5166586637496948,
  "wm2max": 0.7108929770370335
}