{
  "bids_meta": {
    "AccelNumReferenceLines": 32,
    "AccelerationFactorPE": 2,
    "AcquisitionMatrix": "0/256/256/0",
    "DeviceSerialNumber": "35343",
    "EchoTime": 0.00331,
    "EchoTrainLength": 1,
    "FlipAngle": 7,
    "ImageType": "ORIGINAL/PRIMARY/M/ND/NORM",
    "ImagingFrequency": 123249657,
    "InPlanePhaseEncodingDirection": "ROW",
    "InversionTime": 1.1,
    "MRAcquisitionType": "3D",
    "MagneticFieldStrength": 3,
    "ManufacturerModelName": "TrioTim",
    "NumberOfAverages": 1,
    "NumberOfPhaseEncodingSteps": 255,
    "PatientPosition": "HFS",
    "PercentPhaseFieldOfView": 100,
    "PercentSampling": 100,
    "PhaseEncodingDirection": "i-",
    "PixelBandwidth": 200,
    "ProtocolName": "MPRAGE - BWM",
    "ReceiveCoilName": "HeadMatrix",
    "RepetitionTime": 2.53,
    "ScanOptions": "IR",
    "ScanningSequence": "GR/IR",
    "SequenceName": "*tfl3d1_ns",
    "SequenceVariant": "SP/MP",
    "SoftwareVersions": "syngo MR B15",
    "TotalScanTimeSec": 363,
    "TransmitCoilName": "Body",
    "VariableFlipAngleFlag": "N",
    "dataset": "ds000030",
    "modality": "T1w",
    "subject_id": "70022"
  },
  "cjv": 0.4453054623560378,
  "cnr": 2.969741779863904,
  "efc": 0.5245667498564165,
  "fber": 1149.207763671875,
  "fwhm_avg": 3.0597464210439314,
  "fwhm_x": 3.090649263131794,
  "fwhm_y": 3.20532,
  "fwhm_z": 2.88327,
  "icvs_csf": 0.1971523380135829,
  "icvs_gm": 0.4098742778629064,
  "icvs_wm": 0.3929733841235107,
  "inu_med": 1.8493684530258179,
  "inu_range": 0.6082650899887085,
  "provenance": {
    "md5sum": "8ebc678b39c1d5048ea9801c514a552f",
    "settings": {
      "testing": false
    },
    "software": "mriqc",
    "version": "21.0.0rc2",
    "warnings": {
      "large_rot_frame": true,
      "small_air_mask": false
    },
    "webapi_port": null,
    "webapi_url": "https://mriqc.nimh.nih.gov/api/v1"
  },
  "qi_1": 0.0,
  "qi_2": 0.005523343349773047,
  "rpve_csf": 28.681292533193737,
  "rpve_gm": 14.652081955697815,
  "rpve_wm": 19.270372747187764,
  "size_x": 176,
  "size_y": 256,
  "size_z": 256,
  "snr_csf": 3.6438560131863817,
  "snr_gm": 8.201541851678108,
  "snr_total": 9.944979683945968,
  "snr_wm": 17.989541186973412,
  "snrd_csf": 27.167312501433116,
  "snrd_gm": 43.56374294180735,
  "snrd_total": 44.432451197331666,
  "snrd_wm": 62.56629814875454,
  "spacing_x": 1.000000238418579,
  "spacing_y": 1.0,
  "spacing_z": 1.0,
  "summary_bg_k": 27.25385223308282,
  "summary_bg_mad": 10.471073996068341,
  "summary_bg_mean": 17.080780029296875,
  "summary_bg_median": 14.114497184753418,
  "summary_bg_n": 4244239.0,
  "summary_bg_p05": 3.4916314601898195,
  "summary_bg_p95": 40.26939735412592,
  "summary_bg_stdv": 12.752666473388672,
  "summary_csf_k": 0.5533917193557145,
  "summary_csf_mad": 98.13364806695076,
  "summary_csf_mean": 413.7079162597656,
  "summary_csf_median": 434.21636962890625,
  "summary_csf_n": 3770.0,
  "summary_csf_p05": 166.9755584716797,
  "summary_csf_p95": 578.0637512207031,
  "summary_csf_stdv": 119.1481704711914,
  "summary_gm_k": 0.0757617430429951,
  "summary_gm_mad": 81.45177149659342,
  "summary_gm_mean": 696.833984375,
  "summary_gm_median": 696.28125,
  "summary_gm_n": 11130.0,
  "summary_gm_p05": 553.8317565917969,
  "summary_gm_p95": 839.5052032470702,
  "summary_gm_stdv": 84.89257049560547,
  "summary_wm_k": 0.274099925433537,
  "summary_wm_mad": 53.79581971906597,
  "summary_wm_mean": 999.23779296875,
  "summary_wm_median": 999.9999389648438,
  "summary_wm_n": 204265.0,
  "summary_wm_p05": 906.586376953125,
  "summary_wm_p95": 1088.9421142578124,
  "summary_wm_stdv": 55.58771514892578,
  "tpm_overlap_csf": 0.1443076878786087,
  "tpm_overlap_gm": 0.42046841979026794,
  "tpm_overlap_wm": 0.49247583746910095,
  "wm2max": 0.7007305655483624
}