{
  "bids_meta": {
    "AccelNumReferenceLines": 32,
    "AccelerationFactorPE": 2,
    "AcquisitionMatrix": "0/256/256/0",
    "DeviceSerialNumber": "35343",
    "EchoTime": 0.00331,
    "EchoTrainLength": 1,
    "FlipAngle": 7,
    "ImageType": "ORIGINAL/PRIMARY/M/ND/NORM",
    "ImagingFrequency": 123249849,
    "InPlanePhaseEncodingDirection": "ROW",
    "InversionTime": 1.1,
    "MRAcquisitionType": "3D",
    "MagneticFieldStrength": 3,
    "ManufacturerModelName": "TrioTim",
    "NumberOfAverages": 1,
    "NumberOfPhaseEncodingSteps": 255,
    "PatientPosition": "HFS",
    "PercentPhaseFieldOfView": 100,
    "PercentSampling": 100,
    "PhaseEncodingDirection": "i-",
    "PixelBandwidth": 200,
    "ProtocolName": "MPRAGE - BWM",
    "ReceiveCoilName": "HeadMatrix",
    "RepetitionTime": 2.53,
    "ScanOptions": "IR",
    "ScanningSequence": "GR/IR",
    "SequenceName": "*tfl3d1_ns",
    "SequenceVariant": "SP/MP",
    "SoftwareVersions": "syngo MR B15",
    "TotalScanTimeSec": 363,
    "TransmitCoilName": "Body",
    "VariableFlipAngleFlag": "N",
    "dataset": "ds000030",
    "modality": "T1w",
    "subject_id": "10565"
  },
  "cjv": 0.4230281795009391,
  "cnr": 3.099645355498839,
  "efc": 0.5003607048735427,
  "fber": 1350.6046142578125,
  "fwhm_avg": 3.1037866666666667,
  "fwhm_x": 3.18008,
  "fwhm_y": 3.1977,
  "fwhm_z": 2.93358,
  "icvs_csf": 0.18156802423220086,
  "icvs_gm": 0.4637282734825105,
  "icvs_wm": 0.35470370228528864,
  "inu_med": 1.8808846473693848,
  "inu_range": 0.7256118357181549,
  "provenance": {
    "md5sum": "9abb67147f9b2f86cf747037ef1c22f3",
    "settings": {
      "testing": false
    },
    "software": "mriqc",
    "version": "0.16.1",
    "warnings": {
      "large_rot_frame": true,
      "small_air_mask": false
    },
    "webapi_port": null,
    "webapi_url": "https://mriqc.nimh.nih.gov/api/v1"
  },
  "qi_1": 1.2323567590660379e-05,
  "qi_2": 0.004718166321109028,
  "rpve_csf": 33.681215385247874,
  "rpve_gm": 14.82693915116598,
  "rpve_wm": 21.95353693902357,
  "size_x": 176,
  "size_y": 256,
  "size_z": 256,
  "snr_csf": 2.0754975659149744,
  "snr_gm": 8.026331256880937,
  "snr_total": 8.606825885245799,
  "snr_wm": 15.718648832941483,
  "snrd_csf": 22.50123371493638,
  "snrd_gm": 44.642853818604834,
  "snrd_total": 44.53685936386115,
  "snrd_wm": 66.46649055804224,
  "spacing_x": 1.0,
  "spacing_y": 1.0,
  "spacing_z": 1.0,
  "summary_bg_k": 45.8138074456709,
  "summary_bg_mad": 9.856773978267766,
  "summary_bg_mean": 16.733566284179688,
  "summary_bg_median": 13.263614654541016,
  "summary_bg_n": 3904777.0,
  "summary_bg_p05": 3.278412437438965,
  "summary_bg_p95": 39.77900085449218,
  "summary_bg_stdv": 13.085344314575195,
  "summary_csf_k": 20.80470038693634,
  "summary_csf_mad": 181.93867957290377,
  "summary_csf_mean": 326.8312072753906,
  "summary_csf_median": 338.53955078125,
  "summary_csf_n": 8426.0,
  "summary_csf_p05": 112.96651649475098,
  "summary_csf_p95": 535.3985137939453,
  "summary_csf_stdv": 163.10279846191406,
  "summary_gm_k": 0.22920023846340687,
  "summary_gm_mad": 79.28293185596641,
  "summary_gm_mean": 675.53759765625,
  "summary_gm_median": 671.6685791015625,
  "summary_gm_n": 17914.0,
  "summary_gm_p05": 541.596484375,
  "summary_gm_p95": 820.7257873535157,
  "summary_gm_stdv": 83.68080139160156,
  "summary_wm_k": 0.4650565613326645,
  "summary_wm_mad": 59.61619170968366,
  "summary_wm_mean": 997.8614501953125,
  "summary_wm_median": 1000.013427734375,
  "summary_wm_n": 159272.0,
  "summary_wm_p05": 888.5555633544922,
  "summary_wm_p95": 1098.3401733398437,
  "summary_wm_stdv": 63.619354248046875,
  "tpm_overlap_csf": 0.1648242175579071,
  "tpm_overlap_gm": 0.45801427960395813,
  "tpm_overlap_wm": 0.505652904510498,
  "wm2max": 0.6984161220125534
}