{
  "bids_meta": {
    "AccelNumReferenceLines": 32,
    "AccelerationFactorPE": 2,
    "AcquisitionMatrix": "0/256/256/0",
    "DeviceSerialNumber": "35426",
    "EchoTime": 0.00331,
    "EchoTrainLength": 1,
    "FlipAngle": 7,
    "ImageType": "ORIGINAL/PRIMARY/M/ND/NORM",
    "ImagingFrequency": 123191497,
    "InPlanePhaseEncodingDirection": "ROW",
    "InversionTime": 1.1,
    "MRAcquisitionType": "3D",
    "MagneticFieldStrength": 3,
    "ManufacturerModelName": "TrioTim",
    "NumberOfAverages": 1,
    "NumberOfPhaseEncodingSteps": 255,
    "PatientPosition": "HFS",
    "PercentPhaseFieldOfView": 100,
    "PercentSampling": 100,
    "PhaseEncodingDirection": "i-",
    "PixelBandwidth": 199,
    "ProtocolName": "MPRAGE - BWM",
    "ReceiveCoilName": "HeadMatrix",
    "RepetitionTime": 2.53,
    "ScanOptions": "IR",
    "ScanningSequence": "GR/IR",
    "SequenceName": "*tfl3d1_ns",
    "SequenceVariant": "SP/MP",
    "SoftwareVersions": "syngo MR B17",
    "TotalScanTimeSec": 363,
    "TransmitCoilName": "Body",
    "VariableFlipAngleFlag": "N",
    "dataset": "ds000030",
    "modality": "T1w",
    "subject_id": "70083"
  },
  "cjv": 0.43856489455969233,
  "cnr": 3.0982762804978488,
  "efc": 0.5253498308609791,
  "fber": 1232.301513671875,
  "fwhm_avg": 3.2012133333333335,
  "fwhm_x": 3.23482,
  "fwhm_y": 3.40363,
  "fwhm_z": 2.96519,
  "icvs_csf": 0.1824453010795247,
  "icvs_gm": 0.4388333698771826,
  "icvs_wm": 0.3787213290432927,
  "inu_med": 1.8014326095581055,
  "inu_range": 0.6160778522491452,
  "provenance": {
    "md5sum": "10c2c456ff6ead14cbb7df6ef67a233e",
    "settings": {
      "testing": false
    },
    "software": "mriqc",
    "version": "21.0.0rc2",
    "warnings": {
      "large_rot_frame": true,
      "small_air_mask": false
    },
    "webapi_port": null,
    "webapi_url": "https://mriqc.nimh.nih.gov/api/v1"
  },
  "qi_1": 3.617464498461802e-06,
  "qi_2": 0.004312512401037585,
  "rpve_csf": 32.34094974242074,
  "rpve_gm": 14.696125091115512,
  "rpve_wm": 19.626442224532333,
  "size_x": 176,
  "size_y": 256,
  "size_z": 256,
  "snr_csf": 1.7889287189222873,
  "snr_gm": 9.061288545181348,
  "snr_total": 8.992988927114594,
  "snr_wm": 16.128749517240145,
  "snrd_csf": 16.25855355134331,
  "snrd_gm": 44.11528237344508,
  "snrd_total": 41.37626555872071,
  "snrd_wm": 63.754960751373744,
  "spacing_x": 1.0,
  "spacing_y": 1.0,
  "spacing_z": 1.0,
  "summary_bg_k": 772.5292004423837,
  "summary_bg_mad": 10.276112856291078,
  "summary_bg_mean": 16.88756561279297,
  "summary_bg_median": 13.848363876342773,
  "summary_bg_n": 3633449.0,
  "summary_bg_p05": 3.412740707397461,
  "summary_bg_p95": 41.38737335205078,
  "summary_bg_stdv": 14.509440422058105,
  "summary_csf_k": -0.775867825059648,
  "summary_csf_mad": 155.70663538107073,
  "summary_csf_mean": 286.2930603027344,
  "summary_csf_median": 255.0228271484375,
  "summary_csf_n": 7862.0,
  "summary_csf_p05": 100.28701210021973,
  "summary_csf_p95": 536.6657745361327,
  "summary_csf_stdv": 142.54710388183594,
  "summary_gm_k": -0.09881727170647725,
  "summary_gm_mad": 76.37898972986392,
  "summary_gm_mean": 693.6666259765625,
  "summary_gm_median": 691.9683227539062,
  "summary_gm_n": 13033.0,
  "summary_gm_p05": 571.8072509765625,
  "summary_gm_p95": 823.2818481445313,
  "summary_gm_stdv": 76.3624038696289,
  "summary_wm_k": 0.4489709151063157,
  "summary_wm_mad": 58.72413283089776,
  "summary_wm_mean": 998.5902709960938,
  "summary_wm_median": 1000.025634765625,
  "summary_wm_n": 163963.0,
  "summary_wm_p05": 894.1393493652344,
  "summary_wm_p95": 1098.075,
  "summary_wm_stdv": 62.00248718261719,
  "tpm_overlap_csf": 0.1702203005552292,
  "tpm_overlap_gm": 0.4356740117073059,
  "tpm_overlap_wm": 0.4932922422885895,
  "wm2max": 0.5932422179019999
}