{
  "bids_meta": {
    "AccelNumReferenceLines": 32,
    "AccelerationFactorPE": 2,
    "AcquisitionMatrix": "0/256/256/0",
    "DeviceSerialNumber": "35343",
    "EchoTime": 0.00331,
    "EchoTrainLength": 1,
    "FlipAngle": 7,
    "ImageType": "ORIGINAL/PRIMARY/M/ND/NORM",
    "ImagingFrequency": 123249359,
    "InPlanePhaseEncodingDirection": "ROW",
    "InversionTime": 1.1,
    "MRAcquisitionType": "3D",
    "MagneticFieldStrength": 3,
    "ManufacturerModelName": "TrioTim",
    "NumberOfAverages": 1,
    "NumberOfPhaseEncodingSteps": 255,
    "PatientPosition": "HFS",
    "PercentPhaseFieldOfView": 100,
    "PercentSampling": 100,
    "PhaseEncodingDirection": "i-",
    "PixelBandwidth": 200,
    "ProtocolName": "MPRAGE - BWM",
    "ReceiveCoilName": "HeadMatrix",
    "RepetitionTime": 2.53,
    "ScanOptions": "IR",
    "ScanningSequence": "GR/IR",
    "SequenceName": "*tfl3d1_ns",
    "SequenceVariant": "SP/MP",
    "SoftwareVersions": "syngo MR B15",
    "TotalScanTimeSec": 363,
    "TransmitCoilName": "Body",
    "VariableFlipAngleFlag": "N",
    "dataset": "ds000030",
    "modality": "T1w",
    "subject_id": "10487"
  },
  "cjv": 0.448093701863651,
  "cnr": 2.999756594144732,
  "efc": 0.5761550724151303,
  "fber": 1069.4908447265625,
  "fwhm_avg": 3.19525,
  "fwhm_x": 3.25921,
  "fwhm_y": 3.36733,
  "fwhm_z": 2.95921,
  "icvs_csf": 0.19403514615549786,
  "icvs_gm": 0.42627675303073725,
  "icvs_wm": 0.37968810081376486,
  "inu_med": 1.679800033569336,
  "inu_range": 0.6985196352005003,
  "provenance": {
    "md5sum": "9ce03ceb53e51eecbe86d19e659cb563",
    "settings": {
      "testing": false
    },
    "software": "mriqc",
    "version": "0.16.1",
    "warnings": {
      "large_rot_frame": true,
      "small_air_mask": false
    },
    "webapi_port": null,
    "webapi_url": "https://mriqc.nimh.nih.gov/api/v1"
  },
  "qi_1": 4.747925765799802e-05,
  "qi_2": 0.004992880159126195,
  "rpve_csf": 27.909688661426916,
  "rpve_gm": 13.557016587618438,
  "rpve_wm": 18.205811422670585,
  "size_x": 176,
  "size_y": 256,
  "size_z": 256,
  "snr_csf": 2.2987991791820916,
  "snr_gm": 8.334923847876665,
  "snr_total": 8.596640160885036,
  "snr_wm": 15.156197455596347,
  "snrd_csf": 20.92390876539009,
  "snrd_gm": 39.217722598953685,
  "snrd_total": 39.22846916524828,
  "snrd_wm": 57.543776131401046,
  "spacing_x": 1.0,
  "spacing_y": 1.0,
  "spacing_z": 1.0,
  "summary_bg_k": 164.3202110085078,
  "summary_bg_mad": 11.385178003190035,
  "summary_bg_mean": 17.99835205078125,
  "summary_bg_median": 15.367995262145996,
  "summary_bg_n": 3690732.0,
  "summary_bg_p05": 0.0,
  "summary_bg_p95": 43.44929409027096,
  "summary_bg_stdv": 15.247295379638672,
  "summary_csf_k": -0.6615948219900365,
  "summary_csf_mad": 187.8958058727693,
  "summary_csf_mean": 354.66229248046875,
  "summary_csf_median": 363.6226501464844,
  "summary_csf_n": 9315.0,
  "summary_csf_p05": 113.98234176635742,
  "summary_csf_p95": 606.1151245117187,
  "summary_csf_stdv": 158.1708984375,
  "summary_gm_k": 0.08943561081785667,
  "summary_gm_mad": 79.04765562500238,
  "summary_gm_mean": 681.8803100585938,
  "summary_gm_median": 681.5386352539062,
  "summary_gm_n": 11902.0,
  "summary_gm_p05": 546.6387268066406,
  "summary_gm_p95": 817.0611297607421,
  "summary_gm_stdv": 81.76559448242188,
  "summary_wm_k": 0.3165025101220236,
  "summary_wm_mad": 63.6595494750875,
  "summary_wm_mean": 1000.1965942382812,
  "summary_wm_median": 1000.014892578125,
  "summary_wm_n": 203408.0,
  "summary_wm_p05": 891.970281982422,
  "summary_wm_p95": 1108.7913208007812,
  "summary_wm_stdv": 65.98043060302734,
  "tpm_overlap_csf": 0.16645565629005432,
  "tpm_overlap_gm": 0.4556989073753357,
  "tpm_overlap_wm": 0.5211110711097717,
  "wm2max": 0.6254325230312645
}