{
  "bids_meta": {
    "AccelNumReferenceLines": 32,
    "AccelerationFactorPE": 2,
    "AcquisitionMatrix": "0/256/256/0",
    "DeviceSerialNumber": "35426",
    "EchoTime": 0.00331,
    "EchoTrainLength": 1,
    "FlipAngle": 7,
    "ImageType": "ORIGINAL/PRIMARY/M/ND/NORM",
    "ImagingFrequency": 123191414,
    "InPlanePhaseEncodingDirection": "ROW",
    "InversionTime": 1.1,
    "MRAcquisitionType": "3D",
    "MagneticFieldStrength": 3,
    "ManufacturerModelName": "TrioTim",
    "NumberOfAverages": 1,
    "NumberOfPhaseEncodingSteps": 255,
    "PatientPosition": "HFS",
    "PercentPhaseFieldOfView": 100,
    "PercentSampling": 100,
    "PhaseEncodingDirection": "i-",
    "PixelBandwidth": 199,
    "ProtocolName": "MPRAGE - BWM",
    "ReceiveCoilName": "HeadMatrix",
    "RepetitionTime": 2.53,
    "ScanOptions": "IR",
    "ScanningSequence": "GR/IR",
    "SequenceName": "*tfl3d1_ns",
    "SequenceVariant": "SP/MP",
    "SoftwareVersions": "syngo MR B17",
    "TotalScanTimeSec": 363,
    "TransmitCoilName": "Body",
    "VariableFlipAngleFlag": "N",
    "dataset": "ds000030",
    "modality": "T1w",
    "subject_id": "60076"
  },
  "cjv": 0.4468835103559304,
  "cnr": 3.023995192197659,
  "efc": 0.5749165530040434,
  "fber": 996.611083984375,
  "fwhm_avg": 3.1514498769748194,
  "fwhm_x": 3.221559630924459,
  "fwhm_y": 3.26869,
  "fwhm_z": 2.9641,
  "icvs_csf": 0.2070054386644619,
  "icvs_gm": 0.39663930487030313,
  "icvs_wm": 0.39635525646523495,
  "inu_med": 1.5148379802703857,
  "inu_range": 0.5272276878356932,
  "provenance": {
    "md5sum": "7dafbe759a98857d02485ba038959edb",
    "settings": {
      "testing": false
    },
    "software": "mriqc",
    "version": "21.0.0rc2",
    "warnings": {
      "large_rot_frame": true,
      "small_air_mask": false
    },
    "webapi_port": null,
    "webapi_url": "https://mriqc.nimh.nih.gov/api/v1"
  },
  "qi_1": 0.0,
  "qi_2": 0.005139847797002873,
  "rpve_csf": 26.412957689272083,
  "rpve_gm": 14.10609298016957,
  "rpve_wm": 17.74104908320139,
  "size_x": 176,
  "size_y": 256,
  "size_z": 256,
  "snr_csf": 4.297867708744912,
  "snr_gm": 8.555360974845545,
  "snr_total": 9.363993845102462,
  "snr_wm": 15.238752851716932,
  "snrd_csf": 23.812306141943235,
  "snrd_gm": 38.75661046519942,
  "snrd_total": 39.745021416973394,
  "snrd_wm": 56.66614764377752,
  "spacing_x": 1.0000032186508179,
  "spacing_y": 1.0,
  "spacing_z": 1.0,
  "summary_bg_k": 777.3109704004675,
  "summary_bg_mad": 11.561310681851715,
  "summary_bg_mean": 17.80584716796875,
  "summary_bg_median": 15.614398956298828,
  "summary_bg_n": 3159389.0,
  "summary_bg_p05": 0.0,
  "summary_bg_p95": 43.10828628540039,
  "summary_bg_stdv": 15.059106826782227,
  "summary_csf_k": 1.64512429691879,
  "summary_csf_mad": 76.92894791974231,
  "summary_csf_mean": 408.03729248046875,
  "summary_csf_median": 420.2200927734375,
  "summary_csf_n": 9677.0,
  "summary_csf_p05": 219.54210815429687,
  "summary_csf_p95": 542.1545166015625,
  "summary_csf_stdv": 97.76903533935547,
  "summary_gm_k": 0.17822607865542484,
  "summary_gm_mad": 78.15387741991329,
  "summary_gm_mean": 681.1283569335938,
  "summary_gm_median": 683.9449462890625,
  "summary_gm_n": 11125.0,
  "summary_gm_p05": 545.9216064453125,
  "summary_gm_p95": 808.5398681640625,
  "summary_gm_stdv": 79.9398422241211,
  "summary_wm_k": 0.2777529529800544,
  "summary_wm_mad": 63.08493252638691,
  "summary_wm_mean": 998.1610107421875,
  "summary_wm_median": 999.997802734375,
  "summary_wm_n": 216034.0,
  "summary_wm_p05": 886.3926177978516,
  "summary_wm_p95": 1102.9346557617187,
  "summary_wm_stdv": 65.62187194824219,
  "tpm_overlap_csf": 0.14706099033355713,
  "tpm_overlap_gm": 0.4257816672325134,
  "tpm_overlap_wm": 0.5076603889465332,
  "wm2max": 0.6509227596308392
}