{
  "bids_meta": {
    "AccelNumReferenceLines": 32,
    "AccelerationFactorPE": 2,
    "AcquisitionMatrix": "0/256/256/0",
    "DeviceSerialNumber": "35343",
    "EchoTime": 0.00331,
    "EchoTrainLength": 1,
    "FlipAngle": 7,
    "ImageType": "ORIGINAL/PRIMARY/M/ND/NORM",
    "ImagingFrequency": 123249301,
    "InPlanePhaseEncodingDirection": "ROW",
    "InversionTime": 1.1,
    "MRAcquisitionType": "3D",
    "MagneticFieldStrength": 3,
    "ManufacturerModelName": "TrioTim",
    "NumberOfAverages": 1,
    "NumberOfPhaseEncodingSteps": 255,
    "PatientPosition": "HFS",
    "PercentPhaseFieldOfView": 100,
    "PercentSampling": 100,
    "PhaseEncodingDirection": "i-",
    "PixelBandwidth": 200,
    "ProtocolName": "MPRAGE - BWM",
    "ReceiveCoilName": "HeadMatrix",
    "RepetitionTime": 2.53,
    "ScanOptions": "IR",
    "ScanningSequence": "GR/IR",
    "SequenceName": "*tfl3d1_ns",
    "SequenceVariant": "SP/MP",
    "SoftwareVersions": "syngo MR B15",
    "TotalScanTimeSec": 363,
    "TransmitCoilName": "Body",
    "VariableFlipAngleFlag": "N",
    "dataset": "ds000030",
    "modality": "T1w",
    "subject_id": "10686"
  },
  "cjv": 0.42673930528532417,
  "cnr": 3.1637621305916634,
  "efc": 0.5240490170129948,
  "fber": 1447.4852294921875,
  "fwhm_avg": 3.2272244938267782,
  "fwhm_x": 3.299223481480334,
  "fwhm_y": 3.34866,
  "fwhm_z": 3.03379,
  "icvs_csf": 0.17784539277383618,
  "icvs_gm": 0.41760618194960375,
  "icvs_wm": 0.40454842527656004,
  "inu_med": 1.645467758178711,
  "inu_range": 0.551132297515869,
  "provenance": {
    "md5sum": "b8e1277e8cffc52aea0cfc4ab8b84d63",
    "settings": {
      "testing": false
    },
    "software": "mriqc",
    "version": "0.16.1",
    "warnings": {
      "large_rot_frame": true,
      "small_air_mask": false
    },
    "webapi_port": null,
    "webapi_url": "https://mriqc.nimh.nih.gov/api/v1"
  },
  "qi_1": 0.0,
  "qi_2": 0.005319880382265655,
  "rpve_csf": 36.046892687344354,
  "rpve_gm": 16.762526951335477,
  "rpve_wm": 21.307947997541376,
  "size_x": 176,
  "size_y": 256,
  "size_z": 256,
  "snr_csf": 2.215888397456961,
  "snr_gm": 8.244866539793286,
  "snr_total": 9.041585882730283,
  "snr_wm": 16.6640027109406,
  "snrd_csf": 18.42268042580688,
  "snrd_gm": 38.77988875388014,
  "snrd_total": 38.18430869182753,
  "snrd_wm": 57.350356895795564,
  "spacing_x": 1.0000050067901611,
  "spacing_y": 1.0,
  "spacing_z": 1.0,
  "summary_bg_k": 10.349177294431112,
  "summary_bg_mad": 11.423302225867909,
  "summary_bg_mean": 15.758281707763672,
  "summary_bg_median": 11.744152069091797,
  "summary_bg_n": 3816604.0,
  "summary_bg_p05": 0.0,
  "summary_bg_p95": 38.85155696868896,
  "summary_bg_stdv": 12.180522918701172,
  "summary_csf_k": -0.7657087701977461,
  "summary_csf_mad": 174.60011983384715,
  "summary_csf_mean": 310.1998596191406,
  "summary_csf_median": 321.2275390625,
  "summary_csf_n": 4630.0,
  "summary_csf_p05": 90.30740928649902,
  "summary_csf_p95": 535.0157012939453,
  "summary_csf_stdv": 144.94992065429688,
  "summary_gm_k": 0.14163310246759275,
  "summary_gm_mad": 80.15634961799131,
  "summary_gm_mean": 676.844482421875,
  "summary_gm_median": 676.1865234375,
  "summary_gm_n": 14165.0,
  "summary_gm_p05": 543.3942016601562,
  "summary_gm_p95": 813.2379272460937,
  "summary_gm_stdv": 82.01013946533203,
  "summary_wm_k": 0.23701224927685294,
  "summary_wm_mad": 58.02373358948947,
  "summary_wm_mean": 999.8924560546875,
  "summary_wm_median": 999.990966796875,
  "summary_wm_n": 185844.0,
  "summary_wm_p05": 900.6550811767578,
  "summary_wm_p95": 1098.1245910644532,
  "summary_wm_stdv": 60.008888244628906,
  "tpm_overlap_csf": 0.15551143884658813,
  "tpm_overlap_gm": 0.43093520402908325,
  "tpm_overlap_wm": 0.5047581195831299,
  "wm2max": 0.6705565051113741
}