{
  "bids_meta": {
    "AccelNumReferenceLines": 32,
    "AccelerationFactorPE": 2,
    "AcquisitionMatrix": "0/256/256/0",
    "DeviceSerialNumber": "35343",
    "EchoTime": 0.00331,
    "EchoTrainLength": 1,
    "FlipAngle": 7,
    "ImageType": "ORIGINAL/PRIMARY/M/ND/NORM",
    "ImagingFrequency": 123227342,
    "InPlanePhaseEncodingDirection": "ROW",
    "InversionTime": 1.1,
    "MRAcquisitionType": "3D",
    "MagneticFieldStrength": 3,
    "ManufacturerModelName": "TrioTim",
    "NumberOfAverages": 1,
    "NumberOfPhaseEncodingSteps": 255,
    "PatientPosition": "HFS",
    "PercentPhaseFieldOfView": 100,
    "PercentSampling": 100,
    "PhaseEncodingDirection": "i-",
    "PixelBandwidth": 200,
    "ProtocolName": "MPRAGE - BWM",
    "ReceiveCoilName": "HeadMatrix",
    "RepetitionTime": 2.53,
    "ScanOptions": "IR",
    "ScanningSequence": "GR/IR",
    "SequenceName": "*tfl3d1_ns",
    "SequenceVariant": "SP/MP",
    "SoftwareVersions": "syngo MR B15",
    "TotalScanTimeSec": 363,
    "TransmitCoilName": "Body",
    "VariableFlipAngleFlag": "N",
    "dataset": "ds000030",
    "modality": "T1w",
    "subject_id": "11052"
  },
  "cjv": 0.4518183528210676,
  "cnr": 2.9604450969764855,
  "efc": 0.5449025398384278,
  "fber": 1202.225341796875,
  "fwhm_avg": 3.176593462124283,
  "fwhm_x": 3.2411303863728507,
  "fwhm_y": 3.32874,
  "fwhm_z": 2.95991,
  "icvs_csf": 0.16991109639783292,
  "icvs_gm": 0.4368490758749334,
  "icvs_wm": 0.3932398277272337,
  "inu_med": 1.7443320751190186,
  "inu_range": 0.6670636653900146,
  "provenance": {
    "md5sum": "458934e4d9214227822efc3cd73f2ea5",
    "settings": {
      "testing": false
    },
    "software": "mriqc",
    "version": "0.16.1",
    "warnings": {
      "large_rot_frame": true,
      "small_air_mask": false
    },
    "webapi_port": null,
    "webapi_url": "https://mriqc.nimh.nih.gov/api/v1"
  },
  "qi_1": 0.0,
  "qi_2": 0.004286874806546371,
  "rpve_csf": 29.530462853857202,
  "rpve_gm": 12.952783963351047,
  "rpve_wm": 17.1950937682423,
  "size_x": 176,
  "size_y": 256,
  "size_z": 256,
  "snr_csf": 2.371923211396474,
  "snr_gm": 8.076705556496337,
  "snr_total": 8.958466967550365,
  "snr_wm": 16.426772134758284,
  "snrd_csf": 26.29672108407566,
  "snrd_gm": 47.933515942871196,
  "snrd_total": 47.98360524341596,
  "snrd_wm": 69.72057870330104,
  "spacing_x": 0.9999998807907104,
  "spacing_y": 1.0,
  "spacing_z": 1.0,
  "summary_bg_k": 183.49340513428672,
  "summary_bg_mad": 9.396803998014299,
  "summary_bg_mean": 17.320453643798828,
  "summary_bg_median": 15.48109245300293,
  "summary_bg_n": 3645050.0,
  "summary_bg_p05": 3.0935736775398253,
  "summary_bg_p95": 40.91592617034911,
  "summary_bg_stdv": 13.805404663085938,
  "summary_csf_k": -0.9210794794311368,
  "summary_csf_mad": 189.80554756404717,
  "summary_csf_mean": 352.33319091796875,
  "summary_csf_median": 377.18121337890625,
  "summary_csf_n": 3334.0,
  "summary_csf_p05": 108.91332321166993,
  "summary_csf_p95": 593.484912109375,
  "summary_csf_stdv": 158.99530029296875,
  "summary_gm_k": 0.054726832976211615,
  "summary_gm_mad": 83.05002103170364,
  "summary_gm_mean": 691.9146728515625,
  "summary_gm_median": 687.5238037109375,
  "summary_gm_n": 20392.0,
  "summary_gm_p05": 557.3961059570313,
  "summary_gm_p95": 839.8001983642579,
  "summary_gm_stdv": 85.12220001220703,
  "summary_wm_k": 0.38448008515462817,
  "summary_wm_mad": 58.14227661355211,
  "summary_wm_mean": 998.7427978515625,
  "summary_wm_median": 1000.021728515625,
  "summary_wm_n": 228974.0,
  "summary_wm_p05": 896.127767944336,
  "summary_wm_p95": 1096.1212646484375,
  "summary_wm_stdv": 60.87742233276367,
  "tpm_overlap_csf": 0.15376387536525726,
  "tpm_overlap_gm": 0.44006362557411194,
  "tpm_overlap_wm": 0.4981783628463745,
  "wm2max": 0.666555884263687
}