{
  "bids_meta": {
    "AccelNumReferenceLines": 32,
    "AccelerationFactorPE": 2,
    "AcquisitionMatrix": "0/256/256/0",
    "DeviceSerialNumber": "35426",
    "EchoTime": 0.00331,
    "EchoTrainLength": 1,
    "FlipAngle": 7,
    "ImageType": "ORIGINAL/PRIMARY/M/ND/NORM",
    "ImagingFrequency": 123191983,
    "InPlanePhaseEncodingDirection": "ROW",
    "InversionTime": 1.1,
    "MRAcquisitionType": "3D",
    "MagneticFieldStrength": 3,
    "ManufacturerModelName": "TrioTim",
    "NumberOfAverages": 1,
    "NumberOfPhaseEncodingSteps": 255,
    "PatientPosition": "HFS",
    "PercentPhaseFieldOfView": 100,
    "PercentSampling": 100,
    "PhaseEncodingDirection": "i-",
    "PixelBandwidth": 199,
    "ProtocolName": "MPRAGE - BWM",
    "ReceiveCoilName": "HeadMatrix",
    "RepetitionTime": 2.53,
    "ScanOptions": "IR",
    "ScanningSequence": "GR/IR",
    "SequenceName": "*tfl3d1_ns",
    "SequenceVariant": "SP/MP",
    "SoftwareVersions": "syngo MR B17",
    "TotalScanTimeSec": 363,
    "TransmitCoilName": "Body",
    "VariableFlipAngleFlag": "N",
    "dataset": "ds000030",
    "modality": "T1w",
    "subject_id": "11090"
  },
  "cjv": 0.3783270486210111,
  "cnr": 3.4847989863305173,
  "efc": 0.5505963925684537,
  "fber": 1144.652099609375,
  "fwhm_avg": 3.185090645920408,
  "fwhm_x": 3.2205219377612244,
  "fwhm_y": 3.36856,
  "fwhm_z": 2.96619,
  "icvs_csf": 0.1797740418916751,
  "icvs_gm": 0.4282775255613646,
  "icvs_wm": 0.39194843254696027,
  "inu_med": 1.6294561624526978,
  "inu_range": 0.5373851656913755,
  "provenance": {
    "md5sum": "f8dfee9fbaa0f18a5c69b8488358eb03",
    "settings": {
      "testing": false
    },
    "software": "mriqc",
    "version": "0.16.1",
    "warnings": {
      "large_rot_frame": true,
      "small_air_mask": false
    },
    "webapi_port": null,
    "webapi_url": "https://mriqc.nimh.nih.gov/api/v1"
  },
  "qi_1": 4.375790719057279e-06,
  "qi_2": 0.004151514981966111,
  "rpve_csf": 27.307821676836976,
  "rpve_gm": 12.724790386190781,
  "rpve_wm": 16.745427860994695,
  "size_x": 176,
  "size_y": 256,
  "size_z": 256,
  "snr_csf": 2.0093504582976385,
  "snr_gm": 8.196217684262262,
  "snr_total": 9.354834994850275,
  "snr_wm": 17.858936841990925,
  "snrd_csf": 20.09034547932499,
  "snrd_gm": 48.472644686521214,
  "snrd_total": 47.49199801345477,
  "snrd_wm": 73.9130038745181,
  "spacing_x": 1.0000025033950806,
  "spacing_y": 1.0,
  "spacing_z": 1.0,
  "summary_bg_k": 807.1325366537565,
  "summary_bg_mad": 8.863613481351052,
  "summary_bg_mean": 16.364118576049805,
  "summary_bg_median": 14.629770278930664,
  "summary_bg_n": 3421811.0,
  "summary_bg_p05": 2.9242535829544067,
  "summary_bg_p95": 38.31671142578125,
  "summary_bg_stdv": 14.77902603149414,
  "summary_csf_k": -0.45920187017746716,
  "summary_csf_mad": 159.14774255199296,
  "summary_csf_mean": 291.0547180175781,
  "summary_csf_median": 271.8106689453125,
  "summary_csf_n": 6324.0,
  "summary_csf_p05": 107.29364356994628,
  "summary_csf_p95": 518.222406005859,
  "summary_csf_stdv": 135.26220703125,
  "summary_gm_k": 0.11448435266710888,
  "summary_gm_mad": 77.13802704729707,
  "summary_gm_mean": 655.9143676757812,
  "summary_gm_median": 655.806640625,
  "summary_gm_n": 15436.0,
  "summary_gm_p05": 520.7526550292969,
  "summary_gm_p95": 787.9004974365234,
  "summary_gm_stdv": 80.01073455810547,
  "summary_wm_k": 0.4727368943206729,
  "summary_wm_mad": 53.07958457749664,
  "summary_wm_mean": 998.89501953125,
  "summary_wm_median": 999.9998779296875,
  "summary_wm_n": 225472.0,
  "summary_wm_p05": 905.4726776123047,
  "summary_wm_p95": 1088.3985412597654,
  "summary_wm_stdv": 55.99424362182617,
  "tpm_overlap_csf": 0.16526514291763306,
  "tpm_overlap_gm": 0.43856969475746155,
  "tpm_overlap_wm": 0.503000020980835,
  "wm2max": 0.655906524030773
}