{
  "bids_meta": {
    "AccelNumReferenceLines": 32,
    "AccelerationFactorPE": 2,
    "AcquisitionMatrix": "0/256/256/0",
    "DeviceSerialNumber": "35343",
    "EchoTime": 0.00331,
    "EchoTrainLength": 1,
    "FlipAngle": 7,
    "ImageType": "ORIGINAL/PRIMARY/M/ND/NORM",
    "ImagingFrequency": 123249527,
    "InPlanePhaseEncodingDirection": "ROW",
    "InversionTime": 1.1,
    "MRAcquisitionType": "3D",
    "MagneticFieldStrength": 3,
    "ManufacturerModelName": "TrioTim",
    "NumberOfAverages": 1,
    "NumberOfPhaseEncodingSteps": 255,
    "PatientPosition": "HFS",
    "PercentPhaseFieldOfView": 100,
    "PercentSampling": 100,
    "PhaseEncodingDirection": "i-",
    "PixelBandwidth": 200,
    "ProtocolName": "MPRAGE - BWM",
    "ReceiveCoilName": "HeadMatrix",
    "RepetitionTime": 2.53,
    "ScanOptions": "IR",
    "ScanningSequence": "GR/IR",
    "SequenceName": "*tfl3d1_ns",
    "SequenceVariant": "SP/MP",
    "SoftwareVersions": "syngo MR B15",
    "TotalScanTimeSec": 363,
    "TransmitCoilName": "Body",
    "VariableFlipAngleFlag": "N",
    "dataset": "ds000030",
    "modality": "T1w",
    "subject_id": "10478"
  },
  "cjv": 0.3636400291231978,
  "cnr": 3.684414601226793,
  "efc": 0.5113822667970164,
  "fber": 1558.7606201171875,
  "fwhm_avg": 3.134536666666667,
  "fwhm_x": 3.15434,
  "fwhm_y": 3.25955,
  "fwhm_z": 2.98972,
  "icvs_csf": 0.16833168176606386,
  "icvs_gm": 0.4481565040227352,
  "icvs_wm": 0.3835118142112009,
  "inu_med": 1.5932331085205078,
  "inu_range": 0.3508983969688415,
  "provenance": {
    "md5sum": "c6a63b3c4eee6b660565abae04ceb15b",
    "settings": {
      "testing": false
    },
    "software": "mriqc",
    "version": "0.16.1",
    "warnings": {
      "large_rot_frame": true,
      "small_air_mask": false
    },
    "webapi_port": null,
    "webapi_url": "https://mriqc.nimh.nih.gov/api/v1"
  },
  "qi_1": 6.907237324154518e-05,
  "qi_2": 0.005025010759621858,
  "rpve_csf": 32.82544286364639,
  "rpve_gm": 13.979449441331528,
  "rpve_wm": 19.0307539303699,
  "size_x": 176,
  "size_y": 256,
  "size_z": 256,
  "snr_csf": 1.9548625637486519,
  "snr_gm": 8.83534991356436,
  "snr_total": 9.63109131320806,
  "snr_wm": 18.103061462311167,
  "snrd_csf": 19.695315860011974,
  "snrd_gm": 47.7725390442284,
  "snrd_total": 46.77509517516575,
  "snrd_wm": 72.85743062125688,
  "spacing_x": 1.0,
  "spacing_y": 1.0,
  "spacing_z": 1.0,
  "summary_bg_k": 228.78621149327216,
  "summary_bg_mad": 8.991776107801698,
  "summary_bg_mean": 14.173638343811035,
  "summary_bg_median": 12.139107704162598,
  "summary_bg_n": 3066943.0,
  "summary_bg_p05": 0.0,
  "summary_bg_p95": 33.51550979614258,
  "summary_bg_stdv": 13.18753719329834,
  "summary_csf_k": 11.163893181341372,
  "summary_csf_mad": 136.85533097950898,
  "summary_csf_mean": 297.06048583984375,
  "summary_csf_median": 270.319091796875,
  "summary_csf_n": 8624.0,
  "summary_csf_p05": 123.6218475341797,
  "summary_csf_p95": 517.7285583496092,
  "summary_csf_stdv": 138.2723388671875,
  "summary_gm_k": 0.0937838715626933,
  "summary_gm_mad": 71.817707538336,
  "summary_gm_mean": 654.203369140625,
  "summary_gm_median": 655.6802368164062,
  "summary_gm_n": 15871.0,
  "summary_gm_p05": 528.0030517578125,
  "summary_gm_p95": 774.3410339355469,
  "summary_gm_stdv": 74.20867156982422,
  "summary_wm_k": 0.2551985719202867,
  "summary_wm_mad": 53.38037618969834,
  "summary_wm_mean": 998.1372680664062,
  "summary_wm_median": 999.9714965820312,
  "summary_wm_n": 191053.0,
  "summary_wm_p05": 903.945458984375,
  "summary_wm_p95": 1085.8592041015625,
  "summary_wm_stdv": 55.23755645751953,
  "tpm_overlap_csf": 0.16627904772758484,
  "tpm_overlap_gm": 0.43489566445350647,
  "tpm_overlap_wm": 0.4912993311882019,
  "wm2max": 0.7118456690727355
}