{
  "bids_meta": {
    "AccelNumReferenceLines": 32,
    "AccelerationFactorPE": 2,
    "AcquisitionMatrix": "0/256/256/0",
    "DeviceSerialNumber": "35343",
    "EchoTime": 0.00331,
    "EchoTrainLength": 1,
    "FlipAngle": 7,
    "ImageType": "ORIGINAL/PRIMARY/M/ND/NORM",
    "ImagingFrequency": 123249938,
    "InPlanePhaseEncodingDirection": "ROW",
    "InversionTime": 1.1,
    "MRAcquisitionType": "3D",
    "MagneticFieldStrength": 3,
    "ManufacturerModelName": "TrioTim",
    "NumberOfAverages": 1,
    "NumberOfPhaseEncodingSteps": 255,
    "PatientPosition": "HFS",
    "PercentPhaseFieldOfView": 100,
    "PercentSampling": 100,
    "PhaseEncodingDirection": "i-",
    "PixelBandwidth": 200,
    "ProtocolName": "MPRAGE - BWM",
    "ReceiveCoilName": "HeadMatrix",
    "RepetitionTime": 2.53,
    "ScanOptions": "IR",
    "ScanningSequence": "GR/IR",
    "SequenceName": "*tfl3d1_ns",
    "SequenceVariant": "SP/MP",
    "SoftwareVersions": "syngo MR B15",
    "TotalScanTimeSec": 363,
    "TransmitCoilName": "Body",
    "VariableFlipAngleFlag": "N",
    "dataset": "ds000030",
    "modality": "T1w",
    "subject_id": "10290"
  },
  "cjv": 0.42375414604589506,
  "cnr": 3.1323279619839868,
  "efc": 0.49896670761521533,
  "fber": 1337.6990966796875,
  "fwhm_avg": 3.110696666666667,
  "fwhm_x": 3.09825,
  "fwhm_y": 3.32011,
  "fwhm_z": 2.91373,
  "icvs_csf": 0.18414537371390413,
  "icvs_gm": 0.4141859988741914,
  "icvs_wm": 0.4016686274119045,
  "inu_med": 1.6772692203521729,
  "inu_range": 0.46583386659622184,
  "provenance": {
    "md5sum": "6f338408f698d9c4a8dc1778c345fc62",
    "settings": {
      "testing": false
    },
    "software": "mriqc",
    "version": "0.16.1",
    "warnings": {
      "large_rot_frame": true,
      "small_air_mask": false
    },
    "webapi_port": null,
    "webapi_url": "https://mriqc.nimh.nih.gov/api/v1"
  },
  "qi_1": 1.8809565826611733e-05,
  "qi_2": 0.004958183661440965,
  "rpve_csf": 33.53473824584799,
  "rpve_gm": 15.880819597694586,
  "rpve_wm": 19.864624962971817,
  "size_x": 176,
  "size_y": 256,
  "size_z": 256,
  "snr_csf": 1.7053697358987017,
  "snr_gm": 8.34650603617676,
  "snr_total": 9.378735185127006,
  "snr_wm": 18.084329783305556,
  "snrd_csf": 16.238598058388718,
  "snrd_gm": 46.924031072644546,
  "snrd_total": 43.831997790551036,
  "snrd_wm": 68.33336424061983,
  "spacing_x": 1.0,
  "spacing_y": 1.0,
  "spacing_z": 1.0,
  "summary_bg_k": 216.2020446369415,
  "summary_bg_mad": 9.587242008808065,
  "summary_bg_mean": 15.029058456420898,
  "summary_bg_median": 12.945284843444824,
  "summary_bg_n": 4483531.0,
  "summary_bg_p05": 0.0,
  "summary_bg_p95": 35.702714920043945,
  "summary_bg_stdv": 13.370482444763184,
  "summary_csf_k": -0.6163252423815839,
  "summary_csf_mad": 140.47613037182998,
  "summary_csf_mean": 275.59954833984375,
  "summary_csf_median": 237.6350555419922,
  "summary_csf_n": 7439.0,
  "summary_csf_p05": 96.20814437866211,
  "summary_csf_p95": 523.0786926269532,
  "summary_csf_stdv": 139.3358154296875,
  "summary_gm_k": 0.06418708539376228,
  "summary_gm_mad": 79.5088422831209,
  "summary_gm_mean": 689.328125,
  "summary_gm_median": 686.6845703125,
  "summary_gm_n": 11836.0,
  "summary_gm_p05": 556.0151824951172,
  "summary_gm_p95": 829.1083831787109,
  "summary_gm_stdv": 82.26862335205078,
  "summary_wm_k": 0.3245764601361487,
  "summary_wm_mad": 53.254774878706776,
  "summary_wm_mean": 998.5814819335938,
  "summary_wm_median": 999.9879760742188,
  "summary_wm_n": 194075.0,
  "summary_wm_p05": 905.1260009765625,
  "summary_wm_p95": 1086.5650024414062,
  "summary_wm_stdv": 55.295684814453125,
  "tpm_overlap_csf": 0.1559750884771347,
  "tpm_overlap_gm": 0.4125874936580658,
  "tpm_overlap_wm": 0.48023340106010437,
  "wm2max": 0.6672622833394661
}