{
  "bids_meta": {
    "AccelNumReferenceLines": 32,
    "AccelerationFactorPE": 2,
    "AcquisitionMatrix": "0/256/256/0",
    "DeviceSerialNumber": "35343",
    "EchoTime": 0.00331,
    "EchoTrainLength": 1,
    "FlipAngle": 7,
    "ImageType": "ORIGINAL/PRIMARY/M/ND/NORM",
    "ImagingFrequency": 123249789,
    "InPlanePhaseEncodingDirection": "ROW",
    "InversionTime": 1.1,
    "MRAcquisitionType": "3D",
    "MagneticFieldStrength": 3,
    "ManufacturerModelName": "TrioTim",
    "NumberOfAverages": 1,
    "NumberOfPhaseEncodingSteps": 255,
    "PatientPosition": "HFS",
    "PercentPhaseFieldOfView": 100,
    "PercentSampling": 100,
    "PhaseEncodingDirection": "i-",
    "PixelBandwidth": 200,
    "ProtocolName": "MPRAGE - BWM",
    "ReceiveCoilName": "HeadMatrix",
    "RepetitionTime": 2.53,
    "ScanOptions": "IR",
    "ScanningSequence": "GR/IR",
    "SequenceName": "*tfl3d1_ns",
    "SequenceVariant": "SP/MP",
    "SoftwareVersions": "syngo MR B15",
    "TotalScanTimeSec": 363,
    "TransmitCoilName": "Body",
    "VariableFlipAngleFlag": "N",
    "dataset": "ds000030",
    "modality": "T1w",
    "subject_id": "70026"
  },
  "cjv": 0.4318776382026145,
  "cnr": 3.1285587574222125,
  "efc": 0.47339633508849444,
  "fber": 1860.3206787109375,
  "fwhm_avg": 3.0095904262588213,
  "fwhm_x": 3.064901278776464,
  "fwhm_y": 3.16547,
  "fwhm_z": 2.7984,
  "icvs_csf": 0.1813600355184794,
  "icvs_gm": 0.4449907186162122,
  "icvs_wm": 0.3736492458653084,
  "inu_med": 1.8448506593704224,
  "inu_range": 0.5709717273712158,
  "provenance": {
    "md5sum": "2f9f7c0f77ded5cfd785f7b8b6c5eafd",
    "settings": {
      "testing": false
    },
    "software": "mriqc",
    "version": "21.0.0rc2",
    "warnings": {
      "large_rot_frame": true,
      "small_air_mask": false
    },
    "webapi_port": null,
    "webapi_url": "https://mriqc.nimh.nih.gov/api/v1"
  },
  "qi_1": 0.0,
  "qi_2": 0.004754266817314475,
  "rpve_csf": 32.61154993057294,
  "rpve_gm": 14.872165744803839,
  "rpve_wm": 20.986678426736837,
  "size_x": 176,
  "size_y": 256,
  "size_z": 256,
  "snr_csf": 4.403281089063111,
  "snr_gm": 8.307751661655953,
  "snr_total": 10.066950730464358,
  "snr_wm": 17.48981944067401,
  "snrd_csf": 35.527541023581264,
  "snrd_gm": 56.26243186418181,
  "snrd_total": 57.99514557861375,
  "snrd_wm": 82.19546384807819,
  "spacing_x": 0.9999995827674866,
  "spacing_y": 1.0,
  "spacing_z": 1.0,
  "summary_bg_k": 5.721932131544351,
  "summary_bg_mad": 7.970406499803475,
  "summary_bg_mean": 13.748895645141602,
  "summary_bg_median": 10.721339225769043,
  "summary_bg_n": 4908038.0,
  "summary_bg_p05": 2.6524834632873535,
  "summary_bg_p95": 34.40301933288571,
  "summary_bg_stdv": 10.622840881347656,
  "summary_csf_k": 1.031949930786971,
  "summary_csf_mad": 82.11592914934744,
  "summary_csf_mean": 420.09771728515625,
  "summary_csf_median": 432.22900390625,
  "summary_csf_n": 3629.0,
  "summary_csf_p05": 234.3622802734375,
  "summary_csf_p95": 564.9838745117188,
  "summary_csf_stdv": 98.14714050292969,
  "summary_gm_k": -0.07544359079744734,
  "summary_gm_mad": 82.72981913044742,
  "summary_gm_mean": 685.3961181640625,
  "summary_gm_median": 684.490234375,
  "summary_gm_n": 16461.0,
  "summary_gm_p05": 550.5323486328125,
  "summary_gm_p95": 823.084716796875,
  "summary_gm_stdv": 82.38925170898438,
  "summary_wm_k": 0.5490807944687837,
  "summary_wm_mad": 53.528419233489544,
  "summary_wm_mean": 997.9094848632812,
  "summary_wm_median": 999.9921875,
  "summary_wm_n": 168491.0,
  "summary_wm_p05": 899.7055358886719,
  "summary_wm_p95": 1087.7810668945312,
  "summary_wm_stdv": 57.17550277709961,
  "tpm_overlap_csf": 0.13590149581432343,
  "tpm_overlap_gm": 0.4290256202220917,
  "tpm_overlap_wm": 0.472329318523407,
  "wm2max": 0.7373081359351414
}