{
  "bids_meta": {
    "AccelNumReferenceLines": 32,
    "AccelerationFactorPE": 2,
    "AcquisitionMatrix": "0/256/256/0",
    "DeviceSerialNumber": "35426",
    "EchoTime": 0.00331,
    "EchoTrainLength": 1,
    "FlipAngle": 7,
    "ImageType": "ORIGINAL/PRIMARY/M/ND/NORM",
    "ImagingFrequency": 123191614,
    "InPlanePhaseEncodingDirection": "ROW",
    "InversionTime": 1.1,
    "MRAcquisitionType": "3D",
    "MagneticFieldStrength": 3,
    "ManufacturerModelName": "TrioTim",
    "NumberOfAverages": 1,
    "NumberOfPhaseEncodingSteps": 255,
    "PatientPosition": "HFS",
    "PercentPhaseFieldOfView": 100,
    "PercentSampling": 100,
    "PhaseEncodingDirection": "i-",
    "PixelBandwidth": 199,
    "ProtocolName": "MPRAGE - BWM",
    "ReceiveCoilName": "HeadMatrix",
    "RepetitionTime": 2.53,
    "ScanOptions": "IR",
    "ScanningSequence": "GR/IR",
    "SequenceName": "tfl3d1_ns",
    "SequenceVariant": "SP/MP",
    "SoftwareVersions": "syngo MR B17",
    "TotalScanTimeSec": 363,
    "TransmitCoilName": "Body",
    "VariableFlipAngleFlag": "N",
    "dataset": "ds000030",
    "modality": "T1w",
    "subject_id": "11066"
  },
  "cjv": 0.43921597153464664,
  "cnr": 2.9749774143361143,
  "efc": 0.5805086660297144,
  "fber": 988.1434326171875,
  "fwhm_avg": 3.3117116014404115,
  "fwhm_x": 3.3526548043212347,
  "fwhm_y": 3.49056,
  "fwhm_z": 3.09192,
  "icvs_csf": 0.1920949773604913,
  "icvs_gm": 0.4034672242647904,
  "icvs_wm": 0.40443779837471827,
  "inu_med": 1.7082382440567017,
  "inu_range": 0.785618400573731,
  "provenance": {
    "md5sum": "6650c35410c5cc93bfc35351db5e8361",
    "settings": {
      "testing": false
    },
    "software": "mriqc",
    "version": "0.16.1",
    "warnings": {
      "large_rot_frame": true,
      "small_air_mask": false
    },
    "webapi_port": null,
    "webapi_url": "https://mriqc.nimh.nih.gov/api/v1"
  },
  "qi_1": 2.105058033442756e-06,
  "qi_2": 0.003902785577910694,
  "rpve_csf": 27.03709049504389,
  "rpve_gm": 13.599154689642138,
  "rpve_wm": 16.809736298791915,
  "size_x": 176,
  "size_y": 256,
  "size_z": 256,
  "snr_csf": 2.282564576760514,
  "snr_gm": 7.788947239909418,
  "snr_total": 8.515248558683558,
  "snr_wm": 15.474233859380742,
  "snrd_csf": 22.173995678304127,
  "snrd_gm": 42.40068495059919,
  "snrd_total": 42.47422771403628,
  "snrd_wm": 62.84800251320553,
  "spacing_x": 1.0000015497207642,
  "spacing_y": 1.0,
  "spacing_z": 1.0,
  "summary_bg_k": 305.00338231398086,
  "summary_bg_mad": 10.42456947158203,
  "summary_bg_mean": 19.762710571289062,
  "summary_bg_median": 17.03996467590332,
  "summary_bg_n": 3095941.0,
  "summary_bg_p05": 3.4017646312713623,
  "summary_bg_p95": 47.834720611572266,
  "summary_bg_stdv": 16.787506103515625,
  "summary_csf_k": -1.0314994693980826,
  "summary_csf_mad": 196.87023672117584,
  "summary_csf_mean": 340.76959228515625,
  "summary_csf_median": 352.8339538574219,
  "summary_csf_n": 5837.0,
  "summary_csf_p05": 103.8827606201172,
  "summary_csf_p95": 574.642919921875,
  "summary_csf_stdv": 154.5646209716797,
  "summary_gm_k": 0.6277549039792221,
  "summary_gm_mad": 81.05623595599968,
  "summary_gm_mean": 678.8562622070312,
  "summary_gm_median": 674.6822509765625,
  "summary_gm_n": 10534.0,
  "summary_gm_p05": 546.3909240722656,
  "summary_gm_p95": 829.3909729003906,
  "summary_gm_stdv": 86.6163558959961,
  "summary_wm_k": 0.40871827931866633,
  "summary_wm_mad": 61.846610379222604,
  "summary_wm_mean": 998.6572875976562,
  "summary_wm_median": 1000.0411987304688,
  "summary_wm_n": 228399.0,
  "summary_wm_p05": 890.0283081054688,
  "summary_wm_p95": 1102.2656372070312,
  "summary_wm_stdv": 64.6260757446289,
  "tpm_overlap_csf": 0.1664469838142395,
  "tpm_overlap_gm": 0.43718311190605164,
  "tpm_overlap_wm": 0.5105699896812439,
  "wm2max": 0.642682981896345
}