{
  "bids_meta": {
    "AccelNumReferenceLines": 32,
    "AccelerationFactorPE": 2,
    "AcquisitionMatrix": "0/256/256/0",
    "DeviceSerialNumber": "35343",
    "EchoTime": 0.00331,
    "EchoTrainLength": 1,
    "FlipAngle": 7,
    "ImageType": "ORIGINAL/PRIMARY/M/ND/NORM",
    "ImagingFrequency": 123249444,
    "InPlanePhaseEncodingDirection": "ROW",
    "InversionTime": 1.1,
    "MRAcquisitionType": "3D",
    "MagneticFieldStrength": 3,
    "ManufacturerModelName": "TrioTim",
    "NumberOfAverages": 1,
    "NumberOfPhaseEncodingSteps": 255,
    "PatientPosition": "HFS",
    "PercentPhaseFieldOfView": 100,
    "PercentSampling": 100,
    "PhaseEncodingDirection": "i-",
    "PixelBandwidth": 200,
    "ProtocolName": "MPRAGE - BWM",
    "ReceiveCoilName": "HeadMatrix",
    "RepetitionTime": 2.53,
    "ScanOptions": "IR",
    "ScanningSequence": "GR/IR",
    "SequenceName": "*tfl3d1_ns",
    "SequenceVariant": "SP/MP",
    "SoftwareVersions": "syngo MR B15",
    "TotalScanTimeSec": 363,
    "TransmitCoilName": "Body",
    "VariableFlipAngleFlag": "N",
    "dataset": "ds000030",
    "modality": "T1w",
    "subject_id": "10517"
  },
  "cjv": 0.39150248287772266,
  "cnr": 3.3397531156391986,
  "efc": 0.5092136183893208,
  "fber": 1413.0845947265625,
  "fwhm_avg": 3.2185200000000003,
  "fwhm_x": 3.2479,
  "fwhm_y": 3.35686,
  "fwhm_z": 3.0508,
  "icvs_csf": 0.18005294279493636,
  "icvs_gm": 0.4382241787770652,
  "icvs_wm": 0.3817228784279984,
  "inu_med": 1.7031471729278564,
  "inu_range": 0.5638144910335541,
  "provenance": {
    "md5sum": "60b2034bf851e2f9994728c89b702076",
    "settings": {
      "testing": false
    },
    "software": "mriqc",
    "version": "0.16.1",
    "warnings": {
      "large_rot_frame": true,
      "small_air_mask": false
    },
    "webapi_port": null,
    "webapi_url": "https://mriqc.nimh.nih.gov/api/v1"
  },
  "qi_1": 2.529912227982144e-05,
  "qi_2": 0.004685791234298417,
  "rpve_csf": 27.39995165532641,
  "rpve_gm": 12.495114546926828,
  "rpve_wm": 17.14613607181019,
  "size_x": 176,
  "size_y": 256,
  "size_z": 256,
  "snr_csf": 2.9302469095861845,
  "snr_gm": 7.960691313779753,
  "snr_total": 9.428146998602832,
  "snr_wm": 17.393502772442556,
  "snrd_csf": 27.92023766198576,
  "snrd_gm": 47.68047015427918,
  "snrd_total": 49.273968810941504,
  "snrd_wm": 72.22119861655955,
  "spacing_x": 1.0,
  "spacing_y": 1.0,
  "spacing_z": 1.0,
  "summary_bg_k": 133.87772037197527,
  "summary_bg_mad": 9.071079326576907,
  "summary_bg_mean": 15.565686225891113,
  "summary_bg_median": 12.2061767578125,
  "summary_bg_n": 4759968.0,
  "summary_bg_p05": 3.019476580619812,
  "summary_bg_p95": 36.547852706909175,
  "summary_bg_stdv": 13.001967430114746,
  "summary_csf_k": -0.29227888651947875,
  "summary_csf_mad": 125.61275808510842,
  "summary_csf_mean": 358.8592224121094,
  "summary_csf_median": 386.5862121582031,
  "summary_csf_n": 10487.0,
  "summary_csf_p05": 128.83972930908203,
  "summary_csf_p95": 541.246417236328,
  "summary_csf_stdv": 131.92327880859375,
  "summary_gm_k": 0.13407231092288274,
  "summary_gm_mad": 78.97861110030024,
  "summary_gm_mean": 664.4456787109375,
  "summary_gm_median": 660.188232421875,
  "summary_gm_n": 15513.0,
  "summary_gm_p05": 535.9898803710937,
  "summary_gm_p95": 811.5655517578125,
  "summary_gm_stdv": 82.9283447265625,
  "summary_wm_k": 0.4972060144673933,
  "summary_wm_mad": 54.05127541137806,
  "summary_wm_mean": 997.85107421875,
  "summary_wm_median": 999.9814453125,
  "summary_wm_n": 214129.0,
  "summary_wm_p05": 899.0720581054688,
  "summary_wm_p95": 1088.2373779296875,
  "summary_wm_stdv": 57.49153137207031,
  "tpm_overlap_csf": 0.16352233290672302,
  "tpm_overlap_gm": 0.4422687292098999,
  "tpm_overlap_wm": 0.4947677552700043,
  "wm2max": 0.6977435428602272
}