{
  "bids_meta": {
    "AccelNumReferenceLines": 32,
    "AccelerationFactorPE": 2,
    "AcquisitionMatrix": "0/256/256/0",
    "DeviceSerialNumber": "35343",
    "EchoTime": 0.00331,
    "EchoTrainLength": 1,
    "FlipAngle": 7,
    "ImageType": "ORIGINAL/PRIMARY/M/ND/NORM",
    "ImagingFrequency": 123227577,
    "InPlanePhaseEncodingDirection": "ROW",
    "InversionTime": 1.1,
    "MRAcquisitionType": "3D",
    "MagneticFieldStrength": 3,
    "ManufacturerModelName": "TrioTim",
    "NumberOfAverages": 1,
    "NumberOfPhaseEncodingSteps": 255,
    "PatientPosition": "HFS",
    "PercentPhaseFieldOfView": 100,
    "PercentSampling": 100,
    "PhaseEncodingDirection": "i-",
    "PixelBandwidth": 200,
    "ProtocolName": "MPRAGE - BWM",
    "ReceiveCoilName": "HeadMatrix",
    "RepetitionTime": 2.53,
    "ScanOptions": "IR",
    "ScanningSequence": "GR/IR",
    "SequenceName": "*tfl3d1_ns",
    "SequenceVariant": "SP/MP",
    "SoftwareVersions": "syngo MR B15",
    "TotalScanTimeSec": 363,
    "TransmitCoilName": "Body",
    "VariableFlipAngleFlag": "N",
    "dataset": "ds000030",
    "modality": "T1w",
    "subject_id": "60028"
  },
  "cjv": 0.44417502023559435,
  "cnr": 3.0628451287488176,
  "efc": 0.48510965066714834,
  "fber": 1698.904296875,
  "fwhm_avg": 2.973636666666667,
  "fwhm_x": 3.02064,
  "fwhm_y": 3.04879,
  "fwhm_z": 2.85148,
  "icvs_csf": 0.20705038743855184,
  "icvs_gm": 0.40669869401720093,
  "icvs_wm": 0.3862509185442472,
  "inu_med": 1.7014069557189941,
  "inu_range": 0.4405852079391479,
  "provenance": {
    "md5sum": "aed07bf29625e7959877ebfc059b84b6",
    "settings": {
      "testing": false
    },
    "software": "mriqc",
    "version": "0.16.1",
    "warnings": {
      "large_rot_frame": true,
      "small_air_mask": false
    },
    "webapi_port": null,
    "webapi_url": "https://mriqc.nimh.nih.gov/api/v1"
  },
  "qi_1": 8.396056178657741e-06,
  "qi_2": 0.01759063002615764,
  "rpve_csf": 33.493853302918694,
  "rpve_gm": 17.512797805871166,
  "rpve_wm": 22.595799227738407,
  "size_x": 176,
  "size_y": 256,
  "size_z": 256,
  "snr_csf": 2.717028144080167,
  "snr_gm": 8.932728539632931,
  "snr_total": 9.852252177177093,
  "snr_wm": 17.906999847818177,
  "snrd_csf": 25.436008810911396,
  "snrd_gm": 46.90174256105971,
  "snrd_total": 46.370074635826285,
  "snrd_wm": 66.77247253550775,
  "spacing_x": 1.0,
  "spacing_y": 1.0,
  "spacing_z": 1.0,
  "summary_bg_k": 75.44494832714432,
  "summary_bg_mad": 9.81133625616284,
  "summary_bg_mean": 14.33747673034668,
  "summary_bg_median": 13.324495315551758,
  "summary_bg_n": 4398001.0,
  "summary_bg_p05": 0.0,
  "summary_bg_p95": 36.48362731933594,
  "summary_bg_stdv": 11.808280944824219,
  "summary_csf_k": 4.551352505475932,
  "summary_csf_mad": 127.08907118897865,
  "summary_csf_mean": 372.93402099609375,
  "summary_csf_median": 380.9302062988281,
  "summary_csf_n": 4499.0,
  "summary_csf_p05": 141.18036346435548,
  "summary_csf_p95": 580.5432739257812,
  "summary_csf_stdv": 140.1854705810547,
  "summary_gm_k": -0.09939007452693804,
  "summary_gm_mad": 78.21233451422204,
  "summary_gm_mean": 701.3948974609375,
  "summary_gm_median": 702.4014892578125,
  "summary_gm_n": 6369.0,
  "summary_gm_p05": 568.7926391601562,
  "summary_gm_p95": 831.2587890625,
  "summary_gm_stdv": 78.62618255615234,
  "summary_wm_k": 0.36499813544916604,
  "summary_wm_mad": 53.967254649666486,
  "summary_wm_mean": 999.6975708007812,
  "summary_wm_median": 999.9859619140625,
  "summary_wm_n": 159134.0,
  "summary_wm_p05": 907.544058227539,
  "summary_wm_p95": 1090.3023254394532,
  "summary_wm_stdv": 55.84312438964844,
  "tpm_overlap_csf": 0.14403103291988373,
  "tpm_overlap_gm": 0.40834325551986694,
  "tpm_overlap_wm": 0.49540388584136963,
  "wm2max": 0.6904257524616143
}