{
  "bids_meta": {
    "AccelNumReferenceLines": 32,
    "AccelerationFactorPE": 2,
    "AcquisitionMatrix": "0/256/256/0",
    "DeviceSerialNumber": "35343",
    "EchoTime": 0.00331,
    "EchoTrainLength": 1,
    "FlipAngle": 7,
    "ImageType": "ORIGINAL/PRIMARY/M/ND/NORM",
    "ImagingFrequency": 123227112,
    "InPlanePhaseEncodingDirection": "ROW",
    "InversionTime": 1.1,
    "MRAcquisitionType": "3D",
    "MagneticFieldStrength": 3,
    "ManufacturerModelName": "TrioTim",
    "NumberOfAverages": 1,
    "NumberOfPhaseEncodingSteps": 255,
    "PatientPosition": "HFS",
    "PercentPhaseFieldOfView": 100,
    "PercentSampling": 100,
    "PhaseEncodingDirection": "i-",
    "PixelBandwidth": 200,
    "ProtocolName": "MPRAGE - BWM",
    "ReceiveCoilName": "HeadMatrix",
    "RepetitionTime": 2.53,
    "ScanOptions": "IR",
    "ScanningSequence": "GR/IR",
    "SequenceName": "*tfl3d1_ns",
    "SequenceVariant": "SP/MP",
    "SoftwareVersions": "syngo MR B15",
    "TotalScanTimeSec": 363,
    "TransmitCoilName": "Body",
    "VariableFlipAngleFlag": "N",
    "dataset": "ds000030",
    "modality": "T1w",
    "subject_id": "10877"
  },
  "cjv": 0.4627732799550448,
  "cnr": 2.8973629168040853,
  "efc": 0.5436948553035676,
  "fber": 1383.1279296875,
  "fwhm_avg": 2.9979666666666667,
  "fwhm_x": 3.05471,
  "fwhm_y": 3.09407,
  "fwhm_z": 2.84512,
  "icvs_csf": 0.1905673076622552,
  "icvs_gm": 0.42266204512034977,
  "icvs_wm": 0.386770647217395,
  "inu_med": 1.7886455059051514,
  "inu_range": 0.6930120408535005,
  "provenance": {
    "md5sum": "c9e37eb5c5288f9663630e5654f2073f",
    "settings": {
      "testing": false
    },
    "software": "mriqc",
    "version": "0.16.1",
    "warnings": {
      "large_rot_frame": true,
      "small_air_mask": false
    },
    "webapi_port": null,
    "webapi_url": "https://mriqc.nimh.nih.gov/api/v1"
  },
  "qi_1": 0.0,
  "qi_2": 0.005096997614856209,
  "rpve_csf": 30.424724273979002,
  "rpve_gm": 14.69737135779852,
  "rpve_wm": 19.35002126496142,
  "size_x": 176,
  "size_y": 256,
  "size_z": 256,
  "snr_csf": 2.7941804639658914,
  "snr_gm": 8.130698461934424,
  "snr_total": 8.964683607663673,
  "snr_wm": 15.969171897090705,
  "snrd_csf": 26.59602151739926,
  "snrd_gm": 44.54599451753734,
  "snrd_total": 45.1893764105954,
  "snrd_wm": 64.42611319684958,
  "spacing_x": 1.0,
  "spacing_y": 1.0,
  "spacing_z": 1.0,
  "summary_bg_k": 190.2943178065037,
  "summary_bg_mad": 10.168963196826441,
  "summary_bg_mean": 17.640949249267578,
  "summary_bg_median": 13.626461029052734,
  "summary_bg_n": 3980296.0,
  "summary_bg_p05": 3.3586100339889526,
  "summary_bg_p95": 41.84682559967041,
  "summary_bg_stdv": 13.794490814208984,
  "summary_csf_k": -0.3294603450569302,
  "summary_csf_mad": 147.0569196654663,
  "summary_csf_mean": 393.16046142578125,
  "summary_csf_median": 412.82086181640625,
  "summary_csf_n": 5026.0,
  "summary_csf_p05": 130.17750930786133,
  "summary_csf_p95": 613.4348297119141,
  "summary_csf_stdv": 147.7283935546875,
  "summary_gm_k": 0.29202173164501843,
  "summary_gm_mad": 81.9281153734375,
  "summary_gm_mean": 692.5925903320312,
  "summary_gm_median": 691.4385986328125,
  "summary_gm_n": 9314.0,
  "summary_gm_p05": 556.285043334961,
  "summary_gm_p95": 836.7218780517578,
  "summary_gm_stdv": 85.03592681884766,
  "summary_wm_k": 0.1934551486258238,
  "summary_wm_mad": 60.87320021903799,
  "summary_wm_mean": 999.790283203125,
  "summary_wm_median": 1000.015869140625,
  "summary_wm_n": 189034.0,
  "summary_wm_p05": 895.7423400878906,
  "summary_wm_p95": 1102.3022216796876,
  "summary_wm_stdv": 62.621482849121094,
  "tpm_overlap_csf": 0.14329838752746582,
  "tpm_overlap_gm": 0.43173080682754517,
  "tpm_overlap_wm": 0.5063982009887695,
  "wm2max": 0.6209845489236401
}