{
  "bids_meta": {
    "AccelNumReferenceLines": 32,
    "AccelerationFactorPE": 2,
    "AcquisitionMatrix": "0/256/256/0",
    "DeviceSerialNumber": "35343",
    "EchoTime": 0.00331,
    "EchoTrainLength": 1,
    "FlipAngle": 7,
    "ImageType": "ORIGINAL/PRIMARY/M/ND/NORM",
    "ImagingFrequency": 123249285,
    "InPlanePhaseEncodingDirection": "ROW",
    "InversionTime": 1.1,
    "MRAcquisitionType": "3D",
    "MagneticFieldStrength": 3,
    "ManufacturerModelName": "TrioTim",
    "NumberOfAverages": 1,
    "NumberOfPhaseEncodingSteps": 255,
    "PatientPosition": "HFS",
    "PercentPhaseFieldOfView": 100,
    "PercentSampling": 100,
    "PhaseEncodingDirection": "i-",
    "PixelBandwidth": 200,
    "ProtocolName": "MPRAGE - BWM",
    "ReceiveCoilName": "HeadMatrix",
    "RepetitionTime": 2.53,
    "ScanOptions": "IR",
    "ScanningSequence": "GR/IR",
    "SequenceName": "*tfl3d1_ns",
    "SequenceVariant": "SP/MP",
    "SoftwareVersions": "syngo MR B15",
    "TotalScanTimeSec": 363,
    "TransmitCoilName": "Body",
    "VariableFlipAngleFlag": "N",
    "dataset": "ds000030",
    "modality": "T1w",
    "subject_id": "10692"
  },
  "cjv": 0.38544521903753065,
  "cnr": 3.4735000620970315,
  "efc": 0.47934314197520883,
  "fber": 1569.707763671875,
  "fwhm_avg": 3.2774300000000003,
  "fwhm_x": 3.31767,
  "fwhm_y": 3.48841,
  "fwhm_z": 3.02621,
  "icvs_csf": 0.1865223413705431,
  "icvs_gm": 0.43768019407759834,
  "icvs_wm": 0.3757974645518586,
  "inu_med": 1.8305433988571167,
  "inu_range": 0.5945521235466003,
  "provenance": {
    "md5sum": "cd2dbc3e400580cca18400836ced0d5f",
    "settings": {
      "testing": false
    },
    "software": "mriqc",
    "version": "0.16.1",
    "warnings": {
      "large_rot_frame": true,
      "small_air_mask": false
    },
    "webapi_port": null,
    "webapi_url": "https://mriqc.nimh.nih.gov/api/v1"
  },
  "qi_1": 0.0,
  "qi_2": 0.004951704515897269,
  "rpve_csf": 30.57547333495271,
  "rpve_gm": 14.331348062598959,
  "rpve_wm": 20.09380378054209,
  "size_x": 176,
  "size_y": 256,
  "size_z": 256,
  "snr_csf": 2.9128170308147783,
  "snr_gm": 8.326577384570868,
  "snr_total": 9.88779788891364,
  "snr_wm": 18.423999251355273,
  "snrd_csf": 30.851936161325504,
  "snrd_gm": 57.236169679168604,
  "snrd_total": 58.12159852491857,
  "snrd_wm": 86.2766897342616,
  "spacing_x": 1.0,
  "spacing_y": 1.0,
  "spacing_z": 1.0,
  "summary_bg_k": 6.969132532756298,
  "summary_bg_mad": 7.593365735286198,
  "summary_bg_mean": 13.283690452575684,
  "summary_bg_median": 12.357187271118164,
  "summary_bg_n": 4263986.0,
  "summary_bg_p05": 2.480575442314148,
  "summary_bg_p95": 32.25019073486328,
  "summary_bg_stdv": 9.85768985748291,
  "summary_csf_k": -0.470408887583627,
  "summary_csf_mad": 125.76446600865118,
  "summary_csf_mean": 334.8173828125,
  "summary_csf_median": 357.5897216796875,
  "summary_csf_n": 9129.0,
  "summary_csf_p05": 127.98286132812501,
  "summary_csf_p95": 513.6481689453126,
  "summary_csf_stdv": 122.75749969482422,
  "summary_gm_k": -0.028189486313900947,
  "summary_gm_mad": 79.24338735099283,
  "summary_gm_mean": 664.759765625,
  "summary_gm_median": 663.396484375,
  "summary_gm_n": 13865.0,
  "summary_gm_p05": 533.3548828125,
  "summary_gm_p95": 798.1711181640624,
  "summary_gm_stdv": 79.66929626464844,
  "summary_wm_k": 0.5908864197467754,
  "summary_wm_mad": 50.495346652931026,
  "summary_wm_mean": 997.648193359375,
  "summary_wm_median": 999.990966796875,
  "summary_wm_n": 183391.0,
  "summary_wm_p05": 904.0221862792969,
  "summary_wm_p95": 1082.1649169921875,
  "summary_wm_stdv": 54.27639389038086,
  "tpm_overlap_csf": 0.17424552142620087,
  "tpm_overlap_gm": 0.4487419128417969,
  "tpm_overlap_wm": 0.5065488219261169,
  "wm2max": 0.7183588063004136
}