{
  "bids_meta": {
    "AccelNumReferenceLines": 32,
    "AccelerationFactorPE": 2,
    "AcquisitionMatrix": "0/256/256/0",
    "DeviceSerialNumber": "35426",
    "EchoTime": 0.00331,
    "EchoTrainLength": 1,
    "FlipAngle": 7,
    "ImageType": "ORIGINAL/PRIMARY/M/ND/NORM",
    "ImagingFrequency": 123191551,
    "InPlanePhaseEncodingDirection": "ROW",
    "InversionTime": 1.1,
    "MRAcquisitionType": "3D",
    "MagneticFieldStrength": 3,
    "ManufacturerModelName": "TrioTim",
    "NumberOfAverages": 1,
    "NumberOfPhaseEncodingSteps": 255,
    "PatientPosition": "HFS",
    "PercentPhaseFieldOfView": 100,
    "PercentSampling": 100,
    "PhaseEncodingDirection": "i-",
    "PixelBandwidth": 199,
    "ProtocolName": "MPRAGE - BWM",
    "ReceiveCoilName": "HeadMatrix",
    "RepetitionTime": 2.53,
    "ScanOptions": "IR",
    "ScanningSequence": "GR/IR",
    "SequenceName": "*tfl3d1_ns",
    "SequenceVariant": "SP/MP",
    "SoftwareVersions": "syngo MR B17",
    "TotalScanTimeSec": 363,
    "TransmitCoilName": "Body",
    "VariableFlipAngleFlag": "N",
    "dataset": "ds000030",
    "modality": "T1w",
    "subject_id": "60080"
  },
  "cjv": 0.5087248967158574,
  "cnr": 2.5901186361809945,
  "efc": 0.615510894063542,
  "fber": 583.1112670898438,
  "fwhm_avg": 3.1273133333333334,
  "fwhm_x": 3.13749,
  "fwhm_y": 3.31411,
  "fwhm_z": 2.93034,
  "icvs_csf": 0.18800232344207798,
  "icvs_gm": 0.4108895591543331,
  "icvs_wm": 0.40110811740358887,
  "inu_med": 1.6811496019363403,
  "inu_range": 0.7617216706275942,
  "provenance": {
    "md5sum": "ce1a0f0d1d64d0f95b4f848da48496a7",
    "settings": {
      "testing": false
    },
    "software": "mriqc",
    "version": "21.0.0rc2",
    "warnings": {
      "large_rot_frame": true,
      "small_air_mask": false
    },
    "webapi_port": null,
    "webapi_url": "https://mriqc.nimh.nih.gov/api/v1"
  },
  "qi_1": 0.0,
  "qi_2": 0.003112634121774049,
  "rpve_csf": 26.310177650271715,
  "rpve_gm": 12.841034113970725,
  "rpve_wm": 16.141002359736554,
  "size_x": 176,
  "size_y": 256,
  "size_z": 256,
  "snr_csf": 2.0628440674852118,
  "snr_gm": 7.380985423973698,
  "snr_total": 8.25262685691927,
  "snr_wm": 15.3140510792989,
  "snrd_csf": 13.819814595465724,
  "snrd_gm": 30.47447592761147,
  "snrd_total": 29.308660082131752,
  "snrd_wm": 43.63168972331806,
  "spacing_x": 1.0,
  "spacing_y": 1.0,
  "spacing_z": 1.0,
  "summary_bg_k": 109.72561214515544,
  "summary_bg_mad": 15.015623155412701,
  "summary_bg_mean": 23.444698333740234,
  "summary_bg_median": 18.351333618164062,
  "summary_bg_n": 2632816.0,
  "summary_bg_p05": 3.5677988529205322,
  "summary_bg_p95": 57.0562744140625,
  "summary_bg_stdv": 18.351675033569336,
  "summary_csf_k": -0.5982846323161404,
  "summary_csf_mad": 184.98892279377975,
  "summary_csf_mean": 330.0758972167969,
  "summary_csf_median": 316.74798583984375,
  "summary_csf_n": 8999.0,
  "summary_csf_p05": 109.87235717773437,
  "summary_csf_p95": 579.4177551269531,
  "summary_csf_stdv": 153.54063415527344,
  "summary_gm_k": 0.2100481129361511,
  "summary_gm_mad": 89.73824559657537,
  "summary_gm_mean": 703.9266967773438,
  "summary_gm_median": 698.47021484375,
  "summary_gm_n": 12665.0,
  "summary_gm_p05": 555.852880859375,
  "summary_gm_p95": 870.7305664062499,
  "summary_gm_stdv": 94.62728881835938,
  "summary_wm_k": 0.23220828424040585,
  "summary_wm_mad": 63.67348506722922,
  "summary_wm_mean": 1000.1346435546875,
  "summary_wm_median": 1000.031494140625,
  "summary_wm_n": 242324.0,
  "summary_wm_p05": 893.0508575439453,
  "summary_wm_p95": 1107.6455932617187,
  "summary_wm_stdv": 65.30142974853516,
  "tpm_overlap_csf": 0.1757236123085022,
  "tpm_overlap_gm": 0.44386982917785645,
  "tpm_overlap_wm": 0.520706057548523,
  "wm2max": 0.6144114115741534
}