{
  "bids_meta": {
    "AccelNumReferenceLines": 32,
    "AccelerationFactorPE": 2,
    "AcquisitionMatrix": "0/256/256/0",
    "DeviceSerialNumber": "35426",
    "EchoTime": 0.00331,
    "EchoTrainLength": 1,
    "FlipAngle": 7,
    "ImageType": "ORIGINAL/PRIMARY/M/ND/NORM",
    "ImagingFrequency": 123192041,
    "InPlanePhaseEncodingDirection": "ROW",
    "InversionTime": 1.1,
    "MRAcquisitionType": "3D",
    "MagneticFieldStrength": 3,
    "ManufacturerModelName": "TrioTim",
    "NumberOfAverages": 1,
    "NumberOfPhaseEncodingSteps": 255,
    "PatientPosition": "HFS",
    "PercentPhaseFieldOfView": 100,
    "PercentSampling": 100,
    "PhaseEncodingDirection": "i-",
    "PixelBandwidth": 199,
    "ProtocolName": "MPRAGE - BWM",
    "ReceiveCoilName": "HeadMatrix",
    "RepetitionTime": 2.53,
    "ScanOptions": "IR",
    "ScanningSequence": "GR/IR",
    "SequenceName": "*tfl3d1_ns",
    "SequenceVariant": "SP/MP",
    "SoftwareVersions": "syngo MR B17",
    "TotalScanTimeSec": 363,
    "TransmitCoilName": "Body",
    "VariableFlipAngleFlag": "N",
    "dataset": "ds000030",
    "modality": "T1w",
    "subject_id": "11104"
  },
  "cjv": 0.4229725997956407,
  "cnr": 3.2072238996888918,
  "efc": 0.5495433281266513,
  "fber": 1151.677734375,
  "fwhm_avg": 3.1609000000000003,
  "fwhm_x": 3.24107,
  "fwhm_y": 3.29637,
  "fwhm_z": 2.94526,
  "icvs_csf": 0.179933734379602,
  "icvs_gm": 0.44575178125638637,
  "icvs_wm": 0.37431448436401166,
  "inu_med": 1.6790834665298462,
  "inu_range": 0.7536287546157836,
  "provenance": {
    "md5sum": "7f7de9a07e77f5d39d4cd7fb6fd8986d",
    "settings": {
      "testing": false
    },
    "software": "mriqc",
    "version": "0.16.1",
    "warnings": {
      "large_rot_frame": true,
      "small_air_mask": false
    },
    "webapi_port": null,
    "webapi_url": "https://mriqc.nimh.nih.gov/api/v1"
  },
  "qi_1": 0.0,
  "qi_2": 0.004817278206655507,
  "rpve_csf": 27.265410224902123,
  "rpve_gm": 12.245019083640624,
  "rpve_wm": 17.07909668549069,
  "size_x": 176,
  "size_y": 256,
  "size_z": 256,
  "snr_csf": 2.6326234039431315,
  "snr_gm": 9.118243793676623,
  "snr_total": 8.957635719222578,
  "snr_wm": 15.122039960047983,
  "snrd_csf": 22.54129538609502,
  "snrd_gm": 40.95804950137868,
  "snrd_total": 41.31314497475183,
  "snrd_wm": 60.440090036781775,
  "spacing_x": 1.0,
  "spacing_y": 1.0,
  "spacing_z": 1.0,
  "summary_bg_k": 64.21123221192774,
  "summary_bg_mad": 10.839581048494372,
  "summary_bg_mean": 18.297319412231445,
  "summary_bg_median": 14.593994140625,
  "summary_bg_n": 3828707.0,
  "summary_bg_p05": 3.611671423912048,
  "summary_bg_p95": 43.7417667388916,
  "summary_bg_stdv": 14.316474914550781,
  "summary_csf_k": -0.28981348058311207,
  "summary_csf_mad": 143.45438811511679,
  "summary_csf_mean": 365.0311279296875,
  "summary_csf_median": 372.957763671875,
  "summary_csf_n": 2831.0,
  "summary_csf_p05": 124.10517120361328,
  "summary_csf_p95": 586.9867248535156,
  "summary_csf_stdv": 141.6427001953125,
  "summary_gm_k": 0.08297289778372807,
  "summary_gm_mad": 73.2868266189902,
  "summary_gm_mean": 678.1026611328125,
  "summary_gm_median": 677.6727905273438,
  "summary_gm_n": 13001.0,
  "summary_gm_p05": 556.467041015625,
  "summary_gm_p95": 801.2990112304688,
  "summary_gm_stdv": 74.31768035888672,
  "summary_wm_k": 0.3668519137150219,
  "summary_wm_mad": 63.05448235264868,
  "summary_wm_mean": 999.1332397460938,
  "summary_wm_median": 1000.0135498046875,
  "summary_wm_n": 215656.0,
  "summary_wm_p05": 888.3947448730469,
  "summary_wm_p95": 1106.2432250976562,
  "summary_wm_stdv": 66.12938690185547,
  "tpm_overlap_csf": 0.1498456597328186,
  "tpm_overlap_gm": 0.4499530494213104,
  "tpm_overlap_wm": 0.5060734748840332,
  "wm2max": 0.6196863349582419
}