{
  "bids_meta": {
    "AccelNumReferenceLines": 32,
    "AccelerationFactorPE": 2,
    "AcquisitionMatrix": "0/256/256/0",
    "DeviceSerialNumber": "35343",
    "EchoTime": 0.00332,
    "EchoTrainLength": 1,
    "FlipAngle": 7,
    "ImageType": "ORIGINAL/PRIMARY/M/ND/NORM",
    "ImagingFrequency": 123249909,
    "InPlanePhaseEncodingDirection": "ROW",
    "InversionTime": 1.1,
    "MRAcquisitionType": "3D",
    "MagneticFieldStrength": 3,
    "ManufacturerModelName": "TrioTim",
    "NumberOfAverages": 1,
    "NumberOfPhaseEncodingSteps": 255,
    "PatientPosition": "HFS",
    "PercentPhaseFieldOfView": 100,
    "PercentSampling": 100,
    "PhaseEncodingDirection": "i-",
    "PixelBandwidth": 200,
    "ProtocolName": "MPRAGE - BWM",
    "ReceiveCoilName": "HeadMatrix",
    "RepetitionTime": 2.53,
    "ScanOptions": "IR",
    "ScanningSequence": "GR/IR",
    "SequenceName": "*tfl3d1_ns",
    "SequenceVariant": "SP/MP",
    "SoftwareVersions": "syngo MR B15",
    "TotalScanTimeSec": 363,
    "TransmitCoilName": "Body",
    "VariableFlipAngleFlag": "N",
    "dataset": "ds000030",
    "modality": "T1w",
    "subject_id": "10280"
  },
  "cjv": 0.5042568206379966,
  "cnr": 2.6577020329035705,
  "efc": 0.5885378925260699,
  "fber": 722.9229736328125,
  "fwhm_avg": 3.127566321381142,
  "fwhm_x": 3.24592,
  "fwhm_y": 3.215451792828685,
  "fwhm_z": 2.921327171314741,
  "icvs_csf": 0.18752070079501423,
  "icvs_gm": 0.42968640348946535,
  "icvs_wm": 0.38279289571552044,
  "inu_med": 1.7753169536590576,
  "inu_range": 0.8271943092346192,
  "provenance": {
    "md5sum": "dec42507e4a5943fb1dfefbf640913e9",
    "settings": {
      "testing": false
    },
    "software": "mriqc",
    "version": "0.16.1",
    "warnings": {
      "large_rot_frame": true,
      "small_air_mask": false
    },
    "webapi_port": null,
    "webapi_url": "https://mriqc.nimh.nih.gov/api/v1"
  },
  "qi_1": 0.0,
  "qi_2": 0.0038930879046774674,
  "rpve_csf": 27.103512951551867,
  "rpve_gm": 12.77491838924817,
  "rpve_wm": 17.41541936876541,
  "size_x": 176,
  "size_y": 256,
  "size_z": 256,
  "snr_csf": 1.722700945324288,
  "snr_gm": 7.4729359909068656,
  "snr_total": 7.594938089502764,
  "snr_wm": 13.58917733227714,
  "snrd_csf": 12.923952346744615,
  "snrd_gm": 35.33893526322798,
  "snrd_total": 33.29836605155729,
  "snrd_wm": 51.63221054469928,
  "spacing_x": 1.0,
  "spacing_y": 0.98046875,
  "spacing_z": 0.98046875,
  "summary_bg_k": 5.333559456025899,
  "summary_bg_mad": 12.688981597520236,
  "summary_bg_mean": 22.468198776245117,
  "summary_bg_median": 20.487396240234375,
  "summary_bg_n": 3148431.0,
  "summary_bg_p05": 4.114526033401489,
  "summary_bg_p95": 54.316043853759766,
  "summary_bg_stdv": 17.18166160583496,
  "summary_csf_k": -0.1141159693491054,
  "summary_csf_mad": 149.67696934711037,
  "summary_csf_mean": 280.7029113769531,
  "summary_csf_median": 250.31703186035156,
  "summary_csf_n": 4065.0,
  "summary_csf_p05": 86.35584564208985,
  "summary_csf_p95": 545.3797729492185,
  "summary_csf_stdv": 145.287109375,
  "summary_gm_k": 0.338356240576001,
  "summary_gm_mad": 87.27273167778853,
  "summary_gm_mean": 689.1036376953125,
  "summary_gm_median": 684.460693359375,
  "summary_gm_n": 12811.0,
  "summary_gm_p05": 545.5637817382812,
  "summary_gm_p95": 849.5447387695312,
  "summary_gm_stdv": 91.58836364746094,
  "summary_wm_k": 0.19100130776740398,
  "summary_wm_mad": 71.85842842446438,
  "summary_wm_mean": 1000.3961181640625,
  "summary_wm_median": 1000.0363159179688,
  "summary_wm_n": 210285.0,
  "summary_wm_p05": 880.2453491210938,
  "summary_wm_p95": 1122.015478515625,
  "summary_wm_stdv": 73.59046936035156,
  "tpm_overlap_csf": 0.15955258905887604,
  "tpm_overlap_gm": 0.44191962480545044,
  "tpm_overlap_wm": 0.5027692914009094,
  "wm2max": 0.6027008848889237
}