{
  "aor": 0.005349347826086957,
  "aqi": 0.006696193315217391,
  "bids_meta": {
    "AccelNumReferenceLines": 24,
    "AccelerationFactorPE": 2,
    "AcquisitionMatrix": "64/0/0/64",
    "CogAtlasID": "tsk_4a57abb949e1a",
    "CogPOID": "",
    "DeviceSerialNumber": "35426",
    "EPIFactor": 128,
    "EchoTime": 0.03,
    "EchoTrainLength": 1,
    "EffectiveEchoSpacing": 0.000395,
    "FlipAngle": 90,
    "ImageType": "ORIGINAL/PRIMARY/M/ND/MOSAIC",
    "ImagingFrequency": 123191500,
    "InPlanePhaseEncodingDirection": "COL",
    "Instructions": "The next task is the one where you have to press the button that corresponds to the direction the arrow is pointing. So press the first button if it's pointing left, and the second button if it's pointing right. You want to push the button fast, but sometimes, you'll hear a beep, and when you hear the beep you should try really hard to not push any button at all. It's equally important to try to go fast and to stop when you hear the beep, so if you're trying to stop every time it means you're going too slow. As long as you’re stopping some of the time, though, it means you're doing a good job. Any questions?",
    "MRAcquisitionType": "2D",
    "MagneticFieldStrength": 3,
    "ManufacturerModelName": "TrioTim",
    "NumberOfAverages": 1,
    "NumberOfPhaseEncodingSteps": 63,
    "PatientPosition": "HFS",
    "PercentPhaseFieldOfView": 100,
    "PercentSampling": 100,
    "PhaseEncodingDirection": "j-",
    "PixelBandwidth": 1420,
    "ProtocolName": "BOLD - STOPSIGNAL",
    "ReceiveCoilName": "HeadMatrix",
    "RepetitionTime": 2,
    "ScanOptions": "FS",
    "ScanningSequence": "EP",
    "SequenceName": "epfid2d1_64",
    "SequenceVariant": "SK",
    "SliceTiming": [
      1.0025,
      0,
      1.0625,
      0.06,
      1.1225,
      0.1175,
      1.18,
      0.1775,
      1.24,
      0.235,
      1.3,
      0.295,
      1.3575,
      0.355,
      1.4175,
      0.4125,
      1.475,
      0.4725,
      1.535,
      0.5325,
      1.595,
      0.59,
      1.6525,
      0.65,
      1.7125,
      0.7075,
      1.7725,
      0.7675,
      1.83,
      0.8275,
      1.89,
      0.885,
      1.9475,
      0.945
    ],
    "SoftwareVersions": "syngo MR B17",
    "TaskDescription": "The Stop-Signal Task measures response inhibition, or the ability to inhibit a motor response that has already been inititated. Participants see a series of arrows that point to either the left or right, and press a left or right button, respectively. On a subset of trials (25%), a stop signal (an auditory tone) occurs at a variable stop- signal delay (SSD) after the beginning of the stimulus presentation, signaling the participant to withhold his/her response on that trial. Stop Signal Task Scan Details: Each Stop Signal session consists of 128 trials (75% Go trials). Each session includes two staircases, which represent the onset times for the stop-signal. For the first session, the starting ladder values are entered manually (and are taken from the pre-testing behavioral session). For the second session, the ladder values are taken automatically from the previous scan session. The duration of events (Go, Stop, and Null trials, which include ITI) were created with opseek and varies between approximately 50 msec to 4 msec (with an average of about 1.5 sec).",
    "TaskFullName": "Stop-Signal Task",
    "TaskName": "stopsignal",
    "TaskParameters": {
      "Ladder1": [
        250,
        300,
        350,
        400,
        350,
        400,
        450,
        400,
        450,
        500,
        550,
        500,
        550,
        500,
        550,
        500,
        450,
        400,
        450,
        500,
        550,
        500,
        550,
        600,
        650,
        600,
        550,
        600,
        650,
        700,
        750,
        700,
        650
      ],
      "Ladder2": [
        350,
        300,
        350,
        400,
        450,
        500,
        450,
        500,
        450,
        400,
        450,
        500,
        450,
        500,
        550,
        500,
        550,
        600,
        550,
        600,
        550,
        600,
        650,
        700,
        650,
        600,
        650,
        600,
        550,
        600,
        650,
        600,
        550
      ],
      "Settings": {
        "BSI": 1,
        "ISI": 1.5,
        "Ladder1 start": 250,
        "Ladder2 start": 350,
        "NUMCHUNKS": 4,
        "OCI": 0.5,
        "Step": 50,
        "trigger_time": 8.2992
      }
    },
    "TotalScanTimeSec": 376,
    "TransmitCoilName": "Body",
    "VariableFlipAngleFlag": "N",
    "dataset": "ds000030",
    "modality": "bold",
    "subject_id": "11068",
    "task_id": "stopsignal"
  },
  "dummy_trs": 0,
  "dvars_nstd": 22.052509828961757,
  "dvars_std": 1.1151763528415295,
  "dvars_vstd": 1.0077311090163923,
  "efc": 0.5684736618776601,
  "fber": 1150.465087890625,
  "fd_mean": 0.08449426027722226,
  "fd_num": 2,
  "fd_perc": 1.0869565217391304,
  "fwhm_avg": 2.114239722222222,
  "fwhm_x": 2.0580266666666667,
  "fwhm_y": 2.31369,
  "fwhm_z": 1.9710025,
  "gcor": 0.0102802,
  "gsr_x": 0.009869404137134552,
  "gsr_y": 0.04223593696951866,
  "provenance": {
    "md5sum": "f3d41a72d4394df00175e5dceff0f4d7",
    "settings": {
      "fd_thres": 0.2,
      "testing": false
    },
    "software": "mriqc",
    "version": "0.16.1",
    "webapi_port": null,
    "webapi_url": "https://mriqc.nimh.nih.gov/api/v1"
  },
  "size_t": 184,
  "size_x": 64,
  "size_y": 64,
  "size_z": 34,
  "snr": 5.458395400714296,
  "spacing_tr": 2.0,
  "spacing_x": 3.0,
  "spacing_y": 3.0,
  "spacing_z": 4.0,
  "summary_bg_k": 13.376645274045401,
  "summary_bg_mad": 12.150893263164324,
  "summary_bg_mean": 49.5739860534668,
  "summary_bg_median": 21.315217971801758,
  "summary_bg_n": 75867.0,
  "summary_bg_p05": 12.108695983886719,
  "summary_bg_p95": 193.36087646484373,
  "summary_bg_stdv": 68.9512939453125,
  "summary_fg_k": 1.1645334848838944,
  "summary_fg_mad": 120.99315453555886,
  "summary_fg_mean": 765.5435791015625,
  "summary_fg_median": 759.2880859375,
  "summary_fg_n": 29755.0,
  "summary_fg_p05": 538.8934692382812,
  "summary_fg_p95": 1005.600030517578,
  "summary_fg_stdv": 139.102294921875,
  "tsnr": 62.169851469341666
}