{
  "bids_meta": {
    "AccelNumReferenceLines": 32,
    "AccelerationFactorPE": 2,
    "AcquisitionMatrix": "0/256/256/0",
    "DeviceSerialNumber": "35343",
    "EchoTime": 0.00331,
    "EchoTrainLength": 1,
    "FlipAngle": 7,
    "ImageType": "ORIGINAL/PRIMARY/M/ND/NORM",
    "ImagingFrequency": 123226936,
    "InPlanePhaseEncodingDirection": "ROW",
    "InversionTime": 1.1,
    "MRAcquisitionType": "3D",
    "MagneticFieldStrength": 3,
    "ManufacturerModelName": "TrioTim",
    "NumberOfAverages": 1,
    "NumberOfPhaseEncodingSteps": 255,
    "PatientPosition": "HFS",
    "PercentPhaseFieldOfView": 100,
    "PercentSampling": 100,
    "PhaseEncodingDirection": "i-",
    "PixelBandwidth": 200,
    "ProtocolName": "MPRAGE - BWM",
    "ReceiveCoilName": "HeadMatrix",
    "RepetitionTime": 2.53,
    "ScanOptions": "IR",
    "ScanningSequence": "GR/IR",
    "SequenceName": "*tfl3d1_ns",
    "SequenceVariant": "SP/MP",
    "SoftwareVersions": "syngo MR B15",
    "TotalScanTimeSec": 363,
    "TransmitCoilName": "Body",
    "VariableFlipAngleFlag": "N",
    "dataset": "ds000030",
    "modality": "T1w",
    "subject_id": "10963"
  },
  "cjv": 0.41260985517082976,
  "cnr": 3.2604808847341524,
  "efc": 0.4776801587631797,
  "fber": 1345.30419921875,
  "fwhm_avg": 3.1688704834421055,
  "fwhm_x": 3.175631450326316,
  "fwhm_y": 3.349,
  "fwhm_z": 2.98198,
  "icvs_csf": 0.18075779417682236,
  "icvs_gm": 0.42006076088748145,
  "icvs_wm": 0.39918144493569624,
  "inu_med": 1.7938369512557983,
  "inu_range": 0.5158646821975705,
  "provenance": {
    "md5sum": "a223098590f008cde2febe743abd805f",
    "settings": {
      "testing": false
    },
    "software": "mriqc",
    "version": "0.16.1",
    "warnings": {
      "large_rot_frame": true,
      "small_air_mask": false
    },
    "webapi_port": null,
    "webapi_url": "https://mriqc.nimh.nih.gov/api/v1"
  },
  "qi_1": 0.0,
  "qi_2": 0.005914575010073929,
  "rpve_csf": 37.02354376609878,
  "rpve_gm": 17.274374230890903,
  "rpve_wm": 22.18656497109603,
  "size_x": 176,
  "size_y": 256,
  "size_z": 256,
  "snr_csf": 2.310243338006511,
  "snr_gm": 8.165428982567766,
  "snr_total": 9.798159241114591,
  "snr_wm": 18.918805402769497,
  "snrd_csf": 23.242246729264902,
  "snrd_gm": 47.14866304890457,
  "snrd_total": 46.67366889964429,
  "snrd_wm": 69.63009692076338,
  "spacing_x": 1.000005841255188,
  "spacing_y": 1.0,
  "spacing_z": 1.0,
  "summary_bg_k": 93.27965036648746,
  "summary_bg_mad": 9.40872192680514,
  "summary_bg_mean": 14.045705795288086,
  "summary_bg_median": 12.722156524658203,
  "summary_bg_n": 4515617.0,
  "summary_bg_p05": 0.0,
  "summary_bg_p95": 34.88758697509766,
  "summary_bg_stdv": 11.654629707336426,
  "summary_csf_k": -1.019765776980613,
  "summary_csf_mad": 177.54423990092965,
  "summary_csf_mean": 311.40399169921875,
  "summary_csf_median": 333.7928466796875,
  "summary_csf_n": 6090.0,
  "summary_csf_p05": 90.087202835083,
  "summary_csf_p95": 522.6713653564453,
  "summary_csf_stdv": 144.47198486328125,
  "summary_gm_k": 0.0027062343852497506,
  "summary_gm_mad": 82.39296691130758,
  "summary_gm_mean": 679.0838623046875,
  "summary_gm_median": 677.1241455078125,
  "summary_gm_n": 12294.0,
  "summary_gm_p05": 544.7906280517578,
  "summary_gm_p95": 819.2493438720703,
  "summary_gm_stdv": 82.92235565185547,
  "summary_wm_k": 0.34797912837961587,
  "summary_wm_mad": 50.82491435799679,
  "summary_wm_mean": 999.1551513671875,
  "summary_wm_median": 999.9906005859375,
  "summary_wm_n": 162038.0,
  "summary_wm_p05": 910.6643859863282,
  "summary_wm_p95": 1084.2860717773438,
  "summary_wm_stdv": 52.8568000793457,
  "tpm_overlap_csf": 0.16800464689731598,
  "tpm_overlap_gm": 0.44008418917655945,
  "tpm_overlap_wm": 0.5066193342208862,
  "wm2max": 0.7238704194928369
}