{
  "bids_meta": {
    "AccelNumReferenceLines": 32,
    "AccelerationFactorPE": 2,
    "AcquisitionMatrix": "0/256/256/0",
    "DeviceSerialNumber": "35343",
    "EchoTime": 0.00331,
    "EchoTrainLength": 1,
    "FlipAngle": 7,
    "ImageType": "ORIGINAL/PRIMARY/M/ND/NORM",
    "ImagingFrequency": 123250106,
    "InPlanePhaseEncodingDirection": "ROW",
    "InversionTime": 1.1,
    "MRAcquisitionType": "3D",
    "MagneticFieldStrength": 3,
    "ManufacturerModelName": "TrioTim",
    "NumberOfAverages": 1,
    "NumberOfPhaseEncodingSteps": 255,
    "PatientPosition": "HFS",
    "PercentPhaseFieldOfView": 100,
    "PercentSampling": 100,
    "PhaseEncodingDirection": "i-",
    "PixelBandwidth": 200,
    "ProtocolName": "MPRAGE - BWM",
    "ReceiveCoilName": "HeadMatrix",
    "RepetitionTime": 2.53,
    "ScanOptions": "IR",
    "ScanningSequence": "GR/IR",
    "SequenceName": "*tfl3d1_ns",
    "SequenceVariant": "SP/MP",
    "SoftwareVersions": "syngo MR B15",
    "TotalScanTimeSec": 363,
    "TransmitCoilName": "Body",
    "VariableFlipAngleFlag": "N",
    "dataset": "ds000030",
    "modality": "T1w",
    "subject_id": "50006"
  },
  "cjv": 0.47754248224711526,
  "cnr": 2.8297611767550475,
  "efc": 0.5713505494396676,
  "fber": 977.0601196289062,
  "fwhm_avg": 3.206914233415878,
  "fwhm_x": 3.2359027002476335,
  "fwhm_y": 3.25937,
  "fwhm_z": 3.12547,
  "icvs_csf": 0.20638571595129832,
  "icvs_gm": 0.40237139192857974,
  "icvs_wm": 0.3912428921201219,
  "inu_med": 1.4083495140075684,
  "inu_range": 0.2745611190795898,
  "provenance": {
    "md5sum": "3a0cca1019044597af8141037b43714e",
    "settings": {
      "testing": false
    },
    "software": "mriqc",
    "version": "0.16.1",
    "warnings": {
      "large_rot_frame": true,
      "small_air_mask": false
    },
    "webapi_port": null,
    "webapi_url": "https://mriqc.nimh.nih.gov/api/v1"
  },
  "qi_1": 7.059557213063854e-05,
  "qi_2": 0.005272806262412218,
  "rpve_csf": 26.44443725758797,
  "rpve_gm": 13.522790653405035,
  "rpve_wm": 17.104565352785407,
  "size_x": 176,
  "size_y": 256,
  "size_z": 256,
  "snr_csf": 2.299043082843063,
  "snr_gm": 8.13147919412922,
  "snr_total": 7.998391836405737,
  "snr_wm": 13.564653232244927,
  "snrd_csf": 13.100746034669534,
  "snrd_gm": 30.939956794190476,
  "snrd_total": 29.8556661146517,
  "snrd_wm": 45.52629551509509,
  "spacing_x": 0.9999991655349731,
  "spacing_y": 1.0,
  "spacing_z": 1.0,
  "summary_bg_k": 27.363894649668126,
  "summary_bg_mad": 14.390231644860942,
  "summary_bg_mean": 20.642990112304688,
  "summary_bg_median": 16.288124084472656,
  "summary_bg_n": 4265173.0,
  "summary_bg_p05": 3.2527692317962646,
  "summary_bg_p95": 56.21442489624021,
  "summary_bg_stdv": 20.00249671936035,
  "summary_csf_k": -0.2488844355550528,
  "summary_csf_mad": 133.47575759206964,
  "summary_csf_mean": 293.634765625,
  "summary_csf_median": 287.7611083984375,
  "summary_csf_n": 12474.0,
  "summary_csf_p05": 98.40211753845216,
  "summary_csf_p95": 504.5990097045897,
  "summary_csf_stdv": 125.16058349609375,
  "summary_gm_k": 0.005525898809211505,
  "summary_gm_mad": 82.6303696774361,
  "summary_gm_mean": 681.69384765625,
  "summary_gm_median": 679.603759765625,
  "summary_gm_n": 11769.0,
  "summary_gm_p05": 546.094091796875,
  "summary_gm_p95": 822.6541137695312,
  "summary_gm_stdv": 83.5733413696289,
  "summary_wm_k": 0.4961566609395818,
  "summary_wm_mad": 70.3706682270492,
  "summary_wm_mean": 1001.483642578125,
  "summary_wm_median": 999.9962768554688,
  "summary_wm_n": 211349.0,
  "summary_wm_p05": 882.6790649414063,
  "summary_wm_p95": 1123.99775390625,
  "summary_wm_stdv": 73.72056579589844,
  "tpm_overlap_csf": 0.1590701788663864,
  "tpm_overlap_gm": 0.4260658621788025,
  "tpm_overlap_wm": 0.5041881203651428,
  "wm2max": 0.6007984925519212
}