{
  "bids_meta": {
    "AccelNumReferenceLines": 32,
    "AccelerationFactorPE": 2,
    "AcquisitionMatrix": "0/256/256/0",
    "DeviceSerialNumber": "35343",
    "EchoTime": 0.00331,
    "EchoTrainLength": 1,
    "FlipAngle": 7,
    "ImageType": "ORIGINAL/PRIMARY/M/ND/NORM",
    "ImagingFrequency": 123227506,
    "InPlanePhaseEncodingDirection": "ROW",
    "InversionTime": 1.1,
    "MRAcquisitionType": "3D",
    "MagneticFieldStrength": 3,
    "ManufacturerModelName": "TrioTim",
    "NumberOfAverages": 1,
    "NumberOfPhaseEncodingSteps": 255,
    "PatientPosition": "HFS",
    "PercentPhaseFieldOfView": 100,
    "PercentSampling": 100,
    "PhaseEncodingDirection": "i-",
    "PixelBandwidth": 200,
    "ProtocolName": "MPRAGE - BWM",
    "ReceiveCoilName": "HeadMatrix",
    "RepetitionTime": 2.53,
    "ScanOptions": "IR",
    "ScanningSequence": "GR/IR",
    "SequenceName": "*tfl3d1_ns",
    "SequenceVariant": "SP/MP",
    "SoftwareVersions": "syngo MR B15",
    "TotalScanTimeSec": 363,
    "TransmitCoilName": "Body",
    "VariableFlipAngleFlag": "N",
    "dataset": "ds000030",
    "modality": "T1w",
    "subject_id": "70037"
  },
  "cjv": 0.4434950748899841,
  "cnr": 2.99131101008014,
  "efc": 0.5060425318989427,
  "fber": 1231.43115234375,
  "fwhm_avg": 3.2172400000000003,
  "fwhm_x": 3.27918,
  "fwhm_y": 3.32164,
  "fwhm_z": 3.0509,
  "icvs_csf": 0.17708255654391813,
  "icvs_gm": 0.41760707066042657,
  "icvs_wm": 0.40531037279565535,
  "inu_med": 1.7806147336959839,
  "inu_range": 0.5214278638362881,
  "provenance": {
    "md5sum": "5f48aa726a514a889f2f302d6fdf9549",
    "settings": {
      "testing": false
    },
    "software": "mriqc",
    "version": "21.0.0rc2",
    "warnings": {
      "large_rot_frame": true,
      "small_air_mask": false
    },
    "webapi_port": null,
    "webapi_url": "https://mriqc.nimh.nih.gov/api/v1"
  },
  "qi_1": 3.3612653723584626e-05,
  "qi_2": 0.0029525782017928775,
  "rpve_csf": 32.15308479142404,
  "rpve_gm": 14.988351606999299,
  "rpve_wm": 19.000719083549555,
  "size_x": 176,
  "size_y": 256,
  "size_z": 256,
  "snr_csf": 2.8851626039980274,
  "snr_gm": 8.433830569222637,
  "snr_total": 9.575944892510392,
  "snr_wm": 17.408841504310512,
  "snrd_csf": 22.315931319462848,
  "snrd_gm": 41.2921160634651,
  "snrd_total": 40.961483919028296,
  "snrd_wm": 59.27640437415695,
  "spacing_x": 1.0,
  "spacing_y": 1.0,
  "spacing_z": 1.0,
  "summary_bg_k": 9.41030597283649,
  "summary_bg_mad": 11.05218012903582,
  "summary_bg_mean": 15.812058448791504,
  "summary_bg_median": 12.937631607055664,
  "summary_bg_n": 4123997.0,
  "summary_bg_p05": 2.578800678253174,
  "summary_bg_p95": 39.08072128295895,
  "summary_bg_stdv": 12.889625549316406,
  "summary_csf_k": 0.10326848753562823,
  "summary_csf_mad": 119.87857863679582,
  "summary_csf_mean": 367.3463134765625,
  "summary_csf_median": 376.47076416015625,
  "summary_csf_n": 5175.0,
  "summary_csf_p05": 140.7884033203125,
  "summary_csf_p95": 574.9370727539062,
  "summary_csf_stdv": 130.47250366210938,
  "summary_gm_k": 0.23458538362584225,
  "summary_gm_mad": 81.03325127805164,
  "summary_gm_mean": 697.4427490234375,
  "summary_gm_median": 696.599853515625,
  "summary_gm_n": 11272.0,
  "summary_gm_p05": 562.671664428711,
  "summary_gm_p95": 831.7461853027343,
  "summary_gm_stdv": 82.59223937988281,
  "summary_wm_k": 0.7439810757491458,
  "summary_wm_mad": 53.52127045570256,
  "summary_wm_mean": 1000.0164794921875,
  "summary_wm_median": 999.99560546875,
  "summary_wm_n": 218572.0,
  "summary_wm_p05": 906.2578216552735,
  "summary_wm_p95": 1093.4347839355469,
  "summary_wm_stdv": 57.44169235229492,
  "tpm_overlap_csf": 0.15861709415912628,
  "tpm_overlap_gm": 0.4280827045440674,
  "tpm_overlap_wm": 0.5120969414710999,
  "wm2max": 0.6868633650702701
}