{
  "bids_meta": {
    "AccelNumReferenceLines": 32,
    "AccelerationFactorPE": 2,
    "AcquisitionMatrix": "0/256/256/0",
    "DeviceSerialNumber": "35426",
    "EchoTime": 0.00331,
    "EchoTrainLength": 1,
    "FlipAngle": 7,
    "ImageType": "ORIGINAL/PRIMARY/M/ND/NORM",
    "ImagingFrequency": 123191899,
    "InPlanePhaseEncodingDirection": "ROW",
    "InversionTime": 1.1,
    "MRAcquisitionType": "3D",
    "MagneticFieldStrength": 3,
    "ManufacturerModelName": "TrioTim",
    "NumberOfAverages": 1,
    "NumberOfPhaseEncodingSteps": 255,
    "PatientPosition": "HFS",
    "PercentPhaseFieldOfView": 100,
    "PercentSampling": 100,
    "PhaseEncodingDirection": "i-",
    "PixelBandwidth": 199,
    "ProtocolName": "MPRAGE - BWM",
    "ReceiveCoilName": "HeadMatrix",
    "RepetitionTime": 2.53,
    "ScanOptions": "IR",
    "ScanningSequence": "GR/IR",
    "SequenceName": "*tfl3d1_ns",
    "SequenceVariant": "SP/MP",
    "SoftwareVersions": "syngo MR B17",
    "TotalScanTimeSec": 363,
    "TransmitCoilName": "Body",
    "VariableFlipAngleFlag": "N",
    "dataset": "ds000030",
    "modality": "T1w",
    "subject_id": "60057"
  },
  "cjv": 0.42033933855036504,
  "cnr": 3.1201501819671003,
  "efc": 0.4913260273465957,
  "fber": 918.6007690429688,
  "fwhm_avg": 3.087845341642979,
  "fwhm_x": 3.1684160249289364,
  "fwhm_y": 3.22173,
  "fwhm_z": 2.87339,
  "icvs_csf": 0.18665413068525316,
  "icvs_gm": 0.422055615444181,
  "icvs_wm": 0.3912902538705658,
  "inu_med": 1.693902611732483,
  "inu_range": 0.43710331916809064,
  "provenance": {
    "md5sum": "cc868d4250cda3c094170c4a52dee7cb",
    "settings": {
      "testing": false
    },
    "software": "mriqc",
    "version": "21.0.0rc2",
    "warnings": {
      "large_rot_frame": true,
      "small_air_mask": false
    },
    "webapi_port": null,
    "webapi_url": "https://mriqc.nimh.nih.gov/api/v1"
  },
  "qi_1": 0.0004185678360793794,
  "qi_2": 0.003385163730311012,
  "rpve_csf": 38.701320477180104,
  "rpve_gm": 18.62397017670887,
  "rpve_wm": 24.73258503928867,
  "size_x": 176,
  "size_y": 256,
  "size_z": 256,
  "snr_csf": 2.495152744445284,
  "snr_gm": 8.089096799741492,
  "snr_total": 10.080632862065082,
  "snr_wm": 19.657649042008472,
  "snrd_csf": 27.442758930693103,
  "snrd_gm": 54.37000879419168,
  "snrd_total": 53.64566858663077,
  "snrd_wm": 79.12423803500754,
  "spacing_x": 1.0000044107437134,
  "spacing_y": 1.0,
  "spacing_z": 1.0,
  "summary_bg_k": 775.9834696393806,
  "summary_bg_mad": 8.279782725204079,
  "summary_bg_mean": 16.39593505859375,
  "summary_bg_median": 13.772809028625488,
  "summary_bg_n": 3373968.0,
  "summary_bg_p05": 2.7453107833862305,
  "summary_bg_p95": 38.511517715454104,
  "summary_bg_stdv": 15.824111938476562,
  "summary_csf_k": -1.1535622250289086,
  "summary_csf_mad": 178.7359026994052,
  "summary_csf_mean": 327.1421813964844,
  "summary_csf_median": 346.82867431640625,
  "summary_csf_n": 5714.0,
  "summary_csf_p05": 120.17780952453614,
  "summary_csf_p95": 533.2615753173828,
  "summary_csf_stdv": 138.9888153076172,
  "summary_gm_k": 0.043875279657573873,
  "summary_gm_mad": 83.38610407854995,
  "summary_gm_mean": 686.6167602539062,
  "summary_gm_median": 687.1422119140625,
  "summary_gm_n": 14058.0,
  "summary_gm_p05": 546.0358215332031,
  "summary_gm_p95": 827.0077392578125,
  "summary_gm_stdv": 84.94369506835938,
  "summary_wm_k": 0.509062235563714,
  "summary_wm_mad": 48.1172016576041,
  "summary_wm_mean": 999.043212890625,
  "summary_wm_median": 999.9925537109375,
  "summary_wm_n": 157792.0,
  "summary_wm_p05": 913.75625,
  "summary_wm_p95": 1080.6146423339844,
  "summary_wm_stdv": 50.870243072509766,
  "tpm_overlap_csf": 0.16500532627105713,
  "tpm_overlap_gm": 0.4290663003921509,
  "tpm_overlap_wm": 0.49375060200691223,
  "wm2max": 0.683439145290551
}