{
  "bids_meta": {
    "AccelNumReferenceLines": 32,
    "AccelerationFactorPE": 2,
    "AcquisitionMatrix": "0/256/256/0",
    "DeviceSerialNumber": "35343",
    "EchoTime": 0.00331,
    "EchoTrainLength": 1,
    "FlipAngle": 7,
    "ImageType": "ORIGINAL/PRIMARY/M/ND/NORM",
    "ImagingFrequency": 123249452,
    "InPlanePhaseEncodingDirection": "ROW",
    "InversionTime": 1.1,
    "MRAcquisitionType": "3D",
    "MagneticFieldStrength": 3,
    "ManufacturerModelName": "TrioTim",
    "NumberOfAverages": 1,
    "NumberOfPhaseEncodingSteps": 255,
    "PatientPosition": "HFS",
    "PercentPhaseFieldOfView": 100,
    "PercentSampling": 100,
    "PhaseEncodingDirection": "i-",
    "PixelBandwidth": 200,
    "ProtocolName": "MPRAGE - BWM",
    "ReceiveCoilName": "HeadMatrix",
    "RepetitionTime": 2.53,
    "ScanOptions": "IR",
    "ScanningSequence": "GR/IR",
    "SequenceName": "*tfl3d1_ns",
    "SequenceVariant": "SP/MP",
    "SoftwareVersions": "syngo MR B15",
    "TotalScanTimeSec": 363,
    "TransmitCoilName": "Body",
    "VariableFlipAngleFlag": "N",
    "dataset": "ds000030",
    "modality": "T1w",
    "subject_id": "60006"
  },
  "cjv": 0.40183047947079137,
  "cnr": 3.3555261823593887,
  "efc": 0.5962454083348331,
  "fber": 789.7732543945312,
  "fwhm_avg": 3.2826566666666666,
  "fwhm_x": 3.29011,
  "fwhm_y": 3.43065,
  "fwhm_z": 3.12721,
  "icvs_csf": 0.19196327494644674,
  "icvs_gm": 0.4309577555702832,
  "icvs_wm": 0.3770789694832701,
  "inu_med": 1.5028209686279297,
  "inu_range": 0.48334076404571547,
  "provenance": {
    "md5sum": "d9b95b7f990a5f3a7149b7bc2a36fca5",
    "settings": {
      "testing": false
    },
    "software": "mriqc",
    "version": "0.16.1",
    "warnings": {
      "large_rot_frame": true,
      "small_air_mask": false
    },
    "webapi_port": null,
    "webapi_url": "https://mriqc.nimh.nih.gov/api/v1"
  },
  "qi_1": 0.0,
  "qi_2": 0.005304205146432299,
  "rpve_csf": 23.89542334813267,
  "rpve_gm": 11.56847134569052,
  "rpve_wm": 15.812662925816285,
  "size_x": 176,
  "size_y": 256,
  "size_z": 256,
  "snr_csf": 2.512029621123295,
  "snr_gm": 8.486928570841455,
  "snr_total": 8.865012809367009,
  "snr_wm": 15.596080236136274,
  "snrd_csf": 20.33759757550258,
  "snrd_gm": 39.82025255124614,
  "snrd_total": 40.23706786804793,
  "snrd_wm": 60.55335347739506,
  "spacing_x": 1.0,
  "spacing_y": 1.0,
  "spacing_z": 1.0,
  "summary_bg_k": 91.66832749133198,
  "summary_bg_mad": 10.819021949718335,
  "summary_bg_mean": 19.889238357543945,
  "summary_bg_median": 17.478731155395508,
  "summary_bg_n": 3737741.0,
  "summary_bg_p05": 3.5057291984558105,
  "summary_bg_p95": 49.343528747558594,
  "summary_bg_stdv": 17.237985610961914,
  "summary_csf_k": -0.5297449427766354,
  "summary_csf_mad": 150.12678809118472,
  "summary_csf_mean": 326.25726318359375,
  "summary_csf_median": 335.8581848144531,
  "summary_csf_n": 10416.0,
  "summary_csf_p05": 108.6108283996582,
  "summary_csf_p95": 534.8652801513672,
  "summary_csf_stdv": 133.69351196289062,
  "summary_gm_k": 0.052057111688932345,
  "summary_gm_mad": 76.25198581057236,
  "summary_gm_mean": 657.3810424804688,
  "summary_gm_median": 657.5977172851562,
  "summary_gm_n": 21294.0,
  "summary_gm_p05": 529.6248931884766,
  "summary_gm_p95": 785.7771118164062,
  "summary_gm_stdv": 77.48177337646484,
  "summary_wm_k": 0.3643073621568491,
  "summary_wm_mad": 61.33058626111786,
  "summary_wm_mean": 999.9262084960938,
  "summary_wm_median": 999.9873046875,
  "summary_wm_n": 243220.0,
  "summary_wm_p05": 894.7126312255859,
  "summary_wm_p95": 1105.4488098144532,
  "summary_wm_stdv": 64.11772918701172,
  "tpm_overlap_csf": 0.15862104296684265,
  "tpm_overlap_gm": 0.4436781108379364,
  "tpm_overlap_wm": 0.5170637965202332,
  "wm2max": 0.7200886984030715
}