{
  "bids_meta": {
    "AccelNumReferenceLines": 32,
    "AccelerationFactorPE": 2,
    "AcquisitionMatrix": "0/256/256/0",
    "DeviceSerialNumber": "35426",
    "EchoTime": 0.00331,
    "EchoTrainLength": 1,
    "FlipAngle": 7,
    "ImageType": "ORIGINAL/PRIMARY/M/ND/NORM",
    "ImagingFrequency": 123191567,
    "InPlanePhaseEncodingDirection": "ROW",
    "InversionTime": 1.1,
    "MRAcquisitionType": "3D",
    "MagneticFieldStrength": 3,
    "ManufacturerModelName": "TrioTim",
    "NumberOfAverages": 1,
    "NumberOfPhaseEncodingSteps": 255,
    "PatientPosition": "HFS",
    "PercentPhaseFieldOfView": 100,
    "PercentSampling": 100,
    "PhaseEncodingDirection": "i-",
    "PixelBandwidth": 199,
    "ProtocolName": "MPRAGE - BWM",
    "ReceiveCoilName": "HeadMatrix",
    "RepetitionTime": 2.53,
    "ScanOptions": "IR",
    "ScanningSequence": "GR/IR",
    "SequenceName": "*tfl3d1_ns",
    "SequenceVariant": "SP/MP",
    "SoftwareVersions": "syngo MR B17",
    "TotalScanTimeSec": 363,
    "TransmitCoilName": "Body",
    "VariableFlipAngleFlag": "N",
    "dataset": "ds000030",
    "modality": "T1w",
    "subject_id": "60066"
  },
  "cjv": 0.4252305698361348,
  "cnr": 3.2402344705895345,
  "efc": 0.5544985044416597,
  "fber": 1106.663818359375,
  "fwhm_avg": 3.1026203694038887,
  "fwhm_x": 3.106081108211666,
  "fwhm_y": 3.31988,
  "fwhm_z": 2.8819,
  "icvs_csf": 0.18635329197909112,
  "icvs_gm": 0.42308624024034297,
  "icvs_wm": 0.3905604677805659,
  "inu_med": 1.509772539138794,
  "inu_range": 0.47261711955070496,
  "provenance": {
    "md5sum": "148bf296e19f9151e868f090d737653d",
    "settings": {
      "testing": false
    },
    "software": "mriqc",
    "version": "21.0.0rc2",
    "warnings": {
      "large_rot_frame": true,
      "small_air_mask": false
    },
    "webapi_port": null,
    "webapi_url": "https://mriqc.nimh.nih.gov/api/v1"
  },
  "qi_1": 0.0,
  "qi_2": 0.004820360875483654,
  "rpve_csf": 28.14663871020075,
  "rpve_gm": 13.307229958837722,
  "rpve_wm": 17.337070845738314,
  "size_x": 176,
  "size_y": 256,
  "size_z": 256,
  "snr_csf": 4.159138828310957,
  "snr_gm": 8.79965122461288,
  "snr_total": 9.681376157060336,
  "snr_wm": 16.085338418257173,
  "snrd_csf": 26.28821889557066,
  "snrd_gm": 41.1404592863787,
  "snrd_total": 42.73381124077407,
  "snrd_wm": 60.77275554037285,
  "spacing_x": 0.9999964237213135,
  "spacing_y": 1.0,
  "spacing_z": 1.0,
  "summary_bg_k": 56.317260586532974,
  "summary_bg_mad": 10.779943331271827,
  "summary_bg_mean": 16.241947174072266,
  "summary_bg_median": 14.570959091186523,
  "summary_bg_n": 3760480.0,
  "summary_bg_p05": 0.0,
  "summary_bg_p95": 39.99019756317138,
  "summary_bg_stdv": 12.530624389648438,
  "summary_csf_k": 1.1562522292251263,
  "summary_csf_mad": 88.22001260270743,
  "summary_csf_mean": 418.6033935546875,
  "summary_csf_median": 432.5595703125,
  "summary_csf_n": 5232.0,
  "summary_csf_p05": 220.40613861083983,
  "summary_csf_p95": 560.7415893554687,
  "summary_csf_stdv": 103.99225616455078,
  "summary_gm_k": -0.038657277063208095,
  "summary_gm_mad": 77.34479865797122,
  "summary_gm_mean": 675.9197998046875,
  "summary_gm_median": 676.94580078125,
  "summary_gm_n": 13040.0,
  "summary_gm_p05": 549.3613128662109,
  "summary_gm_p95": 801.6974151611328,
  "summary_gm_stdv": 76.9257583618164,
  "summary_wm_k": 0.2307324939105304,
  "summary_wm_mad": 60.02154550837726,
  "summary_wm_mean": 999.8460693359375,
  "summary_wm_median": 999.9854736328125,
  "summary_wm_n": 207134.0,
  "summary_wm_p05": 897.1479461669921,
  "summary_wm_p95": 1102.042803955078,
  "summary_wm_stdv": 62.167362213134766,
  "tpm_overlap_csf": 0.146667942404747,
  "tpm_overlap_gm": 0.42460525035858154,
  "tpm_overlap_wm": 0.49029341340065,
  "wm2max": 0.6725178467043825
}