{
  "bids_meta": {
    "AccelNumReferenceLines": 32,
    "AccelerationFactorPE": 2,
    "AcquisitionMatrix": "0/256/256/0",
    "DeviceSerialNumber": "35343",
    "EchoTime": 0.00331,
    "EchoTrainLength": 1,
    "FlipAngle": 7,
    "ImageType": "ORIGINAL/PRIMARY/M/ND/NORM",
    "ImagingFrequency": 123249668,
    "InPlanePhaseEncodingDirection": "ROW",
    "InversionTime": 1.1,
    "MRAcquisitionType": "3D",
    "MagneticFieldStrength": 3,
    "ManufacturerModelName": "TrioTim",
    "NumberOfAverages": 1,
    "NumberOfPhaseEncodingSteps": 255,
    "PatientPosition": "HFS",
    "PercentPhaseFieldOfView": 100,
    "PercentSampling": 100,
    "PhaseEncodingDirection": "i-",
    "PixelBandwidth": 200,
    "ProtocolName": "MPRAGE - BWM",
    "ReceiveCoilName": "HeadMatrix",
    "RepetitionTime": 2.53,
    "ScanOptions": "IR",
    "ScanningSequence": "GR/IR",
    "SequenceName": "*tfl3d1_ns",
    "SequenceVariant": "SP/MP",
    "SoftwareVersions": "syngo MR B15",
    "TotalScanTimeSec": 363,
    "TransmitCoilName": "Body",
    "VariableFlipAngleFlag": "N",
    "dataset": "ds000030",
    "modality": "T1w",
    "subject_id": "10438"
  },
  "cjv": 0.4919997173136237,
  "cnr": 2.699165889696207,
  "efc": 0.5642019699524269,
  "fber": 849.8645629882812,
  "fwhm_avg": 3.2843199999999997,
  "fwhm_x": 3.35134,
  "fwhm_y": 3.42169,
  "fwhm_z": 3.07993,
  "icvs_csf": 0.19957396878870107,
  "icvs_gm": 0.41346518254901493,
  "icvs_wm": 0.386960848662284,
  "inu_med": 1.7252533435821533,
  "inu_range": 0.7919119894504547,
  "provenance": {
    "md5sum": "54546775325c87abe722c66ff479f822",
    "settings": {
      "testing": false
    },
    "software": "mriqc",
    "version": "0.16.1",
    "warnings": {
      "large_rot_frame": true,
      "small_air_mask": false
    },
    "webapi_port": null,
    "webapi_url": "https://mriqc.nimh.nih.gov/api/v1"
  },
  "qi_1": 0.0,
  "qi_2": 0.0034497251977781856,
  "rpve_csf": 26.895961470691883,
  "rpve_gm": 13.592369660316018,
  "rpve_wm": 17.66288088429134,
  "size_x": 176,
  "size_y": 256,
  "size_z": 256,
  "snr_csf": 2.425544309909608,
  "snr_gm": 7.786247769720064,
  "snr_total": 8.278643537655038,
  "snr_wm": 14.624138533335444,
  "snrd_csf": 21.032313569825973,
  "snrd_gm": 40.476097004275594,
  "snrd_total": 39.94491855318943,
  "snrd_wm": 58.326345085466706,
  "spacing_x": 1.0,
  "spacing_y": 1.0,
  "spacing_z": 1.0,
  "summary_bg_k": 25.99533299364386,
  "summary_bg_mad": 11.232440039176975,
  "summary_bg_mean": 19.633882522583008,
  "summary_bg_median": 14.943338394165039,
  "summary_bg_n": 3699728.0,
  "summary_bg_p05": 3.6558797478675844,
  "summary_bg_p95": 47.769449615478514,
  "summary_bg_stdv": 15.403103828430176,
  "summary_csf_k": 1.4041303480092626,
  "summary_csf_mad": 166.36383422601847,
  "summary_csf_mean": 352.8259582519531,
  "summary_csf_median": 360.60308837890625,
  "summary_csf_n": 6300.0,
  "summary_csf_p05": 117.4557918548584,
  "summary_csf_p95": 577.7878601074218,
  "summary_csf_stdv": 148.65713500976562,
  "summary_gm_k": 0.29684940374420155,
  "summary_gm_mad": 85.30147882574227,
  "summary_gm_mean": 696.6937255859375,
  "summary_gm_median": 693.9705200195312,
  "summary_gm_n": 10864.0,
  "summary_gm_p05": 555.2358825683593,
  "summary_gm_p95": 850.3982727050782,
  "summary_gm_stdv": 89.12361907958984,
  "summary_wm_k": 0.4200431161071383,
  "summary_wm_mad": 65.27304671978135,
  "summary_wm_mean": 1000.2431030273438,
  "summary_wm_median": 1000.0164794921875,
  "summary_wm_n": 216784.0,
  "summary_wm_p05": 888.3667388916016,
  "summary_wm_p95": 1112.6797363281248,
  "summary_wm_stdv": 68.38106536865234,
  "tpm_overlap_csf": 0.1535685956478119,
  "tpm_overlap_gm": 0.43482279777526855,
  "tpm_overlap_wm": 0.506493091583252,
  "wm2max": 0.6105792063141514
}