{
  "bids_meta": {
    "AccelNumReferenceLines": 32,
    "AccelerationFactorPE": 2,
    "AcquisitionMatrix": "0/256/256/0",
    "DeviceSerialNumber": "35343",
    "EchoTime": 0.00331,
    "EchoTrainLength": 1,
    "FlipAngle": 7,
    "ImageType": "ORIGINAL/PRIMARY/M/ND/NORM",
    "ImagingFrequency": 123249354,
    "InPlanePhaseEncodingDirection": "ROW",
    "InversionTime": 1.1,
    "MRAcquisitionType": "3D",
    "MagneticFieldStrength": 3,
    "ManufacturerModelName": "TrioTim",
    "NumberOfAverages": 1,
    "NumberOfPhaseEncodingSteps": 255,
    "PatientPosition": "HFS",
    "PercentPhaseFieldOfView": 100,
    "PercentSampling": 100,
    "PhaseEncodingDirection": "i-",
    "PixelBandwidth": 200,
    "ProtocolName": "MPRAGE - BWM",
    "ReceiveCoilName": "HeadMatrix",
    "RepetitionTime": 2.53,
    "ScanOptions": "IR",
    "ScanningSequence": "GR/IR",
    "SequenceName": "*tfl3d1_ns",
    "SequenceVariant": "SP/MP",
    "SoftwareVersions": "syngo MR B15",
    "TotalScanTimeSec": 363,
    "TransmitCoilName": "Body",
    "VariableFlipAngleFlag": "N",
    "dataset": "ds000030",
    "modality": "T1w",
    "subject_id": "10672"
  },
  "cjv": 0.4086386256635087,
  "cnr": 3.240498516522121,
  "efc": 0.4876247565879432,
  "fber": 1592.8751220703125,
  "fwhm_avg": 3.2172889422992657,
  "fwhm_x": 3.2724668268977966,
  "fwhm_y": 3.39913,
  "fwhm_z": 2.98027,
  "icvs_csf": 0.15913494539718526,
  "icvs_gm": 0.4367716828598017,
  "icvs_wm": 0.4040933717430131,
  "inu_med": 1.7995624542236328,
  "inu_range": 0.6334553956985474,
  "provenance": {
    "md5sum": "9648f162d69a36b3b0fbc99d166db2b7",
    "settings": {
      "testing": false
    },
    "software": "mriqc",
    "version": "0.16.1",
    "warnings": {
      "large_rot_frame": true,
      "small_air_mask": false
    },
    "webapi_port": null,
    "webapi_url": "https://mriqc.nimh.nih.gov/api/v1"
  },
  "qi_1": 9.51205578466347e-06,
  "qi_2": 0.005466658538666232,
  "rpve_csf": 35.841889117043124,
  "rpve_gm": 15.000852527256534,
  "rpve_wm": 19.182859733320843,
  "size_x": 176,
  "size_y": 256,
  "size_z": 256,
  "snr_csf": 2.2784347783274947,
  "snr_gm": 8.182142552124338,
  "snr_total": 9.340064593574846,
  "snr_wm": 17.559616450272706,
  "snrd_csf": 24.839418819953938,
  "snrd_gm": 48.82400344171977,
  "snrd_total": 48.72041198156054,
  "snrd_wm": 72.4978136830079,
  "spacing_x": 0.9999979138374329,
  "spacing_y": 1.0,
  "spacing_z": 1.0,
  "summary_bg_k": 76.97323282645618,
  "summary_bg_mad": 9.036656745561675,
  "summary_bg_mean": 14.403865814208984,
  "summary_bg_median": 12.194612503051758,
  "summary_bg_n": 5098277.0,
  "summary_bg_p05": 0.0,
  "summary_bg_p95": 36.25798263549805,
  "summary_bg_stdv": 11.712942123413086,
  "summary_csf_k": -0.5259156534356961,
  "summary_csf_mad": 195.5354852533881,
  "summary_csf_mean": 328.0860900878906,
  "summary_csf_median": 342.623779296875,
  "summary_csf_n": 4048.0,
  "summary_csf_p05": 110.98549842834473,
  "summary_csf_p95": 547.010055541992,
  "summary_csf_stdv": 150.35824584960938,
  "summary_gm_k": 0.13922422503104315,
  "summary_gm_mad": 79.66226953296686,
  "summary_gm_mean": 676.2723388671875,
  "summary_gm_median": 673.4563598632812,
  "summary_gm_n": 20179.0,
  "summary_gm_p05": 544.5304138183594,
  "summary_gm_p95": 818.1570068359374,
  "summary_gm_stdv": 82.3060302734375,
  "summary_wm_k": 0.485998767561612,
  "summary_wm_mad": 53.776997620588844,
  "summary_wm_mean": 997.8035888671875,
  "summary_wm_median": 1000.0022583007812,
  "summary_wm_n": 209697.0,
  "summary_wm_p05": 900.0749389648438,
  "summary_wm_p95": 1087.3677001953124,
  "summary_wm_stdv": 56.94884490966797,
  "tpm_overlap_csf": 0.16597728431224823,
  "tpm_overlap_gm": 0.44020935893058777,
  "tpm_overlap_wm": 0.5107212662696838,
  "wm2max": 0.702407130746656
}