{
  "bids_meta": {
    "AccelNumReferenceLines": 32,
    "AccelerationFactorPE": 2,
    "AcquisitionMatrix": "0/256/256/0",
    "DeviceSerialNumber": "35343",
    "EchoTime": 0.00331,
    "EchoTrainLength": 1,
    "FlipAngle": 7,
    "ImageType": "ORIGINAL/PRIMARY/M/ND/NORM",
    "ImagingFrequency": 123227158,
    "InPlanePhaseEncodingDirection": "ROW",
    "InversionTime": 1.1,
    "MRAcquisitionType": "3D",
    "MagneticFieldStrength": 3,
    "ManufacturerModelName": "TrioTim",
    "NumberOfAverages": 1,
    "NumberOfPhaseEncodingSteps": 255,
    "PatientPosition": "HFS",
    "PercentPhaseFieldOfView": 100,
    "PercentSampling": 100,
    "PhaseEncodingDirection": "i-",
    "PixelBandwidth": 200,
    "ProtocolName": "MPRAGE - BWM",
    "ReceiveCoilName": "HeadMatrix",
    "RepetitionTime": 2.53,
    "ScanOptions": "IR",
    "ScanningSequence": "GR/IR",
    "SequenceName": "*tfl3d1_ns",
    "SequenceVariant": "SP/MP",
    "SoftwareVersions": "syngo MR B15",
    "TotalScanTimeSec": 363,
    "TransmitCoilName": "Body",
    "VariableFlipAngleFlag": "N",
    "dataset": "ds000030",
    "modality": "T1w",
    "subject_id": "10987"
  },
  "cjv": 0.4015522507081223,
  "cnr": 3.39420645407207,
  "efc": 0.5228614576562911,
  "fber": 1063.841064453125,
  "fwhm_avg": 3.193029097320992,
  "fwhm_x": 3.245237291962976,
  "fwhm_y": 3.334,
  "fwhm_z": 2.99985,
  "icvs_csf": 0.17533531772544753,
  "icvs_gm": 0.41973398109578336,
  "icvs_wm": 0.4049307011787691,
  "inu_med": 1.5426366329193115,
  "inu_range": 0.412046378850937,
  "provenance": {
    "md5sum": "618109a44b734c71314fa060e1ecb4df",
    "settings": {
      "testing": false
    },
    "software": "mriqc",
    "version": "0.16.1",
    "warnings": {
      "large_rot_frame": true,
      "small_air_mask": false
    },
    "webapi_port": null,
    "webapi_url": "https://mriqc.nimh.nih.gov/api/v1"
  },
  "qi_1": 1.8493254940899826e-05,
  "qi_2": 0.01799504084657388,
  "rpve_csf": 30.104307090505685,
  "rpve_gm": 13.957633977182432,
  "rpve_wm": 17.808821953132888,
  "size_x": 176,
  "size_y": 256,
  "size_z": 256,
  "snr_csf": 2.32458984905145,
  "snr_gm": 8.270579120552444,
  "snr_total": 9.259770186185916,
  "snr_wm": 17.184141588953857,
  "snrd_csf": 19.956628695319775,
  "snrd_gm": 41.340057342828175,
  "snrd_total": 41.261298371958304,
  "snrd_wm": 62.48720907772696,
  "spacing_x": 1.0000008344650269,
  "spacing_y": 1.0,
  "spacing_z": 1.0,
  "summary_bg_k": 148.27025597917503,
  "summary_bg_mad": 10.483946320627815,
  "summary_bg_mean": 15.160926818847656,
  "summary_bg_median": 14.329477310180664,
  "summary_bg_n": 3975470.0,
  "summary_bg_p05": 0.0,
  "summary_bg_p95": 36.40846710205078,
  "summary_bg_stdv": 12.518596649169922,
  "summary_csf_k": 0.2043461374045763,
  "summary_csf_mad": 166.48480919189154,
  "summary_csf_mean": 311.2530212402344,
  "summary_csf_median": 319.35980224609375,
  "summary_csf_n": 6787.0,
  "summary_csf_p05": 105.40857009887695,
  "summary_csf_p95": 525.3273620605469,
  "summary_csf_stdv": 137.3731689453125,
  "summary_gm_k": 0.07044901120917801,
  "summary_gm_mad": 79.5847188676068,
  "summary_gm_mean": 659.7982177734375,
  "summary_gm_median": 661.55224609375,
  "summary_gm_n": 13833.0,
  "summary_gm_p05": 525.3255126953125,
  "summary_gm_p95": 789.5763427734375,
  "summary_gm_stdv": 79.98573303222656,
  "summary_wm_k": 0.2329414050095786,
  "summary_wm_mad": 56.30513121315534,
  "summary_wm_mean": 1000.0117797851562,
  "summary_wm_median": 999.963623046875,
  "summary_wm_n": 221607.0,
  "summary_wm_p05": 904.55947265625,
  "summary_wm_p95": 1096.091906738281,
  "summary_wm_stdv": 58.190940856933594,
  "tpm_overlap_csf": 0.16493384540081024,
  "tpm_overlap_gm": 0.42664965987205505,
  "tpm_overlap_wm": 0.506216824054718,
  "wm2max": 0.6984405745536058
}