{
  "bids_meta": {
    "AccelNumReferenceLines": 32,
    "AccelerationFactorPE": 2,
    "AcquisitionMatrix": "0/256/256/0",
    "DeviceSerialNumber": "35426",
    "EchoTime": 0.00331,
    "EchoTrainLength": 1,
    "FlipAngle": 7,
    "ImageType": "ORIGINAL/PRIMARY/M/ND/NORM",
    "ImagingFrequency": 123191400,
    "InPlanePhaseEncodingDirection": "ROW",
    "InversionTime": 1.1,
    "MRAcquisitionType": "3D",
    "MagneticFieldStrength": 3,
    "ManufacturerModelName": "TrioTim",
    "NumberOfAverages": 1,
    "NumberOfPhaseEncodingSteps": 255,
    "PatientPosition": "HFS",
    "PercentPhaseFieldOfView": 100,
    "PercentSampling": 100,
    "PhaseEncodingDirection": "i-",
    "PixelBandwidth": 199,
    "ProtocolName": "MPRAGE - BWM",
    "ReceiveCoilName": "HeadMatrix",
    "RepetitionTime": 2.53,
    "ScanOptions": "IR",
    "ScanningSequence": "GR/IR",
    "SequenceName": "*tfl3d1_ns",
    "SequenceVariant": "SP/MP",
    "SoftwareVersions": "syngo MR B17",
    "TotalScanTimeSec": 363,
    "TransmitCoilName": "Body",
    "VariableFlipAngleFlag": "N",
    "dataset": "ds000030",
    "modality": "T1w",
    "subject_id": "70068"
  },
  "cjv": 0.38364593760416593,
  "cnr": 3.44648027742098,
  "efc": 0.5394740801573146,
  "fber": 934.148681640625,
  "fwhm_avg": 3.277006147958499,
  "fwhm_x": 3.2945284438754965,
  "fwhm_y": 3.41777,
  "fwhm_z": 3.11872,
  "icvs_csf": 0.17607949067500825,
  "icvs_gm": 0.4317870947962125,
  "icvs_wm": 0.3921334145287792,
  "inu_med": 1.6685535907745361,
  "inu_range": 0.5666209280490875,
  "provenance": {
    "md5sum": "b446a41253b903f54e8abef9754f74a8",
    "settings": {
      "testing": false
    },
    "software": "mriqc",
    "version": "21.0.0rc2",
    "warnings": {
      "large_rot_frame": true,
      "small_air_mask": false
    },
    "webapi_port": null,
    "webapi_url": "https://mriqc.nimh.nih.gov/api/v1"
  },
  "qi_1": 0.0,
  "qi_2": 0.00441154496985727,
  "rpve_csf": 30.264517868043644,
  "rpve_gm": 13.963178354004468,
  "rpve_wm": 18.50078271001643,
  "size_x": 176,
  "size_y": 256,
  "size_z": 256,
  "snr_csf": 2.0771416020345947,
  "snr_gm": 8.201764864115178,
  "snr_total": 9.138537152472288,
  "snr_wm": 17.136704991267095,
  "snrd_csf": 20.267894894975562,
  "snrd_gm": 43.60512568749955,
  "snrd_total": 43.45707265553583,
  "snrd_wm": 66.4981973841324,
  "spacing_x": 0.9999974370002747,
  "spacing_y": 1.0,
  "spacing_z": 1.0,
  "summary_bg_k": 135.9074513221429,
  "summary_bg_mad": 9.851889592811846,
  "summary_bg_mean": 17.65357208251953,
  "summary_bg_median": 16.17420768737793,
  "summary_bg_n": 3128736.0,
  "summary_bg_p05": 3.2375845909118652,
  "summary_bg_p95": 42.32455921173096,
  "summary_bg_stdv": 13.45251178741455,
  "summary_csf_k": 2.2634046692581293,
  "summary_csf_mad": 188.8148084045435,
  "summary_csf_mean": 313.380615234375,
  "summary_csf_median": 304.7870178222656,
  "summary_csf_n": 10438.0,
  "summary_csf_p05": 109.47764549255372,
  "summary_csf_p95": 529.1818054199218,
  "summary_csf_stdv": 146.72683715820312,
  "summary_gm_k": 0.11191804488604973,
  "summary_gm_mad": 76.65218163035637,
  "summary_gm_mean": 657.8342895507812,
  "summary_gm_median": 655.73046875,
  "summary_gm_n": 16410.0,
  "summary_gm_p05": 528.7510681152344,
  "summary_gm_p95": 795.5659332275391,
  "summary_gm_stdv": 79.9474868774414,
  "summary_wm_k": 0.4490690004242519,
  "summary_wm_mad": 55.42338829218863,
  "summary_wm_mean": 997.7290649414062,
  "summary_wm_median": 999.9946899414062,
  "summary_wm_n": 213035.0,
  "summary_wm_p05": 897.4754516601563,
  "summary_wm_p95": 1089.2316040039063,
  "summary_wm_stdv": 58.35382843017578,
  "tpm_overlap_csf": 0.17812737822532654,
  "tpm_overlap_gm": 0.43640974164009094,
  "tpm_overlap_wm": 0.5090753436088562,
  "wm2max": 0.7061648053031465
}