{
  "bids_meta": {
    "AccelNumReferenceLines": 32,
    "AccelerationFactorPE": 2,
    "AcquisitionMatrix": "0/256/256/0",
    "DeviceSerialNumber": "35343",
    "EchoTime": 0.00331,
    "EchoTrainLength": 1,
    "FlipAngle": 7,
    "ImageType": "ORIGINAL/PRIMARY/M/ND/NORM",
    "ImagingFrequency": 123227593,
    "InPlanePhaseEncodingDirection": "ROW",
    "InversionTime": 1.1,
    "MRAcquisitionType": "3D",
    "MagneticFieldStrength": 3,
    "ManufacturerModelName": "TrioTim",
    "NumberOfAverages": 1,
    "NumberOfPhaseEncodingSteps": 255,
    "PatientPosition": "HFS",
    "PercentPhaseFieldOfView": 100,
    "PercentSampling": 100,
    "PhaseEncodingDirection": "i-",
    "PixelBandwidth": 200,
    "ProtocolName": "MPRAGE - BWM",
    "ReceiveCoilName": "HeadMatrix",
    "RepetitionTime": 2.53,
    "ScanOptions": "IR",
    "ScanningSequence": "GR/IR",
    "SequenceName": "*tfl3d1_ns",
    "SequenceVariant": "SP/MP",
    "SoftwareVersions": "syngo MR B15",
    "TotalScanTimeSec": 363,
    "TransmitCoilName": "Body",
    "VariableFlipAngleFlag": "N",
    "dataset": "ds000030",
    "modality": "T1w",
    "subject_id": "50025"
  },
  "cjv": 0.4579077410651852,
  "cnr": 2.9592699737262125,
  "efc": 0.508922476668066,
  "fber": 1456.207763671875,
  "fwhm_avg": 2.978146666666667,
  "fwhm_x": 3.01871,
  "fwhm_y": 3.14336,
  "fwhm_z": 2.77237,
  "icvs_csf": 0.18160909229837235,
  "icvs_gm": 0.42906127289471285,
  "icvs_wm": 0.3893296348069148,
  "inu_med": 1.7647037506103516,
  "inu_range": 0.6231519639492036,
  "provenance": {
    "md5sum": "62a044bd4db0a82fe7a4da81ce45493b",
    "settings": {
      "testing": false
    },
    "software": "mriqc",
    "version": "0.16.1",
    "warnings": {
      "large_rot_frame": true,
      "small_air_mask": false
    },
    "webapi_port": null,
    "webapi_url": "https://mriqc.nimh.nih.gov/api/v1"
  },
  "qi_1": 2.2340139696314984e-05,
  "qi_2": 0.005307784762072805,
  "rpve_csf": 34.306576243198045,
  "rpve_gm": 15.747169222570005,
  "rpve_wm": 20.723274667418284,
  "size_x": 176,
  "size_y": 256,
  "size_z": 256,
  "snr_csf": 3.3687245974138706,
  "snr_gm": 8.188771838436736,
  "snr_total": 9.242406423485798,
  "snr_wm": 16.169722834606787,
  "snrd_csf": 24.075180322696518,
  "snrd_gm": 39.80055481749569,
  "snrd_total": 40.56132370132408,
  "snrd_wm": 57.808235963780035,
  "spacing_x": 1.0,
  "spacing_y": 1.0,
  "spacing_z": 1.0,
  "summary_bg_k": 167.1762627838928,
  "summary_bg_mad": 11.332960536328661,
  "summary_bg_mean": 15.93966293334961,
  "summary_bg_median": 11.657185554504395,
  "summary_bg_n": 4705851.0,
  "summary_bg_p05": 0.0,
  "summary_bg_p95": 38.674293518066406,
  "summary_bg_stdv": 13.695172309875488,
  "summary_csf_k": -0.002766384502074448,
  "summary_csf_mad": 117.395871454977,
  "summary_csf_mean": 400.6092529296875,
  "summary_csf_median": 416.46759033203125,
  "summary_csf_n": 4000.0,
  "summary_csf_p05": 173.96670608520512,
  "summary_csf_p95": 579.4674346923828,
  "summary_csf_stdv": 123.61222076416016,
  "summary_gm_k": -0.04773982598831239,
  "summary_gm_mad": 83.28624741667733,
  "summary_gm_mean": 687.8340454101562,
  "summary_gm_median": 688.4949951171875,
  "summary_gm_n": 12366.0,
  "summary_gm_p05": 547.4209442138672,
  "summary_gm_p95": 827.5075073242188,
  "summary_gm_stdv": 84.07453155517578,
  "summary_wm_k": 0.32471279155931265,
  "summary_wm_mad": 59.3557590201781,
  "summary_wm_mean": 998.5440063476562,
  "summary_wm_median": 1000.003173828125,
  "summary_wm_n": 174344.0,
  "summary_wm_p05": 894.2906158447265,
  "summary_wm_p95": 1097.5528869628906,
  "summary_wm_stdv": 61.843997955322266,
  "tpm_overlap_csf": 0.14160259068012238,
  "tpm_overlap_gm": 0.43032652139663696,
  "tpm_overlap_wm": 0.4913516044616699,
  "wm2max": 0.6488338053177286
}