{
  "bids_meta": {
    "AccelNumReferenceLines": 32,
    "AccelerationFactorPE": 2,
    "AcquisitionMatrix": "0/256/256/0",
    "DeviceSerialNumber": "35343",
    "EchoTime": 0.00331,
    "EchoTrainLength": 1,
    "FlipAngle": 7,
    "ImageType": "ORIGINAL/PRIMARY/M/ND/NORM",
    "ImagingFrequency": 123250053,
    "InPlanePhaseEncodingDirection": "ROW",
    "InversionTime": 1.1,
    "MRAcquisitionType": "3D",
    "MagneticFieldStrength": 3,
    "ManufacturerModelName": "TrioTim",
    "NumberOfAverages": 1,
    "NumberOfPhaseEncodingSteps": 255,
    "PatientPosition": "HFS",
    "PercentPhaseFieldOfView": 100,
    "PercentSampling": 100,
    "PhaseEncodingDirection": "i-",
    "PixelBandwidth": 200,
    "ProtocolName": "MPRAGE - BWM",
    "ReceiveCoilName": "HeadMatrix",
    "RepetitionTime": 2.53,
    "ScanOptions": "IR",
    "ScanningSequence": "GR/IR",
    "SequenceName": "*tfl3d1_ns",
    "SequenceVariant": "SP/MP",
    "SoftwareVersions": "syngo MR B15",
    "TotalScanTimeSec": 363,
    "TransmitCoilName": "Body",
    "VariableFlipAngleFlag": "N",
    "dataset": "ds000030",
    "modality": "T1w",
    "subject_id": "10273"
  },
  "cjv": 0.4000194591857094,
  "cnr": 3.29101356915228,
  "efc": 0.504755905267171,
  "fber": 1405.2584228515625,
  "fwhm_avg": 3.2539639053203255,
  "fwhm_x": 3.3091217159609756,
  "fwhm_y": 3.42306,
  "fwhm_z": 3.02971,
  "icvs_csf": 0.18420385810610182,
  "icvs_gm": 0.43462085171606335,
  "icvs_wm": 0.3811752901778348,
  "inu_med": 1.7149592638015747,
  "inu_range": 0.519181889295578,
  "provenance": {
    "md5sum": "4491cb57fc3ceec543bbbec91d3c07c9",
    "settings": {
      "testing": false
    },
    "software": "mriqc",
    "version": "0.16.1",
    "warnings": {
      "large_rot_frame": true,
      "small_air_mask": false
    },
    "webapi_port": null,
    "webapi_url": "https://mriqc.nimh.nih.gov/api/v1"
  },
  "qi_1": 2.8058861785138078e-05,
  "qi_2": 0.004066873339442614,
  "rpve_csf": 29.451319378916164,
  "rpve_gm": 13.851999751787677,
  "rpve_wm": 18.819845703993998,
  "size_x": 176,
  "size_y": 256,
  "size_z": 256,
  "snr_csf": 2.9688279996588705,
  "snr_gm": 7.853356808210799,
  "snr_total": 9.689978516144208,
  "snr_wm": 18.247750740562957,
  "snrd_csf": 31.887863858549792,
  "snrd_gm": 56.81493738749346,
  "snrd_total": 58.01847429642991,
  "snrd_wm": 85.3526216432465,
  "spacing_x": 1.0000025033950806,
  "spacing_y": 1.0,
  "spacing_z": 1.0,
  "summary_bg_k": 138.63848180770597,
  "summary_bg_mad": 7.675571377637796,
  "summary_bg_mean": 14.823128700256348,
  "summary_bg_median": 12.709720611572266,
  "summary_bg_n": 3963468.0,
  "summary_bg_p05": 2.5336410999298096,
  "summary_bg_p95": 35.45874252319336,
  "summary_bg_stdv": 11.601877212524414,
  "summary_csf_k": -0.45440825410252694,
  "summary_csf_mad": 114.21968758239171,
  "summary_csf_mean": 342.22467041015625,
  "summary_csf_median": 373.597900390625,
  "summary_csf_n": 10128.0,
  "summary_csf_p05": 121.20414581298829,
  "summary_csf_p95": 509.75256195068357,
  "summary_csf_stdv": 125.833984375,
  "summary_gm_k": 0.22006668571228882,
  "summary_gm_mad": 81.56185362542716,
  "summary_gm_mean": 668.6847534179688,
  "summary_gm_median": 665.6432495117188,
  "summary_gm_n": 15247.0,
  "summary_gm_p05": 533.5023620605468,
  "summary_gm_p95": 816.5050537109372,
  "summary_gm_stdv": 84.75629425048828,
  "summary_wm_k": 0.42801623514461173,
  "summary_wm_mad": 52.18354410095596,
  "summary_wm_mean": 999.1622314453125,
  "summary_wm_median": 999.990478515625,
  "summary_wm_n": 202011.0,
  "summary_wm_p05": 907.5218505859375,
  "summary_wm_p95": 1087.9185791015625,
  "summary_wm_stdv": 54.80061721801758,
  "tpm_overlap_csf": 0.16783049702644348,
  "tpm_overlap_gm": 0.4412129819393158,
  "tpm_overlap_wm": 0.5106476545333862,
  "wm2max": 0.7336988099208616
}