{
  "bids_meta": {
    "AccelNumReferenceLines": 32,
    "AccelerationFactorPE": 2,
    "AcquisitionMatrix": "0/256/256/0",
    "DeviceSerialNumber": "35343",
    "EchoTime": 0.00331,
    "EchoTrainLength": 1,
    "FlipAngle": 7,
    "ImageType": "ORIGINAL/PRIMARY/M/ND/NORM",
    "ImagingFrequency": 123249366,
    "InPlanePhaseEncodingDirection": "ROW",
    "InversionTime": 1.1,
    "MRAcquisitionType": "3D",
    "MagneticFieldStrength": 3,
    "ManufacturerModelName": "TrioTim",
    "NumberOfAverages": 1,
    "NumberOfPhaseEncodingSteps": 255,
    "PatientPosition": "HFS",
    "PercentPhaseFieldOfView": 100,
    "PercentSampling": 100,
    "PhaseEncodingDirection": "i-",
    "PixelBandwidth": 200,
    "ProtocolName": "MPRAGE - BWM",
    "ReceiveCoilName": "HeadMatrix",
    "RepetitionTime": 2.53,
    "ScanOptions": "IR",
    "ScanningSequence": "GR/IR",
    "SequenceName": "*tfl3d1_ns",
    "SequenceVariant": "SP/MP",
    "SoftwareVersions": "syngo MR B15",
    "TotalScanTimeSec": 363,
    "TransmitCoilName": "Body",
    "VariableFlipAngleFlag": "N",
    "dataset": "ds000030",
    "modality": "T1w",
    "subject_id": "10525"
  },
  "cjv": 0.4763886809556517,
  "cnr": 2.828440951208157,
  "efc": 0.5165918832190807,
  "fber": 1321.093994140625,
  "fwhm_avg": 3.2906633333333333,
  "fwhm_x": 3.27944,
  "fwhm_y": 3.44266,
  "fwhm_z": 3.14989,
  "icvs_csf": 0.19186791051237997,
  "icvs_gm": 0.41797727718102146,
  "icvs_wm": 0.39015481230659854,
  "inu_med": 1.7951371669769287,
  "inu_range": 0.6753826379776,
  "provenance": {
    "md5sum": "b19882aacb78b337fbfbe8520191f9f3",
    "settings": {
      "testing": false
    },
    "software": "mriqc",
    "version": "0.16.1",
    "warnings": {
      "large_rot_frame": true,
      "small_air_mask": false
    },
    "webapi_port": null,
    "webapi_url": "https://mriqc.nimh.nih.gov/api/v1"
  },
  "qi_1": 8.122974333275639e-06,
  "qi_2": 0.004688721141687446,
  "rpve_csf": 27.89376221173008,
  "rpve_gm": 13.742846065864626,
  "rpve_wm": 17.982773091446475,
  "size_x": 176,
  "size_y": 256,
  "size_z": 256,
  "snr_csf": 1.8618301406353885,
  "snr_gm": 7.86415341702127,
  "snr_total": 8.726142830922779,
  "snr_wm": 16.45244493511168,
  "snrd_csf": 16.977205734080663,
  "snrd_gm": 44.37315851388591,
  "snrd_total": 41.757347539947396,
  "snrd_wm": 63.92167837187563,
  "spacing_x": 1.0,
  "spacing_y": 1.0,
  "spacing_z": 1.0,
  "summary_bg_k": 51.13381306195355,
  "summary_bg_mad": 10.24921232785234,
  "summary_bg_mean": 17.411392211914062,
  "summary_bg_median": 13.80490779876709,
  "summary_bg_n": 4552340.0,
  "summary_bg_p05": 3.4168442606925966,
  "summary_bg_p95": 44.320198631286615,
  "summary_bg_stdv": 14.31373405456543,
  "summary_csf_k": 0.14043040641125426,
  "summary_csf_mad": 145.99053014862187,
  "summary_csf_mean": 291.2502136230469,
  "summary_csf_median": 265.5981140136719,
  "summary_csf_n": 7929.0,
  "summary_csf_p05": 99.33682556152344,
  "summary_csf_p95": 547.9753784179687,
  "summary_csf_stdv": 142.64532470703125,
  "summary_gm_k": -0.04753887899016096,
  "summary_gm_mad": 87.17074848075143,
  "summary_gm_mean": 697.8619995117188,
  "summary_gm_median": 694.1912231445312,
  "summary_gm_n": 17126.0,
  "summary_gm_p05": 557.0237579345703,
  "summary_gm_p95": 849.8000335693359,
  "summary_gm_stdv": 88.27027130126953,
  "summary_wm_k": 0.3246030941217488,
  "summary_wm_mad": 58.52070938197194,
  "summary_wm_mean": 999.5089111328125,
  "summary_wm_median": 1000.0159912109375,
  "summary_wm_n": 220647.0,
  "summary_wm_p05": 898.4412353515626,
  "summary_wm_p95": 1097.9380126953124,
  "summary_wm_stdv": 60.782073974609375,
  "tpm_overlap_csf": 0.16221453249454498,
  "tpm_overlap_gm": 0.43315035104751587,
  "tpm_overlap_wm": 0.506709098815918,
  "wm2max": 0.7158258676102333
}