{
  "bids_meta": {
    "AccelNumReferenceLines": 32,
    "AccelerationFactorPE": 2,
    "AcquisitionMatrix": "0/256/256/0",
    "DeviceSerialNumber": "35426",
    "EchoTime": 0.00331,
    "EchoTrainLength": 1,
    "FlipAngle": 7,
    "ImageType": "ORIGINAL/PRIMARY/M/ND/NORM",
    "ImagingFrequency": 123191997,
    "InPlanePhaseEncodingDirection": "ROW",
    "InversionTime": 1.1,
    "MRAcquisitionType": "3D",
    "MagneticFieldStrength": 3,
    "ManufacturerModelName": "TrioTim",
    "NumberOfAverages": 1,
    "NumberOfPhaseEncodingSteps": 255,
    "PatientPosition": "HFS",
    "PercentPhaseFieldOfView": 100,
    "PercentSampling": 100,
    "PhaseEncodingDirection": "i-",
    "PixelBandwidth": 199,
    "ProtocolName": "MPRAGE - BWM",
    "ReceiveCoilName": "HeadMatrix",
    "RepetitionTime": 2.53,
    "ScanOptions": "IR",
    "ScanningSequence": "GR/IR",
    "SequenceName": "*tfl3d1_ns",
    "SequenceVariant": "SP/MP",
    "SoftwareVersions": "syngo MR B17",
    "TotalScanTimeSec": 363,
    "TransmitCoilName": "Body",
    "VariableFlipAngleFlag": "N",
    "dataset": "ds000030",
    "modality": "T1w",
    "subject_id": "70072"
  },
  "cjv": 0.42622645044306107,
  "cnr": 3.2054061799215376,
  "efc": 0.5318462646098513,
  "fber": 1429.5462646484375,
  "fwhm_avg": 3.1181115632618432,
  "fwhm_x": 3.210784689785529,
  "fwhm_y": 3.16205,
  "fwhm_z": 2.9815,
  "icvs_csf": 0.18941707464907484,
  "icvs_gm": 0.441436944954996,
  "icvs_wm": 0.3691459803959291,
  "inu_med": 1.269268274307251,
  "inu_range": 0.24303982257843026,
  "provenance": {
    "md5sum": "d8214401124fc0c2581bfd9b87292586",
    "settings": {
      "testing": false
    },
    "software": "mriqc",
    "version": "21.0.0rc2",
    "warnings": {
      "large_rot_frame": true,
      "small_air_mask": false
    },
    "webapi_port": null,
    "webapi_url": "https://mriqc.nimh.nih.gov/api/v1"
  },
  "qi_1": 0.0,
  "qi_2": 0.007970861717746547,
  "rpve_csf": 30.911258821244363,
  "rpve_gm": 14.34503491957915,
  "rpve_wm": 19.92274463243641,
  "size_x": 176,
  "size_y": 256,
  "size_z": 256,
  "snr_csf": 2.1528006903791,
  "snr_gm": 8.683477939151734,
  "snr_total": 8.72803230191606,
  "snr_wm": 15.347818276217351,
  "snrd_csf": 22.737204348672996,
  "snrd_gm": 55.20616921406436,
  "snrd_total": 53.365681436315946,
  "snrd_wm": 82.15367074621048,
  "spacing_x": 1.000004768371582,
  "spacing_y": 1.0,
  "spacing_z": 1.0,
  "summary_bg_k": 586.3908660151185,
  "summary_bg_mad": 7.9744821232154575,
  "summary_bg_mean": 15.774249076843262,
  "summary_bg_median": 10.716110229492188,
  "summary_bg_n": 4205567.0,
  "summary_bg_p05": 0.0,
  "summary_bg_p95": 37.87972412109374,
  "summary_bg_stdv": 15.431732177734375,
  "summary_csf_k": -0.6298085333720489,
  "summary_csf_mad": 151.14312485216303,
  "summary_csf_mean": 289.6974792480469,
  "summary_csf_median": 276.76287841796875,
  "summary_csf_n": 7573.0,
  "summary_csf_p05": 105.82405853271484,
  "summary_csf_p95": 504.9706848144529,
  "summary_csf_stdv": 128.55096435546875,
  "summary_gm_k": -0.08229578567359663,
  "summary_gm_mad": 76.98677157804462,
  "summary_gm_mean": 671.100830078125,
  "summary_gm_median": 671.983154296875,
  "summary_gm_n": 14124.0,
  "summary_gm_p05": 542.6041137695313,
  "summary_gm_p95": 797.2240173339843,
  "summary_gm_stdv": 77.3836669921875,
  "summary_wm_k": 0.30212096771247365,
  "summary_wm_mad": 62.820472993697535,
  "summary_wm_mean": 1000.3492431640625,
  "summary_wm_median": 999.9948120117188,
  "summary_wm_n": 170643.0,
  "summary_wm_p05": 893.6766479492187,
  "summary_wm_p95": 1107.6325073242188,
  "summary_wm_stdv": 65.15531158447266,
  "tpm_overlap_csf": 0.15862621366977692,
  "tpm_overlap_gm": 0.44164860248565674,
  "tpm_overlap_wm": 0.486966073513031,
  "wm2max": 0.48377562733776397
}