{
  "bids_meta": {
    "AccelNumReferenceLines": 32,
    "AccelerationFactorPE": 2,
    "AcquisitionMatrix": "0/256/256/0",
    "DeviceSerialNumber": "35343",
    "EchoTime": 0.00331,
    "EchoTrainLength": 1,
    "FlipAngle": 7,
    "ImageType": "ORIGINAL/PRIMARY/M/ND/NORM",
    "ImagingFrequency": 123249934,
    "InPlanePhaseEncodingDirection": "ROW",
    "InversionTime": 1.1,
    "MRAcquisitionType": "3D",
    "MagneticFieldStrength": 3,
    "ManufacturerModelName": "TrioTim",
    "NumberOfAverages": 1,
    "NumberOfPhaseEncodingSteps": 255,
    "PatientPosition": "HFS",
    "PercentPhaseFieldOfView": 100,
    "PercentSampling": 100,
    "PhaseEncodingDirection": "i-",
    "PixelBandwidth": 200,
    "ProtocolName": "MPRAGE - BWM",
    "ReceiveCoilName": "HeadMatrix",
    "RepetitionTime": 2.53,
    "ScanOptions": "IR",
    "ScanningSequence": "GR/IR",
    "SequenceName": "*tfl3d1_ns",
    "SequenceVariant": "SP/MP",
    "SoftwareVersions": "syngo MR B15",
    "TotalScanTimeSec": 363,
    "TransmitCoilName": "Body",
    "VariableFlipAngleFlag": "N",
    "dataset": "ds000030",
    "modality": "T1w",
    "subject_id": "10271"
  },
  "cjv": 0.41679191996411613,
  "cnr": 3.1980054491162138,
  "efc": 0.5501679610266426,
  "fber": 1336.5618896484375,
  "fwhm_avg": 3.305271984009714,
  "fwhm_x": 3.3286159520291423,
  "fwhm_y": 3.48641,
  "fwhm_z": 3.10079,
  "icvs_csf": 0.2009898916934718,
  "icvs_gm": 0.4238838949045903,
  "icvs_wm": 0.3751262134019379,
  "inu_med": 1.6121907234191895,
  "inu_range": 0.5309436321258545,
  "provenance": {
    "md5sum": "8f307f8e23cf8aa633bfeb87e1deb85a",
    "settings": {
      "testing": false
    },
    "software": "mriqc",
    "version": "0.16.1",
    "warnings": {
      "large_rot_frame": true,
      "small_air_mask": false
    },
    "webapi_port": null,
    "webapi_url": "https://mriqc.nimh.nih.gov/api/v1"
  },
  "qi_1": 0.00025827289722608426,
  "qi_2": 0.004725443923214094,
  "rpve_csf": 28.378967973734746,
  "rpve_gm": 14.21481725732357,
  "rpve_wm": 19.13880070340564,
  "size_x": 176,
  "size_y": 256,
  "size_z": 256,
  "snr_csf": 2.412003875539811,
  "snr_gm": 8.582934565387385,
  "snr_total": 9.19312564018702,
  "snr_wm": 16.584438479633864,
  "snrd_csf": 18.498744260190083,
  "snrd_gm": 37.83004514283765,
  "snrd_total": 37.34648684969427,
  "snrd_wm": 55.710671146055084,
  "spacing_x": 0.9999982118606567,
  "spacing_y": 1.0,
  "spacing_z": 1.0,
  "summary_bg_k": 28.713813858038055,
  "summary_bg_mad": 11.759366184798838,
  "summary_bg_mean": 15.89830493927002,
  "summary_bg_median": 12.007072448730469,
  "summary_bg_n": 3760367.0,
  "summary_bg_p05": 0.0,
  "summary_bg_p95": 40.026232910156246,
  "summary_bg_stdv": 13.335624694824219,
  "summary_csf_k": -0.6604182584169145,
  "summary_csf_mad": 166.68207926246907,
  "summary_csf_mean": 327.4178771972656,
  "summary_csf_median": 332.0430908203125,
  "summary_csf_n": 10562.0,
  "summary_csf_p05": 118.22437858581543,
  "summary_csf_p95": 543.5946502685545,
  "summary_csf_stdv": 137.65623474121094,
  "summary_gm_k": 0.0767572452545715,
  "summary_gm_mad": 77.28724647224311,
  "summary_gm_mean": 679.8709716796875,
  "summary_gm_median": 679.0301513671875,
  "summary_gm_n": 10958.0,
  "summary_gm_p05": 548.6554351806641,
  "summary_gm_p95": 810.7960815429688,
  "summary_gm_stdv": 79.1103744506836,
  "summary_wm_k": 0.540970390595195,
  "summary_wm_mad": 56.4813621592332,
  "summary_wm_mean": 999.4114379882812,
  "summary_wm_median": 999.9783325195312,
  "summary_wm_n": 190358.0,
  "summary_wm_p05": 898.9618255615235,
  "summary_wm_p95": 1096.9986999511718,
  "summary_wm_stdv": 60.296024322509766,
  "tpm_overlap_csf": 0.1680392473936081,
  "tpm_overlap_gm": 0.44665592908859253,
  "tpm_overlap_wm": 0.513067901134491,
  "wm2max": 0.6731873028799303
}