{
  "bids_meta": {
    "AccelNumReferenceLines": 32,
    "AccelerationFactorPE": 2,
    "AcquisitionMatrix": "0/256/256/0",
    "DeviceSerialNumber": "35343",
    "EchoTime": 0.00331,
    "EchoTrainLength": 1,
    "FlipAngle": 7,
    "ImageType": "ORIGINAL/PRIMARY/M/ND/NORM",
    "ImagingFrequency": 123249616,
    "InPlanePhaseEncodingDirection": "ROW",
    "InversionTime": 1.1,
    "MRAcquisitionType": "3D",
    "MagneticFieldStrength": 3,
    "ManufacturerModelName": "TrioTim",
    "NumberOfAverages": 1,
    "NumberOfPhaseEncodingSteps": 255,
    "PatientPosition": "HFS",
    "PercentPhaseFieldOfView": 100,
    "PercentSampling": 100,
    "PhaseEncodingDirection": "i-",
    "PixelBandwidth": 200,
    "ProtocolName": "MPRAGE - BWM",
    "ReceiveCoilName": "HeadMatrix",
    "RepetitionTime": 2.53,
    "ScanOptions": "IR",
    "ScanningSequence": "GR/IR",
    "SequenceName": "*tfl3d1_ns",
    "SequenceVariant": "SP/MP",
    "SoftwareVersions": "syngo MR B15",
    "TotalScanTimeSec": 363,
    "TransmitCoilName": "Body",
    "VariableFlipAngleFlag": "N",
    "dataset": "ds000030",
    "modality": "T1w",
    "subject_id": "10329"
  },
  "cjv": 0.4224418916509671,
  "cnr": 3.146078702273204,
  "efc": 0.56034130492566,
  "fber": 780.9872436523438,
  "fwhm_avg": 3.31868,
  "fwhm_x": 3.39158,
  "fwhm_y": 3.47002,
  "fwhm_z": 3.09444,
  "icvs_csf": 0.1912829659081751,
  "icvs_gm": 0.4139107621581601,
  "icvs_wm": 0.3948062719336648,
  "inu_med": 1.7599804401397705,
  "inu_range": 0.735914045572281,
  "provenance": {
    "md5sum": "35a0125823bac7cf1d8ad7264a334828",
    "settings": {
      "testing": false
    },
    "software": "mriqc",
    "version": "0.16.1",
    "warnings": {
      "large_rot_frame": true,
      "small_air_mask": false
    },
    "webapi_port": null,
    "webapi_url": "https://mriqc.nimh.nih.gov/api/v1"
  },
  "qi_1": 0.0,
  "qi_2": 0.004858622811561376,
  "rpve_csf": 27.147818164130623,
  "rpve_gm": 13.510828188933719,
  "rpve_wm": 17.712798501928212,
  "size_x": 176,
  "size_y": 256,
  "size_z": 256,
  "snr_csf": 2.9110303463133755,
  "snr_gm": 8.14378202747953,
  "snr_total": 9.050607708858804,
  "snr_wm": 16.097010752783504,
  "snrd_csf": 26.582497901629768,
  "snrd_gm": 43.86058211130291,
  "snrd_total": 45.24693781449108,
  "snrd_wm": 65.29773343054057,
  "spacing_x": 1.0,
  "spacing_y": 1.0,
  "spacing_z": 1.0,
  "summary_bg_k": 114.15853304653585,
  "summary_bg_mad": 10.033162576387408,
  "summary_bg_mean": 18.609773635864258,
  "summary_bg_median": 16.378395080566406,
  "summary_bg_n": 3091038.0,
  "summary_bg_p05": 3.271693801879883,
  "summary_bg_p95": 45.640082168579085,
  "summary_bg_stdv": 15.076637268066406,
  "summary_csf_k": -0.6683733931712652,
  "summary_csf_mad": 145.59562804403458,
  "summary_csf_mean": 377.029541015625,
  "summary_csf_median": 407.10076904296875,
  "summary_csf_n": 5816.0,
  "summary_csf_p05": 130.60690689086914,
  "summary_csf_p95": 566.2853851318359,
  "summary_csf_stdv": 139.83563232421875,
  "summary_gm_k": 0.17778216614382947,
  "summary_gm_mad": 79.46893581471508,
  "summary_gm_mean": 675.8385620117188,
  "summary_gm_median": 671.7080078125,
  "summary_gm_n": 21260.0,
  "summary_gm_p05": 545.3208587646484,
  "summary_gm_p95": 819.3072021484375,
  "summary_gm_stdv": 82.4791488647461,
  "summary_wm_k": 0.3540696189088357,
  "summary_wm_mad": 59.21947978793509,
  "summary_wm_mean": 998.3338623046875,
  "summary_wm_median": 1000.009765625,
  "summary_wm_n": 234630.0,
  "summary_wm_p05": 893.0289733886718,
  "summary_wm_p95": 1097.3956970214845,
  "summary_wm_stdv": 62.123809814453125,
  "tpm_overlap_csf": 0.1570860892534256,
  "tpm_overlap_gm": 0.4394727051258087,
  "tpm_overlap_wm": 0.5109612941741943,
  "wm2max": 0.6997776050200071
}