{
  "bids_meta": {
    "AccelNumReferenceLines": 32,
    "AccelerationFactorPE": 2,
    "AcquisitionMatrix": "0/256/256/0",
    "DeviceSerialNumber": "35426",
    "EchoTime": 0.00331,
    "EchoTrainLength": 1,
    "FlipAngle": 7,
    "ImageType": "ORIGINAL/PRIMARY/M/ND/NORM",
    "ImagingFrequency": 123191576,
    "InPlanePhaseEncodingDirection": "ROW",
    "InversionTime": 1.1,
    "MRAcquisitionType": "3D",
    "MagneticFieldStrength": 3,
    "ManufacturerModelName": "TrioTim",
    "NumberOfAverages": 1,
    "NumberOfPhaseEncodingSteps": 255,
    "PatientPosition": "HFS",
    "PercentPhaseFieldOfView": 100,
    "PercentSampling": 100,
    "PhaseEncodingDirection": "i-",
    "PixelBandwidth": 199,
    "ProtocolName": "MPRAGE - BWM",
    "ReceiveCoilName": "HeadMatrix",
    "RepetitionTime": 2.53,
    "ScanOptions": "IR",
    "ScanningSequence": "GR/IR",
    "SequenceName": "tfl3d1_ns",
    "SequenceVariant": "SP/MP",
    "SoftwareVersions": "syngo MR B17",
    "TotalScanTimeSec": 363,
    "TransmitCoilName": "Body",
    "VariableFlipAngleFlag": "N",
    "dataset": "ds000030",
    "modality": "T1w",
    "subject_id": "11077"
  },
  "cjv": 0.3894228831704971,
  "cnr": 3.3778343179227996,
  "efc": 0.5124388842312897,
  "fber": 1264.844482421875,
  "fwhm_avg": 3.237493333333333,
  "fwhm_x": 3.25674,
  "fwhm_y": 3.36264,
  "fwhm_z": 3.0931,
  "icvs_csf": 0.16915642335550016,
  "icvs_gm": 0.42808271404601667,
  "icvs_wm": 0.40276086259848315,
  "inu_med": 1.6697988510131836,
  "inu_range": 0.5552767097949984,
  "provenance": {
    "md5sum": "0dc90ba7e8dc0b184f69a3e3ba174565",
    "settings": {
      "testing": false
    },
    "software": "mriqc",
    "version": "0.16.1",
    "warnings": {
      "large_rot_frame": true,
      "small_air_mask": false
    },
    "webapi_port": null,
    "webapi_url": "https://mriqc.nimh.nih.gov/api/v1"
  },
  "qi_1": 0.00017017462275150462,
  "qi_2": 0.018286311533590074,
  "rpve_csf": 32.70240126941364,
  "rpve_gm": 14.448845847805975,
  "rpve_wm": 18.37706968576858,
  "size_x": 176,
  "size_y": 256,
  "size_z": 256,
  "snr_csf": 2.525481942438306,
  "snr_gm": 8.833159676182095,
  "snr_total": 9.52534849675864,
  "snr_wm": 17.21740387165552,
  "snrd_csf": 22.67544115514469,
  "snrd_gm": 42.74174228788454,
  "snrd_total": 42.95932846403908,
  "snrd_wm": 63.46080194908802,
  "spacing_x": 1.0,
  "spacing_y": 1.0,
  "spacing_z": 1.0,
  "summary_bg_k": 100.7023976180243,
  "summary_bg_mad": 10.323327168445322,
  "summary_bg_mean": 15.234379768371582,
  "summary_bg_median": 13.97800064086914,
  "summary_bg_n": 3338951.0,
  "summary_bg_p05": 0.0,
  "summary_bg_p95": 38.203020095825195,
  "summary_bg_stdv": 12.468033790588379,
  "summary_csf_k": 0.005855094809055661,
  "summary_csf_mad": 165.4399112538371,
  "summary_csf_mean": 341.5309143066406,
  "summary_csf_median": 357.3088073730469,
  "summary_csf_n": 6583.0,
  "summary_csf_p05": 126.83192596435548,
  "summary_csf_p95": 556.3203613281249,
  "summary_csf_stdv": 141.47068786621094,
  "summary_gm_k": 0.2554559882870504,
  "summary_gm_mad": 72.36870637308213,
  "summary_gm_mean": 676.0474243164062,
  "summary_gm_median": 673.5040283203125,
  "summary_gm_n": 16017.0,
  "summary_gm_p05": 554.823681640625,
  "summary_gm_p95": 809.13642578125,
  "summary_gm_stdv": 76.24485778808594,
  "summary_wm_k": 0.434617964232757,
  "summary_wm_mad": 54.770496751263465,
  "summary_wm_mean": 997.94482421875,
  "summary_wm_median": 999.985107421875,
  "summary_wm_n": 208607.0,
  "summary_wm_p05": 897.6667663574219,
  "summary_wm_p95": 1089.3803833007812,
  "summary_wm_stdv": 58.07976150512695,
  "tpm_overlap_csf": 0.1601991057395935,
  "tpm_overlap_gm": 0.43240755796432495,
  "tpm_overlap_wm": 0.4967018663883209,
  "wm2max": 0.6339047898719736
}