{
  "bids_meta": {
    "AccelNumReferenceLines": 32,
    "AccelerationFactorPE": 2,
    "AcquisitionMatrix": "0/256/256/0",
    "DeviceSerialNumber": "35343",
    "EchoTime": 0.00331,
    "EchoTrainLength": 1,
    "FlipAngle": 7,
    "ImageType": "ORIGINAL/PRIMARY/M/ND/NORM",
    "ImagingFrequency": 123250028,
    "InPlanePhaseEncodingDirection": "ROW",
    "InversionTime": 1.1,
    "MRAcquisitionType": "3D",
    "MagneticFieldStrength": 3,
    "ManufacturerModelName": "TrioTim",
    "NumberOfAverages": 1,
    "NumberOfPhaseEncodingSteps": 255,
    "PatientPosition": "HFS",
    "PercentPhaseFieldOfView": 100,
    "PercentSampling": 100,
    "PhaseEncodingDirection": "i-",
    "PixelBandwidth": 200,
    "ProtocolName": "MPRAGE - BWM",
    "ReceiveCoilName": "HeadMatrix",
    "RepetitionTime": 2.53,
    "ScanOptions": "IR",
    "ScanningSequence": "GR/IR",
    "SequenceName": "*tfl3d1_ns",
    "SequenceVariant": "SP/MP",
    "SoftwareVersions": "syngo MR B15",
    "TotalScanTimeSec": 363,
    "TransmitCoilName": "Body",
    "VariableFlipAngleFlag": "N",
    "dataset": "ds000030",
    "modality": "T1w",
    "subject_id": "10365"
  },
  "cjv": 0.4210567989455656,
  "cnr": 3.145135518624742,
  "efc": 0.5236915971688735,
  "fber": 1105.3367919921875,
  "fwhm_avg": 3.415226666666667,
  "fwhm_x": 3.43924,
  "fwhm_y": 3.52637,
  "fwhm_z": 3.28007,
  "icvs_csf": 0.1986425115806406,
  "icvs_gm": 0.4205905757613547,
  "icvs_wm": 0.38076691265800466,
  "inu_med": 1.7516560554504395,
  "inu_range": 0.5942917764186857,
  "provenance": {
    "md5sum": "601811c0cb9389293af4fd35f119c5b5",
    "settings": {
      "testing": false
    },
    "software": "mriqc",
    "version": "0.16.1",
    "warnings": {
      "large_rot_frame": true,
      "small_air_mask": false
    },
    "webapi_port": null,
    "webapi_url": "https://mriqc.nimh.nih.gov/api/v1"
  },
  "qi_1": 0.0,
  "qi_2": 0.0017829324952948747,
  "rpve_csf": 26.879370021791402,
  "rpve_gm": 13.395462359332786,
  "rpve_wm": 17.820284669829665,
  "size_x": 176,
  "size_y": 256,
  "size_z": 256,
  "snr_csf": 2.4986339536079787,
  "snr_gm": 8.396567522710274,
  "snr_total": 9.009968570431733,
  "snr_wm": 16.134704234976944,
  "snrd_csf": 20.8216761708904,
  "snrd_gm": 38.75208746538141,
  "snrd_total": 38.965951163837644,
  "snrd_wm": 57.32408985524113,
  "spacing_x": 1.0,
  "spacing_y": 1.0,
  "spacing_z": 1.0,
  "summary_bg_k": 17.426828490525693,
  "summary_bg_mad": 11.428645428252603,
  "summary_bg_mean": 18.64100456237793,
  "summary_bg_median": 15.483187675476074,
  "summary_bg_n": 3914259.0,
  "summary_bg_p05": 2.5903844833374023,
  "summary_bg_p95": 47.85051345825194,
  "summary_bg_stdv": 16.981182098388672,
  "summary_csf_k": 14.9306900667289,
  "summary_csf_mad": 147.06415893411136,
  "summary_csf_mean": 353.8468017578125,
  "summary_csf_median": 363.2275085449219,
  "summary_csf_n": 11941.0,
  "summary_csf_p05": 125.42684173583984,
  "summary_csf_p95": 564.8118896484375,
  "summary_csf_stdv": 145.36434936523438,
  "summary_gm_k": 0.1595126543032097,
  "summary_gm_mad": 77.91480057291061,
  "summary_gm_mean": 679.6130981445312,
  "summary_gm_median": 676.017822265625,
  "summary_gm_n": 13208.0,
  "summary_gm_p05": 552.073519897461,
  "summary_gm_p95": 817.2789733886718,
  "summary_gm_stdv": 80.50816345214844,
  "summary_wm_k": 0.516295011254392,
  "summary_wm_mad": 58.50030369347871,
  "summary_wm_mean": 1000.5576782226562,
  "summary_wm_median": 1000.00048828125,
  "summary_wm_n": 206204.0,
  "summary_wm_p05": 899.9524719238282,
  "summary_wm_p95": 1102.938427734375,
  "summary_wm_stdv": 61.978084564208984,
  "tpm_overlap_csf": 0.16558368504047394,
  "tpm_overlap_gm": 0.44887834787368774,
  "tpm_overlap_wm": 0.5076619386672974,
  "wm2max": 0.6834854486211924
}