{
  "bids_meta": {
    "AccelNumReferenceLines": 32,
    "AccelerationFactorPE": 2,
    "AcquisitionMatrix": "0/256/256/0",
    "DeviceSerialNumber": "35343",
    "EchoTime": 0.00331,
    "EchoTrainLength": 1,
    "FlipAngle": 7,
    "ImageType": "ORIGINAL/PRIMARY/M/ND/NORM",
    "ImagingFrequency": 123227288,
    "InPlanePhaseEncodingDirection": "ROW",
    "InversionTime": 1.1,
    "MRAcquisitionType": "3D",
    "MagneticFieldStrength": 3,
    "ManufacturerModelName": "TrioTim",
    "NumberOfAverages": 1,
    "NumberOfPhaseEncodingSteps": 255,
    "PatientPosition": "HFS",
    "PercentPhaseFieldOfView": 100,
    "PercentSampling": 100,
    "PhaseEncodingDirection": "i-",
    "PixelBandwidth": 200,
    "ProtocolName": "MPRAGE - BWM",
    "ReceiveCoilName": "HeadMatrix",
    "RepetitionTime": 2.53,
    "ScanOptions": "IR",
    "ScanningSequence": "GR/IR",
    "SequenceName": "*tfl3d1_ns",
    "SequenceVariant": "SP/MP",
    "SoftwareVersions": "syngo MR B15",
    "TotalScanTimeSec": 363,
    "TransmitCoilName": "Body",
    "VariableFlipAngleFlag": "N",
    "dataset": "ds000030",
    "modality": "T1w",
    "subject_id": "60048"
  },
  "cjv": 0.46658229988117467,
  "cnr": 2.843055164522334,
  "efc": 0.5532268557822007,
  "fber": 1176.1331787109375,
  "fwhm_avg": 3.242088173982171,
  "fwhm_x": 3.2823745219465126,
  "fwhm_y": 3.41641,
  "fwhm_z": 3.02748,
  "icvs_csf": 0.2143802016965104,
  "icvs_gm": 0.3920821688851652,
  "icvs_wm": 0.3935376294183244,
  "inu_med": 1.6496886014938354,
  "inu_range": 0.5684622406959532,
  "provenance": {
    "md5sum": "59cb5d854ad60f95509146ae25b4e483",
    "settings": {
      "testing": false
    },
    "software": "mriqc",
    "version": "21.0.0rc2",
    "warnings": {
      "large_rot_frame": true,
      "small_air_mask": false
    },
    "webapi_port": null,
    "webapi_url": "https://mriqc.nimh.nih.gov/api/v1"
  },
  "qi_1": 0.0,
  "qi_2": 0.006022555796804831,
  "rpve_csf": 25.16159348427911,
  "rpve_gm": 13.828682419448215,
  "rpve_wm": 17.294404921085754,
  "size_x": 176,
  "size_y": 256,
  "size_z": 256,
  "snr_csf": 4.415087719179261,
  "snr_gm": 8.352607290058709,
  "snr_total": 9.978501809332988,
  "snr_wm": 17.16781041876099,
  "snrd_csf": 27.807500826881476,
  "snrd_gm": 43.73706179950105,
  "snrd_total": 44.50621052976072,
  "snrd_wm": 61.97406896289963,
  "spacing_x": 1.0000016689300537,
  "spacing_y": 1.0,
  "spacing_z": 1.0,
  "summary_bg_k": 101.12628292441597,
  "summary_bg_mad": 10.57122546018949,
  "summary_bg_mean": 17.276962280273438,
  "summary_bg_median": 14.248973846435547,
  "summary_bg_n": 3733298.0,
  "summary_bg_p05": 3.527491903305054,
  "summary_bg_p95": 42.220323371887204,
  "summary_bg_stdv": 13.488760948181152,
  "summary_csf_k": 1.1416578824946804,
  "summary_csf_mad": 84.55628660959275,
  "summary_csf_mean": 436.4184875488281,
  "summary_csf_median": 448.6994934082031,
  "summary_csf_n": 12832.0,
  "summary_csf_p05": 245.08667526245117,
  "summary_csf_p95": 580.1215301513672,
  "summary_csf_stdv": 101.62471008300781,
  "summary_gm_k": 0.25969926729519655,
  "summary_gm_mad": 81.32798000276313,
  "summary_gm_mean": 707.8850708007812,
  "summary_gm_median": 705.737548828125,
  "summary_gm_n": 10998.0,
  "summary_gm_p05": 573.7179443359375,
  "summary_gm_p95": 853.0364471435546,
  "summary_gm_stdv": 84.48924255371094,
  "summary_wm_k": 0.38058678790842126,
  "summary_wm_mad": 55.97357270921219,
  "summary_wm_mean": 999.8153686523438,
  "summary_wm_median": 1000.0083618164062,
  "summary_wm_n": 220651.0,
  "summary_wm_p05": 903.7247619628906,
  "summary_wm_p95": 1094.7632446289062,
  "summary_wm_stdv": 58.2489013671875,
  "tpm_overlap_csf": 0.14467382431030273,
  "tpm_overlap_gm": 0.41834327578544617,
  "tpm_overlap_wm": 0.49810025095939636,
  "wm2max": 0.63636304601035
}