{
  "bids_meta": {
    "AccelNumReferenceLines": 32,
    "AccelerationFactorPE": 2,
    "AcquisitionMatrix": "0/256/256/0",
    "DeviceSerialNumber": "35343",
    "EchoTime": 0.00331,
    "EchoTrainLength": 1,
    "FlipAngle": 7,
    "ImageType": "ORIGINAL/PRIMARY/M/ND/NORM",
    "ImagingFrequency": 123249524,
    "InPlanePhaseEncodingDirection": "ROW",
    "InversionTime": 1.1,
    "MRAcquisitionType": "3D",
    "MagneticFieldStrength": 3,
    "ManufacturerModelName": "TrioTim",
    "NumberOfAverages": 1,
    "NumberOfPhaseEncodingSteps": 255,
    "PatientPosition": "HFS",
    "PercentPhaseFieldOfView": 100,
    "PercentSampling": 100,
    "PhaseEncodingDirection": "i-",
    "PixelBandwidth": 200,
    "ProtocolName": "MPRAGE - BWM",
    "ReceiveCoilName": "HeadMatrix",
    "RepetitionTime": 2.53,
    "ScanOptions": "IR",
    "ScanningSequence": "GR/IR",
    "SequenceName": "*tfl3d1_ns",
    "SequenceVariant": "SP/MP",
    "SoftwareVersions": "syngo MR B15",
    "TotalScanTimeSec": 363,
    "TransmitCoilName": "Body",
    "VariableFlipAngleFlag": "N",
    "dataset": "ds000030",
    "modality": "T1w",
    "subject_id": "10340"
  },
  "cjv": 0.3907732931126231,
  "cnr": 3.3775627912147277,
  "efc": 0.6189960131089319,
  "fber": 784.99951171875,
  "fwhm_avg": 3.23494,
  "fwhm_x": 3.22382,
  "fwhm_y": 3.4416,
  "fwhm_z": 3.0394,
  "icvs_csf": 0.17359989661402117,
  "icvs_gm": 0.4284678699063418,
  "icvs_wm": 0.3979322334796371,
  "inu_med": 1.536423921585083,
  "inu_range": 0.572999310493469,
  "provenance": {
    "md5sum": "f37e2259ab548781ed267462804d4826",
    "settings": {
      "testing": false
    },
    "software": "mriqc",
    "version": "0.16.1",
    "warnings": {
      "large_rot_frame": true,
      "small_air_mask": false
    },
    "webapi_port": null,
    "webapi_url": "https://mriqc.nimh.nih.gov/api/v1"
  },
  "qi_1": 0.0,
  "qi_2": 0.003664947954796537,
  "rpve_csf": 25.617169098220444,
  "rpve_gm": 11.670916168482867,
  "rpve_wm": 15.100813497008563,
  "size_x": 176,
  "size_y": 256,
  "size_z": 256,
  "snr_csf": 1.4878171930215895,
  "snr_gm": 7.937333007010603,
  "snr_total": 8.831612731099757,
  "snr_wm": 17.069687993267078,
  "snrd_csf": 13.626325638715663,
  "snrd_gm": 42.66807224366205,
  "snrd_total": 40.48208990013989,
  "snrd_wm": 65.15187181804195,
  "spacing_x": 1.0,
  "spacing_y": 1.0,
  "spacing_z": 1.0,
  "summary_bg_k": 4.489209670040519,
  "summary_bg_mad": 10.05534980364875,
  "summary_bg_mean": 19.265493392944336,
  "summary_bg_median": 15.870214462280273,
  "summary_bg_n": 2396649.0,
  "summary_bg_p05": 3.1609660148620606,
  "summary_bg_p95": 46.96391754150396,
  "summary_bg_stdv": 14.14549446105957,
  "summary_csf_k": 0.3299491659840341,
  "summary_csf_mad": 131.32926919338422,
  "summary_csf_mean": 249.4987335205078,
  "summary_csf_median": 209.1434326171875,
  "summary_csf_n": 6742.0,
  "summary_csf_p05": 75.86323547363281,
  "summary_csf_p95": 512.4224212646484,
  "summary_csf_stdv": 140.5602264404297,
  "summary_gm_k": 0.3396513285400671,
  "summary_gm_mad": 78.78468919147106,
  "summary_gm_mean": 657.421630859375,
  "summary_gm_median": 654.8901977539062,
  "summary_gm_n": 18613.0,
  "summary_gm_p05": 524.2884765625,
  "summary_gm_p95": 798.5896362304687,
  "summary_gm_stdv": 82.50537109375,
  "summary_wm_k": 0.3990000411529424,
  "summary_wm_mad": 56.06813565588812,
  "summary_wm_mean": 999.0861206054688,
  "summary_wm_median": 999.982421875,
  "summary_wm_n": 270989.0,
  "summary_wm_p05": 901.544482421875,
  "summary_wm_p95": 1093.573974609375,
  "summary_wm_stdv": 58.58224105834961,
  "tpm_overlap_csf": 0.16935721039772034,
  "tpm_overlap_gm": 0.4478236734867096,
  "tpm_overlap_wm": 0.5143652558326721,
  "wm2max": 0.6421603641472138
}