{
  "bids_meta": {
    "AccelNumReferenceLines": 32,
    "AccelerationFactorPE": 2,
    "AcquisitionMatrix": "0/256/256/0",
    "DeviceSerialNumber": "35343",
    "EchoTime": 0.00331,
    "EchoTrainLength": 1,
    "FlipAngle": 7,
    "ImageType": "ORIGINAL/PRIMARY/M/ND/NORM",
    "ImagingFrequency": 123227688,
    "InPlanePhaseEncodingDirection": "ROW",
    "InversionTime": 1.1,
    "MRAcquisitionType": "3D",
    "MagneticFieldStrength": 3,
    "ManufacturerModelName": "TrioTim",
    "NumberOfAverages": 1,
    "NumberOfPhaseEncodingSteps": 255,
    "PatientPosition": "HFS",
    "PercentPhaseFieldOfView": 100,
    "PercentSampling": 100,
    "PhaseEncodingDirection": "i-",
    "PixelBandwidth": 200,
    "ProtocolName": "MPRAGE - BWM",
    "ReceiveCoilName": "HeadMatrix",
    "RepetitionTime": 2.53,
    "ScanOptions": "IR",
    "ScanningSequence": "GR/IR",
    "SequenceName": "*tfl3d1_ns",
    "SequenceVariant": "SP/MP",
    "SoftwareVersions": "syngo MR B15",
    "TotalScanTimeSec": 363,
    "TransmitCoilName": "Body",
    "VariableFlipAngleFlag": "N",
    "dataset": "ds000030",
    "modality": "T1w",
    "subject_id": "10697"
  },
  "cjv": 0.44336766377337644,
  "cnr": 2.997878133078224,
  "efc": 0.5350396951341622,
  "fber": 1404.8460693359375,
  "fwhm_avg": 3.194181229510345,
  "fwhm_x": 3.2345836885310346,
  "fwhm_y": 3.3498,
  "fwhm_z": 2.99816,
  "icvs_csf": 0.18811372228240747,
  "icvs_gm": 0.4175506871218719,
  "icvs_wm": 0.39433559059572065,
  "inu_med": 1.7402613162994385,
  "inu_range": 0.6780572831630707,
  "provenance": {
    "md5sum": "b257ccb009677380a0b1e291a581761d",
    "settings": {
      "testing": false
    },
    "software": "mriqc",
    "version": "0.16.1",
    "warnings": {
      "large_rot_frame": true,
      "small_air_mask": false
    },
    "webapi_port": null,
    "webapi_url": "https://mriqc.nimh.nih.gov/api/v1"
  },
  "qi_1": 0.0,
  "qi_2": 0.00468848400929393,
  "rpve_csf": 28.19245477221745,
  "rpve_gm": 13.574057502040349,
  "rpve_wm": 17.593182739308787,
  "size_x": 176,
  "size_y": 256,
  "size_z": 256,
  "snr_csf": 2.248451497488224,
  "snr_gm": 7.9209940927346905,
  "snr_total": 8.880144481429332,
  "snr_wm": 16.470987854065083,
  "snrd_csf": 21.8451864099062,
  "snrd_gm": 45.466500365550104,
  "snrd_total": 44.666039537763766,
  "snrd_wm": 66.68643183783499,
  "spacing_x": 0.999995768070221,
  "spacing_y": 1.0,
  "spacing_z": 1.0,
  "summary_bg_k": 81.76458591508604,
  "summary_bg_mad": 9.824094053230077,
  "summary_bg_mean": 16.923677444458008,
  "summary_bg_median": 13.208093643188477,
  "summary_bg_n": 3911869.0,
  "summary_bg_p05": 3.264352321624756,
  "summary_bg_p95": 39.942258453369085,
  "summary_bg_stdv": 13.120718002319336,
  "summary_csf_k": -1.1174884241493999,
  "summary_csf_mad": 189.81541106757606,
  "summary_csf_mean": 316.3534240722656,
  "summary_csf_median": 327.5793762207031,
  "summary_csf_n": 7041.0,
  "summary_csf_p05": 100.98582458496094,
  "summary_csf_p95": 530.8751220703125,
  "summary_csf_stdv": 145.68075561523438,
  "summary_gm_k": 0.21216065755994906,
  "summary_gm_mad": 82.90102783390277,
  "summary_gm_mean": 684.91943359375,
  "summary_gm_median": 681.7926635742188,
  "summary_gm_n": 12339.0,
  "summary_gm_p05": 546.5415710449219,
  "summary_gm_p95": 832.8566589355468,
  "summary_gm_stdv": 86.07064056396484,
  "summary_wm_k": 0.3114364981350013,
  "summary_wm_mad": 58.18005654679345,
  "summary_wm_mean": 999.2682495117188,
  "summary_wm_median": 999.9960327148438,
  "summary_wm_n": 212648.0,
  "summary_wm_p05": 897.7533294677735,
  "summary_wm_p95": 1097.60595703125,
  "summary_wm_stdv": 60.71242904663086,
  "tpm_overlap_csf": 0.1514100730419159,
  "tpm_overlap_gm": 0.42314374446868896,
  "tpm_overlap_wm": 0.490580677986145,
  "wm2max": 0.6246470876736462
}