{
  "bids_meta": {
    "AccelNumReferenceLines": 32,
    "AccelerationFactorPE": 2,
    "AcquisitionMatrix": "0/256/256/0",
    "DeviceSerialNumber": "35426",
    "EchoTime": 0.00331,
    "EchoTrainLength": 1,
    "FlipAngle": 7,
    "ImageType": "ORIGINAL/PRIMARY/M/ND/NORM",
    "ImagingFrequency": 123191544,
    "InPlanePhaseEncodingDirection": "ROW",
    "InversionTime": 1.1,
    "MRAcquisitionType": "3D",
    "MagneticFieldStrength": 3,
    "ManufacturerModelName": "TrioTim",
    "NumberOfAverages": 1,
    "NumberOfPhaseEncodingSteps": 255,
    "PatientPosition": "HFS",
    "PercentPhaseFieldOfView": 100,
    "PercentSampling": 100,
    "PhaseEncodingDirection": "i-",
    "PixelBandwidth": 199,
    "ProtocolName": "MPRAGE - BWM",
    "ReceiveCoilName": "HeadMatrix",
    "RepetitionTime": 2.53,
    "ScanOptions": "IR",
    "ScanningSequence": "GR/IR",
    "SequenceName": "*tfl3d1_ns",
    "SequenceVariant": "SP/MP",
    "SoftwareVersions": "syngo MR B17",
    "TotalScanTimeSec": 363,
    "TransmitCoilName": "Body",
    "VariableFlipAngleFlag": "N",
    "dataset": "ds000030",
    "modality": "T1w",
    "subject_id": "70074"
  },
  "cjv": 0.49219416648118836,
  "cnr": 2.682226823995257,
  "efc": 0.5808947688203568,
  "fber": 828.9525756835938,
  "fwhm_avg": 3.1610060307900087,
  "fwhm_x": 3.232558092370026,
  "fwhm_y": 3.2987,
  "fwhm_z": 2.95176,
  "icvs_csf": 0.2069158099726521,
  "icvs_gm": 0.38100758605990503,
  "icvs_wm": 0.4120766039674429,
  "inu_med": 1.6880193948745728,
  "inu_range": 0.6452365279197694,
  "provenance": {
    "md5sum": "da7876003f96e3519185354192254d2b",
    "settings": {
      "testing": false
    },
    "software": "mriqc",
    "version": "21.0.0rc2",
    "warnings": {
      "large_rot_frame": true,
      "small_air_mask": false
    },
    "webapi_port": null,
    "webapi_url": "https://mriqc.nimh.nih.gov/api/v1"
  },
  "qi_1": 0.000152350723033841,
  "qi_2": 0.004933787324925821,
  "rpve_csf": 22.53198902151924,
  "rpve_gm": 12.306725696734112,
  "rpve_wm": 14.789720754658502,
  "size_x": 176,
  "size_y": 256,
  "size_z": 256,
  "snr_csf": 3.3333800961263673,
  "snr_gm": 8.202307153809471,
  "snr_total": 9.462523720983151,
  "snr_wm": 16.85188391301362,
  "snrd_csf": 28.289570132019257,
  "snrd_gm": 46.94567218659633,
  "snrd_total": 46.98373600880575,
  "snrd_wm": 65.71596570780164,
  "spacing_x": 0.9999974966049194,
  "spacing_y": 1.0,
  "spacing_z": 1.0,
  "summary_bg_k": 885.7013460933053,
  "summary_bg_mad": 9.969321276023901,
  "summary_bg_mean": 19.089859008789062,
  "summary_bg_median": 16.49797248840332,
  "summary_bg_n": 2851011.0,
  "summary_bg_p05": 3.2886565923690796,
  "summary_bg_p95": 45.80537223815918,
  "summary_bg_stdv": 15.296751976013184,
  "summary_csf_k": -0.07499098335359644,
  "summary_csf_mad": 124.8638331210638,
  "summary_csf_mean": 419.884033203125,
  "summary_csf_median": 430.4871826171875,
  "summary_csf_n": 3694.0,
  "summary_csf_p05": 186.87090530395508,
  "summary_csf_p95": 613.4057678222656,
  "summary_csf_stdv": 129.12686157226562,
  "summary_gm_k": 0.1850451443224812,
  "summary_gm_mad": 83.4427061102684,
  "summary_gm_mean": 714.8886108398438,
  "summary_gm_median": 714.3802490234375,
  "summary_gm_n": 10125.0,
  "summary_gm_p05": 570.1739990234375,
  "summary_gm_p95": 861.5187744140625,
  "summary_gm_stdv": 87.09073638916016,
  "summary_wm_k": 0.32732873918229366,
  "summary_wm_mad": 57.14307655881952,
  "summary_wm_mean": 999.7743530273438,
  "summary_wm_median": 1000.010986328125,
  "summary_wm_n": 276721.0,
  "summary_wm_p05": 901.9513549804688,
  "summary_wm_p95": 1096.8516845703125,
  "summary_wm_stdv": 59.34109115600586,
  "tpm_overlap_csf": 0.1483885645866394,
  "tpm_overlap_gm": 0.4236415922641754,
  "tpm_overlap_wm": 0.5133922100067139,
  "wm2max": 0.6314147348518405
}