{
  "bids_meta": {
    "AccelNumReferenceLines": 32,
    "AccelerationFactorPE": 2,
    "AcquisitionMatrix": "0/256/256/0",
    "DeviceSerialNumber": "35426",
    "EchoTime": 0.00331,
    "EchoTrainLength": 1,
    "FlipAngle": 7,
    "ImageType": "ORIGINAL/PRIMARY/M/ND/NORM",
    "ImagingFrequency": 123191529,
    "InPlanePhaseEncodingDirection": "ROW",
    "InversionTime": 1.1,
    "MRAcquisitionType": "3D",
    "MagneticFieldStrength": 3,
    "ManufacturerModelName": "TrioTim",
    "NumberOfAverages": 1,
    "NumberOfPhaseEncodingSteps": 255,
    "PatientPosition": "HFS",
    "PercentPhaseFieldOfView": 100,
    "PercentSampling": 100,
    "PhaseEncodingDirection": "i-",
    "PixelBandwidth": 199,
    "ProtocolName": "MPRAGE - BWM",
    "ReceiveCoilName": "HeadMatrix",
    "RepetitionTime": 2.53,
    "ScanOptions": "IR",
    "ScanningSequence": "GR/IR",
    "SequenceName": "*tfl3d1_ns",
    "SequenceVariant": "SP/MP",
    "SoftwareVersions": "syngo MR B17",
    "TotalScanTimeSec": 363,
    "TransmitCoilName": "Body",
    "VariableFlipAngleFlag": "N",
    "dataset": "ds000030",
    "modality": "T1w",
    "subject_id": "70073"
  },
  "cjv": 0.4320639012419966,
  "cnr": 3.07787455065332,
  "efc": 0.5465637935213924,
  "fber": 1212.2838134765625,
  "fwhm_avg": 3.200595982625231,
  "fwhm_x": 3.2613079478756926,
  "fwhm_y": 3.36209,
  "fwhm_z": 2.97839,
  "icvs_csf": 0.19400635242046416,
  "icvs_gm": 0.4138181070738309,
  "icvs_wm": 0.39217554050570497,
  "inu_med": 1.6674185991287231,
  "inu_range": 0.7044111967086792,
  "provenance": {
    "md5sum": "706ad2f7ba00a728483e7bbc7a8b31cf",
    "settings": {
      "testing": false
    },
    "software": "mriqc",
    "version": "21.0.0rc2",
    "warnings": {
      "large_rot_frame": true,
      "small_air_mask": false
    },
    "webapi_port": null,
    "webapi_url": "https://mriqc.nimh.nih.gov/api/v1"
  },
  "qi_1": 8.766402527118652e-06,
  "qi_2": 0.0052888301197107235,
  "rpve_csf": 25.242696138157545,
  "rpve_gm": 12.620287549342343,
  "rpve_wm": 16.540092977592977,
  "size_x": 176,
  "size_y": 256,
  "size_z": 256,
  "snr_csf": 4.039137604607915,
  "snr_gm": 8.435941096753147,
  "snr_total": 9.530784195619619,
  "snr_wm": 16.11727388549779,
  "snrd_csf": 27.533204416253955,
  "snrd_gm": 41.73140750212167,
  "snrd_total": 43.43948690760498,
  "snrd_wm": 61.05384880443931,
  "spacing_x": 1.000003695487976,
  "spacing_y": 1.0,
  "spacing_z": 1.0,
  "summary_bg_k": 6.484543900767779,
  "summary_bg_mad": 10.730467454625835,
  "summary_bg_mean": 16.79192543029785,
  "summary_bg_median": 14.48717975616455,
  "summary_bg_n": 4421022.0,
  "summary_bg_p05": 3.571448361873627,
  "summary_bg_p95": 39.98418617248536,
  "summary_bg_stdv": 12.601922988891602,
  "summary_csf_k": 1.3996801841207311,
  "summary_csf_mad": 92.07354317060943,
  "summary_csf_mean": 435.94073486328125,
  "summary_csf_median": 450.96588134765625,
  "summary_csf_n": 4775.0,
  "summary_csf_p05": 215.64016418457032,
  "summary_csf_p95": 587.7149536132813,
  "summary_csf_stdv": 111.63735961914062,
  "summary_gm_k": 0.12211466800798254,
  "summary_gm_mad": 77.68653738344648,
  "summary_gm_mean": 683.5034790039062,
  "summary_gm_median": 683.5180053710938,
  "summary_gm_n": 15358.0,
  "summary_gm_p05": 550.3372924804687,
  "summary_gm_p95": 819.8711791992188,
  "summary_gm_stdv": 81.0218734741211,
  "summary_wm_k": 0.38060262369038567,
  "summary_wm_mad": 59.05388151767964,
  "summary_wm_mean": 998.853759765625,
  "summary_wm_median": 999.9999389648438,
  "summary_wm_n": 230077.0,
  "summary_wm_p05": 894.6069702148437,
  "summary_wm_p95": 1098.456787109375,
  "summary_wm_stdv": 62.04509353637695,
  "tpm_overlap_csf": 0.13989993929862976,
  "tpm_overlap_gm": 0.41705307364463806,
  "tpm_overlap_wm": 0.48870790004730225,
  "wm2max": 0.6084410659312826
}