{
  "bids_meta": {
    "AccelNumReferenceLines": 32,
    "AccelerationFactorPE": 2,
    "AcquisitionMatrix": "0/256/256/0",
    "DeviceSerialNumber": "35426",
    "EchoTime": 0.00331,
    "EchoTrainLength": 1,
    "FlipAngle": 7,
    "ImageType": "ORIGINAL/PRIMARY/M/ND/NORM",
    "ImagingFrequency": 123191986,
    "InPlanePhaseEncodingDirection": "ROW",
    "InversionTime": 1.1,
    "MRAcquisitionType": "3D",
    "MagneticFieldStrength": 3,
    "ManufacturerModelName": "TrioTim",
    "NumberOfAverages": 1,
    "NumberOfPhaseEncodingSteps": 255,
    "PatientPosition": "HFS",
    "PercentPhaseFieldOfView": 100,
    "PercentSampling": 100,
    "PhaseEncodingDirection": "i-",
    "PixelBandwidth": 199,
    "ProtocolName": "MPRAGE - BWM",
    "ReceiveCoilName": "HeadMatrix",
    "RepetitionTime": 2.53,
    "ScanOptions": "IR",
    "ScanningSequence": "GR/IR",
    "SequenceName": "*tfl3d1_ns",
    "SequenceVariant": "SP/MP",
    "SoftwareVersions": "syngo MR B17",
    "TotalScanTimeSec": 363,
    "TransmitCoilName": "Body",
    "VariableFlipAngleFlag": "N",
    "dataset": "ds000030",
    "modality": "T1w",
    "subject_id": "50059"
  },
  "cjv": 0.44178118727542115,
  "cnr": 3.072031203622982,
  "efc": 0.5671243189462764,
  "fber": 1214.134521484375,
  "fwhm_avg": 2.9676773844191597,
  "fwhm_x": 3.0104721532574796,
  "fwhm_y": 3.09371,
  "fwhm_z": 2.79885,
  "icvs_csf": 0.1877718467868621,
  "icvs_gm": 0.4221130169005977,
  "icvs_wm": 0.39011513631254013,
  "inu_med": 1.5143840312957764,
  "inu_range": 0.3405894637107849,
  "provenance": {
    "md5sum": "47e1505535b03b6320ab1648724f012f",
    "settings": {
      "testing": false
    },
    "software": "mriqc",
    "version": "0.16.1",
    "warnings": {
      "large_rot_frame": true,
      "small_air_mask": false
    },
    "webapi_port": null,
    "webapi_url": "https://mriqc.nimh.nih.gov/api/v1"
  },
  "qi_1": 0.0,
  "qi_2": 0.004548964194573286,
  "rpve_csf": 32.29617683679161,
  "rpve_gm": 15.47151073104616,
  "rpve_wm": 20.076302022714184,
  "size_x": 176,
  "size_y": 256,
  "size_z": 256,
  "snr_csf": 2.401275503843095,
  "snr_gm": 8.413041249640013,
  "snr_total": 8.849468923501881,
  "snr_wm": 15.734090017022536,
  "snrd_csf": 19.939685473388696,
  "snrd_gm": 44.55537607404262,
  "snrd_total": 43.31438216960996,
  "snrd_wm": 65.44808496139855,
  "spacing_x": 0.9999992847442627,
  "spacing_y": 1.0,
  "spacing_z": 1.0,
  "summary_bg_k": 619.5771021387274,
  "summary_bg_mad": 10.009831488123362,
  "summary_bg_mean": 16.906700134277344,
  "summary_bg_median": 13.48415470123291,
  "summary_bg_n": 4062311.0,
  "summary_bg_p05": 3.3376986980438232,
  "summary_bg_p95": 40.305009841918945,
  "summary_bg_stdv": 14.535571098327637,
  "summary_csf_k": -0.4665336682210586,
  "summary_csf_mad": 149.72965764921761,
  "summary_csf_mean": 306.541259765625,
  "summary_csf_median": 304.6585388183594,
  "summary_csf_n": 7849.0,
  "summary_csf_p05": 118.52548065185547,
  "summary_csf_p95": 510.3539367675779,
  "summary_csf_stdv": 126.86554718017578,
  "summary_gm_k": 0.08463172827209542,
  "summary_gm_mad": 79.61820048509014,
  "summary_gm_mean": 681.1212158203125,
  "summary_gm_median": 680.7617797851562,
  "summary_gm_n": 12687.0,
  "summary_gm_p05": 547.5789428710938,
  "summary_gm_p95": 815.5946350097655,
  "summary_gm_stdv": 80.91425323486328,
  "summary_wm_k": 0.28153568663631434,
  "summary_wm_mad": 61.4070962816102,
  "summary_wm_mean": 1000.192626953125,
  "summary_wm_median": 999.9815673828125,
  "summary_wm_n": 191425.0,
  "summary_wm_p05": 895.8058227539062,
  "summary_wm_p95": 1104.8733154296874,
  "summary_wm_stdv": 63.554927825927734,
  "tpm_overlap_csf": 0.1537020057439804,
  "tpm_overlap_gm": 0.4177685081958771,
  "tpm_overlap_wm": 0.49656420946121216,
  "wm2max": 0.7364460474719526
}