{
  "bids_meta": {
    "AccelNumReferenceLines": 32,
    "AccelerationFactorPE": 2,
    "AcquisitionMatrix": "0/256/256/0",
    "DeviceSerialNumber": "35343",
    "EchoTime": 0.00331,
    "EchoTrainLength": 1,
    "FlipAngle": 7,
    "ImageType": "ORIGINAL/PRIMARY/M/ND/NORM",
    "ImagingFrequency": 123227143,
    "InPlanePhaseEncodingDirection": "ROW",
    "InversionTime": 1.1,
    "MRAcquisitionType": "3D",
    "MagneticFieldStrength": 3,
    "ManufacturerModelName": "TrioTim",
    "NumberOfAverages": 1,
    "NumberOfPhaseEncodingSteps": 255,
    "PatientPosition": "HFS",
    "PercentPhaseFieldOfView": 100,
    "PercentSampling": 100,
    "PhaseEncodingDirection": "i-",
    "PixelBandwidth": 200,
    "ProtocolName": "MPRAGE - BWM",
    "ReceiveCoilName": "HeadMatrix",
    "RepetitionTime": 2.53,
    "ScanOptions": "IR",
    "ScanningSequence": "GR/IR",
    "SequenceName": "*tfl3d1_ns",
    "SequenceVariant": "SP/MP",
    "SoftwareVersions": "syngo MR B15",
    "TotalScanTimeSec": 363,
    "TransmitCoilName": "Body",
    "VariableFlipAngleFlag": "N",
    "dataset": "ds000030",
    "modality": "T1w",
    "subject_id": "70049"
  },
  "cjv": 0.3895083307042529,
  "cnr": 3.3906304617119787,
  "efc": 0.512551195805416,
  "fber": 1476.4400634765625,
  "fwhm_avg": 3.2747620515108267,
  "fwhm_x": 3.33083615453248,
  "fwhm_y": 3.45411,
  "fwhm_z": 3.03934,
  "icvs_csf": 0.17072915413175213,
  "icvs_gm": 0.43300502551459225,
  "icvs_wm": 0.39626582035365565,
  "inu_med": 1.7098292112350464,
  "inu_range": 0.6173208713531493,
  "provenance": {
    "md5sum": "1092394f76bf8177c1f5f8177cbc2b2d",
    "settings": {
      "testing": false
    },
    "software": "mriqc",
    "version": "21.0.0rc2",
    "warnings": {
      "large_rot_frame": true,
      "small_air_mask": false
    },
    "webapi_port": null,
    "webapi_url": "https://mriqc.nimh.nih.gov/api/v1"
  },
  "qi_1": 2.1714801532551305e-05,
  "qi_2": 0.0050070082214134885,
  "rpve_csf": 29.967156810132018,
  "rpve_gm": 13.34856772040419,
  "rpve_wm": 17.883016966183092,
  "size_x": 176,
  "size_y": 256,
  "size_z": 256,
  "snr_csf": 2.820056640506307,
  "snr_gm": 8.026306268179688,
  "snr_total": 9.357563742000584,
  "snr_wm": 17.226328317315758,
  "snrd_csf": 28.8287155536265,
  "snrd_gm": 53.17888075068729,
  "snrd_total": 54.30372218219642,
  "snrd_wm": 80.90357024227546,
  "spacing_x": 0.999998152256012,
  "spacing_y": 1.0,
  "spacing_z": 1.0,
  "summary_bg_k": 395.7417757281653,
  "summary_bg_mad": 8.097660682874347,
  "summary_bg_mean": 13.819376945495605,
  "summary_bg_median": 12.626179695129395,
  "summary_bg_n": 4038803.0,
  "summary_bg_p05": 2.565415143966675,
  "summary_bg_p95": 33.40891532897949,
  "summary_bg_stdv": 11.778358459472656,
  "summary_csf_k": -0.3481371180398143,
  "summary_csf_mad": 121.43060996615031,
  "summary_csf_mean": 336.654541015625,
  "summary_csf_median": 356.33062744140625,
  "summary_csf_n": 5728.0,
  "summary_csf_p05": 120.10184860229492,
  "summary_csf_p95": 523.4438873291015,
  "summary_csf_stdv": 126.34481048583984,
  "summary_gm_k": 0.27370446519109226,
  "summary_gm_mad": 78.61918141207367,
  "summary_gm_mean": 660.1436157226562,
  "summary_gm_median": 657.30517578125,
  "summary_gm_n": 18157.0,
  "summary_gm_p05": 532.19775390625,
  "summary_gm_p95": 802.2157470703125,
  "summary_gm_stdv": 81.8916015625,
  "summary_wm_k": 0.4370270649281336,
  "summary_wm_mad": 54.85931352845238,
  "summary_wm_mean": 998.1961059570312,
  "summary_wm_median": 999.98974609375,
  "summary_wm_n": 215478.0,
  "summary_wm_p05": 899.0921936035156,
  "summary_wm_p95": 1089.7309631347655,
  "summary_wm_stdv": 58.04994583129883,
  "tpm_overlap_csf": 0.16347317397594452,
  "tpm_overlap_gm": 0.4379763901233673,
  "tpm_overlap_wm": 0.5060147047042847,
  "wm2max": 0.7296911174470427
}