{
  "aor": 0.0009009210526315788,
  "aqi": 0.005455464671052631,
  "bids_meta": {
    "AccelNumReferenceLines": 24,
    "AccelerationFactorPE": 2,
    "AcquisitionMatrix": "64/0/0/64",
    "CogAtlasID": "trm_4c8a834779883",
    "CogPOID": "COGPO_00086",
    "DeviceSerialNumber": "35426",
    "EPIFactor": 128,
    "EchoTime": 0.03,
    "EchoTrainLength": 1,
    "EffectiveEchoSpacing": 0.000395,
    "FlipAngle": 90,
    "ImageType": "ORIGINAL/PRIMARY/M/ND/MOSAIC",
    "ImagingFrequency": 123191277,
    "InPlanePhaseEncodingDirection": "COL",
    "Instructions": "For the following part, you do not need to do anything other than keep your eyes open and remain relaxed. It is still important that you remain still and do not fall asleep, but you don't need to respond to anything. Any questions?",
    "MRAcquisitionType": "2D",
    "MagneticFieldStrength": 3,
    "ManufacturerModelName": "TrioTim",
    "NumberOfAverages": 1,
    "NumberOfPhaseEncodingSteps": 63,
    "PatientPosition": "HFS",
    "PercentPhaseFieldOfView": 100,
    "PercentSampling": 100,
    "PhaseEncodingDirection": "j-",
    "PixelBandwidth": 1420,
    "ProtocolName": "BOLD - RESTING",
    "ReceiveCoilName": "HeadMatrix",
    "RepetitionTime": 2,
    "ScanOptions": "FS",
    "ScanningSequence": "EP",
    "SequenceName": "*epfid2d1_64",
    "SequenceVariant": "SK",
    "SliceTiming": [
      1.0025,
      0,
      1.0625,
      0.0575,
      1.12,
      0.1175,
      1.18,
      0.175,
      1.24,
      0.235,
      1.2975,
      0.295,
      1.3575,
      0.3525,
      1.415,
      0.4125,
      1.475,
      0.47,
      1.535,
      0.53,
      1.5925,
      0.59,
      1.6525,
      0.6475,
      1.71,
      0.7075,
      1.77,
      0.7675,
      1.83,
      0.825,
      1.8875,
      0.885,
      1.9475,
      0.9425
    ],
    "SoftwareVersions": "syngo MR B17",
    "TaskDescription": "In the Resting scan, participants were asked to remain relaxed and keep their eyes open for five minutes. They were not presented any stimuli or asked to respond during the scan.",
    "TaskFullName": "Resting State",
    "TaskName": "rest",
    "TotalScanTimeSec": 312,
    "TransmitCoilName": "Body",
    "VariableFlipAngleFlag": "N",
    "dataset": "ds000030",
    "modality": "bold",
    "subject_id": "70081",
    "task_id": "rest"
  },
  "dummy_trs": 0,
  "dvars_nstd": 25.58859701331125,
  "dvars_std": 1.1658518654304635,
  "dvars_vstd": 1.0001260810596029,
  "efc": 0.5372835519813647,
  "fber": 1730.4468994140625,
  "fd_mean": 0.1629125517407478,
  "fd_num": 40,
  "fd_perc": 26.31578947368421,
  "fwhm_avg": 2.114686388888889,
  "fwhm_x": 2.0614733333333333,
  "fwhm_y": 2.3101833333333333,
  "fwhm_z": 1.9724025,
  "gcor": 0.0207561,
  "gsr_x": -0.011386813595890999,
  "gsr_y": 0.02747439406812191,
  "provenance": {
    "md5sum": "13e5957cfa89e5834661e3e116e612ee",
    "settings": {
      "fd_thres": 0.2,
      "testing": false
    },
    "software": "mriqc",
    "version": "21.0.0rc2",
    "webapi_port": null,
    "webapi_url": "https://mriqc.nimh.nih.gov/api/v1"
  },
  "size_t": 152,
  "size_x": 64,
  "size_y": 64,
  "size_z": 34,
  "snr": 5.316305649467563,
  "spacing_tr": 2.0,
  "spacing_x": 3.0,
  "spacing_y": 3.0,
  "spacing_z": 4.0,
  "summary_bg_k": 33.89184460790758,
  "summary_bg_mad": 7.676367767884735,
  "summary_bg_mean": 42.784576416015625,
  "summary_bg_median": 18.802631378173828,
  "summary_bg_n": 79503.0,
  "summary_bg_p05": 12.644737243652344,
  "summary_bg_p95": 163.20131683349595,
  "summary_bg_stdv": 68.5838623046875,
  "summary_fg_k": 1.1571053993850633,
  "summary_fg_mad": 132.99038725213376,
  "summary_fg_mean": 823.3705444335938,
  "summary_fg_median": 813.0723876953125,
  "summary_fg_n": 27544.0,
  "summary_fg_p05": 591.2549346923828,
  "summary_fg_p95": 1095.3391967773437,
  "summary_fg_stdv": 152.93658447265625,
  "tsnr": 69.51356248231605
}