{
  "bids_meta": {
    "AccelNumReferenceLines": 32,
    "AccelerationFactorPE": 2,
    "AcquisitionMatrix": "0/256/256/0",
    "DeviceSerialNumber": "35343",
    "EchoTime": 0.00331,
    "EchoTrainLength": 1,
    "FlipAngle": 7,
    "ImageType": "ORIGINAL/PRIMARY/M/ND/NORM",
    "ImagingFrequency": 123226940,
    "InPlanePhaseEncodingDirection": "ROW",
    "InversionTime": 1.1,
    "MRAcquisitionType": "3D",
    "MagneticFieldStrength": 3,
    "ManufacturerModelName": "TrioTim",
    "NumberOfAverages": 1,
    "NumberOfPhaseEncodingSteps": 255,
    "PatientPosition": "HFS",
    "PercentPhaseFieldOfView": 100,
    "PercentSampling": 100,
    "PhaseEncodingDirection": "i-",
    "PixelBandwidth": 200,
    "ProtocolName": "MPRAGE - BWM",
    "ReceiveCoilName": "HeadMatrix",
    "RepetitionTime": 2.53,
    "ScanOptions": "IR",
    "ScanningSequence": "GR/IR",
    "SequenceName": "*tfl3d1_ns",
    "SequenceVariant": "SP/MP",
    "SoftwareVersions": "syngo MR B15",
    "TotalScanTimeSec": 363,
    "TransmitCoilName": "Body",
    "VariableFlipAngleFlag": "N",
    "dataset": "ds000030",
    "modality": "T1w",
    "subject_id": "10940"
  },
  "cjv": 0.39045208589082,
  "cnr": 3.32103361180668,
  "efc": 0.5222084817766619,
  "fber": 1495.5096435546875,
  "fwhm_avg": 3.1871230512013082,
  "fwhm_x": 3.2674891536039246,
  "fwhm_y": 3.31846,
  "fwhm_z": 2.97542,
  "icvs_csf": 0.194307398992744,
  "icvs_gm": 0.41333935127142013,
  "icvs_wm": 0.3923532497358359,
  "inu_med": 1.7046713829040527,
  "inu_range": 0.6356270134449002,
  "provenance": {
    "md5sum": "c808dd670abab79146d10f31c476e875",
    "settings": {
      "testing": false
    },
    "software": "mriqc",
    "version": "0.16.1",
    "warnings": {
      "large_rot_frame": true,
      "small_air_mask": false
    },
    "webapi_port": null,
    "webapi_url": "https://mriqc.nimh.nih.gov/api/v1"
  },
  "qi_1": 2.6727504406140466e-06,
  "qi_2": 0.006137361780818373,
  "rpve_csf": 24.208867754351942,
  "rpve_gm": 12.267675109358967,
  "rpve_wm": 16.12226997421955,
  "size_x": 176,
  "size_y": 256,
  "size_z": 256,
  "snr_csf": 3.421311306268866,
  "snr_gm": 7.868282321201961,
  "snr_total": 9.74393826367503,
  "snr_wm": 17.942221163554265,
  "snrd_csf": 29.132362568953965,
  "snrd_gm": 46.37162180111349,
  "snrd_total": 48.510674703837175,
  "snrd_wm": 70.02803974144408,
  "spacing_x": 0.9999971985816956,
  "spacing_y": 1.0,
  "spacing_z": 1.0,
  "summary_bg_k": 203.5424245255289,
  "summary_bg_mad": 9.355400188691466,
  "summary_bg_mean": 15.707531929016113,
  "summary_bg_median": 12.600027084350586,
  "summary_bg_n": 4238607.0,
  "summary_bg_p05": 3.117989754676819,
  "summary_bg_p95": 37.38885803222656,
  "summary_bg_stdv": 12.583681106567383,
  "summary_csf_k": 0.3304927915195721,
  "summary_csf_mad": 107.5563027580583,
  "summary_csf_mean": 394.21533203125,
  "summary_csf_median": 416.0124816894531,
  "summary_csf_n": 4553.0,
  "summary_csf_p05": 163.21768493652343,
  "summary_csf_p95": 562.8558227539062,
  "summary_csf_stdv": 121.58110046386719,
  "summary_gm_k": 0.21358219454753513,
  "summary_gm_mad": 79.21121785095141,
  "summary_gm_mean": 663.3256225585938,
  "summary_gm_median": 662.1904907226562,
  "summary_gm_n": 12610.0,
  "summary_gm_p05": 525.3695587158203,
  "summary_gm_p95": 807.0045837402344,
  "summary_gm_stdv": 84.15613555908203,
  "summary_wm_k": 0.5515722682753506,
  "summary_wm_mad": 52.68956897924474,
  "summary_wm_mean": 997.7301635742188,
  "summary_wm_median": 1000.0060424804688,
  "summary_wm_n": 248037.0,
  "summary_wm_p05": 902.4332153320313,
  "summary_wm_p95": 1084.6540771484374,
  "summary_wm_stdv": 55.734683990478516,
  "tpm_overlap_csf": 0.14373311400413513,
  "tpm_overlap_gm": 0.4215750992298126,
  "tpm_overlap_wm": 0.4937196373939514,
  "wm2max": 0.8207166024678676
}