{
  "bids_meta": {
    "AccelNumReferenceLines": 32,
    "AccelerationFactorPE": 2,
    "AcquisitionMatrix": "0/256/256/0",
    "DeviceSerialNumber": "35343",
    "EchoTime": 0.00331,
    "EchoTrainLength": 1,
    "FlipAngle": 7,
    "ImageType": "ORIGINAL/PRIMARY/M/ND/NORM",
    "ImagingFrequency": 123226998,
    "InPlanePhaseEncodingDirection": "ROW",
    "InversionTime": 1.1,
    "MRAcquisitionType": "3D",
    "MagneticFieldStrength": 3,
    "ManufacturerModelName": "TrioTim",
    "NumberOfAverages": 1,
    "NumberOfPhaseEncodingSteps": 255,
    "PatientPosition": "HFS",
    "PercentPhaseFieldOfView": 100,
    "PercentSampling": 100,
    "PhaseEncodingDirection": "i-",
    "PixelBandwidth": 200,
    "ProtocolName": "MPRAGE - BWM",
    "ReceiveCoilName": "HeadMatrix",
    "RepetitionTime": 2.53,
    "ScanOptions": "IR",
    "ScanningSequence": "GR/IR",
    "SequenceName": "*tfl3d1_ns",
    "SequenceVariant": "SP/MP",
    "SoftwareVersions": "syngo MR B15",
    "TotalScanTimeSec": 363,
    "TransmitCoilName": "Body",
    "VariableFlipAngleFlag": "N",
    "dataset": "ds000030",
    "modality": "T1w",
    "subject_id": "60042"
  },
  "cjv": 0.4746703032924614,
  "cnr": 2.800905052574821,
  "efc": 0.5767413748113264,
  "fber": 1017.963134765625,
  "fwhm_avg": 3.0574166666666667,
  "fwhm_x": 3.16477,
  "fwhm_y": 3.18532,
  "fwhm_z": 2.82216,
  "icvs_csf": 0.18487273719865097,
  "icvs_gm": 0.4082890171883788,
  "icvs_wm": 0.4068382456129703,
  "inu_med": 1.6509487628936768,
  "inu_range": 0.7702250957489016,
  "provenance": {
    "md5sum": "76f2253b4c09d0794474d0a5d774612f",
    "settings": {
      "testing": false
    },
    "software": "mriqc",
    "version": "21.0.0rc2",
    "warnings": {
      "large_rot_frame": true,
      "small_air_mask": false
    },
    "webapi_port": null,
    "webapi_url": "https://mriqc.nimh.nih.gov/api/v1"
  },
  "qi_1": 3.7899367973897083e-06,
  "qi_2": 0.0050955291793525065,
  "rpve_csf": 25.51915801120748,
  "rpve_gm": 12.353654943260336,
  "rpve_wm": 15.493921994305463,
  "size_x": 176,
  "size_y": 256,
  "size_z": 256,
  "snr_csf": 4.1548176323608095,
  "snr_gm": 7.78206996208158,
  "snr_total": 8.982252534183095,
  "snr_wm": 15.009870008106896,
  "snrd_csf": 29.622612053760122,
  "snrd_gm": 44.03327288107748,
  "snrd_total": 45.89587689606009,
  "snrd_wm": 64.03174575334266,
  "spacing_x": 1.0,
  "spacing_y": 1.0,
  "spacing_z": 1.0,
  "summary_bg_k": 3.4910586519001345,
  "summary_bg_mad": 10.231773042799995,
  "summary_bg_mean": 18.87317657470703,
  "summary_bg_median": 16.88650894165039,
  "summary_bg_n": 3453841.0,
  "summary_bg_p05": 3.373577117919922,
  "summary_bg_p95": 44.33033752441406,
  "summary_bg_stdv": 13.689141273498535,
  "summary_csf_k": 1.8703767543501062,
  "summary_csf_mad": 90.46226295193811,
  "summary_csf_mean": 451.1108703613281,
  "summary_csf_median": 462.6393127441406,
  "summary_csf_n": 4999.0,
  "summary_csf_p05": 249.44808197021484,
  "summary_csf_p95": 609.6345397949218,
  "summary_csf_stdv": 111.33895111083984,
  "summary_gm_k": 0.25328571422966695,
  "summary_gm_mad": 84.11790364770613,
  "summary_gm_mean": 688.6566162109375,
  "summary_gm_median": 687.7017822265625,
  "summary_gm_n": 9326.0,
  "summary_gm_p05": 545.4512634277344,
  "summary_gm_p95": 836.1282043457031,
  "summary_gm_stdv": 88.36529541015625,
  "summary_wm_k": 0.3594294426090796,
  "summary_wm_mad": 64.13666252422513,
  "summary_wm_mean": 999.2968139648438,
  "summary_wm_median": 1000.033447265625,
  "summary_wm_n": 249617.0,
  "summary_wm_p05": 888.6890258789062,
  "summary_wm_p95": 1106.927978515625,
  "summary_wm_stdv": 66.62492370605469,
  "tpm_overlap_csf": 0.1251026690006256,
  "tpm_overlap_gm": 0.4052712619304657,
  "tpm_overlap_wm": 0.4805949926376343,
  "wm2max": 0.5571791576510143
}