{
  "bids_meta": {
    "AccelNumReferenceLines": 32,
    "AccelerationFactorPE": 2,
    "AcquisitionMatrix": "0/256/256/0",
    "DeviceSerialNumber": "35426",
    "EchoTime": 0.00331,
    "EchoTrainLength": 1,
    "FlipAngle": 7,
    "ImageType": "ORIGINAL/PRIMARY/M/ND/NORM",
    "ImagingFrequency": 123191785,
    "InPlanePhaseEncodingDirection": "ROW",
    "InversionTime": 1.1,
    "MRAcquisitionType": "3D",
    "MagneticFieldStrength": 3,
    "ManufacturerModelName": "TrioTim",
    "NumberOfAverages": 1,
    "NumberOfPhaseEncodingSteps": 255,
    "PatientPosition": "HFS",
    "PercentPhaseFieldOfView": 100,
    "PercentSampling": 100,
    "PhaseEncodingDirection": "i-",
    "PixelBandwidth": 199,
    "ProtocolName": "MPRAGE - BWM",
    "ReceiveCoilName": "HeadMatrix",
    "RepetitionTime": 2.53,
    "ScanOptions": "IR",
    "ScanningSequence": "GR/IR",
    "SequenceName": "*tfl3d1_ns",
    "SequenceVariant": "SP/MP",
    "SoftwareVersions": "syngo MR B17",
    "TotalScanTimeSec": 363,
    "TransmitCoilName": "Body",
    "VariableFlipAngleFlag": "N",
    "dataset": "ds000030",
    "modality": "T1w",
    "subject_id": "60078"
  },
  "cjv": 0.48432721525566835,
  "cnr": 2.7891455567249315,
  "efc": 0.5817876019996688,
  "fber": 853.53564453125,
  "fwhm_avg": 2.970957624620715,
  "fwhm_x": 3.013462873862146,
  "fwhm_y": 3.11006,
  "fwhm_z": 2.78935,
  "icvs_csf": 0.19522034375574354,
  "icvs_gm": 0.41592261464078367,
  "icvs_wm": 0.3888570416034728,
  "inu_med": 1.5544530153274536,
  "inu_range": 0.41140784025192234,
  "provenance": {
    "md5sum": "46cf12ce189dc7d2356cd2ce91124fd1",
    "settings": {
      "testing": false
    },
    "software": "mriqc",
    "version": "21.0.0rc2",
    "warnings": {
      "large_rot_frame": true,
      "small_air_mask": false
    },
    "webapi_port": null,
    "webapi_url": "https://mriqc.nimh.nih.gov/api/v1"
  },
  "qi_1": 0.0,
  "qi_2": 0.005155243847907281,
  "rpve_csf": 29.058939569509135,
  "rpve_gm": 14.199028702634918,
  "rpve_wm": 18.239548542213978,
  "size_x": 176,
  "size_y": 256,
  "size_z": 256,
  "snr_csf": 2.437673707886005,
  "snr_gm": 8.728065502982933,
  "snr_total": 9.274844983457593,
  "snr_wm": 16.658795739503837,
  "snrd_csf": 17.67547708799333,
  "snrd_gm": 36.92474387550078,
  "snrd_total": 35.45045688467902,
  "snrd_wm": 51.75114969054294,
  "spacing_x": 0.9999990463256836,
  "spacing_y": 1.0,
  "spacing_z": 1.0,
  "summary_bg_k": 188.54629727812423,
  "summary_bg_mad": 12.659454713318182,
  "summary_bg_mean": 19.728355407714844,
  "summary_bg_median": 17.098981857299805,
  "summary_bg_n": 3694877.0,
  "summary_bg_p05": 0.0,
  "summary_bg_p95": 48.07807388305663,
  "summary_bg_stdv": 16.289955139160156,
  "summary_csf_k": -0.854317906861696,
  "summary_csf_mad": 174.6546858212592,
  "summary_csf_mean": 345.6895446777344,
  "summary_csf_median": 341.55010986328125,
  "summary_csf_n": 15431.0,
  "summary_csf_p05": 138.7671890258789,
  "summary_csf_p95": 567.4662780761719,
  "summary_csf_stdv": 140.1085968017578,
  "summary_gm_k": -0.04012398791268401,
  "summary_gm_mad": 80.74164448794335,
  "summary_gm_mean": 713.2355346679688,
  "summary_gm_median": 713.5111694335938,
  "summary_gm_n": 10223.0,
  "summary_gm_p05": 575.347705078125,
  "summary_gm_p95": 848.765869140625,
  "summary_gm_stdv": 81.74506378173828,
  "summary_wm_k": 0.28372518008074543,
  "summary_wm_mad": 58.01635858455733,
  "summary_wm_mean": 1000.4751586914062,
  "summary_wm_median": 1000.007568359375,
  "summary_wm_n": 198968.0,
  "summary_wm_p05": 902.5018341064454,
  "summary_wm_p95": 1099.7177368164062,
  "summary_wm_stdv": 60.02865219116211,
  "tpm_overlap_csf": 0.1730031669139862,
  "tpm_overlap_gm": 0.43027886748313904,
  "tpm_overlap_wm": 0.5033159852027893,
  "wm2max": 0.6522520099255331
}