{
  "bids_meta": {
    "AccelNumReferenceLines": 32,
    "AccelerationFactorPE": 2,
    "AcquisitionMatrix": "0/256/256/0",
    "DeviceSerialNumber": "35426",
    "EchoTime": 0.00331,
    "EchoTrainLength": 1,
    "FlipAngle": 7,
    "ImageType": "ORIGINAL/PRIMARY/M/ND/NORM",
    "ImagingFrequency": 123191657,
    "InPlanePhaseEncodingDirection": "ROW",
    "InversionTime": 1.1,
    "MRAcquisitionType": "3D",
    "MagneticFieldStrength": 3,
    "ManufacturerModelName": "TrioTim",
    "NumberOfAverages": 1,
    "NumberOfPhaseEncodingSteps": 255,
    "PatientPosition": "HFS",
    "PercentPhaseFieldOfView": 100,
    "PercentSampling": 100,
    "PhaseEncodingDirection": "i-",
    "PixelBandwidth": 199,
    "ProtocolName": "MPRAGE - BWM",
    "ReceiveCoilName": "HeadMatrix",
    "RepetitionTime": 2.53,
    "ScanOptions": "IR",
    "ScanningSequence": "GR/IR",
    "SequenceName": "tfl3d1_ns",
    "SequenceVariant": "SP/MP",
    "SoftwareVersions": "syngo MR B17",
    "TotalScanTimeSec": 363,
    "TransmitCoilName": "Body",
    "VariableFlipAngleFlag": "N",
    "dataset": "ds000030",
    "modality": "T1w",
    "subject_id": "60051"
  },
  "cjv": 0.5350315318933063,
  "cnr": 2.4626049930205047,
  "efc": 0.5527196056455306,
  "fber": 824.742919921875,
  "fwhm_avg": 3.3093744848213347,
  "fwhm_x": 3.409193454464002,
  "fwhm_y": 3.40503,
  "fwhm_z": 3.1139,
  "icvs_csf": 0.2171883446992046,
  "icvs_gm": 0.36232172790368383,
  "icvs_wm": 0.4204899273971116,
  "inu_med": 1.7313650846481323,
  "inu_range": 0.7638034820556638,
  "provenance": {
    "md5sum": "af3bb8f843cd0384917c29c91b52f499",
    "settings": {
      "testing": false
    },
    "software": "mriqc",
    "version": "21.0.0rc2",
    "warnings": {
      "large_rot_frame": true,
      "small_air_mask": false
    },
    "webapi_port": null,
    "webapi_url": "https://mriqc.nimh.nih.gov/api/v1"
  },
  "qi_1": 0.0,
  "qi_2": 0.006094616007603684,
  "rpve_csf": 25.735946615807443,
  "rpve_gm": 14.954996430792207,
  "rpve_wm": 17.076754327176545,
  "size_x": 176,
  "size_y": 256,
  "size_z": 256,
  "snr_csf": 3.6264485596086713,
  "snr_gm": 7.894640423463115,
  "snr_total": 8.964010724391185,
  "snr_wm": 15.370943190101771,
  "snrd_csf": 26.750204786550324,
  "snrd_gm": 41.260274612343046,
  "snrd_total": 41.73205341668223,
  "snrd_wm": 57.18568085115332,
  "spacing_x": 0.9999989867210388,
  "spacing_y": 1.0,
  "spacing_z": 1.0,
  "summary_bg_k": 4.374389874711749,
  "summary_bg_mad": 11.456629726108613,
  "summary_bg_mean": 19.152568817138672,
  "summary_bg_median": 15.426926612854004,
  "summary_bg_n": 3559414.0,
  "summary_bg_p05": 3.8214519739151003,
  "summary_bg_p95": 46.16089000701904,
  "summary_bg_stdv": 14.286462783813477,
  "summary_csf_k": -0.1949269094923034,
  "summary_csf_mad": 130.99293729667824,
  "summary_csf_mean": 450.828857421875,
  "summary_csf_median": 467.79144287109375,
  "summary_csf_n": 5614.0,
  "summary_csf_p05": 218.11960983276367,
  "summary_csf_p95": 638.4032592773438,
  "summary_csf_stdv": 128.98287963867188,
  "summary_gm_k": 0.40316668012608625,
  "summary_gm_mad": 86.38641896848964,
  "summary_gm_mean": 727.4779052734375,
  "summary_gm_median": 721.5347900390625,
  "summary_gm_n": 10000.0,
  "summary_gm_p05": 587.8064422607422,
  "summary_gm_p95": 889.7743377685547,
  "summary_gm_stdv": 91.39095306396484,
  "summary_wm_k": 0.4784013609811524,
  "summary_wm_mad": 62.616597090481406,
  "summary_wm_mean": 1000.7718505859375,
  "summary_wm_median": 1000.0286865234375,
  "summary_wm_n": 254873.0,
  "summary_wm_p05": 895.453515625,
  "summary_wm_p95": 1108.41328125,
  "summary_wm_stdv": 65.05955505371094,
  "tpm_overlap_csf": 0.13991719484329224,
  "tpm_overlap_gm": 0.39818641543388367,
  "tpm_overlap_wm": 0.5125360488891602,
  "wm2max": 0.5838795128826251
}