{
  "bids_meta": {
    "AccelNumReferenceLines": 32,
    "AccelerationFactorPE": 2,
    "AcquisitionMatrix": "0/256/256/0",
    "DeviceSerialNumber": "35343",
    "EchoTime": 0.00331,
    "EchoTrainLength": 1,
    "FlipAngle": 7,
    "ImageType": "ORIGINAL/PRIMARY/M/ND/NORM",
    "ImagingFrequency": 123227762,
    "InPlanePhaseEncodingDirection": "ROW",
    "InversionTime": 1.1,
    "MRAcquisitionType": "3D",
    "MagneticFieldStrength": 3,
    "ManufacturerModelName": "TrioTim",
    "NumberOfAverages": 1,
    "NumberOfPhaseEncodingSteps": 255,
    "PatientPosition": "HFS",
    "PercentPhaseFieldOfView": 100,
    "PercentSampling": 100,
    "PhaseEncodingDirection": "i-",
    "PixelBandwidth": 200,
    "ProtocolName": "MPRAGE - BWM",
    "ReceiveCoilName": "HeadMatrix",
    "RepetitionTime": 2.53,
    "ScanOptions": "IR",
    "ScanningSequence": "GR/IR",
    "SequenceName": "*tfl3d1_ns",
    "SequenceVariant": "SP/MP",
    "SoftwareVersions": "syngo MR B15",
    "TotalScanTimeSec": 363,
    "TransmitCoilName": "Body",
    "VariableFlipAngleFlag": "N",
    "dataset": "ds000030",
    "modality": "T1w",
    "subject_id": "10678"
  },
  "cjv": 0.4309706417143829,
  "cnr": 3.0412265529640967,
  "efc": 0.514724114360346,
  "fber": 1413.9012451171875,
  "fwhm_avg": 3.158393333333333,
  "fwhm_x": 3.22919,
  "fwhm_y": 3.33119,
  "fwhm_z": 2.9148,
  "icvs_csf": 0.18889213975313957,
  "icvs_gm": 0.4144594322251085,
  "icvs_wm": 0.39664842802175193,
  "inu_med": 1.7185548543930054,
  "inu_range": 0.6689873933792114,
  "provenance": {
    "md5sum": "6fffb7ac06c5dc1b65496fbe82b38611",
    "settings": {
      "testing": false
    },
    "software": "mriqc",
    "version": "0.16.1",
    "warnings": {
      "large_rot_frame": true,
      "small_air_mask": false
    },
    "webapi_port": null,
    "webapi_url": "https://mriqc.nimh.nih.gov/api/v1"
  },
  "qi_1": 1.241402750862882e-05,
  "qi_2": 0.005088682626314938,
  "rpve_csf": 29.731469246724522,
  "rpve_gm": 14.364404630156589,
  "rpve_wm": 18.68131026469615,
  "size_x": 176,
  "size_y": 256,
  "size_z": 256,
  "snr_csf": 2.5985218781842288,
  "snr_gm": 8.315298199426595,
  "snr_total": 9.344088130478355,
  "snr_wm": 17.11844431382424,
  "snrd_csf": 25.333539983395166,
  "snrd_gm": 47.72910245830701,
  "snrd_total": 47.45461718868242,
  "snrd_wm": 69.30120912434508,
  "spacing_x": 1.0,
  "spacing_y": 1.0,
  "spacing_z": 1.0,
  "summary_bg_k": 478.64260501730354,
  "summary_bg_mad": 9.453455516920764,
  "summary_bg_mean": 15.313252449035645,
  "summary_bg_median": 12.752796173095703,
  "summary_bg_n": 4417603.0,
  "summary_bg_p05": 3.152952337265015,
  "summary_bg_p95": 37.81048698425291,
  "summary_bg_stdv": 14.29588508605957,
  "summary_csf_k": -0.8120042198237902,
  "summary_csf_mad": 152.33882580517962,
  "summary_csf_mean": 342.9925537109375,
  "summary_csf_median": 365.55670166015625,
  "summary_csf_n": 5844.0,
  "summary_csf_p05": 114.60743675231933,
  "summary_csf_p95": 551.4833038330075,
  "summary_csf_stdv": 140.6666717529297,
  "summary_gm_k": 0.23158808780643536,
  "summary_gm_mad": 79.10710811874984,
  "summary_gm_mean": 690.44970703125,
  "summary_gm_median": 688.7191162109375,
  "summary_gm_n": 10165.0,
  "summary_gm_p05": 557.7188110351562,
  "summary_gm_p95": 833.8463989257812,
  "summary_gm_stdv": 82.82147216796875,
  "summary_wm_k": 0.5219105703950446,
  "summary_wm_mad": 55.04549846891719,
  "summary_wm_mean": 998.820068359375,
  "summary_wm_median": 999.999267578125,
  "summary_wm_n": 202288.0,
  "summary_wm_p05": 900.6089050292969,
  "summary_wm_p95": 1092.0999450683594,
  "summary_wm_stdv": 58.41633605957031,
  "tpm_overlap_csf": 0.15438489615917206,
  "tpm_overlap_gm": 0.4250110685825348,
  "tpm_overlap_wm": 0.49690884351730347,
  "wm2max": 0.7056250972170467
}