{
  "bids_meta": {
    "AccelNumReferenceLines": 32,
    "AccelerationFactorPE": 2,
    "AcquisitionMatrix": "0/256/256/0",
    "DeviceSerialNumber": "35426",
    "EchoTime": 0.00331,
    "EchoTrainLength": 1,
    "FlipAngle": 7,
    "ImageType": "ORIGINAL/PRIMARY/M/ND/NORM",
    "ImagingFrequency": 123192130,
    "InPlanePhaseEncodingDirection": "ROW",
    "InversionTime": 1.1,
    "MRAcquisitionType": "3D",
    "MagneticFieldStrength": 3,
    "ManufacturerModelName": "TrioTim",
    "NumberOfAverages": 1,
    "NumberOfPhaseEncodingSteps": 255,
    "PatientPosition": "HFS",
    "PercentPhaseFieldOfView": 100,
    "PercentSampling": 100,
    "PhaseEncodingDirection": "i-",
    "PixelBandwidth": 199,
    "ProtocolName": "MPRAGE - BWM",
    "ReceiveCoilName": "HeadMatrix",
    "RepetitionTime": 2.53,
    "ScanOptions": "IR",
    "ScanningSequence": "GR/IR",
    "SequenceName": "*tfl3d1_ns",
    "SequenceVariant": "SP/MP",
    "SoftwareVersions": "syngo MR B17",
    "TotalScanTimeSec": 363,
    "TransmitCoilName": "Body",
    "VariableFlipAngleFlag": "N",
    "dataset": "ds000030",
    "modality": "T1w",
    "subject_id": "70061"
  },
  "cjv": 0.4672224690466748,
  "cnr": 2.872301931221602,
  "efc": 0.5149223206510846,
  "fber": 984.8700561523438,
  "fwhm_avg": 3.2480366666666662,
  "fwhm_x": 3.28807,
  "fwhm_y": 3.36719,
  "fwhm_z": 3.08885,
  "icvs_csf": 0.2211770473024169,
  "icvs_gm": 0.40488043169670607,
  "icvs_wm": 0.373942521000877,
  "inu_med": 1.7861874103546143,
  "inu_range": 0.5898911356925964,
  "provenance": {
    "md5sum": "d35d2023f8622e30babad4c394e5d707",
    "settings": {
      "testing": false
    },
    "software": "mriqc",
    "version": "21.0.0rc2",
    "warnings": {
      "large_rot_frame": true,
      "small_air_mask": false
    },
    "webapi_port": null,
    "webapi_url": "https://mriqc.nimh.nih.gov/api/v1"
  },
  "qi_1": 2.4676473802397848e-05,
  "qi_2": 0.004143096229341256,
  "rpve_csf": 26.82553530431523,
  "rpve_gm": 14.964922126568968,
  "rpve_wm": 19.906553250585887,
  "size_x": 176,
  "size_y": 256,
  "size_z": 256,
  "snr_csf": 3.452277008193312,
  "snr_gm": 8.381032723274306,
  "snr_total": 9.425377144729563,
  "snr_wm": 16.44282170272107,
  "snrd_csf": 31.610230113242267,
  "snrd_gm": 53.321625489572654,
  "snrd_total": 53.683776166899456,
  "snrd_wm": 76.11947289788344,
  "spacing_x": 1.0,
  "spacing_y": 1.0,
  "spacing_z": 1.0,
  "summary_bg_k": 174.37590650077883,
  "summary_bg_mad": 8.606738213703096,
  "summary_bg_mean": 17.174421310424805,
  "summary_bg_median": 14.189197540283203,
  "summary_bg_n": 4013863.0,
  "summary_bg_p05": 2.824448847770691,
  "summary_bg_p95": 39.99540367126465,
  "summary_bg_stdv": 13.73397159576416,
  "summary_csf_k": 0.02245082013583044,
  "summary_csf_mad": 107.83236774329426,
  "summary_csf_mean": 395.038330078125,
  "summary_csf_median": 415.2738037109375,
  "summary_csf_n": 7436.0,
  "summary_csf_p05": 163.4705924987793,
  "summary_csf_p95": 563.6059112548828,
  "summary_csf_stdv": 120.28173828125,
  "summary_gm_k": 0.06543688889433463,
  "summary_gm_mad": 82.22551357846183,
  "summary_gm_mean": 702.4041748046875,
  "summary_gm_median": 700.50341796875,
  "summary_gm_n": 14378.0,
  "summary_gm_p05": 567.9265625,
  "summary_gm_p95": 844.3250885009766,
  "summary_gm_stdv": 83.57908630371094,
  "summary_wm_k": 0.3683112442962888,
  "summary_wm_mad": 57.70887064885896,
  "summary_wm_mean": 997.6405639648438,
  "summary_wm_median": 1000.006103515625,
  "summary_wm_n": 195706.0,
  "summary_wm_p05": 892.5148162841797,
  "summary_wm_p95": 1093.6240234375,
  "summary_wm_stdv": 60.8170280456543,
  "tpm_overlap_csf": 0.13805921375751495,
  "tpm_overlap_gm": 0.4118156135082245,
  "tpm_overlap_wm": 0.48879024386405945,
  "wm2max": 0.693105420059134
}