{
  "bids_meta": {
    "AccelNumReferenceLines": 32,
    "AccelerationFactorPE": 2,
    "AcquisitionMatrix": "0/256/256/0",
    "DeviceSerialNumber": "35343",
    "EchoTime": 0.00331,
    "EchoTrainLength": 1,
    "FlipAngle": 7,
    "ImageType": "ORIGINAL/PRIMARY/M/ND/NORM",
    "ImagingFrequency": 123227415,
    "InPlanePhaseEncodingDirection": "ROW",
    "InversionTime": 1.1,
    "MRAcquisitionType": "3D",
    "MagneticFieldStrength": 3,
    "ManufacturerModelName": "TrioTim",
    "NumberOfAverages": 1,
    "NumberOfPhaseEncodingSteps": 255,
    "PatientPosition": "HFS",
    "PercentPhaseFieldOfView": 100,
    "PercentSampling": 100,
    "PhaseEncodingDirection": "i-",
    "PixelBandwidth": 200,
    "ProtocolName": "MPRAGE - BWM",
    "ReceiveCoilName": "HeadMatrix",
    "RepetitionTime": 2.53,
    "ScanOptions": "IR",
    "ScanningSequence": "GR/IR",
    "SequenceName": "*tfl3d1_ns",
    "SequenceVariant": "SP/MP",
    "SoftwareVersions": "syngo MR B15",
    "TotalScanTimeSec": 363,
    "TransmitCoilName": "Body",
    "VariableFlipAngleFlag": "N",
    "dataset": "ds000030",
    "modality": "T1w",
    "subject_id": "10746"
  },
  "cjv": 0.4132283663921602,
  "cnr": 3.172467920299418,
  "efc": 0.5364306660943783,
  "fber": 1061.0521240234375,
  "fwhm_avg": 3.2066766666666666,
  "fwhm_x": 3.22338,
  "fwhm_y": 3.41192,
  "fwhm_z": 2.98473,
  "icvs_csf": 0.17345742270322836,
  "icvs_gm": 0.42779524994296714,
  "icvs_wm": 0.3987473273538045,
  "inu_med": 1.7320913076400757,
  "inu_range": 0.6426595687866212,
  "provenance": {
    "md5sum": "1fd5e2e1379c4252f151bb6169c66465",
    "settings": {
      "testing": false
    },
    "software": "mriqc",
    "version": "0.16.1",
    "warnings": {
      "large_rot_frame": true,
      "small_air_mask": false
    },
    "webapi_port": null,
    "webapi_url": "https://mriqc.nimh.nih.gov/api/v1"
  },
  "qi_1": 0.0,
  "qi_2": 0.005599077860821386,
  "rpve_csf": 28.347069542654545,
  "rpve_gm": 12.773695277118827,
  "rpve_wm": 16.6216133867076,
  "size_x": 176,
  "size_y": 256,
  "size_z": 256,
  "snr_csf": 1.8063999377788877,
  "snr_gm": 7.44533095248183,
  "snr_total": 8.744969713206125,
  "snr_wm": 16.983178249357657,
  "snrd_csf": 18.67827819708224,
  "snrd_gm": 45.15359671624797,
  "snrd_total": 44.08213846416459,
  "snrd_wm": 68.41454047916359,
  "spacing_x": 1.0,
  "spacing_y": 1.0,
  "spacing_z": 1.0,
  "summary_bg_k": 59.26451565826689,
  "summary_bg_mad": 9.57598155265784,
  "summary_bg_mean": 16.780242919921875,
  "summary_bg_median": 15.650050163269043,
  "summary_bg_n": 3447131.0,
  "summary_bg_p05": 3.1405115127563477,
  "summary_bg_p95": 38.787397384643555,
  "summary_bg_stdv": 12.69787311553955,
  "summary_csf_k": -0.11745183821650862,
  "summary_csf_mad": 181.249750047755,
  "summary_csf_mean": 296.33636474609375,
  "summary_csf_median": 273.0162048339844,
  "summary_csf_n": 7083.0,
  "summary_csf_p05": 93.89282608032227,
  "summary_csf_p95": 539.774072265625,
  "summary_csf_stdv": 151.12762451171875,
  "summary_gm_k": 0.1896528120071208,
  "summary_gm_mad": 85.30256471603902,
  "summary_gm_mean": 662.9068603515625,
  "summary_gm_median": 660.0,
  "summary_gm_n": 13718.0,
  "summary_gm_p05": 520.0712219238281,
  "summary_gm_p95": 812.0107482910156,
  "summary_gm_stdv": 88.64292907714844,
  "summary_wm_k": 0.5588048370085041,
  "summary_wm_mad": 55.19507985729547,
  "summary_wm_mean": 998.1076049804688,
  "summary_wm_median": 1000.0,
  "summary_wm_n": 234171.0,
  "summary_wm_p05": 897.4863586425781,
  "summary_wm_p95": 1090.927001953125,
  "summary_wm_stdv": 58.88166809082031,
  "tpm_overlap_csf": 0.17096927762031555,
  "tpm_overlap_gm": 0.44692423939704895,
  "tpm_overlap_wm": 0.5139337182044983,
  "wm2max": 0.7146856796251938
}