{
  "bids_meta": {
    "AccelNumReferenceLines": 32,
    "AccelerationFactorPE": 2,
    "AcquisitionMatrix": "0/256/256/0",
    "DeviceSerialNumber": "35343",
    "EchoTime": 0.00331,
    "EchoTrainLength": 1,
    "FlipAngle": 7,
    "ImageType": "ORIGINAL/PRIMARY/M/ND/NORM",
    "ImagingFrequency": 123227735,
    "InPlanePhaseEncodingDirection": "ROW",
    "InversionTime": 1.1,
    "MRAcquisitionType": "3D",
    "MagneticFieldStrength": 3,
    "ManufacturerModelName": "TrioTim",
    "NumberOfAverages": 1,
    "NumberOfPhaseEncodingSteps": 255,
    "PatientPosition": "HFS",
    "PercentPhaseFieldOfView": 100,
    "PercentSampling": 100,
    "PhaseEncodingDirection": "i-",
    "PixelBandwidth": 200,
    "ProtocolName": "MPRAGE - BWM",
    "ReceiveCoilName": "HeadMatrix",
    "RepetitionTime": 2.53,
    "ScanOptions": "IR",
    "ScanningSequence": "GR/IR",
    "SequenceName": "*tfl3d1_ns",
    "SequenceVariant": "SP/MP",
    "SoftwareVersions": "syngo MR B15",
    "TotalScanTimeSec": 363,
    "TransmitCoilName": "Body",
    "VariableFlipAngleFlag": "N",
    "dataset": "ds000030",
    "modality": "T1w",
    "subject_id": "50027"
  },
  "cjv": 0.4236529091447378,
  "cnr": 3.1977402747574213,
  "efc": 0.48487223268385493,
  "fber": 2125.850341796875,
  "fwhm_avg": 3.146856666666667,
  "fwhm_x": 3.2465,
  "fwhm_y": 3.18187,
  "fwhm_z": 3.0122,
  "icvs_csf": 0.17095676748876398,
  "icvs_gm": 0.42831172743181306,
  "icvs_wm": 0.40073150507942296,
  "inu_med": 1.6328201293945312,
  "inu_range": 0.4726724088191989,
  "provenance": {
    "md5sum": "6ca92b15ea5671fefac58c4984dcab54",
    "settings": {
      "testing": false
    },
    "software": "mriqc",
    "version": "0.16.1",
    "warnings": {
      "large_rot_frame": true,
      "small_air_mask": false
    },
    "webapi_port": null,
    "webapi_url": "https://mriqc.nimh.nih.gov/api/v1"
  },
  "qi_1": 5.762637364384278e-06,
  "qi_2": 0.009309793176608351,
  "rpve_csf": 34.79613827675987,
  "rpve_gm": 15.396890485127527,
  "rpve_wm": 19.806260662950606,
  "size_x": 176,
  "size_y": 256,
  "size_z": 256,
  "snr_csf": 2.0326018616907575,
  "snr_gm": 8.286603373757165,
  "snr_total": 9.516787569673061,
  "snr_wm": 18.231157473571262,
  "snrd_csf": 20.65603071626518,
  "snrd_gm": 46.62094463224192,
  "snrd_total": 45.237849341227424,
  "snrd_wm": 68.43657267517519,
  "spacing_x": 1.0,
  "spacing_y": 1.0,
  "spacing_z": 1.0,
  "summary_bg_k": 261.2153931273513,
  "summary_bg_mad": 9.572539365252299,
  "summary_bg_mean": 14.245940208435059,
  "summary_bg_median": 12.957791328430176,
  "summary_bg_n": 4782834.0,
  "summary_bg_p05": 0.0,
  "summary_bg_p95": 35.60356903076172,
  "summary_bg_stdv": 13.073493003845215,
  "summary_csf_k": 5.008895987055421,
  "summary_csf_mad": 179.43988764106422,
  "summary_csf_mean": 308.0606689453125,
  "summary_csf_median": 301.8160400390625,
  "summary_csf_n": 7327.0,
  "summary_csf_p05": 107.52059173583984,
  "summary_csf_p95": 535.991534423828,
  "summary_csf_stdv": 148.47740173339844,
  "summary_gm_k": -0.06352685694708748,
  "summary_gm_mad": 82.8803959182644,
  "summary_gm_mean": 682.0330200195312,
  "summary_gm_median": 681.2029418945312,
  "summary_gm_n": 17287.0,
  "summary_gm_p05": 548.3594543457032,
  "summary_gm_p95": 819.3871520996094,
  "summary_gm_stdv": 82.20294952392578,
  "summary_wm_k": 0.5077589235140736,
  "summary_wm_mad": 52.16300267617564,
  "summary_wm_mean": 999.6040649414062,
  "summary_wm_median": 999.9624633789062,
  "summary_wm_n": 200802.0,
  "summary_wm_p05": 909.0853942871094,
  "summary_wm_p95": 1088.0754150390624,
  "summary_wm_stdv": 54.84895706176758,
  "tpm_overlap_csf": 0.16439299285411835,
  "tpm_overlap_gm": 0.43850621581077576,
  "tpm_overlap_wm": 0.5142472982406616,
  "wm2max": 0.6237973341137303
}