{
  "bids_meta": {
    "AccelNumReferenceLines": 32,
    "AccelerationFactorPE": 2,
    "AcquisitionMatrix": "0/256/256/0",
    "DeviceSerialNumber": "35343",
    "EchoTime": 0.00331,
    "EchoTrainLength": 1,
    "FlipAngle": 7,
    "ImageType": "ORIGINAL/PRIMARY/M/ND/NORM",
    "ImagingFrequency": 123227745,
    "InPlanePhaseEncodingDirection": "ROW",
    "InversionTime": 1.1,
    "MRAcquisitionType": "3D",
    "MagneticFieldStrength": 3,
    "ManufacturerModelName": "TrioTim",
    "NumberOfAverages": 1,
    "NumberOfPhaseEncodingSteps": 255,
    "PatientPosition": "HFS",
    "PercentPhaseFieldOfView": 100,
    "PercentSampling": 100,
    "PhaseEncodingDirection": "i-",
    "PixelBandwidth": 200,
    "ProtocolName": "MPRAGE - BWM",
    "ReceiveCoilName": "HeadMatrix",
    "RepetitionTime": 2.53,
    "ScanOptions": "IR",
    "ScanningSequence": "GR/IR",
    "SequenceName": "*tfl3d1_ns",
    "SequenceVariant": "SP/MP",
    "SoftwareVersions": "syngo MR B15",
    "TotalScanTimeSec": 363,
    "TransmitCoilName": "Body",
    "VariableFlipAngleFlag": "N",
    "dataset": "ds000030",
    "modality": "T1w",
    "subject_id": "10785"
  },
  "cjv": 0.3833836695507437,
  "cnr": 3.4778548169446415,
  "efc": 0.496592770064498,
  "fber": 1398.450439453125,
  "fwhm_avg": 3.181519871006822,
  "fwhm_x": 3.2462196130204664,
  "fwhm_y": 3.2784,
  "fwhm_z": 3.01994,
  "icvs_csf": 0.1825332763522356,
  "icvs_gm": 0.435448044520158,
  "icvs_wm": 0.3820186791276064,
  "inu_med": 1.6815506219863892,
  "inu_range": 0.4377953648567199,
  "provenance": {
    "md5sum": "2712a53bb4e7c7b3b3156b03476a5882",
    "settings": {
      "testing": false
    },
    "software": "mriqc",
    "version": "0.16.1",
    "warnings": {
      "large_rot_frame": true,
      "small_air_mask": false
    },
    "webapi_port": null,
    "webapi_url": "https://mriqc.nimh.nih.gov/api/v1"
  },
  "qi_1": 1.4364457630726359e-05,
  "qi_2": 0.004684379428928685,
  "rpve_csf": 32.806811773024876,
  "rpve_gm": 15.224884639945707,
  "rpve_wm": 20.971606294922264,
  "size_x": 176,
  "size_y": 256,
  "size_z": 256,
  "snr_csf": 2.2902454420231138,
  "snr_gm": 8.604835023352486,
  "snr_total": 10.024824434301008,
  "snr_wm": 19.179392837527427,
  "snrd_csf": 22.174652956926423,
  "snrd_gm": 48.91726923785465,
  "snrd_total": 48.00285500972408,
  "snrd_wm": 72.91664283439118,
  "spacing_x": 1.0000001192092896,
  "spacing_y": 1.0,
  "spacing_z": 1.0,
  "summary_bg_k": 273.62901205995337,
  "summary_bg_mad": 8.984676110242889,
  "summary_bg_mean": 14.08863353729248,
  "summary_bg_median": 12.133803367614746,
  "summary_bg_n": 4343987.0,
  "summary_bg_p05": 0.0,
  "summary_bg_p95": 33.61192588806152,
  "summary_bg_stdv": 12.64621353149414,
  "summary_csf_k": -0.3520154156807136,
  "summary_csf_mad": 163.0533732314248,
  "summary_csf_mean": 305.66131591796875,
  "summary_csf_median": 304.1077880859375,
  "summary_csf_n": 4646.0,
  "summary_csf_p05": 119.23102188110352,
  "summary_csf_p95": 521.4664306640625,
  "summary_csf_stdv": 132.76963806152344,
  "summary_gm_k": 0.06900903108292633,
  "summary_gm_mad": 76.26931480989145,
  "summary_gm_mean": 671.1920166015625,
  "summary_gm_median": 670.861572265625,
  "summary_gm_n": 10529.0,
  "summary_gm_p05": 543.1447509765625,
  "summary_gm_p95": 801.924072265625,
  "summary_gm_stdv": 77.95962524414062,
  "summary_wm_k": 0.4162950441173874,
  "summary_wm_mad": 49.91466681674021,
  "summary_wm_mean": 998.8316040039062,
  "summary_wm_median": 999.9939575195312,
  "summary_wm_n": 177636.0,
  "summary_wm_p05": 911.1906433105469,
  "summary_wm_p95": 1081.9498901367188,
  "summary_wm_stdv": 52.138832092285156,
  "tpm_overlap_csf": 0.1584101766347885,
  "tpm_overlap_gm": 0.4362300634384155,
  "tpm_overlap_wm": 0.504802942276001,
  "wm2max": 0.7338153421486785
}