{
  "bids_meta": {
    "AccelNumReferenceLines": 32,
    "AccelerationFactorPE": 2,
    "AcquisitionMatrix": "0/256/256/0",
    "DeviceSerialNumber": "35343",
    "EchoTime": 0.00331,
    "EchoTrainLength": 1,
    "FlipAngle": 7,
    "ImageType": "ORIGINAL/PRIMARY/M/ND/NORM",
    "ImagingFrequency": 123249389,
    "InPlanePhaseEncodingDirection": "ROW",
    "InversionTime": 1.1,
    "MRAcquisitionType": "3D",
    "MagneticFieldStrength": 3,
    "ManufacturerModelName": "TrioTim",
    "NumberOfAverages": 1,
    "NumberOfPhaseEncodingSteps": 255,
    "PatientPosition": "HFS",
    "PercentPhaseFieldOfView": 100,
    "PercentSampling": 100,
    "PhaseEncodingDirection": "i-",
    "PixelBandwidth": 200,
    "ProtocolName": "MPRAGE - BWM",
    "ReceiveCoilName": "HeadMatrix",
    "RepetitionTime": 2.53,
    "ScanOptions": "IR",
    "ScanningSequence": "GR/IR",
    "SequenceName": "*tfl3d1_ns",
    "SequenceVariant": "SP/MP",
    "SoftwareVersions": "syngo MR B15",
    "TotalScanTimeSec": 363,
    "TransmitCoilName": "Body",
    "VariableFlipAngleFlag": "N",
    "dataset": "ds000030",
    "modality": "T1w",
    "subject_id": "10668"
  },
  "cjv": 0.4318885957507621,
  "cnr": 3.0845214646841215,
  "efc": 0.50745117148711,
  "fber": 1238.386474609375,
  "fwhm_avg": 3.1670133333333332,
  "fwhm_x": 3.27838,
  "fwhm_y": 3.25989,
  "fwhm_z": 2.96277,
  "icvs_csf": 0.17593022305685913,
  "icvs_gm": 0.4382646128708825,
  "icvs_wm": 0.3858051640722584,
  "inu_med": 1.6961445808410645,
  "inu_range": 0.5420302093029021,
  "provenance": {
    "md5sum": "67e7fbf528f983e3171d8781f832660c",
    "settings": {
      "testing": false
    },
    "software": "mriqc",
    "version": "0.16.1",
    "warnings": {
      "large_rot_frame": true,
      "small_air_mask": false
    },
    "webapi_port": null,
    "webapi_url": "https://mriqc.nimh.nih.gov/api/v1"
  },
  "qi_1": 5.2639215010504276e-05,
  "qi_2": 0.004760496558506624,
  "rpve_csf": 31.74457571015055,
  "rpve_gm": 14.2434839248476,
  "rpve_wm": 19.410420182861902,
  "size_x": 176,
  "size_y": 256,
  "size_z": 256,
  "snr_csf": 2.133555426283771,
  "snr_gm": 8.037909808003292,
  "snr_total": 9.463360356931561,
  "snr_wm": 18.218615836507624,
  "snrd_csf": 22.549988288667883,
  "snrd_gm": 50.739491309316435,
  "snrd_total": 49.14341360407092,
  "snrd_wm": 74.14076121422843,
  "spacing_x": 1.0,
  "spacing_y": 1.0,
  "spacing_z": 1.0,
  "summary_bg_k": 492.39488313218476,
  "summary_bg_mad": 8.836432289860353,
  "summary_bg_mean": 16.38817596435547,
  "summary_bg_median": 14.618688583374023,
  "summary_bg_n": 3588882.0,
  "summary_bg_p05": 2.921259880065918,
  "summary_bg_p95": 38.27634315490722,
  "summary_bg_stdv": 14.47571086883545,
  "summary_csf_k": -0.7449958683937008,
  "summary_csf_mad": 183.38473479610914,
  "summary_csf_mean": 310.5749206542969,
  "summary_csf_median": 304.1526184082031,
  "summary_csf_n": 6124.0,
  "summary_csf_p05": 112.57427139282227,
  "summary_csf_p95": 529.1000335693359,
  "summary_csf_stdv": 142.54505920410156,
  "summary_gm_k": -0.06220862585570597,
  "summary_gm_mad": 84.92005985900636,
  "summary_gm_mean": 685.3038940429688,
  "summary_gm_median": 684.37060546875,
  "summary_gm_n": 13759.0,
  "summary_gm_p05": 545.4352905273438,
  "summary_gm_p95": 827.9120727539057,
  "summary_gm_stdv": 85.13976287841797,
  "summary_wm_k": 0.5454560074280859,
  "summary_wm_mad": 51.39894311611997,
  "summary_wm_mean": 998.3433227539062,
  "summary_wm_median": 1000.0052490234375,
  "summary_wm_n": 197356.0,
  "summary_wm_p05": 904.9507293701172,
  "summary_wm_p95": 1085.2863464355469,
  "summary_wm_stdv": 54.889060974121094,
  "tpm_overlap_csf": 0.1690414547920227,
  "tpm_overlap_gm": 0.43939170241355896,
  "tpm_overlap_wm": 0.5041561722755432,
  "wm2max": 0.6715637175565645
}