{
  "bids_meta": {
    "AccelNumReferenceLines": 32,
    "AccelerationFactorPE": 2,
    "AcquisitionMatrix": "0/256/256/0",
    "DeviceSerialNumber": "35343",
    "EchoTime": 0.00331,
    "EchoTrainLength": 1,
    "FlipAngle": 7,
    "ImageType": "ORIGINAL/PRIMARY/M/ND/NORM",
    "ImagingFrequency": 123249892,
    "InPlanePhaseEncodingDirection": "ROW",
    "InversionTime": 1.1,
    "MRAcquisitionType": "3D",
    "MagneticFieldStrength": 3,
    "ManufacturerModelName": "TrioTim",
    "NumberOfAverages": 1,
    "NumberOfPhaseEncodingSteps": 255,
    "PatientPosition": "HFS",
    "PercentPhaseFieldOfView": 100,
    "PercentSampling": 100,
    "PhaseEncodingDirection": "i-",
    "PixelBandwidth": 200,
    "ProtocolName": "MPRAGE - BWM",
    "ReceiveCoilName": "HeadMatrix",
    "RepetitionTime": 2.53,
    "ScanOptions": "IR",
    "ScanningSequence": "GR/IR",
    "SequenceName": "*tfl3d1_ns",
    "SequenceVariant": "SP/MP",
    "SoftwareVersions": "syngo MR B15",
    "TotalScanTimeSec": 363,
    "TransmitCoilName": "Body",
    "VariableFlipAngleFlag": "N",
    "dataset": "ds000030",
    "modality": "T1w",
    "subject_id": "10471"
  },
  "cjv": 0.38971826532155307,
  "cnr": 3.3298590948781355,
  "efc": 0.47980931456050835,
  "fber": 1383.352294921875,
  "fwhm_avg": 2.9375766666666667,
  "fwhm_x": 2.98444,
  "fwhm_y": 3.11313,
  "fwhm_z": 2.71516,
  "icvs_csf": 0.2010530643715,
  "icvs_gm": 0.4214138167299342,
  "icvs_wm": 0.3775331188985658,
  "inu_med": 1.8134558200836182,
  "inu_range": 0.4670439481735231,
  "provenance": {
    "md5sum": "f357a0a605231c6a504eed0dd817d0c4",
    "settings": {
      "testing": false
    },
    "software": "mriqc",
    "version": "0.16.1",
    "warnings": {
      "large_rot_frame": true,
      "small_air_mask": false
    },
    "webapi_port": null,
    "webapi_url": "https://mriqc.nimh.nih.gov/api/v1"
  },
  "qi_1": 0.00010484337845374576,
  "qi_2": 0.0038803832618762206,
  "rpve_csf": 37.74393056547159,
  "rpve_gm": 19.087022127753436,
  "rpve_wm": 26.269201646165847,
  "size_x": 176,
  "size_y": 256,
  "size_z": 256,
  "snr_csf": 3.864892714157306,
  "snr_gm": 8.83944492126944,
  "snr_total": 10.504961573625499,
  "snr_wm": 18.81054708544975,
  "snrd_csf": 37.66386280235356,
  "snrd_gm": 59.52376582762083,
  "snrd_total": 61.363315561848204,
  "snrd_wm": 86.90231805557022,
  "spacing_x": 1.0,
  "spacing_y": 1.0,
  "spacing_z": 1.0,
  "summary_bg_k": 71.08397030502165,
  "summary_bg_mad": 7.53877217644084,
  "summary_bg_mean": 13.98847484588623,
  "summary_bg_median": 12.433086395263672,
  "summary_bg_n": 3916334.0,
  "summary_bg_p05": 2.4825483083724977,
  "summary_bg_p95": 32.90065383911133,
  "summary_bg_stdv": 11.0494384765625,
  "summary_csf_k": 0.8248007137091098,
  "summary_csf_mad": 87.81149162398162,
  "summary_csf_mean": 419.5519714355469,
  "summary_csf_median": 433.40484619140625,
  "summary_csf_n": 2626.0,
  "summary_csf_p05": 197.85406112670898,
  "summary_csf_p95": 580.1080627441406,
  "summary_csf_stdv": 112.1175537109375,
  "summary_gm_k": 0.38493805701144623,
  "summary_gm_mad": 72.52652242954414,
  "summary_gm_mean": 684.213134765625,
  "summary_gm_median": 684.95068359375,
  "summary_gm_n": 6746.0,
  "summary_gm_p05": 554.2165985107422,
  "summary_gm_p95": 812.61376953125,
  "summary_gm_stdv": 77.48223114013672,
  "summary_wm_k": 0.46158523495250536,
  "summary_wm_mad": 50.254188516192905,
  "summary_wm_mean": 999.2291870117188,
  "summary_wm_median": 1000.0006103515625,
  "summary_wm_n": 136684.0,
  "summary_wm_p05": 910.4318115234375,
  "summary_wm_p95": 1085.4377014160154,
  "summary_wm_stdv": 53.161502838134766,
  "tpm_overlap_csf": 0.14417260885238647,
  "tpm_overlap_gm": 0.4218941926956177,
  "tpm_overlap_wm": 0.4854138493537903,
  "wm2max": 0.734005904181474
}