{
  "bids_meta": {
    "AccelNumReferenceLines": 32,
    "AccelerationFactorPE": 2,
    "AcquisitionMatrix": "0/256/256/0",
    "DeviceSerialNumber": "35343",
    "EchoTime": 0.00331,
    "EchoTrainLength": 1,
    "FlipAngle": 7,
    "ImageType": "ORIGINAL/PRIMARY/M/ND/NORM",
    "ImagingFrequency": 123249909,
    "InPlanePhaseEncodingDirection": "ROW",
    "InversionTime": 1.1,
    "MRAcquisitionType": "3D",
    "MagneticFieldStrength": 3,
    "ManufacturerModelName": "TrioTim",
    "NumberOfAverages": 1,
    "NumberOfPhaseEncodingSteps": 255,
    "PatientPosition": "HFS",
    "PercentPhaseFieldOfView": 100,
    "PercentSampling": 100,
    "PhaseEncodingDirection": "i-",
    "PixelBandwidth": 200,
    "ProtocolName": "MPRAGE - BWM",
    "ReceiveCoilName": "HeadMatrix",
    "RepetitionTime": 2.53,
    "ScanOptions": "IR",
    "ScanningSequence": "GR/IR",
    "SequenceName": "*tfl3d1_ns",
    "SequenceVariant": "SP/MP",
    "SoftwareVersions": "syngo MR B15",
    "TotalScanTimeSec": 363,
    "TransmitCoilName": "Body",
    "VariableFlipAngleFlag": "N",
    "dataset": "ds000030",
    "modality": "T1w",
    "subject_id": "10228"
  },
  "cjv": 0.4546954800943082,
  "cnr": 2.9355537370422615,
  "efc": 0.5037803296481985,
  "fber": 1874.876953125,
  "fwhm_avg": 3.0804491219738943,
  "fwhm_x": 3.117127365921683,
  "fwhm_y": 3.17995,
  "fwhm_z": 2.94427,
  "icvs_csf": 0.176710471390044,
  "icvs_gm": 0.4245410587694734,
  "icvs_wm": 0.3987484698404826,
  "inu_med": 1.7123562097549438,
  "inu_range": 0.5466024637222291,
  "provenance": {
    "md5sum": "f46968338a24a5c01121e5fefe449222",
    "settings": {
      "testing": false
    },
    "software": "mriqc",
    "version": "0.16.1",
    "warnings": {
      "large_rot_frame": true,
      "small_air_mask": false
    },
    "webapi_port": null,
    "webapi_url": "https://mriqc.nimh.nih.gov/api/v1"
  },
  "qi_1": 6.668008500476022e-05,
  "qi_2": 0.019023274167207796,
  "rpve_csf": 33.274384367997584,
  "rpve_gm": 15.272925559423038,
  "rpve_wm": 19.47798787001795,
  "size_x": 176,
  "size_y": 256,
  "size_z": 256,
  "snr_csf": 3.2508805890945838,
  "snr_gm": 8.59045848745566,
  "snr_total": 9.540210729516017,
  "snr_wm": 16.779293111997806,
  "snrd_csf": 18.85700666696286,
  "snrd_gm": 33.61576312228038,
  "snrd_total": 33.495516039595465,
  "snrd_wm": 48.01377832954316,
  "spacing_x": 1.0000040531158447,
  "spacing_y": 1.0,
  "spacing_z": 1.0,
  "summary_bg_k": 200.13648290392874,
  "summary_bg_mad": 13.644904399384162,
  "summary_bg_mean": 16.120960235595703,
  "summary_bg_median": 13.952598571777344,
  "summary_bg_n": 4608027.0,
  "summary_bg_p05": 0.0,
  "summary_bg_p95": 41.653987121582034,
  "summary_bg_stdv": 15.535922050476074,
  "summary_csf_k": 0.2640246404348474,
  "summary_csf_mad": 109.61784286373701,
  "summary_csf_mean": 382.1612243652344,
  "summary_csf_median": 392.74578857421875,
  "summary_csf_n": 3822.0,
  "summary_csf_p05": 161.91996917724612,
  "summary_csf_p95": 563.5964233398438,
  "summary_csf_stdv": 120.79631805419922,
  "summary_gm_k": 0.01930882450398963,
  "summary_gm_mad": 79.92297369504661,
  "summary_gm_mean": 703.2996215820312,
  "summary_gm_median": 700.1349487304688,
  "summary_gm_n": 13321.0,
  "summary_gm_p05": 572.6368408203125,
  "summary_gm_p95": 842.6885986328125,
  "summary_gm_stdv": 81.49840545654297,
  "summary_wm_k": 0.5560967327681059,
  "summary_wm_mad": 56.429194179559836,
  "summary_wm_mean": 1000.1753540039062,
  "summary_wm_median": 1000.0107421875,
  "summary_wm_n": 197243.0,
  "summary_wm_p05": 902.9258605957032,
  "summary_wm_p95": 1097.5370239257813,
  "summary_wm_stdv": 59.597755432128906,
  "tpm_overlap_csf": 0.1454785317182541,
  "tpm_overlap_gm": 0.43474364280700684,
  "tpm_overlap_wm": 0.5093581080436707,
  "wm2max": 0.6102393076530389
}