{
  "bids_meta": {
    "AccelNumReferenceLines": 32,
    "AccelerationFactorPE": 2,
    "AcquisitionMatrix": "0/256/256/0",
    "DeviceSerialNumber": "35426",
    "EchoTime": 0.00331,
    "EchoTrainLength": 1,
    "FlipAngle": 7,
    "ImageType": "ORIGINAL/PRIMARY/M/ND/NORM",
    "ImagingFrequency": 123191684,
    "InPlanePhaseEncodingDirection": "ROW",
    "InversionTime": 1.1,
    "MRAcquisitionType": "3D",
    "MagneticFieldStrength": 3,
    "ManufacturerModelName": "TrioTim",
    "NumberOfAverages": 1,
    "NumberOfPhaseEncodingSteps": 255,
    "PatientPosition": "HFS",
    "PercentPhaseFieldOfView": 100,
    "PercentSampling": 100,
    "PhaseEncodingDirection": "i-",
    "PixelBandwidth": 199,
    "ProtocolName": "MPRAGE - BWM",
    "ReceiveCoilName": "HeadMatrix",
    "RepetitionTime": 2.53,
    "ScanOptions": "IR",
    "ScanningSequence": "GR/IR",
    "SequenceName": "*tfl3d1_ns",
    "SequenceVariant": "SP/MP",
    "SoftwareVersions": "syngo MR B17",
    "TotalScanTimeSec": 363,
    "TransmitCoilName": "Body",
    "VariableFlipAngleFlag": "N",
    "dataset": "ds000030",
    "modality": "T1w",
    "subject_id": "11112"
  },
  "cjv": 0.5028729148868114,
  "cnr": 2.656262758827026,
  "efc": 0.544969593394511,
  "fber": 1030.1470947265625,
  "fwhm_avg": 3.0834628802236232,
  "fwhm_x": 3.1762986406708693,
  "fwhm_y": 3.2042,
  "fwhm_z": 2.86989,
  "icvs_csf": 0.18831603778852174,
  "icvs_gm": 0.4239418679887259,
  "icvs_wm": 0.3877420942227523,
  "inu_med": 1.7307331562042236,
  "inu_range": 0.7788562655448907,
  "provenance": {
    "md5sum": "79a81b30d8fc5df7e51cbc688d54a9fa",
    "settings": {
      "testing": false
    },
    "software": "mriqc",
    "version": "0.16.1",
    "warnings": {
      "large_rot_frame": true,
      "small_air_mask": false
    },
    "webapi_port": null,
    "webapi_url": "https://mriqc.nimh.nih.gov/api/v1"
  },
  "qi_1": 5.028741906703075e-06,
  "qi_2": 0.004601191841697795,
  "rpve_csf": 31.390751733262476,
  "rpve_gm": 14.930034433781794,
  "rpve_wm": 19.809655753790025,
  "size_x": 176,
  "size_y": 256,
  "size_z": 256,
  "snr_csf": 4.20691898840926,
  "snr_gm": 7.867019201290971,
  "snr_total": 9.073516798921286,
  "snr_wm": 15.146612207063626,
  "snrd_csf": 31.570592707325073,
  "snrd_gm": 45.97418413580277,
  "snrd_total": 47.666458722407555,
  "snrd_wm": 65.45459932409481,
  "spacing_x": 1.0000035762786865,
  "spacing_y": 1.0,
  "spacing_z": 1.0,
  "summary_bg_k": 116.32777883345317,
  "summary_bg_mad": 10.00916270412549,
  "summary_bg_mean": 19.16969871520996,
  "summary_bg_median": 16.517337799072266,
  "summary_bg_n": 3532308.0,
  "summary_bg_p05": 3.2950727939605713,
  "summary_bg_p95": 46.12769565582275,
  "summary_bg_stdv": 14.98006820678711,
  "summary_csf_k": 1.049306873420302,
  "summary_csf_mad": 97.22034645923455,
  "summary_csf_mean": 468.5298156738281,
  "summary_csf_median": 482.3349914550781,
  "summary_csf_n": 4813.0,
  "summary_csf_p05": 256.4010437011719,
  "summary_csf_p95": 634.8262817382812,
  "summary_csf_stdv": 114.64087677001953,
  "summary_gm_k": 0.08322146548240861,
  "summary_gm_mad": 87.15998006864191,
  "summary_gm_mean": 705.400146484375,
  "summary_gm_median": 702.392822265625,
  "summary_gm_n": 11485.0,
  "summary_gm_p05": 565.337353515625,
  "summary_gm_p95": 860.8382202148437,
  "summary_gm_stdv": 89.27933502197266,
  "summary_wm_k": 0.48592037481335293,
  "summary_wm_mad": 62.50579103478316,
  "summary_wm_mean": 999.8563232421875,
  "summary_wm_median": 1000.0142822265625,
  "summary_wm_n": 189504.0,
  "summary_wm_p05": 891.2765136718749,
  "summary_wm_p95": 1107.8337341308593,
  "summary_wm_stdv": 66.02213287353516,
  "tpm_overlap_csf": 0.13566294312477112,
  "tpm_overlap_gm": 0.43228134512901306,
  "tpm_overlap_wm": 0.49398356676101685,
  "wm2max": 0.5626236881680438
}