{
  "bids_meta": {
    "AccelNumReferenceLines": 32,
    "AccelerationFactorPE": 2,
    "AcquisitionMatrix": "0/256/256/0",
    "DeviceSerialNumber": "35426",
    "EchoTime": 0.00331,
    "EchoTrainLength": 1,
    "FlipAngle": 7,
    "ImageType": "ORIGINAL/PRIMARY/M/ND/NORM",
    "ImagingFrequency": 123191523,
    "InPlanePhaseEncodingDirection": "ROW",
    "InversionTime": 1.1,
    "MRAcquisitionType": "3D",
    "MagneticFieldStrength": 3,
    "ManufacturerModelName": "TrioTim",
    "NumberOfAverages": 1,
    "NumberOfPhaseEncodingSteps": 255,
    "PatientPosition": "HFS",
    "PercentPhaseFieldOfView": 100,
    "PercentSampling": 100,
    "PhaseEncodingDirection": "i-",
    "PixelBandwidth": 199,
    "ProtocolName": "MPRAGE - BWM",
    "ReceiveCoilName": "HeadMatrix",
    "RepetitionTime": 2.53,
    "ScanOptions": "IR",
    "ScanningSequence": "GR/IR",
    "SequenceName": "*tfl3d1_ns",
    "SequenceVariant": "SP/MP",
    "SoftwareVersions": "syngo MR B17",
    "TotalScanTimeSec": 363,
    "TransmitCoilName": "Body",
    "VariableFlipAngleFlag": "N",
    "dataset": "ds000030",
    "modality": "T1w",
    "subject_id": "11098"
  },
  "cjv": 0.5472242501253716,
  "cnr": 2.4553446377633197,
  "efc": 0.580988692129682,
  "fber": 1109.67578125,
  "fwhm_avg": 3.375843149977817,
  "fwhm_x": 3.4465994499334514,
  "fwhm_y": 3.46179,
  "fwhm_z": 3.21914,
  "icvs_csf": 0.20904299122087994,
  "icvs_gm": 0.3891586729730381,
  "icvs_wm": 0.401798335806082,
  "inu_med": 1.5985891819000244,
  "inu_range": 0.6049428820610048,
  "provenance": {
    "md5sum": "9f6ece4e17d2bbe01ce3d119fd1c4a0c",
    "settings": {
      "testing": false
    },
    "software": "mriqc",
    "version": "0.16.1",
    "warnings": {
      "large_rot_frame": true,
      "small_air_mask": false
    },
    "webapi_port": null,
    "webapi_url": "https://mriqc.nimh.nih.gov/api/v1"
  },
  "qi_1": 0.0,
  "qi_2": 0.010021416475106563,
  "rpve_csf": 24.863446514325183,
  "rpve_gm": 13.00646088814301,
  "rpve_wm": 15.3617716688219,
  "size_x": 176,
  "size_y": 256,
  "size_z": 256,
  "snr_csf": 2.514889580427978,
  "snr_gm": 8.686389075224051,
  "snr_total": 8.08043270375047,
  "snr_wm": 13.040019455599381,
  "snrd_csf": 20.04847799079925,
  "snrd_gm": 40.66527477847636,
  "snrd_total": 39.06645160972728,
  "snrd_wm": 56.485602059906235,
  "spacing_x": 0.9999972581863403,
  "spacing_y": 1.0,
  "spacing_z": 1.0,
  "summary_bg_k": 10.036200133252633,
  "summary_bg_mad": 11.598754102214633,
  "summary_bg_mean": 20.197153091430664,
  "summary_bg_median": 15.600567817687988,
  "summary_bg_n": 3845898.0,
  "summary_bg_p05": 3.856902837753296,
  "summary_bg_p95": 50.31270294189453,
  "summary_bg_stdv": 16.194942474365234,
  "summary_csf_k": -0.44651189651292045,
  "summary_csf_mad": 155.53245179065655,
  "summary_csf_mean": 349.4039611816406,
  "summary_csf_median": 354.9449768066406,
  "summary_csf_n": 21249.0,
  "summary_csf_p05": 117.32720794677735,
  "summary_csf_p95": 571.5748291015624,
  "summary_csf_stdv": 141.1340789794922,
  "summary_gm_k": -0.013119770873962544,
  "summary_gm_mad": 82.12769296089564,
  "summary_gm_mean": 722.1388549804688,
  "summary_gm_median": 719.95166015625,
  "summary_gm_n": 12949.0,
  "summary_gm_p05": 589.1600708007812,
  "summary_gm_p95": 862.6669799804686,
  "summary_gm_stdv": 82.87953186035156,
  "summary_wm_k": 1.0689051982908575,
  "summary_wm_mad": 71.14346015490794,
  "summary_wm_mean": 1004.4070434570312,
  "summary_wm_median": 1000.0400390625,
  "summary_wm_n": 237086.0,
  "summary_wm_p05": 886.7525634765625,
  "summary_wm_p95": 1137.1993408203125,
  "summary_wm_stdv": 76.68991088867188,
  "tpm_overlap_csf": 0.17232440412044525,
  "tpm_overlap_gm": 0.439307302236557,
  "tpm_overlap_wm": 0.5147233009338379,
  "wm2max": 0.5993003612647796
}