{
  "bids_meta": {
    "AccelNumReferenceLines": 32,
    "AccelerationFactorPE": 2,
    "AcquisitionMatrix": "0/256/256/0",
    "DeviceSerialNumber": "35343",
    "EchoTime": 0.00331,
    "EchoTrainLength": 1,
    "FlipAngle": 7,
    "ImageType": "ORIGINAL/PRIMARY/M/ND/NORM",
    "ImagingFrequency": 123249616,
    "InPlanePhaseEncodingDirection": "ROW",
    "InversionTime": 1.1,
    "MRAcquisitionType": "3D",
    "MagneticFieldStrength": 3,
    "ManufacturerModelName": "TrioTim",
    "NumberOfAverages": 1,
    "NumberOfPhaseEncodingSteps": 255,
    "PatientPosition": "HFS",
    "PercentPhaseFieldOfView": 100,
    "PercentSampling": 100,
    "PhaseEncodingDirection": "i-",
    "PixelBandwidth": 200,
    "ProtocolName": "MPRAGE - BWM",
    "ReceiveCoilName": "HeadMatrix",
    "RepetitionTime": 2.53,
    "ScanOptions": "IR",
    "ScanningSequence": "GR/IR",
    "SequenceName": "*tfl3d1_ns",
    "SequenceVariant": "SP/MP",
    "SoftwareVersions": "syngo MR B15",
    "TotalScanTimeSec": 363,
    "TransmitCoilName": "Body",
    "VariableFlipAngleFlag": "N",
    "dataset": "ds000030",
    "modality": "T1w",
    "subject_id": "60012"
  },
  "cjv": 0.4623070656707764,
  "cnr": 2.8442279409011273,
  "efc": 0.5644338859471764,
  "fber": 1176.31787109375,
  "fwhm_avg": 3.0638966666666665,
  "fwhm_x": 3.1183,
  "fwhm_y": 3.1988,
  "fwhm_z": 2.87459,
  "icvs_csf": 0.18605139060266354,
  "icvs_gm": 0.40984413513214535,
  "icvs_wm": 0.4041044742651911,
  "inu_med": 1.717810034751892,
  "inu_range": 0.7110492587089536,
  "provenance": {
    "md5sum": "f6fde0df6ee879d3946e60a07d63f996",
    "settings": {
      "testing": false
    },
    "software": "mriqc",
    "version": "0.16.1",
    "warnings": {
      "large_rot_frame": true,
      "small_air_mask": false
    },
    "webapi_port": null,
    "webapi_url": "https://mriqc.nimh.nih.gov/api/v1"
  },
  "qi_1": 0.0,
  "qi_2": 0.004778268441404153,
  "rpve_csf": 26.575634993985613,
  "rpve_gm": 12.90381442011962,
  "rpve_wm": 16.318269010311717,
  "size_x": 176,
  "size_y": 256,
  "size_z": 256,
  "snr_csf": 2.5979312493749305,
  "snr_gm": 7.684822812743017,
  "snr_total": 8.605293190264364,
  "snr_wm": 15.533125508675145,
  "snrd_csf": 24.37807643023213,
  "snrd_gm": 42.21006080945189,
  "snrd_total": 42.73759253673499,
  "snrd_wm": 61.62464037052093,
  "spacing_x": 1.0,
  "spacing_y": 1.0,
  "spacing_z": 1.0,
  "summary_bg_k": 4.756905767347828,
  "summary_bg_mad": 10.630954375229926,
  "summary_bg_mean": 18.137012481689453,
  "summary_bg_median": 14.29191780090332,
  "summary_bg_n": 3711956.0,
  "summary_bg_p05": 3.531150996685028,
  "summary_bg_p95": 42.87703323364258,
  "summary_bg_stdv": 13.453558921813965,
  "summary_csf_k": -0.7477709500117222,
  "summary_csf_mad": 162.23798273213285,
  "summary_csf_mean": 369.1507263183594,
  "summary_csf_median": 395.58514404296875,
  "summary_csf_n": 5663.0,
  "summary_csf_p05": 112.91643981933595,
  "summary_csf_p95": 590.3515075683592,
  "summary_csf_stdv": 152.25584411621094,
  "summary_gm_k": 0.16827702715069925,
  "summary_gm_mad": 84.42575354683675,
  "summary_gm_mean": 686.9112548828125,
  "summary_gm_median": 684.9462890625,
  "summary_gm_n": 12844.0,
  "summary_gm_p05": 542.4956085205079,
  "summary_gm_p95": 840.5370635986325,
  "summary_gm_stdv": 89.12627410888672,
  "summary_wm_k": 0.48454822050385316,
  "summary_wm_mad": 61.22041364142605,
  "summary_wm_mean": 999.5301513671875,
  "summary_wm_median": 999.9883422851562,
  "summary_wm_n": 246515.0,
  "summary_wm_p05": 893.0205078125,
  "summary_wm_p95": 1103.575061035156,
  "summary_wm_stdv": 64.3776626586914,
  "tpm_overlap_csf": 0.16913311183452606,
  "tpm_overlap_gm": 0.43842050433158875,
  "tpm_overlap_wm": 0.5218265652656555,
  "wm2max": 0.5945110604663586
}