{
  "bids_meta": {
    "AccelNumReferenceLines": 32,
    "AccelerationFactorPE": 2,
    "AcquisitionMatrix": "0/256/256/0",
    "DeviceSerialNumber": "35343",
    "EchoTime": 0.00331,
    "EchoTrainLength": 1,
    "FlipAngle": 7,
    "ImageType": "ORIGINAL/PRIMARY/M/ND/NORM",
    "ImagingFrequency": 123249642,
    "InPlanePhaseEncodingDirection": "ROW",
    "InversionTime": 1.1,
    "MRAcquisitionType": "3D",
    "MagneticFieldStrength": 3,
    "ManufacturerModelName": "TrioTim",
    "NumberOfAverages": 1,
    "NumberOfPhaseEncodingSteps": 255,
    "PatientPosition": "HFS",
    "PercentPhaseFieldOfView": 100,
    "PercentSampling": 100,
    "PhaseEncodingDirection": "i-",
    "PixelBandwidth": 200,
    "ProtocolName": "MPRAGE - BWM",
    "ReceiveCoilName": "HeadMatrix",
    "RepetitionTime": 2.53,
    "ScanOptions": "IR",
    "ScanningSequence": "GR/IR",
    "SequenceName": "*tfl3d1_ns",
    "SequenceVariant": "SP/MP",
    "SoftwareVersions": "syngo MR B15",
    "TotalScanTimeSec": 363,
    "TransmitCoilName": "Body",
    "VariableFlipAngleFlag": "N",
    "dataset": "ds000030",
    "modality": "T1w",
    "subject_id": "60010"
  },
  "cjv": 0.45505587835510025,
  "cnr": 2.954973524468673,
  "efc": 0.5284108361788221,
  "fber": 1143.66748046875,
  "fwhm_avg": 3.261849735666179,
  "fwhm_x": 3.3260892069985375,
  "fwhm_y": 3.40761,
  "fwhm_z": 3.05185,
  "icvs_csf": 0.1866041360431759,
  "icvs_gm": 0.4208738592972405,
  "icvs_wm": 0.39252200465958353,
  "inu_med": 1.6741629838943481,
  "inu_range": 0.5317718923091888,
  "provenance": {
    "md5sum": "8b84f5782ad1540d9ba0e0e3919f9a23",
    "settings": {
      "testing": false
    },
    "software": "mriqc",
    "version": "0.16.1",
    "warnings": {
      "large_rot_frame": true,
      "small_air_mask": false
    },
    "webapi_port": null,
    "webapi_url": "https://mriqc.nimh.nih.gov/api/v1"
  },
  "qi_1": 2.1450496248102828e-05,
  "qi_2": 0.0043852441321605195,
  "rpve_csf": 29.37479961937299,
  "rpve_gm": 14.01675203611996,
  "rpve_wm": 18.21438571789538,
  "size_x": 176,
  "size_y": 256,
  "size_z": 256,
  "snr_csf": 1.9700932747738442,
  "snr_gm": 8.144418964234303,
  "snr_total": 8.67027375936823,
  "snr_wm": 15.896309039096547,
  "snrd_csf": 17.52904012379986,
  "snrd_gm": 40.638630726715434,
  "snrd_total": 39.1401907331615,
  "snrd_wm": 59.25290134896922,
  "spacing_x": 1.000000238418579,
  "spacing_y": 1.0,
  "spacing_z": 1.0,
  "summary_bg_k": 73.96188304925137,
  "summary_bg_mad": 11.056862323980758,
  "summary_bg_mean": 17.585084915161133,
  "summary_bg_median": 14.928497314453125,
  "summary_bg_n": 4136414.0,
  "summary_bg_p05": 0.0,
  "summary_bg_p95": 44.56903362274169,
  "summary_bg_stdv": 15.931833267211914,
  "summary_csf_k": -0.4813304431661334,
  "summary_csf_mad": 171.3968565719865,
  "summary_csf_mean": 315.6537780761719,
  "summary_csf_median": 295.8409729003906,
  "summary_csf_n": 10142.0,
  "summary_csf_p05": 102.96805458068849,
  "summary_csf_p95": 569.2070648193353,
  "summary_csf_stdv": 150.1585693359375,
  "summary_gm_k": 0.04107562202464976,
  "summary_gm_mad": 83.71779831878018,
  "summary_gm_mean": 688.794189453125,
  "summary_gm_median": 685.865966796875,
  "summary_gm_n": 17272.0,
  "summary_gm_p05": 553.9790283203125,
  "summary_gm_p95": 831.1345001220703,
  "summary_gm_stdv": 84.21056365966797,
  "summary_wm_k": 0.514090299468517,
  "summary_wm_mad": 59.241016612154105,
  "summary_wm_mean": 1001.4774780273438,
  "summary_wm_median": 1000.0225830078125,
  "summary_wm_n": 208422.0,
  "summary_wm_p05": 900.7259155273438,
  "summary_wm_p95": 1107.0724609374997,
  "summary_wm_stdv": 62.90895462036133,
  "tpm_overlap_csf": 0.16039884090423584,
  "tpm_overlap_gm": 0.42739737033843994,
  "tpm_overlap_wm": 0.49469536542892456,
  "wm2max": 0.629084739770925
}