{
  "bids_meta": {
    "AccelNumReferenceLines": 32,
    "AccelerationFactorPE": 2,
    "AcquisitionMatrix": "0/256/256/0",
    "DeviceSerialNumber": "35426",
    "EchoTime": 0.00331,
    "EchoTrainLength": 1,
    "FlipAngle": 7,
    "ImageType": "ORIGINAL/PRIMARY/M/ND/NORM",
    "ImagingFrequency": 123190927,
    "InPlanePhaseEncodingDirection": "ROW",
    "InversionTime": 1.1,
    "MRAcquisitionType": "3D",
    "MagneticFieldStrength": 3,
    "ManufacturerModelName": "TrioTim",
    "NumberOfAverages": 1,
    "NumberOfPhaseEncodingSteps": 255,
    "PatientPosition": "HFS",
    "PercentPhaseFieldOfView": 100,
    "PercentSampling": 100,
    "PhaseEncodingDirection": "i-",
    "PixelBandwidth": 199,
    "ProtocolName": "MPRAGE - BWM",
    "ReceiveCoilName": "HeadMatrix",
    "RepetitionTime": 2.53,
    "ScanOptions": "IR",
    "ScanningSequence": "GR/IR",
    "SequenceName": "*tfl3d1_ns",
    "SequenceVariant": "SP/MP",
    "SoftwareVersions": "syngo MR B17",
    "TotalScanTimeSec": 363,
    "TransmitCoilName": "Body",
    "VariableFlipAngleFlag": "N",
    "dataset": "ds000030",
    "modality": "T1w",
    "subject_id": "70065"
  },
  "cjv": 0.45154781019385304,
  "cnr": 2.951047006706366,
  "efc": 0.5727543603867244,
  "fber": 918.937744140625,
  "fwhm_avg": 3.189848331379291,
  "fwhm_x": 3.222604994137874,
  "fwhm_y": 3.33661,
  "fwhm_z": 3.01033,
  "icvs_csf": 0.18396665045618069,
  "icvs_gm": 0.43803917296835554,
  "icvs_wm": 0.37799417657546375,
  "inu_med": 1.7173900604248047,
  "inu_range": 0.7324487209320067,
  "provenance": {
    "md5sum": "85c70e15c6bf35c0b8c275bda6534049",
    "settings": {
      "testing": false
    },
    "software": "mriqc",
    "version": "21.0.0rc2",
    "warnings": {
      "large_rot_frame": true,
      "small_air_mask": false
    },
    "webapi_port": null,
    "webapi_url": "https://mriqc.nimh.nih.gov/api/v1"
  },
  "qi_1": 0.0,
  "qi_2": 0.0038116203392643145,
  "rpve_csf": 27.5992500331577,
  "rpve_gm": 12.923535235168222,
  "rpve_wm": 17.916383656059242,
  "size_x": 176,
  "size_y": 256,
  "size_z": 256,
  "snr_csf": 3.525546972364916,
  "snr_gm": 7.896012097844142,
  "snr_total": 9.072472810720967,
  "snr_wm": 15.795859361953841,
  "snrd_csf": 27.94448091293024,
  "snrd_gm": 42.697091104841995,
  "snrd_total": 44.4384432150332,
  "snrd_wm": 62.67375762732738,
  "spacing_x": 0.9999984502792358,
  "spacing_y": 1.0,
  "spacing_z": 1.0,
  "summary_bg_k": 5.808263812833312,
  "summary_bg_mad": 10.453359703642663,
  "summary_bg_mean": 19.821067810058594,
  "summary_bg_median": 17.120529174804688,
  "summary_bg_n": 2963580.0,
  "summary_bg_p05": 3.4146253943443297,
  "summary_bg_p95": 47.84150505065917,
  "summary_bg_stdv": 14.645345687866211,
  "summary_csf_k": 0.0015047332151159054,
  "summary_csf_mad": 114.55047691404131,
  "summary_csf_mean": 420.0181579589844,
  "summary_csf_median": 445.8822937011719,
  "summary_csf_n": 3963.0,
  "summary_csf_p05": 172.3162582397461,
  "summary_csf_p95": 588.6093444824216,
  "summary_csf_stdv": 126.45584869384766,
  "summary_gm_k": 0.021974130586033258,
  "summary_gm_mad": 84.45511783027821,
  "summary_gm_mean": 685.665771484375,
  "summary_gm_median": 681.2750244140625,
  "summary_gm_n": 20121.0,
  "summary_gm_p05": 550.1913452148438,
  "summary_gm_p95": 836.9759521484375,
  "summary_gm_stdv": 86.27875518798828,
  "summary_wm_k": 0.7006946687115834,
  "summary_wm_mad": 59.474754498531055,
  "summary_wm_mean": 997.7344360351562,
  "summary_wm_median": 1000.0228271484375,
  "summary_wm_n": 205331.0,
  "summary_wm_p05": 889.7543334960938,
  "summary_wm_p95": 1096.622314453125,
  "summary_wm_stdv": 63.30902099609375,
  "tpm_overlap_csf": 0.13798196613788605,
  "tpm_overlap_gm": 0.425204873085022,
  "tpm_overlap_wm": 0.48070383071899414,
  "wm2max": 0.688988125397546
}