{
  "bids_meta": {
    "AccelNumReferenceLines": 32,
    "AccelerationFactorPE": 2,
    "AcquisitionMatrix": "0/256/256/0",
    "DeviceSerialNumber": "35343",
    "EchoTime": 0.00331,
    "EchoTrainLength": 1,
    "FlipAngle": 7,
    "ImageType": "ORIGINAL/PRIMARY/M/ND/NORM",
    "ImagingFrequency": 123249694,
    "InPlanePhaseEncodingDirection": "ROW",
    "InversionTime": 1.1,
    "MRAcquisitionType": "3D",
    "MagneticFieldStrength": 3,
    "ManufacturerModelName": "TrioTim",
    "NumberOfAverages": 1,
    "NumberOfPhaseEncodingSteps": 255,
    "PatientPosition": "HFS",
    "PercentPhaseFieldOfView": 100,
    "PercentSampling": 100,
    "PhaseEncodingDirection": "i-",
    "PixelBandwidth": 200,
    "ProtocolName": "MPRAGE - BWM",
    "ReceiveCoilName": "HeadMatrix",
    "RepetitionTime": 2.53,
    "ScanOptions": "IR",
    "ScanningSequence": "GR/IR",
    "SequenceName": "*tfl3d1_ns",
    "SequenceVariant": "SP/MP",
    "SoftwareVersions": "syngo MR B15",
    "TotalScanTimeSec": 363,
    "TransmitCoilName": "Body",
    "VariableFlipAngleFlag": "N",
    "dataset": "ds000030",
    "modality": "T1w",
    "subject_id": "10206"
  },
  "cjv": 0.431087116431348,
  "cnr": 3.044232160069302,
  "efc": 0.5318597316031674,
  "fber": 987.0104370117188,
  "fwhm_avg": 3.1105633333333333,
  "fwhm_x": 3.14046,
  "fwhm_y": 3.25914,
  "fwhm_z": 2.93209,
  "icvs_csf": 0.19988563753535596,
  "icvs_gm": 0.444273215275709,
  "icvs_wm": 0.35584114718893506,
  "inu_med": 1.8356517553329468,
  "inu_range": 0.691071307659149,
  "provenance": {
    "md5sum": "6030da63e07436a7a196dd5ed2c4305d",
    "settings": {
      "testing": false
    },
    "software": "mriqc",
    "version": "0.16.1",
    "warnings": {
      "large_rot_frame": true,
      "small_air_mask": false
    },
    "webapi_port": null,
    "webapi_url": "https://mriqc.nimh.nih.gov/api/v1"
  },
  "qi_1": 2.6516398589412447e-05,
  "qi_2": 0.005552925704224402,
  "rpve_csf": 29.378124527363568,
  "rpve_gm": 14.274099422683562,
  "rpve_wm": 20.857938961842056,
  "size_x": 176,
  "size_y": 256,
  "size_z": 256,
  "snr_csf": 2.275304328334955,
  "snr_gm": 8.207224432378885,
  "snr_total": 9.018614668318444,
  "snr_wm": 16.573315244241492,
  "snrd_csf": 19.312516564627302,
  "snrd_gm": 39.02293946921766,
  "snrd_total": 38.464766507101245,
  "snrd_wm": 57.05884348745877,
  "spacing_x": 1.0,
  "spacing_y": 1.0,
  "spacing_z": 1.0,
  "summary_bg_k": 15.456000071702295,
  "summary_bg_mad": 11.481899298222729,
  "summary_bg_mean": 18.761329650878906,
  "summary_bg_median": 15.478672981262207,
  "summary_bg_n": 4457311.0,
  "summary_bg_p05": 3.8329360485076904,
  "summary_bg_p95": 45.61393356323242,
  "summary_bg_stdv": 14.052891731262207,
  "summary_csf_k": -0.9505238690153965,
  "summary_csf_mad": 190.65815242871759,
  "summary_csf_mean": 339.3536682128906,
  "summary_csf_median": 338.4705505371094,
  "summary_csf_n": 10302.0,
  "summary_csf_p05": 123.21574096679687,
  "summary_csf_p95": 570.7178741455075,
  "summary_csf_stdv": 148.7511444091797,
  "summary_gm_k": 0.29953593444983895,
  "summary_gm_mad": 78.99127982042909,
  "summary_gm_mean": 686.2728881835938,
  "summary_gm_median": 683.914794921875,
  "summary_gm_n": 11305.0,
  "summary_gm_p05": 552.2332763671875,
  "summary_gm_p95": 830.7218261718748,
  "summary_gm_stdv": 83.32714080810547,
  "summary_wm_k": 0.4443959831005766,
  "summary_wm_mad": 57.27392633957874,
  "summary_wm_mean": 998.1185913085938,
  "summary_wm_median": 1000.011474609375,
  "summary_wm_n": 171287.0,
  "summary_wm_p05": 895.0456787109375,
  "summary_wm_p95": 1093.6512084960937,
  "summary_wm_stdv": 60.33847427368164,
  "tpm_overlap_csf": 0.16808004677295685,
  "tpm_overlap_gm": 0.4469570219516754,
  "tpm_overlap_wm": 0.4954594671726227,
  "wm2max": 0.7298325954467708
}