{
  "bids_meta": {
    "AccelNumReferenceLines": 32,
    "AccelerationFactorPE": 2,
    "AcquisitionMatrix": "0/256/256/0",
    "DeviceSerialNumber": "35343",
    "EchoTime": 0.00331,
    "EchoTrainLength": 1,
    "FlipAngle": 7,
    "ImageType": "ORIGINAL/PRIMARY/M/ND/NORM",
    "ImagingFrequency": 123249360,
    "InPlanePhaseEncodingDirection": "ROW",
    "InversionTime": 1.1,
    "MRAcquisitionType": "3D",
    "MagneticFieldStrength": 3,
    "ManufacturerModelName": "TrioTim",
    "NumberOfAverages": 1,
    "NumberOfPhaseEncodingSteps": 255,
    "PatientPosition": "HFS",
    "PercentPhaseFieldOfView": 100,
    "PercentSampling": 100,
    "PhaseEncodingDirection": "i-",
    "PixelBandwidth": 200,
    "ProtocolName": "MPRAGE - BWM",
    "ReceiveCoilName": "HeadMatrix",
    "RepetitionTime": 2.53,
    "ScanOptions": "IR",
    "ScanningSequence": "GR/IR",
    "SequenceName": "*tfl3d1_ns",
    "SequenceVariant": "SP/MP",
    "SoftwareVersions": "syngo MR B15",
    "TotalScanTimeSec": 363,
    "TransmitCoilName": "Body",
    "VariableFlipAngleFlag": "N",
    "dataset": "ds000030",
    "modality": "T1w",
    "subject_id": "10680"
  },
  "cjv": 0.38712832396901703,
  "cnr": 3.3793820061077726,
  "efc": 0.49958719746149965,
  "fber": 1550.384765625,
  "fwhm_avg": 3.3688066666666665,
  "fwhm_x": 3.375,
  "fwhm_y": 3.54504,
  "fwhm_z": 3.18638,
  "icvs_csf": 0.17529625666732798,
  "icvs_gm": 0.42670093265808523,
  "icvs_wm": 0.3980028106745868,
  "inu_med": 1.7901537418365479,
  "inu_range": 0.6382944285869603,
  "provenance": {
    "md5sum": "8766c6a8fccb5d7342cb4c04db46d588",
    "settings": {
      "testing": false
    },
    "software": "mriqc",
    "version": "0.16.1",
    "warnings": {
      "large_rot_frame": true,
      "small_air_mask": false
    },
    "webapi_port": null,
    "webapi_url": "https://mriqc.nimh.nih.gov/api/v1"
  },
  "qi_1": 0.0,
  "qi_2": 0.005565851483243151,
  "rpve_csf": 28.504035280377906,
  "rpve_gm": 13.110550921469047,
  "rpve_wm": 17.088789067801287,
  "size_x": 176,
  "size_y": 256,
  "size_z": 256,
  "snr_csf": 2.5582457118100255,
  "snr_gm": 8.193824382897821,
  "snr_total": 9.432773399202473,
  "snr_wm": 17.546250102899567,
  "snrd_csf": 25.615810814199325,
  "snrd_gm": 47.343437208561355,
  "snrd_total": 48.1219576753846,
  "snrd_wm": 71.4066250033931,
  "spacing_x": 1.0,
  "spacing_y": 1.0,
  "spacing_z": 1.0,
  "summary_bg_k": 232.46402343922946,
  "summary_bg_mad": 9.174653183228395,
  "summary_bg_mean": 14.808639526367188,
  "summary_bg_median": 12.3721284866333,
  "summary_bg_n": 4300877.0,
  "summary_bg_p05": 3.06094651222229,
  "summary_bg_p95": 34.312626647949216,
  "summary_bg_stdv": 12.193330764770508,
  "summary_csf_k": 4.71284846012405,
  "summary_csf_mad": 148.9696701777748,
  "summary_csf_mean": 345.363037109375,
  "summary_csf_median": 358.7286376953125,
  "summary_csf_n": 7901.0,
  "summary_csf_p05": 118.5152816772461,
  "summary_csf_p95": 547.013916015625,
  "summary_csf_stdv": 140.21559143066406,
  "summary_gm_k": 0.22924922855544638,
  "summary_gm_mad": 76.78058815794789,
  "summary_gm_mean": 666.54736328125,
  "summary_gm_median": 663.0064086914062,
  "summary_gm_n": 19669.0,
  "summary_gm_p05": 540.2052124023437,
  "summary_gm_p95": 808.5022094726562,
  "summary_gm_stdv": 80.91332244873047,
  "summary_wm_k": 0.5891439961838891,
  "summary_wm_mad": 53.67600982299044,
  "summary_wm_mean": 998.3668823242188,
  "summary_wm_median": 999.9918212890625,
  "summary_wm_n": 240020.0,
  "summary_wm_p05": 901.8196166992188,
  "summary_wm_p95": 1088.2872497558594,
  "summary_wm_stdv": 56.99164962768555,
  "tpm_overlap_csf": 0.15421703457832336,
  "tpm_overlap_gm": 0.4376688301563263,
  "tpm_overlap_wm": 0.4964945614337921,
  "wm2max": 0.688547420723086
}