{
  "bids_meta": {
    "AccelNumReferenceLines": 32,
    "AccelerationFactorPE": 2,
    "AcquisitionMatrix": "0/256/256/0",
    "DeviceSerialNumber": "35426",
    "EchoTime": 0.00331,
    "EchoTrainLength": 1,
    "FlipAngle": 7,
    "ImageType": "ORIGINAL/PRIMARY/M/ND/NORM",
    "ImagingFrequency": 123191488,
    "InPlanePhaseEncodingDirection": "ROW",
    "InversionTime": 1.1,
    "MRAcquisitionType": "3D",
    "MagneticFieldStrength": 3,
    "ManufacturerModelName": "TrioTim",
    "NumberOfAverages": 1,
    "NumberOfPhaseEncodingSteps": 255,
    "PatientPosition": "HFS",
    "PercentPhaseFieldOfView": 100,
    "PercentSampling": 100,
    "PhaseEncodingDirection": "i-",
    "PixelBandwidth": 199,
    "ProtocolName": "MPRAGE - BWM",
    "ReceiveCoilName": "HeadMatrix",
    "RepetitionTime": 2.53,
    "ScanOptions": "IR",
    "ScanningSequence": "GR/IR",
    "SequenceName": "*tfl3d1_ns",
    "SequenceVariant": "SP/MP",
    "SoftwareVersions": "syngo MR B17",
    "TotalScanTimeSec": 363,
    "TransmitCoilName": "Body",
    "VariableFlipAngleFlag": "N",
    "dataset": "ds000030",
    "modality": "T1w",
    "subject_id": "70081"
  },
  "cjv": 0.4246794807750299,
  "cnr": 3.124849840741293,
  "efc": 0.5380882630831287,
  "fber": 899.3536987304688,
  "fwhm_avg": 3.114942827601674,
  "fwhm_x": 3.181788482805022,
  "fwhm_y": 3.22504,
  "fwhm_z": 2.938,
  "icvs_csf": 0.19082528685106284,
  "icvs_gm": 0.41603486955331764,
  "icvs_wm": 0.3931398435956195,
  "inu_med": 1.6701622009277344,
  "inu_range": 0.4984605789184571,
  "provenance": {
    "md5sum": "18be0985552ac00f87834343029dda06",
    "settings": {
      "testing": false
    },
    "software": "mriqc",
    "version": "21.0.0rc2",
    "warnings": {
      "large_rot_frame": true,
      "small_air_mask": false
    },
    "webapi_port": null,
    "webapi_url": "https://mriqc.nimh.nih.gov/api/v1"
  },
  "qi_1": 0.0,
  "qi_2": 0.004809435817021155,
  "rpve_csf": 29.990206501416655,
  "rpve_gm": 14.855317533616143,
  "rpve_wm": 19.430196702980194,
  "size_x": 176,
  "size_y": 256,
  "size_z": 256,
  "snr_csf": 3.377704016119241,
  "snr_gm": 8.348339822373394,
  "snr_total": 9.775253264841881,
  "snr_wm": 17.599715956033005,
  "snrd_csf": 27.582391230371588,
  "snrd_gm": 45.01746823506368,
  "snrd_total": 46.11848719232653,
  "snrd_wm": 65.75560211154433,
  "spacing_x": 1.0000004768371582,
  "spacing_y": 1.0,
  "spacing_z": 1.0,
  "summary_bg_k": 1174.9328146975222,
  "summary_bg_mad": 9.963106392170522,
  "summary_bg_mean": 16.97810173034668,
  "summary_bg_median": 13.405926704406738,
  "summary_bg_n": 3118679.0,
  "summary_bg_p05": 3.319527816772461,
  "summary_bg_p95": 40.30276069641115,
  "summary_bg_stdv": 15.277092933654785,
  "summary_csf_k": -0.0022516275441208933,
  "summary_csf_mad": 114.64363725241726,
  "summary_csf_mean": 402.718994140625,
  "summary_csf_median": 419.4642639160156,
  "summary_csf_n": 4228.0,
  "summary_csf_p05": 176.56828994750978,
  "summary_csf_p95": 578.3560424804688,
  "summary_csf_stdv": 124.17152404785156,
  "summary_gm_k": 0.019752684824831945,
  "summary_gm_mad": 80.154449309972,
  "summary_gm_mean": 684.4857788085938,
  "summary_gm_median": 684.6113891601562,
  "summary_gm_n": 11731.0,
  "summary_gm_p05": 548.3379211425781,
  "summary_gm_p95": 821.2930297851562,
  "summary_gm_stdv": 82.002197265625,
  "summary_wm_k": 0.4741490897814238,
  "summary_wm_mad": 53.780526764053306,
  "summary_wm_mean": 998.3547973632812,
  "summary_wm_median": 999.9903564453125,
  "summary_wm_n": 200193.0,
  "summary_wm_p05": 901.7094604492188,
  "summary_wm_p95": 1088.1270751953125,
  "summary_wm_stdv": 56.81840896606445,
  "tpm_overlap_csf": 0.16020211577415466,
  "tpm_overlap_gm": 0.433236688375473,
  "tpm_overlap_wm": 0.5117536783218384,
  "wm2max": 0.659875313121865
}