{
  "bids_meta": {
    "AccelNumReferenceLines": 32,
    "AccelerationFactorPE": 2,
    "AcquisitionMatrix": "0/256/256/0",
    "DeviceSerialNumber": "35343",
    "EchoTime": 0.00331,
    "EchoTrainLength": 1,
    "FlipAngle": 7,
    "ImageType": "ORIGINAL/PRIMARY/M/ND/NORM",
    "ImagingFrequency": 123249519,
    "InPlanePhaseEncodingDirection": "ROW",
    "InversionTime": 1.1,
    "MRAcquisitionType": "3D",
    "MagneticFieldStrength": 3,
    "ManufacturerModelName": "TrioTim",
    "NumberOfAverages": 1,
    "NumberOfPhaseEncodingSteps": 255,
    "PatientPosition": "HFS",
    "PercentPhaseFieldOfView": 100,
    "PercentSampling": 100,
    "PhaseEncodingDirection": "i-",
    "PixelBandwidth": 200,
    "ProtocolName": "MPRAGE - BWM",
    "ReceiveCoilName": "HeadMatrix",
    "RepetitionTime": 2.53,
    "ScanOptions": "IR",
    "ScanningSequence": "GR/IR",
    "SequenceName": "*tfl3d1_ns",
    "SequenceVariant": "SP/MP",
    "SoftwareVersions": "syngo MR B15",
    "TotalScanTimeSec": 363,
    "TransmitCoilName": "Body",
    "VariableFlipAngleFlag": "N",
    "dataset": "ds000030",
    "modality": "T1w",
    "subject_id": "10455"
  },
  "cjv": 0.5148767670709097,
  "cnr": 2.5754392721914807,
  "efc": 0.5448579036475516,
  "fber": 898.3087158203125,
  "fwhm_avg": 3.311646666666667,
  "fwhm_x": 3.35196,
  "fwhm_y": 3.5038,
  "fwhm_z": 3.07918,
  "icvs_csf": 0.2043723854834993,
  "icvs_gm": 0.4061746075775172,
  "icvs_wm": 0.38945300693898344,
  "inu_med": 1.7787269353866577,
  "inu_range": 0.7445605516433718,
  "provenance": {
    "md5sum": "cd6071679e039611dc99664e92430649",
    "settings": {
      "testing": false
    },
    "software": "mriqc",
    "version": "0.16.1",
    "warnings": {
      "large_rot_frame": true,
      "small_air_mask": false
    },
    "webapi_port": null,
    "webapi_url": "https://mriqc.nimh.nih.gov/api/v1"
  },
  "qi_1": 0.0,
  "qi_2": 0.007157649786624281,
  "rpve_csf": 27.20622637429999,
  "rpve_gm": 13.954866074222034,
  "rpve_wm": 17.741934784426817,
  "size_x": 176,
  "size_y": 256,
  "size_z": 256,
  "snr_csf": 1.9809022447468927,
  "snr_gm": 7.289437577766143,
  "snr_total": 7.929078798183961,
  "snr_wm": 14.516896572038847,
  "snrd_csf": 17.13684442299457,
  "snrd_gm": 42.35155523724914,
  "snrd_total": 40.1614687155973,
  "snrd_wm": 60.996006486548204,
  "spacing_x": 1.0,
  "spacing_y": 1.0,
  "spacing_z": 1.0,
  "summary_bg_k": 16.917167907995744,
  "summary_bg_mad": 10.740819467396285,
  "summary_bg_mean": 19.266267776489258,
  "summary_bg_median": 14.260818481445312,
  "summary_bg_n": 4003632.0,
  "summary_bg_p05": 3.486771845817566,
  "summary_bg_p95": 47.911505508422756,
  "summary_bg_stdv": 16.408531188964844,
  "summary_csf_k": -0.5166483055620237,
  "summary_csf_mad": 158.08424874260655,
  "summary_csf_mean": 297.89093017578125,
  "summary_csf_median": 280.9548645019531,
  "summary_csf_n": 9415.0,
  "summary_csf_p05": 93.70944900512694,
  "summary_csf_p95": 544.5930725097654,
  "summary_csf_stdv": 141.82423400878906,
  "summary_gm_k": 0.24811768959319247,
  "summary_gm_mad": 91.99843575841707,
  "summary_gm_mean": 699.0531616210938,
  "summary_gm_median": 694.3446044921875,
  "summary_gm_n": 8069.0,
  "summary_gm_p05": 548.8268920898438,
  "summary_gm_p95": 861.2666381835937,
  "summary_gm_stdv": 95.24761962890625,
  "summary_wm_k": 0.4431640322882311,
  "summary_wm_mad": 65.3848481749183,
  "summary_wm_mean": 1001.2198486328125,
  "summary_wm_median": 1000.016357421875,
  "summary_wm_n": 207754.0,
  "summary_wm_p05": 889.8935424804688,
  "summary_wm_p95": 1116.650128173828,
  "summary_wm_stdv": 68.8862075805664,
  "tpm_overlap_csf": 0.1681862622499466,
  "tpm_overlap_gm": 0.43684443831443787,
  "tpm_overlap_wm": 0.5151095390319824,
  "wm2max": 0.6501950715219565
}