{
  "bids_meta": {
    "AccelNumReferenceLines": 32,
    "AccelerationFactorPE": 2,
    "AcquisitionMatrix": "0/256/256/0",
    "DeviceSerialNumber": "35343",
    "EchoTime": 0.00331,
    "EchoTrainLength": 1,
    "FlipAngle": 7,
    "ImageType": "ORIGINAL/PRIMARY/M/ND/NORM",
    "ImagingFrequency": 123249959,
    "InPlanePhaseEncodingDirection": "ROW",
    "InversionTime": 1.1,
    "MRAcquisitionType": "3D",
    "MagneticFieldStrength": 3,
    "ManufacturerModelName": "TrioTim",
    "NumberOfAverages": 1,
    "NumberOfPhaseEncodingSteps": 255,
    "PatientPosition": "HFS",
    "PercentPhaseFieldOfView": 100,
    "PercentSampling": 100,
    "PhaseEncodingDirection": "i-",
    "PixelBandwidth": 200,
    "ProtocolName": "MPRAGE - BWM",
    "ReceiveCoilName": "HeadMatrix",
    "RepetitionTime": 2.53,
    "ScanOptions": "IR",
    "ScanningSequence": "GR/IR",
    "SequenceName": "*tfl3d1_ns",
    "SequenceVariant": "SP/MP",
    "SoftwareVersions": "syngo MR B15",
    "TotalScanTimeSec": 363,
    "TransmitCoilName": "Body",
    "VariableFlipAngleFlag": "N",
    "dataset": "ds000030",
    "modality": "T1w",
    "subject_id": "10159"
  },
  "cjv": 0.5046389544042711,
  "cnr": 2.675499578107537,
  "efc": 0.5030303272127475,
  "fber": 1197.5146484375,
  "fwhm_avg": 3.4797533333333335,
  "fwhm_x": 3.50992,
  "fwhm_y": 3.69266,
  "fwhm_z": 3.23668,
  "icvs_csf": 0.24110467976646263,
  "icvs_gm": 0.3972333618583594,
  "icvs_wm": 0.36166195837517795,
  "inu_med": 1.6894638538360596,
  "inu_range": 0.45277414321899423,
  "provenance": {
    "md5sum": "75cab8005361c2504ba5a7f02ecbacd7",
    "settings": {
      "testing": false
    },
    "software": "mriqc",
    "version": "0.16.1",
    "warnings": {
      "large_rot_frame": true,
      "small_air_mask": false
    },
    "webapi_port": null,
    "webapi_url": "https://mriqc.nimh.nih.gov/api/v1"
  },
  "qi_1": 0.0,
  "qi_2": 0.0031930185129196184,
  "rpve_csf": 25.54159706129659,
  "rpve_gm": 14.849290747736998,
  "rpve_wm": 19.593353274876904,
  "size_x": 176,
  "size_y": 256,
  "size_z": 256,
  "snr_csf": 2.7720507873136864,
  "snr_gm": 9.160455455363143,
  "snr_total": 8.221622372422482,
  "snr_wm": 12.732360874590617,
  "snrd_csf": 21.963157480082625,
  "snrd_gm": 45.68874638894001,
  "snrd_total": 44.20839226122866,
  "snrd_wm": 64.97327291466334,
  "spacing_x": 1.0,
  "spacing_y": 1.0,
  "spacing_z": 1.0,
  "summary_bg_k": 76.99303916746268,
  "summary_bg_mad": 10.083509427542259,
  "summary_bg_mean": 16.25108528137207,
  "summary_bg_median": 13.620987892150879,
  "summary_bg_n": 4365845.0,
  "summary_bg_p05": 0.0,
  "summary_bg_p95": 40.95446014404296,
  "summary_bg_stdv": 15.680731773376465,
  "summary_csf_k": -0.1432578436017713,
  "summary_csf_mad": 124.31781128351115,
  "summary_csf_mean": 332.305419921875,
  "summary_csf_median": 338.0451965332031,
  "summary_csf_n": 17153.0,
  "summary_csf_p05": 122.18955688476564,
  "summary_csf_p95": 521.5977661132813,
  "summary_csf_stdv": 121.94413757324219,
  "summary_gm_k": 0.010735665759002977,
  "summary_gm_mad": 76.00630313093109,
  "summary_gm_mean": 704.5319213867188,
  "summary_gm_median": 703.216796875,
  "summary_gm_n": 12782.0,
  "summary_gm_p05": 578.4662353515625,
  "summary_gm_p95": 833.4233642578125,
  "summary_gm_stdv": 76.7635726928711,
  "summary_wm_k": 0.9247257966278979,
  "summary_wm_mad": 73.77918737771145,
  "summary_wm_mean": 1004.4221801757812,
  "summary_wm_median": 1000.033935546875,
  "summary_wm_n": 183141.0,
  "summary_wm_p05": 883.5306396484375,
  "summary_wm_p95": 1139.4224853515625,
  "summary_wm_stdv": 78.54248046875,
  "tpm_overlap_csf": 0.16615235805511475,
  "tpm_overlap_gm": 0.43129390478134155,
  "tpm_overlap_wm": 0.510220468044281,
  "wm2max": 0.6763114790472948
}