{
  "bids_meta": {
    "AccelNumReferenceLines": 32,
    "AccelerationFactorPE": 2,
    "AcquisitionMatrix": "0/256/256/0",
    "DeviceSerialNumber": "35343",
    "EchoTime": 0.00331,
    "EchoTrainLength": 1,
    "FlipAngle": 7,
    "ImageType": "ORIGINAL/PRIMARY/M/ND/NORM",
    "ImagingFrequency": 123249619,
    "InPlanePhaseEncodingDirection": "ROW",
    "InversionTime": 1.1,
    "MRAcquisitionType": "3D",
    "MagneticFieldStrength": 3,
    "ManufacturerModelName": "TrioTim",
    "NumberOfAverages": 1,
    "NumberOfPhaseEncodingSteps": 255,
    "PatientPosition": "HFS",
    "PercentPhaseFieldOfView": 100,
    "PercentSampling": 100,
    "PhaseEncodingDirection": "i-",
    "PixelBandwidth": 200,
    "ProtocolName": "MPRAGE - BWM",
    "ReceiveCoilName": "HeadMatrix",
    "RepetitionTime": 2.53,
    "ScanOptions": "IR",
    "ScanningSequence": "GR/IR",
    "SequenceName": "*tfl3d1_ns",
    "SequenceVariant": "SP/MP",
    "SoftwareVersions": "syngo MR B15",
    "TotalScanTimeSec": 363,
    "TransmitCoilName": "Body",
    "VariableFlipAngleFlag": "N",
    "dataset": "ds000030",
    "modality": "T1w",
    "subject_id": "10347"
  },
  "cjv": 0.38285821325371433,
  "cnr": 3.482334769955925,
  "efc": 0.509961804653793,
  "fber": 1208.78955078125,
  "fwhm_avg": 3.3435166666666665,
  "fwhm_x": 3.38859,
  "fwhm_y": 3.48154,
  "fwhm_z": 3.16042,
  "icvs_csf": 0.17480977278636436,
  "icvs_gm": 0.4351142881458368,
  "icvs_wm": 0.39007593906779886,
  "inu_med": 1.7175261974334717,
  "inu_range": 0.5187855243682864,
  "provenance": {
    "md5sum": "1b29965e180794f3decfc27bae4110d8",
    "settings": {
      "testing": false
    },
    "software": "mriqc",
    "version": "0.16.1",
    "warnings": {
      "large_rot_frame": true,
      "small_air_mask": false
    },
    "webapi_port": null,
    "webapi_url": "https://mriqc.nimh.nih.gov/api/v1"
  },
  "qi_1": 0.0,
  "qi_2": 0.010404662090486412,
  "rpve_csf": 31.798159841241205,
  "rpve_gm": 14.444244611160084,
  "rpve_wm": 19.36074562144126,
  "size_x": 176,
  "size_y": 256,
  "size_z": 256,
  "snr_csf": 2.309407456419794,
  "snr_gm": 8.351905560918423,
  "snr_total": 9.762282086039578,
  "snr_wm": 18.62553324078052,
  "snrd_csf": 23.636450509240728,
  "snrd_gm": 50.229154047309905,
  "snrd_total": 49.852942974290066,
  "snrd_wm": 75.69322436631954,
  "spacing_x": 1.0,
  "spacing_y": 1.0,
  "spacing_z": 1.0,
  "summary_bg_k": 22.17614722549195,
  "summary_bg_mad": 8.654951460095177,
  "summary_bg_mean": 15.117837905883789,
  "summary_bg_median": 13.83399772644043,
  "summary_bg_n": 3336846.0,
  "summary_bg_p05": 2.7865395545959473,
  "summary_bg_p95": 36.554931640625,
  "summary_bg_stdv": 11.72490119934082,
  "summary_csf_k": 5.583564251664763,
  "summary_csf_mad": 145.64720783313052,
  "summary_csf_mean": 311.62896728515625,
  "summary_csf_median": 312.2591552734375,
  "summary_csf_n": 6653.0,
  "summary_csf_p05": 117.22532806396484,
  "summary_csf_p95": 516.1708618164062,
  "summary_csf_stdv": 135.20164489746094,
  "summary_gm_k": 0.0824776044581772,
  "summary_gm_mad": 78.2327854481443,
  "summary_gm_mean": 664.846435546875,
  "summary_gm_median": 663.5731201171875,
  "summary_gm_n": 17379.0,
  "summary_gm_p05": 536.9728332519531,
  "summary_gm_p95": 796.776818847656,
  "summary_gm_stdv": 79.44941711425781,
  "summary_wm_k": 0.5497927341514925,
  "summary_wm_mad": 50.562128906181584,
  "summary_wm_mean": 998.6969604492188,
  "summary_wm_median": 999.976806640625,
  "summary_wm_n": 199648.0,
  "summary_wm_p05": 908.2287841796875,
  "summary_wm_p95": 1084.056085205078,
  "summary_wm_stdv": 53.688358306884766,
  "tpm_overlap_csf": 0.1652485579252243,
  "tpm_overlap_gm": 0.4428020119667053,
  "tpm_overlap_wm": 0.5010965466499329,
  "wm2max": 0.6935914327519375
}