{
  "bids_meta": {
    "AccelNumReferenceLines": 32,
    "AccelerationFactorPE": 2,
    "AcquisitionMatrix": "0/256/256/0",
    "DeviceSerialNumber": "35426",
    "EchoTime": 0.00331,
    "EchoTrainLength": 1,
    "FlipAngle": 7,
    "ImageType": "ORIGINAL/PRIMARY/M/ND/NORM",
    "ImagingFrequency": 123191584,
    "InPlanePhaseEncodingDirection": "ROW",
    "InversionTime": 1.1,
    "MRAcquisitionType": "3D",
    "MagneticFieldStrength": 3,
    "ManufacturerModelName": "TrioTim",
    "NumberOfAverages": 1,
    "NumberOfPhaseEncodingSteps": 255,
    "PatientPosition": "HFS",
    "PercentPhaseFieldOfView": 100,
    "PercentSampling": 100,
    "PhaseEncodingDirection": "i-",
    "PixelBandwidth": 199,
    "ProtocolName": "MPRAGE - BWM",
    "ReceiveCoilName": "HeadMatrix",
    "RepetitionTime": 2.53,
    "ScanOptions": "IR",
    "ScanningSequence": "GR/IR",
    "SequenceName": "*tfl3d1_ns",
    "SequenceVariant": "SP/MP",
    "SoftwareVersions": "syngo MR B17",
    "TotalScanTimeSec": 363,
    "TransmitCoilName": "Body",
    "VariableFlipAngleFlag": "N",
    "dataset": "ds000030",
    "modality": "T1w",
    "subject_id": "11097"
  },
  "cjv": 0.4590873246942907,
  "cnr": 2.8648204728691815,
  "efc": 0.5348318518135435,
  "fber": 1252.09814453125,
  "fwhm_avg": 3.078595005122796,
  "fwhm_x": 3.1425050153683887,
  "fwhm_y": 3.21831,
  "fwhm_z": 2.87497,
  "icvs_csf": 0.20286051635822458,
  "icvs_gm": 0.4000783527897312,
  "icvs_wm": 0.39706113085204425,
  "inu_med": 1.701763391494751,
  "inu_range": 0.5711914300918579,
  "provenance": {
    "md5sum": "f6cc3e632155eef69cfed515ed6770b9",
    "settings": {
      "testing": false
    },
    "software": "mriqc",
    "version": "0.16.1",
    "warnings": {
      "large_rot_frame": true,
      "small_air_mask": false
    },
    "webapi_port": null,
    "webapi_url": "https://mriqc.nimh.nih.gov/api/v1"
  },
  "qi_1": 0.0,
  "qi_2": 0.004728811122606794,
  "rpve_csf": 29.066358216607068,
  "rpve_gm": 15.237307819413466,
  "rpve_wm": 19.36094928278775,
  "size_x": 176,
  "size_y": 256,
  "size_z": 256,
  "snr_csf": 4.390141609163291,
  "snr_gm": 8.093690365436228,
  "snr_total": 9.835339037829796,
  "snr_wm": 17.022185138889867,
  "snrd_csf": 29.517357780109563,
  "snrd_gm": 45.716972878227544,
  "snrd_total": 46.894848321958186,
  "snrd_wm": 65.45021430753744,
  "spacing_x": 1.000004768371582,
  "spacing_y": 1.0,
  "spacing_z": 1.0,
  "summary_bg_k": 163.8667430177827,
  "summary_bg_mad": 10.009871784833594,
  "summary_bg_mean": 16.618038177490234,
  "summary_bg_median": 13.486638069152832,
  "summary_bg_n": 3859365.0,
  "summary_bg_p05": 3.334323310852051,
  "summary_bg_p95": 40.30195693969725,
  "summary_bg_stdv": 13.327786445617676,
  "summary_csf_k": 1.3448690438088242,
  "summary_csf_mad": 79.97891966804411,
  "summary_csf_mean": 435.4060974121094,
  "summary_csf_median": 450.9976501464844,
  "summary_csf_n": 5236.0,
  "summary_csf_p05": 228.45062255859375,
  "summary_csf_p95": 574.8308868408203,
  "summary_csf_stdv": 102.7198257446289,
  "summary_gm_k": 0.18139151765564776,
  "summary_gm_mad": 82.59905984054626,
  "summary_gm_mean": 697.3018798828125,
  "summary_gm_median": 698.5126342773438,
  "summary_gm_n": 8488.0,
  "summary_gm_p05": 553.5414581298828,
  "summary_gm_p95": 838.7722900390625,
  "summary_gm_stdv": 86.29827117919922,
  "summary_wm_k": 0.39450121233968316,
  "summary_wm_mad": 55.81829039677594,
  "summary_wm_mean": 999.7833862304688,
  "summary_wm_median": 1000.0181274414062,
  "summary_wm_n": 201823.0,
  "summary_wm_p05": 903.1381469726562,
  "summary_wm_p95": 1095.8909912109375,
  "summary_wm_stdv": 58.74778366088867,
  "tpm_overlap_csf": 0.1501251459121704,
  "tpm_overlap_gm": 0.4225011467933655,
  "tpm_overlap_wm": 0.5112249851226807,
  "wm2max": 0.6425875059520366
}