{
  "bids_meta": {
    "AccelNumReferenceLines": 32,
    "AccelerationFactorPE": 2,
    "AcquisitionMatrix": "0/256/256/0",
    "DeviceSerialNumber": "35426",
    "EchoTime": 0.00331,
    "EchoTrainLength": 1,
    "FlipAngle": 7,
    "ImageType": "ORIGINAL/PRIMARY/M/ND/NORM",
    "ImagingFrequency": 123191470,
    "InPlanePhaseEncodingDirection": "ROW",
    "InversionTime": 1.1,
    "MRAcquisitionType": "3D",
    "MagneticFieldStrength": 3,
    "ManufacturerModelName": "TrioTim",
    "NumberOfAverages": 1,
    "NumberOfPhaseEncodingSteps": 255,
    "PatientPosition": "HFS",
    "PercentPhaseFieldOfView": 100,
    "PercentSampling": 100,
    "PhaseEncodingDirection": "i-",
    "PixelBandwidth": 199,
    "ProtocolName": "MPRAGE - BWM",
    "ReceiveCoilName": "HeadMatrix",
    "RepetitionTime": 2.53,
    "ScanOptions": "IR",
    "ScanningSequence": "GR/IR",
    "SequenceName": "*tfl3d1_ns",
    "SequenceVariant": "SP/MP",
    "SoftwareVersions": "syngo MR B17",
    "TotalScanTimeSec": 363,
    "TransmitCoilName": "Body",
    "VariableFlipAngleFlag": "N",
    "dataset": "ds000030",
    "modality": "T1w",
    "subject_id": "70076"
  },
  "cjv": 0.4151254755687466,
  "cnr": 3.209906940206219,
  "efc": 0.5088805759976469,
  "fber": 1071.729248046875,
  "fwhm_avg": 3.1923424983106514,
  "fwhm_x": 3.2242074949319544,
  "fwhm_y": 3.31941,
  "fwhm_z": 3.03341,
  "icvs_csf": 0.19343405407854594,
  "icvs_gm": 0.4342437282200397,
  "icvs_wm": 0.3723222177014143,
  "inu_med": 1.716860055923462,
  "inu_range": 0.5232119381427764,
  "provenance": {
    "md5sum": "9710ef15602acc536e5766232026f1b8",
    "settings": {
      "testing": false
    },
    "software": "mriqc",
    "version": "21.0.0rc2",
    "warnings": {
      "large_rot_frame": true,
      "small_air_mask": false
    },
    "webapi_port": null,
    "webapi_url": "https://mriqc.nimh.nih.gov/api/v1"
  },
  "qi_1": 5.304232545511144e-06,
  "qi_2": 0.0037275643990870287,
  "rpve_csf": 30.799313045418018,
  "rpve_gm": 14.949016479270025,
  "rpve_wm": 20.569553829317737,
  "size_x": 176,
  "size_y": 256,
  "size_z": 256,
  "snr_csf": 3.972327673672036,
  "snr_gm": 9.301888712949502,
  "snr_total": 10.477233810517193,
  "snr_wm": 18.157485044930038,
  "snrd_csf": 25.28019482959604,
  "snrd_gm": 39.936485321983646,
  "snrd_total": 40.8123269192672,
  "snrd_wm": 57.2203006062219,
  "spacing_x": 0.9999976754188538,
  "spacing_y": 1.0,
  "spacing_z": 1.0,
  "summary_bg_k": 975.6109998944446,
  "summary_bg_mad": 11.449350160753335,
  "summary_bg_mean": 16.756893157958984,
  "summary_bg_median": 13.336965560913086,
  "summary_bg_n": 2804869.0,
  "summary_bg_p05": 2.6436317920684815,
  "summary_bg_p95": 39.716356658935545,
  "summary_bg_stdv": 13.876269340515137,
  "summary_csf_k": 0.9383729321066179,
  "summary_csf_mad": 87.6118009229509,
  "summary_csf_mean": 424.09613037109375,
  "summary_csf_median": 441.80389404296875,
  "summary_csf_n": 6657.0,
  "summary_csf_p05": 198.55498962402345,
  "summary_csf_p95": 579.0185302734375,
  "summary_csf_stdv": 111.21205139160156,
  "summary_gm_k": 0.05641318685692687,
  "summary_gm_mad": 73.09937480651251,
  "summary_gm_mean": 698.4080810546875,
  "summary_gm_median": 697.94140625,
  "summary_gm_n": 14472.0,
  "summary_gm_p05": 572.9182739257812,
  "summary_gm_p95": 822.8713073730468,
  "summary_gm_stdv": 75.02963256835938,
  "summary_wm_k": 0.45428982104628046,
  "summary_wm_mad": 52.29213313063167,
  "summary_wm_mean": 997.631103515625,
  "summary_wm_median": 999.998291015625,
  "summary_wm_n": 176009.0,
  "summary_wm_p05": 902.7232055664062,
  "summary_wm_p95": 1083.8768554687501,
  "summary_wm_stdv": 55.073455810546875,
  "tpm_overlap_csf": 0.15367157757282257,
  "tpm_overlap_gm": 0.43828293681144714,
  "tpm_overlap_wm": 0.4947234094142914,
  "wm2max": 0.6725949601403854
}