{
  "bids_meta": {
    "AccelNumReferenceLines": 32,
    "AccelerationFactorPE": 2,
    "AcquisitionMatrix": "0/256/256/0",
    "DeviceSerialNumber": "35343",
    "EchoTime": 0.00352,
    "EchoTrainLength": 1,
    "FlipAngle": 7,
    "ImageType": "ORIGINAL/PRIMARY/M/ND/NORM",
    "ImagingFrequency": 123249446,
    "InPlanePhaseEncodingDirection": "ROW",
    "InversionTime": 1.1,
    "MRAcquisitionType": "3D",
    "MagneticFieldStrength": 3,
    "ManufacturerModelName": "TrioTim",
    "NumberOfAverages": 1,
    "NumberOfPhaseEncodingSteps": 255,
    "PatientPosition": "HFS",
    "PercentPhaseFieldOfView": 100,
    "PercentSampling": 100,
    "PhaseEncodingDirection": "i-",
    "PixelBandwidth": 200,
    "ProtocolName": "MPRAGE - BWM",
    "ReceiveCoilName": "HeadMatrix",
    "RepetitionTime": 2.53,
    "ScanOptions": "IR",
    "ScanningSequence": "GR/IR",
    "SequenceName": "*tfl3d1_ns",
    "SequenceVariant": "SP/MP",
    "SoftwareVersions": "syngo MR B15",
    "TotalScanTimeSec": 363,
    "TransmitCoilName": "Body",
    "VariableFlipAngleFlag": "N",
    "dataset": "ds000030",
    "modality": "T1w",
    "subject_id": "10269"
  },
  "cjv": 0.9136734597311646,
  "cnr": 1.439789222801272,
  "efc": 0.7812669849208019,
  "fber": 85.5464096069336,
  "fwhm_avg": 2.43262606060606,
  "fwhm_x": 2.3823,
  "fwhm_y": 2.5195054545454543,
  "fwhm_z": 2.396072727272727,
  "icvs_csf": 0.18139699799760636,
  "icvs_gm": 0.4054495828466906,
  "icvs_wm": 0.4131534191557031,
  "inu_med": 1.3079679012298584,
  "inu_range": 0.5968754529953,
  "provenance": {
    "md5sum": "c3fe5897812451af61185be19fce7358",
    "settings": {
      "testing": false
    },
    "software": "mriqc",
    "version": "0.16.1",
    "warnings": {
      "large_rot_frame": true,
      "small_air_mask": false
    },
    "webapi_port": null,
    "webapi_url": "https://mriqc.nimh.nih.gov/api/v1"
  },
  "qi_1": 0.0002485423266668555,
  "qi_2": 0.0008344902615428042,
  "rpve_csf": 15.84367615864509,
  "rpve_gm": 7.064720755610223,
  "rpve_wm": 8.127182160680176,
  "size_x": 176,
  "size_y": 256,
  "size_z": 256,
  "snr_csf": 1.8276286667782227,
  "snr_gm": 5.928086692850866,
  "snr_total": 5.379138298193307,
  "snr_wm": 8.38169953495083,
  "snrd_csf": 4.540427737645039,
  "snrd_gm": 11.70396581213231,
  "snrd_total": 10.713114877535125,
  "snrd_wm": 15.894951082828028,
  "spacing_x": 1.0,
  "spacing_y": 0.6875,
  "spacing_z": 0.6875,
  "summary_bg_k": 53.529833565925045,
  "summary_bg_mad": 41.2192701848498,
  "summary_bg_mean": 69.14353942871094,
  "summary_bg_median": 57.224395751953125,
  "summary_bg_n": 1918361.0,
  "summary_bg_p05": 9.630559921264648,
  "summary_bg_p95": 163.10260009765625,
  "summary_bg_stdv": 62.25078582763672,
  "summary_csf_k": 0.4949369270130428,
  "summary_csf_mad": 155.82125336416487,
  "summary_csf_mean": 304.53399658203125,
  "summary_csf_median": 285.67047119140625,
  "summary_csf_n": 23596.0,
  "summary_csf_p05": 82.34439849853516,
  "summary_csf_p95": 588.6701354980469,
  "summary_csf_stdv": 156.30331420898438,
  "summary_gm_k": -0.04975368035118821,
  "summary_gm_mad": 124.72576669437406,
  "summary_gm_mean": 738.9285888671875,
  "summary_gm_median": 736.37939453125,
  "summary_gm_n": 17688.0,
  "summary_gm_p05": 538.0913818359375,
  "summary_gm_p95": 946.254733276367,
  "summary_gm_stdv": 124.21521759033203,
  "summary_wm_k": 0.3203061211999514,
  "summary_wm_mad": 116.19582694077337,
  "summary_wm_mean": 1004.8773803710938,
  "summary_wm_median": 1000.06396484375,
  "summary_wm_n": 436850.0,
  "summary_wm_p05": 817.3763671875,
  "summary_wm_p95": 1208.1855407714843,
  "summary_wm_stdv": 119.3150405883789,
  "tpm_overlap_csf": 0.16144974529743195,
  "tpm_overlap_gm": 0.42644476890563965,
  "tpm_overlap_wm": 0.4966915547847748,
  "wm2max": 0.5386639000794377
}