{
  "bids_meta": {
    "AccelNumReferenceLines": 32,
    "AccelerationFactorPE": 2,
    "AcquisitionMatrix": "0/256/256/0",
    "DeviceSerialNumber": "35343",
    "EchoTime": 0.00331,
    "EchoTrainLength": 1,
    "FlipAngle": 7,
    "ImageType": "ORIGINAL/PRIMARY/M/ND/NORM",
    "ImagingFrequency": 123227619,
    "InPlanePhaseEncodingDirection": "ROW",
    "InversionTime": 1.1,
    "MRAcquisitionType": "3D",
    "MagneticFieldStrength": 3,
    "ManufacturerModelName": "TrioTim",
    "NumberOfAverages": 1,
    "NumberOfPhaseEncodingSteps": 255,
    "PatientPosition": "HFS",
    "PercentPhaseFieldOfView": 100,
    "PercentSampling": 100,
    "PhaseEncodingDirection": "i-",
    "PixelBandwidth": 200,
    "ProtocolName": "MPRAGE - BWM",
    "ReceiveCoilName": "HeadMatrix",
    "RepetitionTime": 2.53,
    "ScanOptions": "IR",
    "ScanningSequence": "GR/IR",
    "SequenceName": "*tfl3d1_ns",
    "SequenceVariant": "SP/MP",
    "SoftwareVersions": "syngo MR B15",
    "TotalScanTimeSec": 363,
    "TransmitCoilName": "Body",
    "VariableFlipAngleFlag": "N",
    "dataset": "ds000030",
    "modality": "T1w",
    "subject_id": "10788"
  },
  "cjv": 0.4213941417398203,
  "cnr": 3.24114070640913,
  "efc": 0.5339061079489953,
  "fber": 1090.2952880859375,
  "fwhm_avg": 3.1515295631622995,
  "fwhm_x": 3.1626486894868986,
  "fwhm_y": 3.3084,
  "fwhm_z": 2.98354,
  "icvs_csf": 0.16742013078317777,
  "icvs_gm": 0.42493694450667785,
  "icvs_wm": 0.40764292471014435,
  "inu_med": 1.5358235836029053,
  "inu_range": 0.3699182748794554,
  "provenance": {
    "md5sum": "42a6d88bc551ec4fb69d84edb6315061",
    "settings": {
      "testing": false
    },
    "software": "mriqc",
    "version": "0.16.1",
    "warnings": {
      "large_rot_frame": true,
      "small_air_mask": false
    },
    "webapi_port": null,
    "webapi_url": "https://mriqc.nimh.nih.gov/api/v1"
  },
  "qi_1": 0.0,
  "qi_2": 0.007499409925351848,
  "rpve_csf": 35.36080194658007,
  "rpve_gm": 15.500508529425362,
  "rpve_wm": 19.37326532612038,
  "size_x": 176,
  "size_y": 256,
  "size_z": 256,
  "snr_csf": 2.392219591558143,
  "snr_gm": 8.630650045387528,
  "snr_total": 9.457059697737959,
  "snr_wm": 17.348309456268208,
  "snrd_csf": 15.289505254392795,
  "snrd_gm": 34.22760520467826,
  "snrd_total": 33.26305048764351,
  "snrd_wm": 50.27204100385947,
  "spacing_x": 1.0000035762786865,
  "spacing_y": 1.0,
  "spacing_z": 1.0,
  "summary_bg_k": 4.646084757590547,
  "summary_bg_mad": 13.031453086857843,
  "summary_bg_mean": 15.857696533203125,
  "summary_bg_median": 13.339553833007812,
  "summary_bg_n": 3989942.0,
  "summary_bg_p05": 0.0,
  "summary_bg_p95": 39.82360782623291,
  "summary_bg_stdv": 12.280278205871582,
  "summary_csf_k": 0.38398512763640325,
  "summary_csf_mad": 138.77439322916737,
  "summary_csf_mean": 311.99652099609375,
  "summary_csf_median": 304.126708984375,
  "summary_csf_n": 7156.0,
  "summary_csf_p05": 123.19896507263184,
  "summary_csf_p95": 520.5906829833984,
  "summary_csf_stdv": 127.12271881103516,
  "summary_gm_k": 0.02150370548569036,
  "summary_gm_mad": 78.4710478774244,
  "summary_gm_mean": 682.0355834960938,
  "summary_gm_median": 680.828369140625,
  "summary_gm_n": 13031.0,
  "summary_gm_p05": 553.6907958984375,
  "summary_gm_p95": 813.2142333984375,
  "summary_gm_stdv": 78.88191986083984,
  "summary_wm_k": 0.24968057859225867,
  "summary_wm_mad": 56.01402212276639,
  "summary_wm_mean": 1000.09619140625,
  "summary_wm_median": 999.9715576171875,
  "summary_wm_n": 205146.0,
  "summary_wm_p05": 905.6783752441406,
  "summary_wm_p95": 1094.7686767578125,
  "summary_wm_stdv": 57.640724182128906,
  "tpm_overlap_csf": 0.18172666430473328,
  "tpm_overlap_gm": 0.4407537281513214,
  "tpm_overlap_wm": 0.5168469548225403,
  "wm2max": 0.6759362747143276
}