{
  "bids_meta": {
    "AccelNumReferenceLines": 32,
    "AccelerationFactorPE": 2,
    "AcquisitionMatrix": "0/256/256/0",
    "DeviceSerialNumber": "35343",
    "EchoTime": 0.00331,
    "EchoTrainLength": 1,
    "FlipAngle": 7,
    "ImageType": "ORIGINAL/PRIMARY/M/ND/NORM",
    "ImagingFrequency": 123227335,
    "InPlanePhaseEncodingDirection": "ROW",
    "InversionTime": 1.1,
    "MRAcquisitionType": "3D",
    "MagneticFieldStrength": 3,
    "ManufacturerModelName": "TrioTim",
    "NumberOfAverages": 1,
    "NumberOfPhaseEncodingSteps": 255,
    "PatientPosition": "HFS",
    "PercentPhaseFieldOfView": 100,
    "PercentSampling": 100,
    "PhaseEncodingDirection": "i-",
    "PixelBandwidth": 200,
    "ProtocolName": "MPRAGE - BWM",
    "ReceiveCoilName": "HeadMatrix",
    "RepetitionTime": 2.53,
    "ScanOptions": "IR",
    "ScanningSequence": "GR/IR",
    "SequenceName": "*tfl3d1_ns",
    "SequenceVariant": "SP/MP",
    "SoftwareVersions": "syngo MR B15",
    "TotalScanTimeSec": 363,
    "TransmitCoilName": "Body",
    "VariableFlipAngleFlag": "N",
    "dataset": "ds000030",
    "modality": "T1w",
    "subject_id": "11030"
  },
  "cjv": 0.4416685457843474,
  "cnr": 3.045955085080626,
  "efc": 0.5310087123213131,
  "fber": 1314.47998046875,
  "fwhm_avg": 3.19776,
  "fwhm_x": 3.18939,
  "fwhm_y": 3.42723,
  "fwhm_z": 2.97666,
  "icvs_csf": 0.2054522492736289,
  "icvs_gm": 0.41206925093483204,
  "icvs_wm": 0.38247849979153903,
  "inu_med": 1.6584923267364502,
  "inu_range": 0.5900673210620877,
  "provenance": {
    "md5sum": "0ad84eb94625c1526ccaf1f0cf65ad2f",
    "settings": {
      "testing": false
    },
    "software": "mriqc",
    "version": "0.16.1",
    "warnings": {
      "large_rot_frame": true,
      "small_air_mask": false
    },
    "webapi_port": null,
    "webapi_url": "https://mriqc.nimh.nih.gov/api/v1"
  },
  "qi_1": 0.0,
  "qi_2": 0.005252811399965238,
  "rpve_csf": 25.56853326064468,
  "rpve_gm": 13.343476464664722,
  "rpve_wm": 17.44863276044562,
  "size_x": 176,
  "size_y": 256,
  "size_z": 256,
  "snr_csf": 2.96341131316542,
  "snr_gm": 8.271907931533162,
  "snr_total": 9.46636551328546,
  "snr_wm": 17.163777295157796,
  "snrd_csf": 26.699100176738717,
  "snrd_gm": 46.00699842659618,
  "snrd_total": 46.513303881600315,
  "snrd_wm": 66.83381304146606,
  "spacing_x": 1.0,
  "spacing_y": 1.0,
  "spacing_z": 1.0,
  "summary_bg_k": 86.85354109928043,
  "summary_bg_mad": 9.802539555015347,
  "summary_bg_mean": 15.541404724121094,
  "summary_bg_median": 13.226703643798828,
  "summary_bg_n": 4025731.0,
  "summary_bg_p05": 3.2578755617141724,
  "summary_bg_p95": 36.473371505737305,
  "summary_bg_stdv": 12.13371753692627,
  "summary_csf_k": -0.396576990858188,
  "summary_csf_mad": 138.4213544577915,
  "summary_csf_mean": 382.2413330078125,
  "summary_csf_median": 399.48779296875,
  "summary_csf_n": 6440.0,
  "summary_csf_p05": 140.78453903198243,
  "summary_csf_p95": 579.2281799316405,
  "summary_csf_stdv": 134.7962646484375,
  "summary_gm_k": -0.04433687555699528,
  "summary_gm_mad": 82.71167571340577,
  "summary_gm_mean": 689.7778930664062,
  "summary_gm_median": 688.384033203125,
  "summary_gm_n": 14814.0,
  "summary_gm_p05": 554.4842864990235,
  "summary_gm_p95": 830.218341064453,
  "summary_gm_stdv": 83.21669006347656,
  "summary_wm_k": 0.466831331669348,
  "summary_wm_mad": 54.92247614738042,
  "summary_wm_mean": 998.5470581054688,
  "summary_wm_median": 1000.0072021484375,
  "summary_wm_n": 212542.0,
  "summary_wm_p05": 899.6009735107422,
  "summary_wm_p95": 1091.2248840332031,
  "summary_wm_stdv": 58.262516021728516,
  "tpm_overlap_csf": 0.1393970549106598,
  "tpm_overlap_gm": 0.42602208256721497,
  "tpm_overlap_wm": 0.49048447608947754,
  "wm2max": 0.6426852169038445
}