{
  "bids_meta": {
    "AccelNumReferenceLines": 32,
    "AccelerationFactorPE": 2,
    "AcquisitionMatrix": "0/256/256/0",
    "DeviceSerialNumber": "35343",
    "EchoTime": 0.00331,
    "EchoTrainLength": 1,
    "FlipAngle": 7,
    "ImageType": "ORIGINAL/PRIMARY/M/ND/NORM",
    "ImagingFrequency": 123249659,
    "InPlanePhaseEncodingDirection": "ROW",
    "InversionTime": 1.1,
    "MRAcquisitionType": "3D",
    "MagneticFieldStrength": 3,
    "ManufacturerModelName": "TrioTim",
    "NumberOfAverages": 1,
    "NumberOfPhaseEncodingSteps": 255,
    "PatientPosition": "HFS",
    "PercentPhaseFieldOfView": 100,
    "PercentSampling": 100,
    "PhaseEncodingDirection": "i-",
    "PixelBandwidth": 200,
    "ProtocolName": "MPRAGE - BWM",
    "ReceiveCoilName": "HeadMatrix",
    "RepetitionTime": 2.53,
    "ScanOptions": "IR",
    "ScanningSequence": "GR/IR",
    "SequenceName": "*tfl3d1_ns",
    "SequenceVariant": "SP/MP",
    "SoftwareVersions": "syngo MR B15",
    "TotalScanTimeSec": 363,
    "TransmitCoilName": "Body",
    "VariableFlipAngleFlag": "N",
    "dataset": "ds000030",
    "modality": "T1w",
    "subject_id": "10227"
  },
  "cjv": 0.4450096105632759,
  "cnr": 2.970833416888165,
  "efc": 0.5153897567175725,
  "fber": 1003.4249267578125,
  "fwhm_avg": 3.0553733333333333,
  "fwhm_x": 3.1418,
  "fwhm_y": 3.22323,
  "fwhm_z": 2.80109,
  "icvs_csf": 0.18819163986103404,
  "icvs_gm": 0.42805972818553717,
  "icvs_wm": 0.3837486319534288,
  "inu_med": 1.8509819507598877,
  "inu_range": 0.5781228899955753,
  "provenance": {
    "md5sum": "bca900d40b0a18bdb6b8b123def22a62",
    "settings": {
      "testing": false
    },
    "software": "mriqc",
    "version": "0.16.1",
    "warnings": {
      "large_rot_frame": true,
      "small_air_mask": false
    },
    "webapi_port": null,
    "webapi_url": "https://mriqc.nimh.nih.gov/api/v1"
  },
  "qi_1": 0.0,
  "qi_2": 0.00461417425218812,
  "rpve_csf": 34.12069437501488,
  "rpve_gm": 16.11181222710508,
  "rpve_wm": 21.6165110196575,
  "size_x": 176,
  "size_y": 256,
  "size_z": 256,
  "snr_csf": 2.546907516193156,
  "snr_gm": 8.34551957328224,
  "snr_total": 9.25413032953415,
  "snr_wm": 16.869963899127054,
  "snrd_csf": 25.565566888911977,
  "snrd_gm": 46.77404488695915,
  "snrd_total": 46.57539976221245,
  "snrd_wm": 67.38658751076622,
  "spacing_x": 1.0,
  "spacing_y": 1.0,
  "spacing_z": 1.0,
  "summary_bg_k": 47.97375093691852,
  "summary_bg_mad": 9.72206490380412,
  "summary_bg_mean": 16.880718231201172,
  "summary_bg_median": 13.028844833374023,
  "summary_bg_n": 3271369.0,
  "summary_bg_p05": 3.212197780609131,
  "summary_bg_p95": 39.8910263061523,
  "summary_bg_stdv": 13.063088417053223,
  "summary_csf_k": -0.9482645369994791,
  "summary_csf_mad": 167.994468176958,
  "summary_csf_mean": 348.9090576171875,
  "summary_csf_median": 379.3868103027344,
  "summary_csf_n": 5771.0,
  "summary_csf_p05": 109.25260162353516,
  "summary_csf_p95": 561.2994079589844,
  "summary_csf_stdv": 148.94688415527344,
  "summary_gm_k": 0.02900392639141325,
  "summary_gm_mad": 80.95375505924322,
  "summary_gm_mean": 695.5255737304688,
  "summary_gm_median": 694.115478515625,
  "summary_gm_n": 10177.0,
  "summary_gm_p05": 561.9486328125,
  "summary_gm_p95": 835.6928100585938,
  "summary_gm_stdv": 83.16814422607422,
  "summary_wm_k": 0.5419034469610202,
  "summary_wm_mad": 55.168068336163635,
  "summary_wm_mean": 998.0763549804688,
  "summary_wm_median": 1000.0006103515625,
  "summary_wm_n": 168306.0,
  "summary_wm_p05": 896.2460021972656,
  "summary_wm_p95": 1091.3111572265625,
  "summary_wm_stdv": 59.27680969238281,
  "tpm_overlap_csf": 0.15237703919410706,
  "tpm_overlap_gm": 0.4192391335964203,
  "tpm_overlap_wm": 0.48529887199401855,
  "wm2max": 0.6267632657666542
}