{
  "bids_meta": {
    "AccelNumReferenceLines": 32,
    "AccelerationFactorPE": 2,
    "AcquisitionMatrix": "0/256/256/0",
    "DeviceSerialNumber": "35343",
    "EchoTime": 0.00331,
    "EchoTrainLength": 1,
    "FlipAngle": 7,
    "ImageType": "ORIGINAL/PRIMARY/M/ND/NORM",
    "ImagingFrequency": 123249431,
    "InPlanePhaseEncodingDirection": "ROW",
    "InversionTime": 1.1,
    "MRAcquisitionType": "3D",
    "MagneticFieldStrength": 3,
    "ManufacturerModelName": "TrioTim",
    "NumberOfAverages": 1,
    "NumberOfPhaseEncodingSteps": 255,
    "PatientPosition": "HFS",
    "PercentPhaseFieldOfView": 100,
    "PercentSampling": 100,
    "PhaseEncodingDirection": "i-",
    "PixelBandwidth": 200,
    "ProtocolName": "MPRAGE - BWM",
    "ReceiveCoilName": "HeadMatrix",
    "RepetitionTime": 2.53,
    "ScanOptions": "IR",
    "ScanningSequence": "GR/IR",
    "SequenceName": "*tfl3d1_ns",
    "SequenceVariant": "SP/MP",
    "SoftwareVersions": "syngo MR B15",
    "TotalScanTimeSec": 363,
    "TransmitCoilName": "Body",
    "VariableFlipAngleFlag": "N",
    "dataset": "ds000030",
    "modality": "T1w",
    "subject_id": "10674"
  },
  "cjv": 0.36774216024874085,
  "cnr": 3.5618063799669546,
  "efc": 0.4954687864868462,
  "fber": 1414.11083984375,
  "fwhm_avg": 3.1520266666666665,
  "fwhm_x": 3.22073,
  "fwhm_y": 3.31459,
  "fwhm_z": 2.92076,
  "icvs_csf": 0.1715175127139889,
  "icvs_gm": 0.43022977337602625,
  "icvs_wm": 0.39825271390998485,
  "inu_med": 1.7659677267074585,
  "inu_range": 0.5376840114593506,
  "provenance": {
    "md5sum": "b39f594d9bcbe49204c004353a7ba660",
    "settings": {
      "testing": false
    },
    "software": "mriqc",
    "version": "0.16.1",
    "warnings": {
      "large_rot_frame": true,
      "small_air_mask": false
    },
    "webapi_port": null,
    "webapi_url": "https://mriqc.nimh.nih.gov/api/v1"
  },
  "qi_1": 6.701187797090806e-06,
  "qi_2": 0.004243947508522963,
  "rpve_csf": 33.277454935996055,
  "rpve_gm": 14.68537271430541,
  "rpve_wm": 18.99216146195692,
  "size_x": 176,
  "size_y": 256,
  "size_z": 256,
  "snr_csf": 2.1087175540892504,
  "snr_gm": 8.666603936218761,
  "snr_total": 9.913580624460572,
  "snr_wm": 18.965420383073706,
  "snrd_csf": 24.944150947135206,
  "snrd_gm": 57.058437378166346,
  "snrd_total": 55.90433474614897,
  "snrd_wm": 85.71041591314533,
  "spacing_x": 1.0,
  "spacing_y": 1.0,
  "spacing_z": 1.0,
  "summary_bg_k": 116.73310968944779,
  "summary_bg_mad": 7.643539381283036,
  "summary_bg_mean": 14.419739723205566,
  "summary_bg_median": 12.685808181762695,
  "summary_bg_n": 4086860.0,
  "summary_bg_p05": 2.532026755809784,
  "summary_bg_p95": 33.59277153015136,
  "summary_bg_stdv": 11.335420608520508,
  "summary_csf_k": -0.7197411267531839,
  "summary_csf_mad": 170.09194446464502,
  "summary_csf_mean": 307.5760803222656,
  "summary_csf_median": 291.02581787109375,
  "summary_csf_n": 8558.0,
  "summary_csf_p05": 117.03938217163085,
  "summary_csf_p95": 531.7007293701171,
  "summary_csf_stdv": 138.00274658203125,
  "summary_gm_k": 0.3450741458657527,
  "summary_gm_mad": 72.55403165039533,
  "summary_gm_mean": 667.9046630859375,
  "summary_gm_median": 665.706298828125,
  "summary_gm_n": 11983.0,
  "summary_gm_p05": 543.6882934570312,
  "summary_gm_p95": 799.172119140625,
  "summary_gm_stdv": 76.80961608886719,
  "summary_wm_k": 0.41890922872589087,
  "summary_wm_mad": 50.37680362886839,
  "summary_wm_mean": 998.6861572265625,
  "summary_wm_median": 999.99169921875,
  "summary_wm_n": 203041.0,
  "summary_wm_p05": 909.8377075195312,
  "summary_wm_p95": 1082.5533447265625,
  "summary_wm_stdv": 52.72697448730469,
  "tpm_overlap_csf": 0.16529341042041779,
  "tpm_overlap_gm": 0.42246368527412415,
  "tpm_overlap_wm": 0.48988956212997437,
  "wm2max": 0.711622111454621
}