{
  "bids_meta": {
    "AccelNumReferenceLines": 32,
    "AccelerationFactorPE": 2,
    "AcquisitionMatrix": "0/256/256/0",
    "DeviceSerialNumber": "35343",
    "EchoTime": 0.00331,
    "EchoTrainLength": 1,
    "FlipAngle": 7,
    "ImageType": "ORIGINAL/PRIMARY/M/ND/NORM",
    "ImagingFrequency": 123249935,
    "InPlanePhaseEncodingDirection": "ROW",
    "InversionTime": 1.1,
    "MRAcquisitionType": "3D",
    "MagneticFieldStrength": 3,
    "ManufacturerModelName": "TrioTim",
    "NumberOfAverages": 1,
    "NumberOfPhaseEncodingSteps": 255,
    "PatientPosition": "HFS",
    "PercentPhaseFieldOfView": 100,
    "PercentSampling": 100,
    "PhaseEncodingDirection": "i-",
    "PixelBandwidth": 200,
    "ProtocolName": "MPRAGE - BWM",
    "ReceiveCoilName": "HeadMatrix",
    "RepetitionTime": 2.53,
    "ScanOptions": "IR",
    "ScanningSequence": "GR/IR",
    "SequenceName": "*tfl3d1_ns",
    "SequenceVariant": "SP/MP",
    "SoftwareVersions": "syngo MR B15",
    "TotalScanTimeSec": 363,
    "TransmitCoilName": "Body",
    "VariableFlipAngleFlag": "N",
    "dataset": "ds000030",
    "modality": "T1w",
    "subject_id": "10274"
  },
  "cjv": 0.4687283231963953,
  "cnr": 2.8573921871190557,
  "efc": 0.5717489097460631,
  "fber": 1009.6978759765625,
  "fwhm_avg": 3.298289943649827,
  "fwhm_x": 3.2941398309494807,
  "fwhm_y": 3.47452,
  "fwhm_z": 3.12621,
  "icvs_csf": 0.17051895521941035,
  "icvs_gm": 0.4156542006830956,
  "icvs_wm": 0.41382684409749404,
  "inu_med": 1.7690260410308838,
  "inu_range": 0.6675596535205841,
  "provenance": {
    "md5sum": "b1102034c747028756ccc142c3d510ae",
    "settings": {
      "testing": false
    },
    "software": "mriqc",
    "version": "0.16.1",
    "warnings": {
      "large_rot_frame": true,
      "small_air_mask": false
    },
    "webapi_port": null,
    "webapi_url": "https://mriqc.nimh.nih.gov/api/v1"
  },
  "qi_1": 0.0005492236400597318,
  "qi_2": 0.0043167134782801965,
  "rpve_csf": 31.711399088471406,
  "rpve_gm": 14.12563386291691,
  "rpve_wm": 17.18183603706258,
  "size_x": 176,
  "size_y": 256,
  "size_z": 256,
  "snr_csf": 1.9430711782109253,
  "snr_gm": 7.821429555931955,
  "snr_total": 8.855375417953772,
  "snr_wm": 16.80162551971843,
  "snrd_csf": 18.170973150794204,
  "snrd_gm": 44.27768687620837,
  "snrd_total": 42.13154351790004,
  "snrd_wm": 63.94597052669754,
  "spacing_x": 0.9999939799308777,
  "spacing_y": 1.0,
  "spacing_z": 1.0,
  "summary_bg_k": 72.19282510720566,
  "summary_bg_mad": 10.245305667839398,
  "summary_bg_mean": 18.03202247619629,
  "summary_bg_median": 16.615283966064453,
  "summary_bg_n": 3077434.0,
  "summary_bg_p05": 3.3382023096084597,
  "summary_bg_p95": 43.573164749145505,
  "summary_bg_stdv": 14.40816879272461,
  "summary_csf_k": -0.4808239899025133,
  "summary_csf_mad": 167.1838963158579,
  "summary_csf_mean": 301.1205139160156,
  "summary_csf_median": 284.16552734375,
  "summary_csf_n": 10029.0,
  "summary_csf_p05": 95.84596252441406,
  "summary_csf_p95": 551.0484008789062,
  "summary_csf_stdv": 146.23826599121094,
  "summary_gm_k": 0.08473638590243127,
  "summary_gm_mad": 87.00610036450564,
  "summary_gm_mean": 696.1582641601562,
  "summary_gm_median": 692.43359375,
  "summary_gm_n": 16722.0,
  "summary_gm_p05": 558.2648376464844,
  "summary_gm_p95": 848.8361907958985,
  "summary_gm_stdv": 88.52766418457031,
  "summary_wm_k": 0.31243856137644865,
  "summary_wm_mad": 57.16588025505142,
  "summary_wm_mean": 999.19384765625,
  "summary_wm_median": 1000.0147094726562,
  "summary_wm_n": 233629.0,
  "summary_wm_p05": 899.5586059570312,
  "summary_wm_p95": 1095.4607177734374,
  "summary_wm_stdv": 59.518798828125,
  "tpm_overlap_csf": 0.15568387508392334,
  "tpm_overlap_gm": 0.4341045320034027,
  "tpm_overlap_wm": 0.48107972741127014,
  "wm2max": 0.612105032381913
}