{
  "bids_meta": {
    "AccelNumReferenceLines": 32,
    "AccelerationFactorPE": 2,
    "AcquisitionMatrix": "0/256/256/0",
    "DeviceSerialNumber": "35343",
    "EchoTime": 0.00331,
    "EchoTrainLength": 1,
    "FlipAngle": 7,
    "ImageType": "ORIGINAL/PRIMARY/M/ND/NORM",
    "ImagingFrequency": 123226853,
    "InPlanePhaseEncodingDirection": "ROW",
    "InversionTime": 1.1,
    "MRAcquisitionType": "3D",
    "MagneticFieldStrength": 3,
    "ManufacturerModelName": "TrioTim",
    "NumberOfAverages": 1,
    "NumberOfPhaseEncodingSteps": 255,
    "PatientPosition": "HFS",
    "PercentPhaseFieldOfView": 100,
    "PercentSampling": 100,
    "PhaseEncodingDirection": "i-",
    "PixelBandwidth": 200,
    "ProtocolName": "MPRAGE - BWM",
    "ReceiveCoilName": "HeadMatrix",
    "RepetitionTime": 2.53,
    "ScanOptions": "IR",
    "ScanningSequence": "GR/IR",
    "SequenceName": "*tfl3d1_ns",
    "SequenceVariant": "SP/MP",
    "SoftwareVersions": "syngo MR B15",
    "TotalScanTimeSec": 363,
    "TransmitCoilName": "Body",
    "VariableFlipAngleFlag": "N",
    "dataset": "ds000030",
    "modality": "T1w",
    "subject_id": "70052"
  },
  "cjv": 0.40209143576821593,
  "cnr": 3.276907747176736,
  "efc": 0.4968839774733958,
  "fber": 1161.608642578125,
  "fwhm_avg": 3.1544504139539256,
  "fwhm_x": 3.1967312418617766,
  "fwhm_y": 3.27362,
  "fwhm_z": 2.993,
  "icvs_csf": 0.19798635595358324,
  "icvs_gm": 0.41270317284181385,
  "icvs_wm": 0.38931047120460294,
  "inu_med": 1.788260817527771,
  "inu_range": 0.554067039489746,
  "provenance": {
    "md5sum": "4d60981249fc377e086458ee3c944e00",
    "settings": {
      "testing": false
    },
    "software": "mriqc",
    "version": "21.0.0rc2",
    "warnings": {
      "large_rot_frame": true,
      "small_air_mask": false
    },
    "webapi_port": null,
    "webapi_url": "https://mriqc.nimh.nih.gov/api/v1"
  },
  "qi_1": 0.0,
  "qi_2": 0.004675808849598123,
  "rpve_csf": 29.477595650920474,
  "rpve_gm": 14.99610875470933,
  "rpve_wm": 19.874751770100122,
  "size_x": 176,
  "size_y": 256,
  "size_z": 256,
  "snr_csf": 3.415501110980758,
  "snr_gm": 8.30506894113005,
  "snr_total": 10.039601107870403,
  "snr_wm": 18.398233271500402,
  "snrd_csf": 30.910894510821898,
  "snrd_gm": 50.41088595328664,
  "snrd_total": 51.9384824267878,
  "snrd_wm": 74.49366681625487,
  "spacing_x": 0.9999964833259583,
  "spacing_y": 1.0,
  "spacing_z": 1.0,
  "summary_bg_k": 23.524779768415893,
  "summary_bg_mad": 8.794605011600177,
  "summary_bg_mean": 15.179525375366211,
  "summary_bg_median": 11.817352294921875,
  "summary_bg_n": 3880754.0,
  "summary_bg_p05": 2.9169443368911745,
  "summary_bg_p95": 36.15512828826902,
  "summary_bg_stdv": 11.833137512207031,
  "summary_csf_k": 0.3315094870572346,
  "summary_csf_mad": 102.04210658569706,
  "summary_csf_mean": 393.7377624511719,
  "summary_csf_median": 414.9504089355469,
  "summary_csf_n": 4724.0,
  "summary_csf_p05": 156.43636474609374,
  "summary_csf_p95": 561.4634674072265,
  "summary_csf_stdv": 121.47748565673828,
  "summary_gm_k": 0.21986625223399647,
  "summary_gm_mad": 78.34205315925547,
  "summary_gm_mean": 677.0967407226562,
  "summary_gm_median": 676.7199096679688,
  "summary_gm_n": 11246.0,
  "summary_gm_p05": 542.7621154785156,
  "summary_gm_p95": 812.72119140625,
  "summary_gm_stdv": 81.47913360595703,
  "summary_wm_k": 0.47870525328129077,
  "summary_wm_mad": 51.64978377467085,
  "summary_wm_mean": 999.1273193359375,
  "summary_wm_median": 1000.0091552734375,
  "summary_wm_n": 197552.0,
  "summary_wm_p05": 908.5668090820312,
  "summary_wm_p95": 1086.2057739257812,
  "summary_wm_stdv": 54.3534049987793,
  "tpm_overlap_csf": 0.14967070519924164,
  "tpm_overlap_gm": 0.42583492398262024,
  "tpm_overlap_wm": 0.505331814289093,
  "wm2max": 0.7017116508987735
}