{
  "bids_meta": {
    "AccelNumReferenceLines": 32,
    "AccelerationFactorPE": 2,
    "AcquisitionMatrix": "0/256/256/0",
    "DeviceSerialNumber": "35343",
    "EchoTime": 0.00331,
    "EchoTrainLength": 1,
    "FlipAngle": 7,
    "ImageType": "ORIGINAL/PRIMARY/M/ND/NORM",
    "ImagingFrequency": 123249348,
    "InPlanePhaseEncodingDirection": "ROW",
    "InversionTime": 1.1,
    "MRAcquisitionType": "3D",
    "MagneticFieldStrength": 3,
    "ManufacturerModelName": "TrioTim",
    "NumberOfAverages": 1,
    "NumberOfPhaseEncodingSteps": 255,
    "PatientPosition": "HFS",
    "PercentPhaseFieldOfView": 100,
    "PercentSampling": 100,
    "PhaseEncodingDirection": "i-",
    "PixelBandwidth": 200,
    "ProtocolName": "MPRAGE - BWM",
    "ReceiveCoilName": "HeadMatrix",
    "RepetitionTime": 2.53,
    "ScanOptions": "IR",
    "ScanningSequence": "GR/IR",
    "SequenceName": "*tfl3d1_ns",
    "SequenceVariant": "SP/MP",
    "SoftwareVersions": "syngo MR B15",
    "TotalScanTimeSec": 363,
    "TransmitCoilName": "Body",
    "VariableFlipAngleFlag": "N",
    "dataset": "ds000030",
    "modality": "T1w",
    "subject_id": "60014"
  },
  "cjv": 0.4093280795700838,
  "cnr": 3.3285995839217595,
  "efc": 0.517059377188401,
  "fber": 2017.7637939453125,
  "fwhm_avg": 3.28636424187736,
  "fwhm_x": 3.266322725632081,
  "fwhm_y": 3.49232,
  "fwhm_z": 3.10045,
  "icvs_csf": 0.19208877609326944,
  "icvs_gm": 0.42209762378244686,
  "icvs_wm": 0.3858136001242837,
  "inu_med": 1.5881156921386719,
  "inu_range": 0.40807374715805045,
  "provenance": {
    "md5sum": "9fcd4b415636c5797a644e13bb87c824",
    "settings": {
      "testing": false
    },
    "software": "mriqc",
    "version": "0.16.1",
    "warnings": {
      "large_rot_frame": true,
      "small_air_mask": false
    },
    "webapi_port": null,
    "webapi_url": "https://mriqc.nimh.nih.gov/api/v1"
  },
  "qi_1": 5.479248804403433e-05,
  "qi_2": 0.021193945649338703,
  "rpve_csf": 27.770760792605454,
  "rpve_gm": 13.497249253894221,
  "rpve_wm": 17.521081251357145,
  "size_x": 176,
  "size_y": 256,
  "size_z": 256,
  "snr_csf": 2.2952694537963607,
  "snr_gm": 8.919763263210164,
  "snr_total": 9.27032404785662,
  "snr_wm": 16.595939426563337,
  "snrd_csf": 15.032581472271566,
  "snrd_gm": 34.27853270136385,
  "snrd_total": 33.360518612892115,
  "snrd_wm": 50.770441665040934,
  "spacing_x": 0.9999991655349731,
  "spacing_y": 1.0,
  "spacing_z": 1.0,
  "summary_bg_k": 33.08321261644949,
  "summary_bg_mad": 12.904075539296876,
  "summary_bg_mean": 15.234641075134277,
  "summary_bg_median": 13.180763244628906,
  "summary_bg_n": 5047712.0,
  "summary_bg_p05": 0.0,
  "summary_bg_p95": 39.42473182678223,
  "summary_bg_stdv": 12.787590026855469,
  "summary_csf_k": -0.10032977776538887,
  "summary_csf_mad": 141.98136661620862,
  "summary_csf_mean": 310.5629577636719,
  "summary_csf_median": 296.0934143066406,
  "summary_csf_n": 14866.0,
  "summary_csf_p05": 126.15740966796875,
  "summary_csf_p95": 530.5126800537109,
  "summary_csf_stdv": 128.99725341796875,
  "summary_gm_k": -0.03957909622233169,
  "summary_gm_mad": 74.96832774351846,
  "summary_gm_mean": 677.1900024414062,
  "summary_gm_median": 675.1766357421875,
  "summary_gm_n": 24455.0,
  "summary_gm_p05": 554.9661254882812,
  "summary_gm_p95": 805.4178344726563,
  "summary_gm_stdv": 75.69290924072266,
  "summary_wm_k": 0.338005420506426,
  "summary_wm_mad": 57.99676731378668,
  "summary_wm_mean": 999.3016357421875,
  "summary_wm_median": 1000.0140991210938,
  "summary_wm_n": 220871.0,
  "summary_wm_p05": 899.2627868652344,
  "summary_wm_p95": 1096.7384643554688,
  "summary_wm_stdv": 60.25641632080078,
  "tpm_overlap_csf": 0.1667265146970749,
  "tpm_overlap_gm": 0.4445495903491974,
  "tpm_overlap_wm": 0.5103248357772827,
  "wm2max": 0.6594939949378849
}