{
  "bids_meta": {
    "AccelNumReferenceLines": 32,
    "AccelerationFactorPE": 2,
    "AcquisitionMatrix": "0/256/256/0",
    "DeviceSerialNumber": "35343",
    "EchoTime": 0.00331,
    "EchoTrainLength": 1,
    "FlipAngle": 7,
    "ImageType": "ORIGINAL/PRIMARY/M/ND/NORM",
    "ImagingFrequency": 123227774,
    "InPlanePhaseEncodingDirection": "ROW",
    "InversionTime": 1.1,
    "MRAcquisitionType": "3D",
    "MagneticFieldStrength": 3,
    "ManufacturerModelName": "TrioTim",
    "NumberOfAverages": 1,
    "NumberOfPhaseEncodingSteps": 255,
    "PatientPosition": "HFS",
    "PercentPhaseFieldOfView": 100,
    "PercentSampling": 100,
    "PhaseEncodingDirection": "i-",
    "PixelBandwidth": 200,
    "ProtocolName": "MPRAGE - BWM",
    "ReceiveCoilName": "HeadMatrix",
    "RepetitionTime": 2.53,
    "ScanOptions": "IR",
    "ScanningSequence": "GR/IR",
    "SequenceName": "*tfl3d1_ns",
    "SequenceVariant": "SP/MP",
    "SoftwareVersions": "syngo MR B15",
    "TotalScanTimeSec": 363,
    "TransmitCoilName": "Body",
    "VariableFlipAngleFlag": "N",
    "dataset": "ds000030",
    "modality": "T1w",
    "subject_id": "70034"
  },
  "cjv": 0.39054605809641235,
  "cnr": 3.332778512498786,
  "efc": 0.49886435706399335,
  "fber": 1984.287353515625,
  "fwhm_avg": 3.2928033333333335,
  "fwhm_x": 3.33928,
  "fwhm_y": 3.42942,
  "fwhm_z": 3.10971,
  "icvs_csf": 0.19354384719005252,
  "icvs_gm": 0.41333822260231545,
  "icvs_wm": 0.393117930207632,
  "inu_med": 1.7178312540054321,
  "inu_range": 0.5630077481269837,
  "provenance": {
    "md5sum": "c1a6931b0032eae1bf86f75a05cb9653",
    "settings": {
      "testing": false
    },
    "software": "mriqc",
    "version": "21.0.0rc2",
    "warnings": {
      "large_rot_frame": true,
      "small_air_mask": false
    },
    "webapi_port": null,
    "webapi_url": "https://mriqc.nimh.nih.gov/api/v1"
  },
  "qi_1": 3.081779328985696e-05,
  "qi_2": 0.004699342568146791,
  "rpve_csf": 27.019376000680108,
  "rpve_gm": 13.713605830157125,
  "rpve_wm": 18.02980943724387,
  "size_x": 176,
  "size_y": 256,
  "size_z": 256,
  "snr_csf": 5.036470051657486,
  "snr_gm": 8.18865494512706,
  "snr_total": 10.508662604183433,
  "snr_wm": 18.300862815765754,
  "snrd_csf": 35.05318572937094,
  "snrd_gm": 54.366523817863474,
  "snrd_total": 56.864679469313224,
  "snrd_wm": 81.17432886070527,
  "spacing_x": 1.0,
  "spacing_y": 1.0,
  "spacing_z": 1.0,
  "summary_bg_k": 372.23042817999914,
  "summary_bg_mad": 8.07066259397926,
  "summary_bg_mean": 14.037028312683105,
  "summary_bg_median": 10.848167419433594,
  "summary_bg_n": 4612911.0,
  "summary_bg_p05": 2.680133104324341,
  "summary_bg_p95": 33.65530776977539,
  "summary_bg_stdv": 12.009923934936523,
  "summary_csf_k": 1.542479259763426,
  "summary_csf_mad": 70.78027509607175,
  "summary_csf_mean": 419.96295166015625,
  "summary_csf_median": 431.82220458984375,
  "summary_csf_n": 5978.0,
  "summary_csf_p05": 263.5529846191406,
  "summary_csf_p95": 539.7165954589843,
  "summary_csf_stdv": 85.73188781738281,
  "summary_gm_k": 0.12235023753790752,
  "summary_gm_mad": 77.47637236559495,
  "summary_gm_mean": 673.4959106445312,
  "summary_gm_median": 669.7443237304688,
  "summary_gm_n": 13481.0,
  "summary_gm_p05": 539.9297485351562,
  "summary_gm_p95": 813.7098388671875,
  "summary_gm_stdv": 81.78626251220703,
  "summary_wm_k": 0.6462984911744987,
  "summary_wm_mad": 51.5002476317216,
  "summary_wm_mean": 998.4200439453125,
  "summary_wm_median": 999.9912109375,
  "summary_wm_n": 227456.0,
  "summary_wm_p05": 905.9142150878906,
  "summary_wm_p95": 1084.4233093261719,
  "summary_wm_stdv": 54.641632080078125,
  "tpm_overlap_csf": 0.16055503487586975,
  "tpm_overlap_gm": 0.4428010880947113,
  "tpm_overlap_wm": 0.5278820991516113,
  "wm2max": 0.775283227100295
}