{
  "bids_meta": {
    "AccelNumReferenceLines": 32,
    "AccelerationFactorPE": 2,
    "AcquisitionMatrix": "0/256/256/0",
    "DeviceSerialNumber": "35343",
    "EchoTime": 0.00331,
    "EchoTrainLength": 1,
    "FlipAngle": 7,
    "ImageType": "ORIGINAL/PRIMARY/M/ND/NORM",
    "ImagingFrequency": 123249660,
    "InPlanePhaseEncodingDirection": "ROW",
    "InversionTime": 1.1,
    "MRAcquisitionType": "3D",
    "MagneticFieldStrength": 3,
    "ManufacturerModelName": "TrioTim",
    "NumberOfAverages": 1,
    "NumberOfPhaseEncodingSteps": 255,
    "PatientPosition": "HFS",
    "PercentPhaseFieldOfView": 100,
    "PercentSampling": 100,
    "PhaseEncodingDirection": "i-",
    "PixelBandwidth": 200,
    "ProtocolName": "MPRAGE - BWM",
    "ReceiveCoilName": "HeadMatrix",
    "RepetitionTime": 2.53,
    "ScanOptions": "IR",
    "ScanningSequence": "GR/IR",
    "SequenceName": "*tfl3d1_ns",
    "SequenceVariant": "SP/MP",
    "SoftwareVersions": "syngo MR B15",
    "TotalScanTimeSec": 363,
    "TransmitCoilName": "Body",
    "VariableFlipAngleFlag": "N",
    "dataset": "ds000030",
    "modality": "T1w",
    "subject_id": "60011"
  },
  "cjv": 0.4259800451260182,
  "cnr": 3.074196450898837,
  "efc": 0.5415767098314103,
  "fber": 1295.829345703125,
  "fwhm_avg": 3.118766666666667,
  "fwhm_x": 3.1257,
  "fwhm_y": 3.31984,
  "fwhm_z": 2.91076,
  "icvs_csf": 0.17799159271208978,
  "icvs_gm": 0.4167503415328618,
  "icvs_wm": 0.40525806575504847,
  "inu_med": 1.7819451093673706,
  "inu_range": 0.6406876206398009,
  "provenance": {
    "md5sum": "557a7e9b02ae2ba0177950b8514e5748",
    "settings": {
      "testing": false
    },
    "software": "mriqc",
    "version": "0.16.1",
    "warnings": {
      "large_rot_frame": true,
      "small_air_mask": false
    },
    "webapi_port": null,
    "webapi_url": "https://mriqc.nimh.nih.gov/api/v1"
  },
  "qi_1": 6.67284895457938e-05,
  "qi_2": 0.004454201147041671,
  "rpve_csf": 27.784696843954592,
  "rpve_gm": 12.853719538795724,
  "rpve_wm": 16.182570615283556,
  "size_x": 176,
  "size_y": 256,
  "size_z": 256,
  "snr_csf": 1.7833956305639644,
  "snr_gm": 7.852930278806588,
  "snr_total": 9.004414242453189,
  "snr_wm": 17.37691681798901,
  "snrd_csf": 16.514525657413742,
  "snrd_gm": 44.379601144713135,
  "snrd_total": 42.10614901925356,
  "snrd_wm": 65.4243202556338,
  "spacing_x": 1.0,
  "spacing_y": 1.0,
  "spacing_z": 1.0,
  "summary_bg_k": 48.70692362079618,
  "summary_bg_mad": 10.013458899004,
  "summary_bg_mean": 16.657018661499023,
  "summary_bg_median": 13.491548538208008,
  "summary_bg_n": 4124426.0,
  "summary_bg_p05": 3.3402647376060486,
  "summary_bg_p95": 40.370330810546875,
  "summary_bg_stdv": 13.25061321258545,
  "summary_csf_k": -0.5880324641489776,
  "summary_csf_mad": 152.12286937241205,
  "summary_csf_mean": 283.829345703125,
  "summary_csf_median": 252.4169464111328,
  "summary_csf_n": 7842.0,
  "summary_csf_p05": 99.05799522399903,
  "summary_csf_p95": 532.1189147949219,
  "summary_csf_stdv": 141.5282440185547,
  "summary_gm_k": 0.24441552400659194,
  "summary_gm_mad": 81.78762831629456,
  "summary_gm_mean": 678.572998046875,
  "summary_gm_median": 678.3218383789062,
  "summary_gm_n": 14081.0,
  "summary_gm_p05": 535.1406860351562,
  "summary_gm_p95": 823.7637329101562,
  "summary_gm_stdv": 86.37511444091797,
  "summary_wm_k": 0.3441431851171215,
  "summary_wm_mad": 55.232633563391644,
  "summary_wm_mean": 998.5409545898438,
  "summary_wm_median": 999.980712890625,
  "summary_wm_n": 241509.0,
  "summary_wm_p05": 901.2926147460938,
  "summary_wm_p95": 1090.5430664062499,
  "summary_wm_stdv": 57.54637908935547,
  "tpm_overlap_csf": 0.16298216581344604,
  "tpm_overlap_gm": 0.42789968848228455,
  "tpm_overlap_wm": 0.4977969229221344,
  "wm2max": 0.6543364212220304
}