{
  "bids_meta": {
    "AccelNumReferenceLines": 32,
    "AccelerationFactorPE": 2,
    "AcquisitionMatrix": "0/256/256/0",
    "DeviceSerialNumber": "35426",
    "EchoTime": 0.00331,
    "EchoTrainLength": 1,
    "FlipAngle": 7,
    "ImageType": "ORIGINAL/PRIMARY/M/ND/NORM",
    "ImagingFrequency": 123191394,
    "InPlanePhaseEncodingDirection": "ROW",
    "InversionTime": 1.1,
    "MRAcquisitionType": "3D",
    "MagneticFieldStrength": 3,
    "ManufacturerModelName": "TrioTim",
    "NumberOfAverages": 1,
    "NumberOfPhaseEncodingSteps": 255,
    "PatientPosition": "HFS",
    "PercentPhaseFieldOfView": 100,
    "PercentSampling": 100,
    "PhaseEncodingDirection": "i-",
    "PixelBandwidth": 199,
    "ProtocolName": "MPRAGE - BWM",
    "ReceiveCoilName": "HeadMatrix",
    "RepetitionTime": 2.53,
    "ScanOptions": "IR",
    "ScanningSequence": "GR/IR",
    "SequenceName": "*tfl3d1_ns",
    "SequenceVariant": "SP/MP",
    "SoftwareVersions": "syngo MR B17",
    "TotalScanTimeSec": 363,
    "TransmitCoilName": "Body",
    "VariableFlipAngleFlag": "N",
    "dataset": "ds000030",
    "modality": "T1w",
    "subject_id": "50061"
  },
  "cjv": 0.49045273192957467,
  "cnr": 2.73282674774732,
  "efc": 0.5665315497439638,
  "fber": 934.5447387695312,
  "fwhm_avg": 3.005711253816974,
  "fwhm_x": 3.1627237614509216,
  "fwhm_y": 3.06406,
  "fwhm_z": 2.79035,
  "icvs_csf": 0.1835794571396882,
  "icvs_gm": 0.4251162744744158,
  "icvs_wm": 0.391304268385896,
  "inu_med": 1.7094612121582031,
  "inu_range": 0.5490350663661956,
  "provenance": {
    "md5sum": "72db96e54f9392d42a4e6277ef8458ea",
    "settings": {
      "testing": false
    },
    "software": "mriqc",
    "version": "0.16.1",
    "warnings": {
      "large_rot_frame": true,
      "small_air_mask": false
    },
    "webapi_port": null,
    "webapi_url": "https://mriqc.nimh.nih.gov/api/v1"
  },
  "qi_1": 0.00018001170949954998,
  "qi_2": 0.004295170681667533,
  "rpve_csf": 35.10506648712338,
  "rpve_gm": 16.16482851473923,
  "rpve_wm": 20.712511762910303,
  "size_x": 176,
  "size_y": 256,
  "size_z": 256,
  "snr_csf": 1.9683931927403349,
  "snr_gm": 8.264787213999767,
  "snr_total": 8.126171231595041,
  "snr_wm": 14.145333288045022,
  "snrd_csf": 14.08369815785258,
  "snrd_gm": 37.93770687673562,
  "snrd_total": 35.498632232096845,
  "snrd_wm": 54.474491661702324,
  "spacing_x": 0.9999956488609314,
  "spacing_y": 1.0,
  "spacing_z": 1.0,
  "summary_bg_k": 7.3440207944410325,
  "summary_bg_mad": 12.0265503406677,
  "summary_bg_mean": 19.779756546020508,
  "summary_bg_median": 16.216209411621094,
  "summary_bg_n": 3759107.0,
  "summary_bg_p05": 4.006130027770996,
  "summary_bg_p95": 48.63325386047363,
  "summary_bg_stdv": 15.554119110107422,
  "summary_csf_k": 0.03709362796670579,
  "summary_csf_mad": 125.08516244852886,
  "summary_csf_mean": 287.0860595703125,
  "summary_csf_median": 258.53900146484375,
  "summary_csf_n": 7368.0,
  "summary_csf_p05": 113.05728111267089,
  "summary_csf_p95": 534.2755065917968,
  "summary_csf_stdv": 131.33628845214844,
  "summary_gm_k": 0.11617595618247645,
  "summary_gm_mad": 81.32865868419859,
  "summary_gm_mean": 697.5947265625,
  "summary_gm_median": 696.4347534179688,
  "summary_gm_n": 8205.0,
  "summary_gm_p05": 558.2911499023437,
  "summary_gm_p95": 840.1169189453124,
  "summary_gm_stdv": 84.26016235351562,
  "summary_wm_k": 0.2993413786836858,
  "summary_wm_mad": 67.55861956730976,
  "summary_wm_mean": 1001.3801879882812,
  "summary_wm_median": 1000.005859375,
  "summary_wm_n": 170658.0,
  "summary_wm_p05": 887.0347900390625,
  "summary_wm_p95": 1120.19833984375,
  "summary_wm_stdv": 70.69490051269531,
  "tpm_overlap_csf": 0.16664394736289978,
  "tpm_overlap_gm": 0.43361520767211914,
  "tpm_overlap_wm": 0.5032059550285339,
  "wm2max": 0.5991825702241769
}