{
  "bids_meta": {
    "AccelNumReferenceLines": 32,
    "AccelerationFactorPE": 2,
    "AcquisitionMatrix": "0/256/256/0",
    "DeviceSerialNumber": "35343",
    "EchoTime": 0.00331,
    "EchoTrainLength": 1,
    "FlipAngle": 7,
    "ImageType": "ORIGINAL/PRIMARY/M/ND/NORM",
    "ImagingFrequency": 123249544,
    "InPlanePhaseEncodingDirection": "ROW",
    "InversionTime": 1.1,
    "MRAcquisitionType": "3D",
    "MagneticFieldStrength": 3,
    "ManufacturerModelName": "TrioTim",
    "NumberOfAverages": 1,
    "NumberOfPhaseEncodingSteps": 255,
    "PatientPosition": "HFS",
    "PercentPhaseFieldOfView": 100,
    "PercentSampling": 100,
    "PhaseEncodingDirection": "i-",
    "PixelBandwidth": 200,
    "ProtocolName": "MPRAGE - BWM",
    "ReceiveCoilName": "HeadMatrix",
    "RepetitionTime": 2.53,
    "ScanOptions": "IR",
    "ScanningSequence": "GR/IR",
    "SequenceName": "*tfl3d1_ns",
    "SequenceVariant": "SP/MP",
    "SoftwareVersions": "syngo MR B15",
    "TotalScanTimeSec": 363,
    "TransmitCoilName": "Body",
    "VariableFlipAngleFlag": "N",
    "dataset": "ds000030",
    "modality": "T1w",
    "subject_id": "60001"
  },
  "cjv": 0.5100165822514863,
  "cnr": 2.6063299971276557,
  "efc": 0.5193219985630814,
  "fber": 1535.6025390625,
  "fwhm_avg": 3.037721384214617,
  "fwhm_x": 3.0915641526438518,
  "fwhm_y": 3.14571,
  "fwhm_z": 2.87589,
  "icvs_csf": 0.2110424034708885,
  "icvs_gm": 0.3966608914417314,
  "icvs_wm": 0.39229670508738007,
  "inu_med": 1.7829225063323975,
  "inu_range": 0.5655593395233156,
  "provenance": {
    "md5sum": "d086a6464d6d25dc8ea8ac282677cf70",
    "settings": {
      "testing": false
    },
    "software": "mriqc",
    "version": "0.16.1",
    "warnings": {
      "large_rot_frame": true,
      "small_air_mask": false
    },
    "webapi_port": null,
    "webapi_url": "https://mriqc.nimh.nih.gov/api/v1"
  },
  "qi_1": 1.9656942668342602e-05,
  "qi_2": 0.00479818475054367,
  "rpve_csf": 30.28234687945886,
  "rpve_gm": 16.39312378424773,
  "rpve_wm": 20.701824467202172,
  "size_x": 176,
  "size_y": 256,
  "size_z": 256,
  "snr_csf": 3.5180622249169273,
  "snr_gm": 7.909285128725744,
  "snr_total": 9.19082777138676,
  "snr_wm": 16.145135960517607,
  "snrd_csf": 26.233077298217285,
  "snrd_gm": 41.32279918886545,
  "snrd_total": 41.85651206041481,
  "snrd_wm": 58.01365969416169,
  "spacing_x": 1.0000051259994507,
  "spacing_y": 1.0,
  "spacing_z": 1.0,
  "summary_bg_k": 91.68979934820386,
  "summary_bg_mad": 11.293230807879995,
  "summary_bg_mean": 17.954286575317383,
  "summary_bg_median": 15.239828109741211,
  "summary_bg_n": 4322547.0,
  "summary_bg_p05": 0.0,
  "summary_bg_p95": 42.523805618286104,
  "summary_bg_stdv": 15.479610443115234,
  "summary_csf_k": 0.8509505692798216,
  "summary_csf_mad": 107.89953458269159,
  "summary_csf_mean": 429.0384216308594,
  "summary_csf_median": 452.20538330078125,
  "summary_csf_n": 6724.0,
  "summary_csf_p05": 172.30777359008795,
  "summary_csf_p95": 604.8423706054688,
  "summary_csf_stdv": 128.5286407470703,
  "summary_gm_k": 0.13577975190666391,
  "summary_gm_mad": 86.22710981286957,
  "summary_gm_mean": 716.9056396484375,
  "summary_gm_median": 712.32177734375,
  "summary_gm_n": 8087.0,
  "summary_gm_p05": 575.5356689453125,
  "summary_gm_p95": 876.1849365234375,
  "summary_gm_stdv": 90.05589294433594,
  "summary_wm_k": 0.19793263519233584,
  "summary_wm_mad": 60.51322758566303,
  "summary_wm_mean": 999.3121948242188,
  "summary_wm_median": 1000.03857421875,
  "summary_wm_n": 188365.0,
  "summary_wm_p05": 896.4980590820313,
  "summary_wm_p95": 1099.9393798828125,
  "summary_wm_stdv": 61.94038391113281,
  "tpm_overlap_csf": 0.12758105993270874,
  "tpm_overlap_gm": 0.4034411907196045,
  "tpm_overlap_wm": 0.46881070733070374,
  "wm2max": 0.7085529283927768
}