{
  "bids_meta": {
    "AccelNumReferenceLines": 32,
    "AccelerationFactorPE": 2,
    "AcquisitionMatrix": "0/256/256/0",
    "DeviceSerialNumber": "35426",
    "EchoTime": 0.00331,
    "EchoTrainLength": 1,
    "FlipAngle": 7,
    "ImageType": "ORIGINAL/PRIMARY/M/ND/NORM",
    "ImagingFrequency": 123191790,
    "InPlanePhaseEncodingDirection": "ROW",
    "InversionTime": 1.1,
    "MRAcquisitionType": "3D",
    "MagneticFieldStrength": 3,
    "ManufacturerModelName": "TrioTim",
    "NumberOfAverages": 1,
    "NumberOfPhaseEncodingSteps": 255,
    "PatientPosition": "HFS",
    "PercentPhaseFieldOfView": 100,
    "PercentSampling": 100,
    "PhaseEncodingDirection": "i-",
    "PixelBandwidth": 199,
    "ProtocolName": "MPRAGE - BWM",
    "ReceiveCoilName": "HeadMatrix",
    "RepetitionTime": 2.53,
    "ScanOptions": "IR",
    "ScanningSequence": "GR/IR",
    "SequenceName": "*tfl3d1_ns",
    "SequenceVariant": "SP/MP",
    "SoftwareVersions": "syngo MR B17",
    "TotalScanTimeSec": 363,
    "TransmitCoilName": "Body",
    "VariableFlipAngleFlag": "N",
    "dataset": "ds000030",
    "modality": "T1w",
    "subject_id": "50080"
  },
  "cjv": 0.46803781918970866,
  "cnr": 2.871968925491965,
  "efc": 0.557911582938231,
  "fber": 835.1883544921875,
  "fwhm_avg": 3.260196666666667,
  "fwhm_x": 3.35436,
  "fwhm_y": 3.35728,
  "fwhm_z": 3.06895,
  "icvs_csf": 0.18477958399197206,
  "icvs_gm": 0.3975513990832351,
  "icvs_wm": 0.4176690169247928,
  "inu_med": 1.5768005847930908,
  "inu_range": 0.5412094771862028,
  "provenance": {
    "md5sum": "086f6020c6e5c8e1eec1f803349e26a2",
    "settings": {
      "testing": false
    },
    "software": "mriqc",
    "version": "0.16.1",
    "warnings": {
      "large_rot_frame": true,
      "small_air_mask": false
    },
    "webapi_port": null,
    "webapi_url": "https://mriqc.nimh.nih.gov/api/v1"
  },
  "qi_1": 0.0,
  "qi_2": 0.0049679071132862455,
  "rpve_csf": 30.931728230409124,
  "rpve_gm": 15.07627825451503,
  "rpve_wm": 17.937277028803184,
  "size_x": 176,
  "size_y": 256,
  "size_z": 256,
  "snr_csf": 2.192534322078057,
  "snr_gm": 7.608738151252661,
  "snr_total": 8.668597282874664,
  "snr_wm": 16.204519375293273,
  "snrd_csf": 20.360508422069312,
  "snrd_gm": 43.25679467326742,
  "snrd_total": 42.29030598750797,
  "snrd_wm": 63.253614867187174,
  "spacing_x": 1.0,
  "spacing_y": 1.0,
  "spacing_z": 1.0,
  "summary_bg_k": 715.7957223863033,
  "summary_bg_mad": 10.35726194717881,
  "summary_bg_mean": 18.025745391845703,
  "summary_bg_median": 13.909852027893066,
  "summary_bg_n": 2842702.0,
  "summary_bg_p05": 3.441064381599426,
  "summary_bg_p95": 44.34685783386219,
  "summary_bg_stdv": 15.207117080688477,
  "summary_csf_k": -0.8289937159597143,
  "summary_csf_mad": 189.78804889436924,
  "summary_csf_mean": 311.6527404785156,
  "summary_csf_median": 321.8858337402344,
  "summary_csf_n": 6490.0,
  "summary_csf_p05": 97.68850364685059,
  "summary_csf_p95": 533.1944854736328,
  "summary_csf_stdv": 146.7986297607422,
  "summary_gm_k": -0.0020738197829355265,
  "summary_gm_mad": 89.02943070536722,
  "summary_gm_mean": 684.2686157226562,
  "summary_gm_median": 683.860595703125,
  "summary_gm_n": 10499.0,
  "summary_gm_p05": 536.7813598632813,
  "summary_gm_p95": 833.6969299316406,
  "summary_gm_stdv": 89.87403869628906,
  "summary_wm_k": 0.3674523284429134,
  "summary_wm_mad": 58.934252603320246,
  "summary_wm_mean": 998.9425659179688,
  "summary_wm_median": 999.9967651367188,
  "summary_wm_n": 218345.0,
  "summary_wm_p05": 895.034912109375,
  "summary_wm_p95": 1097.9598388671875,
  "summary_wm_stdv": 61.710838317871094,
  "tpm_overlap_csf": 0.15429458022117615,
  "tpm_overlap_gm": 0.4127776026725769,
  "tpm_overlap_wm": 0.49727433919906616,
  "wm2max": 0.6030714805928845
}