{
  "bids_meta": {
    "AccelNumReferenceLines": 32,
    "AccelerationFactorPE": 2,
    "AcquisitionMatrix": "0/256/256/0",
    "DeviceSerialNumber": "35343",
    "EchoTime": 0.00331,
    "EchoTrainLength": 1,
    "FlipAngle": 7,
    "ImageType": "ORIGINAL/PRIMARY/M/ND/NORM",
    "ImagingFrequency": 123249780,
    "InPlanePhaseEncodingDirection": "ROW",
    "InversionTime": 1.1,
    "MRAcquisitionType": "3D",
    "MagneticFieldStrength": 3,
    "ManufacturerModelName": "TrioTim",
    "NumberOfAverages": 1,
    "NumberOfPhaseEncodingSteps": 255,
    "PatientPosition": "HFS",
    "PercentPhaseFieldOfView": 100,
    "PercentSampling": 100,
    "PhaseEncodingDirection": "i-",
    "PixelBandwidth": 200,
    "ProtocolName": "MPRAGE - BWM",
    "ReceiveCoilName": "HeadMatrix",
    "RepetitionTime": 2.53,
    "ScanOptions": "IR",
    "ScanningSequence": "GR/IR",
    "SequenceName": "*tfl3d1_ns",
    "SequenceVariant": "SP/MP",
    "SoftwareVersions": "syngo MR B15",
    "TotalScanTimeSec": 363,
    "TransmitCoilName": "Body",
    "VariableFlipAngleFlag": "N",
    "dataset": "ds000030",
    "modality": "T1w",
    "subject_id": "70017"
  },
  "cjv": 0.39738675892541186,
  "cnr": 3.312851964996705,
  "efc": 0.546536330968044,
  "fber": 1121.8092041015625,
  "fwhm_avg": 3.1534040965554424,
  "fwhm_x": 3.221662289666327,
  "fwhm_y": 3.30706,
  "fwhm_z": 2.93149,
  "icvs_csf": 0.17840824592651813,
  "icvs_gm": 0.4325333717542346,
  "icvs_wm": 0.3890583823192473,
  "inu_med": 1.6356616020202637,
  "inu_range": 0.5208632051944733,
  "provenance": {
    "md5sum": "ce27e8240006f6f33540e57ec5d8de0b",
    "settings": {
      "testing": false
    },
    "software": "mriqc",
    "version": "21.0.0rc2",
    "warnings": {
      "large_rot_frame": true,
      "small_air_mask": false
    },
    "webapi_port": null,
    "webapi_url": "https://mriqc.nimh.nih.gov/api/v1"
  },
  "qi_1": 2.9435894596181786e-05,
  "qi_2": 0.0036134853487387827,
  "rpve_csf": 29.305576383219925,
  "rpve_gm": 13.597690385525015,
  "rpve_wm": 18.34494367639529,
  "size_x": 176,
  "size_y": 256,
  "size_z": 256,
  "snr_csf": 1.8679499029253432,
  "snr_gm": 8.293765638923182,
  "snr_total": 9.423337002142384,
  "snr_wm": 18.10829546457863,
  "snrd_csf": 17.262135034168363,
  "snrd_gm": 47.65511916816763,
  "snrd_total": 45.28006930247407,
  "snrd_wm": 70.92295370508623,
  "spacing_x": 0.9999961853027344,
  "spacing_y": 1.0,
  "spacing_z": 1.0,
  "summary_bg_k": 252.32764929505353,
  "summary_bg_mad": 9.237241043815763,
  "summary_bg_mean": 16.160240173339844,
  "summary_bg_median": 12.30743408203125,
  "summary_bg_n": 3199578.0,
  "summary_bg_p05": 3.019122767448425,
  "summary_bg_p95": 39.300052642822266,
  "summary_bg_stdv": 13.935097694396973,
  "summary_csf_k": -0.42182134490126755,
  "summary_csf_mad": 135.42140153128406,
  "summary_csf_mean": 277.6391906738281,
  "summary_csf_median": 243.3913116455078,
  "summary_csf_n": 5311.0,
  "summary_csf_p05": 108.31448364257812,
  "summary_csf_p95": 506.50633239746094,
  "summary_csf_stdv": 130.28636169433594,
  "summary_gm_k": 0.1740219858242713,
  "summary_gm_mad": 77.85295007142449,
  "summary_gm_mean": 672.3580932617188,
  "summary_gm_median": 671.9239501953125,
  "summary_gm_n": 15230.0,
  "summary_gm_p05": 537.8318939208984,
  "summary_gm_p95": 808.0889251708984,
  "summary_gm_stdv": 81.01288604736328,
  "summary_wm_k": 0.47306751620662935,
  "summary_wm_mad": 52.51772683978294,
  "summary_wm_mean": 998.6575927734375,
  "summary_wm_median": 999.9939575195312,
  "summary_wm_n": 221351.0,
  "summary_wm_p05": 905.3959045410156,
  "summary_wm_p95": 1086.6041870117188,
  "summary_wm_stdv": 55.22285079956055,
  "tpm_overlap_csf": 0.17320579290390015,
  "tpm_overlap_gm": 0.43980294466018677,
  "tpm_overlap_wm": 0.5142391324043274,
  "wm2max": 0.6839213600552968
}