{
  "bids_meta": {
    "AccelNumReferenceLines": 32,
    "AccelerationFactorPE": 2,
    "AcquisitionMatrix": "0/256/256/0",
    "DeviceSerialNumber": "35343",
    "EchoTime": 0.00331,
    "EchoTrainLength": 1,
    "FlipAngle": 7,
    "ImageType": "ORIGINAL/PRIMARY/M/ND/NORM",
    "ImagingFrequency": 123227635,
    "InPlanePhaseEncodingDirection": "ROW",
    "InversionTime": 1.1,
    "MRAcquisitionType": "3D",
    "MagneticFieldStrength": 3,
    "ManufacturerModelName": "TrioTim",
    "NumberOfAverages": 1,
    "NumberOfPhaseEncodingSteps": 255,
    "PatientPosition": "HFS",
    "PercentPhaseFieldOfView": 100,
    "PercentSampling": 100,
    "PhaseEncodingDirection": "i-",
    "PixelBandwidth": 200,
    "ProtocolName": "MPRAGE - BWM",
    "ReceiveCoilName": "HeadMatrix",
    "RepetitionTime": 2.53,
    "ScanOptions": "IR",
    "ScanningSequence": "GR/IR",
    "SequenceName": "*tfl3d1_ns",
    "SequenceVariant": "SP/MP",
    "SoftwareVersions": "syngo MR B15",
    "TotalScanTimeSec": 363,
    "TransmitCoilName": "Body",
    "VariableFlipAngleFlag": "N",
    "dataset": "ds000030",
    "modality": "T1w",
    "subject_id": "10891"
  },
  "cjv": 0.38850691171270213,
  "cnr": 3.403310208586198,
  "efc": 0.49734418906036515,
  "fber": 1387.0960693359375,
  "fwhm_avg": 3.26705,
  "fwhm_x": 3.35481,
  "fwhm_y": 3.36369,
  "fwhm_z": 3.08265,
  "icvs_csf": 0.16846197376750394,
  "icvs_gm": 0.4403151112418754,
  "icvs_wm": 0.39122291499062073,
  "inu_med": 1.7393401861190796,
  "inu_range": 0.5695867776870727,
  "provenance": {
    "md5sum": "be98595d7105c31a4477953d5f4da844",
    "settings": {
      "testing": false
    },
    "software": "mriqc",
    "version": "0.16.1",
    "warnings": {
      "large_rot_frame": true,
      "small_air_mask": false
    },
    "webapi_port": null,
    "webapi_url": "https://mriqc.nimh.nih.gov/api/v1"
  },
  "qi_1": 0.0,
  "qi_2": 0.003867044596910132,
  "rpve_csf": 33.05774860336807,
  "rpve_gm": 14.315882530347583,
  "rpve_wm": 19.06955629230511,
  "size_x": 176,
  "size_y": 256,
  "size_z": 256,
  "snr_csf": 2.462287919834589,
  "snr_gm": 8.304953426678951,
  "snr_total": 9.265703014460916,
  "snr_wm": 17.029867696869207,
  "snrd_csf": 23.90537092806691,
  "snrd_gm": 52.052723229457975,
  "snrd_total": 51.56583659922466,
  "snrd_wm": 78.73941564014909,
  "spacing_x": 1.0,
  "spacing_y": 1.0,
  "spacing_z": 1.0,
  "summary_bg_k": 162.21415393738712,
  "summary_bg_mad": 8.320261124111253,
  "summary_bg_mean": 14.928428649902344,
  "summary_bg_median": 13.65658187866211,
  "summary_bg_n": 4280719.0,
  "summary_bg_p05": 2.7345666885375977,
  "summary_bg_p95": 35.72761802673339,
  "summary_bg_stdv": 11.560611724853516,
  "summary_csf_k": -0.8093044013249004,
  "summary_csf_mad": 151.7895915421657,
  "summary_csf_mean": 305.6526794433594,
  "summary_csf_median": 303.5992736816406,
  "summary_csf_n": 11091.0,
  "summary_csf_p05": 124.60813903808594,
  "summary_csf_p95": 502.91127014160156,
  "summary_csf_stdv": 123.29410552978516,
  "summary_gm_k": 0.2903510840247643,
  "summary_gm_mad": 76.16172117965444,
  "summary_gm_mean": 662.77978515625,
  "summary_gm_median": 661.0718994140625,
  "summary_gm_n": 15599.0,
  "summary_gm_p05": 533.8188842773437,
  "summary_gm_p95": 797.7869201660155,
  "summary_gm_stdv": 79.59716033935547,
  "summary_wm_k": 0.4389312898059554,
  "summary_wm_mad": 55.51188835137433,
  "summary_wm_mean": 999.0942993164062,
  "summary_wm_median": 999.9940795898438,
  "summary_wm_n": 205219.0,
  "summary_wm_p05": 900.5176147460937,
  "summary_wm_p95": 1094.1335083007812,
  "summary_wm_stdv": 58.719871520996094,
  "tpm_overlap_csf": 0.17616578936576843,
  "tpm_overlap_gm": 0.4485986530780792,
  "tpm_overlap_wm": 0.5116727948188782,
  "wm2max": 0.64683717300742
}