{
  "bids_meta": {
    "AccelNumReferenceLines": 32,
    "AccelerationFactorPE": 2,
    "AcquisitionMatrix": "0/256/256/0",
    "DeviceSerialNumber": "35426",
    "EchoTime": 0.00331,
    "EchoTrainLength": 1,
    "FlipAngle": 7,
    "ImageType": "ORIGINAL/PRIMARY/M/ND/NORM",
    "ImagingFrequency": 123190931,
    "InPlanePhaseEncodingDirection": "ROW",
    "InversionTime": 1.1,
    "MRAcquisitionType": "3D",
    "MagneticFieldStrength": 3,
    "ManufacturerModelName": "TrioTim",
    "NumberOfAverages": 1,
    "NumberOfPhaseEncodingSteps": 255,
    "PatientPosition": "HFS",
    "PercentPhaseFieldOfView": 100,
    "PercentSampling": 100,
    "PhaseEncodingDirection": "i-",
    "PixelBandwidth": 199,
    "ProtocolName": "MPRAGE - BWM",
    "ReceiveCoilName": "HeadMatrix",
    "RepetitionTime": 2.53,
    "ScanOptions": "IR",
    "ScanningSequence": "GR/IR",
    "SequenceName": "*tfl3d1_ns",
    "SequenceVariant": "SP/MP",
    "SoftwareVersions": "syngo MR B17",
    "TotalScanTimeSec": 363,
    "TransmitCoilName": "Body",
    "VariableFlipAngleFlag": "N",
    "dataset": "ds000030",
    "modality": "T1w",
    "subject_id": "50076"
  },
  "cjv": 0.5071264554079881,
  "cnr": 2.683501691205502,
  "efc": 0.6074377469715329,
  "fber": 757.0955200195312,
  "fwhm_avg": 2.9667378848997306,
  "fwhm_x": 3.0143136546991918,
  "fwhm_y": 3.09463,
  "fwhm_z": 2.79127,
  "icvs_csf": 0.18843369495449733,
  "icvs_gm": 0.41243637504640185,
  "icvs_wm": 0.39912992999910085,
  "inu_med": 1.412093997001648,
  "inu_range": 0.37885844707489014,
  "provenance": {
    "md5sum": "4551d4fddb6a77448443793ade0e4d0f",
    "settings": {
      "testing": false
    },
    "software": "mriqc",
    "version": "0.16.1",
    "warnings": {
      "large_rot_frame": true,
      "small_air_mask": false
    },
    "webapi_port": null,
    "webapi_url": "https://mriqc.nimh.nih.gov/api/v1"
  },
  "qi_1": 0.0,
  "qi_2": 0.003399372353417531,
  "rpve_csf": 27.892982093077045,
  "rpve_gm": 13.587355356320412,
  "rpve_wm": 16.949994750764837,
  "size_x": 176,
  "size_y": 256,
  "size_z": 256,
  "snr_csf": 2.166768363255024,
  "snr_gm": 7.788055326455373,
  "snr_total": 8.150415227993982,
  "snr_wm": 14.496421994271547,
  "snrd_csf": 17.47358480573938,
  "snrd_gm": 40.68214641751836,
  "snrd_total": 38.92682205524863,
  "snrd_wm": 58.624734942488125,
  "spacing_x": 0.9999954700469971,
  "spacing_y": 1.0,
  "spacing_z": 1.0,
  "summary_bg_k": 586.193429851075,
  "summary_bg_mad": 11.174860282015535,
  "summary_bg_mean": 20.74123764038086,
  "summary_bg_median": 18.360021591186523,
  "summary_bg_n": 3507413.0,
  "summary_bg_p05": 3.6723310470581056,
  "summary_bg_p95": 51.3360107421875,
  "summary_bg_stdv": 17.62486457824707,
  "summary_csf_k": -0.3750366905630238,
  "summary_csf_mad": 162.9274325797155,
  "summary_csf_mean": 308.9717102050781,
  "summary_csf_median": 298.05224609375,
  "summary_csf_n": 9955.0,
  "summary_csf_p05": 109.46844787597655,
  "summary_csf_p95": 529.5901916503906,
  "summary_csf_stdv": 137.54920959472656,
  "summary_gm_k": -0.08335937781538671,
  "summary_gm_mad": 89.82778630062879,
  "summary_gm_mean": 694.0352783203125,
  "summary_gm_median": 693.927734375,
  "summary_gm_n": 9944.0,
  "summary_gm_p05": 545.8541992187501,
  "summary_gm_p95": 841.816162109375,
  "summary_gm_stdv": 89.09706115722656,
  "summary_wm_k": 0.53319563601115,
  "summary_wm_mad": 65.37937347800549,
  "summary_wm_mean": 1001.7827758789062,
  "summary_wm_median": 999.9799194335938,
  "summary_wm_n": 240086.0,
  "summary_wm_p05": 891.8412933349609,
  "summary_wm_p95": 1117.7997436523438,
  "summary_wm_stdv": 68.98101043701172,
  "tpm_overlap_csf": 0.17106646299362183,
  "tpm_overlap_gm": 0.432405024766922,
  "tpm_overlap_wm": 0.5111731290817261,
  "wm2max": 0.5814897668234483
}