{
  "bids_meta": {
    "AccelNumReferenceLines": 32,
    "AccelerationFactorPE": 2,
    "AcquisitionMatrix": "0/256/256/0",
    "DeviceSerialNumber": "35343",
    "EchoTime": 0.00331,
    "EchoTrainLength": 1,
    "FlipAngle": 7,
    "ImageType": "ORIGINAL/PRIMARY/M/ND/NORM",
    "ImagingFrequency": 123227398,
    "InPlanePhaseEncodingDirection": "ROW",
    "InversionTime": 1.1,
    "MRAcquisitionType": "3D",
    "MagneticFieldStrength": 3,
    "ManufacturerModelName": "TrioTim",
    "NumberOfAverages": 1,
    "NumberOfPhaseEncodingSteps": 255,
    "PatientPosition": "HFS",
    "PercentPhaseFieldOfView": 100,
    "PercentSampling": 100,
    "PhaseEncodingDirection": "i-",
    "PixelBandwidth": 200,
    "ProtocolName": "MPRAGE - BWM",
    "ReceiveCoilName": "HeadMatrix",
    "RepetitionTime": 2.53,
    "ScanOptions": "IR",
    "ScanningSequence": "GR/IR",
    "SequenceName": "*tfl3d1_ns",
    "SequenceVariant": "SP/MP",
    "SoftwareVersions": "syngo MR B15",
    "TotalScanTimeSec": 363,
    "TransmitCoilName": "Body",
    "VariableFlipAngleFlag": "N",
    "dataset": "ds000030",
    "modality": "T1w",
    "subject_id": "60017"
  },
  "cjv": 0.48964241905308176,
  "cnr": 2.7216596647263587,
  "efc": 0.5521014536558593,
  "fber": 1094.5347900390625,
  "fwhm_avg": 3.1493300000000004,
  "fwhm_x": 3.21716,
  "fwhm_y": 3.28476,
  "fwhm_z": 2.94607,
  "icvs_csf": 0.17079652440693538,
  "icvs_gm": 0.4110162915002713,
  "icvs_wm": 0.4181871840927933,
  "inu_med": 1.8278868198394775,
  "inu_range": 0.7814245522022247,
  "provenance": {
    "md5sum": "d6d4d5e15920d6351898805e7313235a",
    "settings": {
      "testing": false
    },
    "software": "mriqc",
    "version": "0.16.1",
    "warnings": {
      "large_rot_frame": true,
      "small_air_mask": false
    },
    "webapi_port": null,
    "webapi_url": "https://mriqc.nimh.nih.gov/api/v1"
  },
  "qi_1": 0.0,
  "qi_2": 0.004457262192292437,
  "rpve_csf": 31.51677257847102,
  "rpve_gm": 14.213687176996332,
  "rpve_wm": 17.184335860645906,
  "size_x": 176,
  "size_y": 256,
  "size_z": 256,
  "snr_csf": 1.4740855773141786,
  "snr_gm": 7.433408517481806,
  "snr_total": 8.494358778419846,
  "snr_wm": 16.575582240463557,
  "snrd_csf": 13.96501068756139,
  "snrd_gm": 47.208550019128715,
  "snrd_total": 43.047906742841256,
  "snrd_wm": 67.97015952183366,
  "spacing_x": 1.0,
  "spacing_y": 1.0,
  "spacing_z": 1.0,
  "summary_bg_k": 278.2401346125167,
  "summary_bg_mad": 9.638625263071669,
  "summary_bg_mean": 18.164812088012695,
  "summary_bg_median": 15.85891342163086,
  "summary_bg_n": 3620182.0,
  "summary_bg_p05": 3.164965653419495,
  "summary_bg_p95": 43.89371337890624,
  "summary_bg_stdv": 15.046464920043945,
  "summary_csf_k": 0.4011497974051248,
  "summary_csf_mad": 111.87699238071099,
  "summary_csf_mean": 249.82708740234375,
  "summary_csf_median": 205.45875549316406,
  "summary_csf_n": 3713.0,
  "summary_csf_p05": 85.42975616455078,
  "summary_csf_p95": 521.2898559570311,
  "summary_csf_stdv": 139.36170959472656,
  "summary_gm_k": 0.01696880964074987,
  "summary_gm_mad": 91.8375430127809,
  "summary_gm_mean": 696.4491577148438,
  "summary_gm_median": 694.5508422851562,
  "summary_gm_n": 11293.0,
  "summary_gm_p05": 546.5758422851562,
  "summary_gm_p95": 855.4681518554687,
  "summary_gm_stdv": 93.4322509765625,
  "summary_wm_k": 0.37396701871162996,
  "summary_wm_mad": 57.72520424873935,
  "summary_wm_mean": 998.9603271484375,
  "summary_wm_median": 1000.0038452148438,
  "summary_wm_n": 224589.0,
  "summary_wm_p05": 897.8721923828125,
  "summary_wm_p95": 1096.053125,
  "summary_wm_stdv": 60.329803466796875,
  "tpm_overlap_csf": 0.16548554599285126,
  "tpm_overlap_gm": 0.415983647108078,
  "tpm_overlap_wm": 0.5018942356109619,
  "wm2max": 0.6235300506360838
}