{
  "bids_meta": {
    "AccelNumReferenceLines": 32,
    "AccelerationFactorPE": 2,
    "AcquisitionMatrix": "0/256/256/0",
    "DeviceSerialNumber": "35343",
    "EchoTime": 0.00331,
    "EchoTrainLength": 1,
    "FlipAngle": 7,
    "ImageType": "ORIGINAL/PRIMARY/M/ND/NORM",
    "ImagingFrequency": 123227224,
    "InPlanePhaseEncodingDirection": "ROW",
    "InversionTime": 1.1,
    "MRAcquisitionType": "3D",
    "MagneticFieldStrength": 3,
    "ManufacturerModelName": "TrioTim",
    "NumberOfAverages": 1,
    "NumberOfPhaseEncodingSteps": 255,
    "PatientPosition": "HFS",
    "PercentPhaseFieldOfView": 100,
    "PercentSampling": 100,
    "PhaseEncodingDirection": "i-",
    "PixelBandwidth": 200,
    "ProtocolName": "MPRAGE - BWM",
    "ReceiveCoilName": "HeadMatrix",
    "RepetitionTime": 2.53,
    "ScanOptions": "IR",
    "ScanningSequence": "GR/IR",
    "SequenceName": "*tfl3d1_ns",
    "SequenceVariant": "SP/MP",
    "SoftwareVersions": "syngo MR B15",
    "TotalScanTimeSec": 363,
    "TransmitCoilName": "Body",
    "VariableFlipAngleFlag": "N",
    "dataset": "ds000030",
    "modality": "T1w",
    "subject_id": "10882"
  },
  "cjv": 0.46260779157965004,
  "cnr": 2.9023632946476,
  "efc": 0.5111411214082744,
  "fber": 1266.015380859375,
  "fwhm_avg": 3.4770000691586773,
  "fwhm_x": 3.4808702074760323,
  "fwhm_y": 3.66566,
  "fwhm_z": 3.28447,
  "icvs_csf": 0.23115077882226556,
  "icvs_gm": 0.3853763147726677,
  "icvs_wm": 0.38347290640506676,
  "inu_med": 1.803849458694458,
  "inu_range": 0.6513090610504149,
  "provenance": {
    "md5sum": "e6fd3481a668f75d98a8b3e75192c1ac",
    "settings": {
      "testing": false
    },
    "software": "mriqc",
    "version": "0.16.1",
    "warnings": {
      "large_rot_frame": true,
      "small_air_mask": false
    },
    "webapi_port": null,
    "webapi_url": "https://mriqc.nimh.nih.gov/api/v1"
  },
  "qi_1": 2.4255723956451706e-05,
  "qi_2": 0.004531520627575759,
  "rpve_csf": 24.773273006732623,
  "rpve_gm": 14.397208846503018,
  "rpve_wm": 18.300281196257743,
  "size_x": 176,
  "size_y": 256,
  "size_z": 256,
  "snr_csf": 2.613098706733636,
  "snr_gm": 8.089086715003697,
  "snr_total": 8.88953848856778,
  "snr_wm": 15.966430043966007,
  "snrd_csf": 22.99503951920202,
  "snrd_gm": 44.099231676485104,
  "snrd_total": 43.65902509268896,
  "snrd_wm": 63.88280408237976,
  "spacing_x": 0.9999999403953552,
  "spacing_y": 1.0,
  "spacing_z": 1.0,
  "summary_bg_k": 17.419074893709112,
  "summary_bg_mad": 10.255455490098866,
  "summary_bg_mean": 17.374570846557617,
  "summary_bg_median": 13.80966567993164,
  "summary_bg_n": 4813310.0,
  "summary_bg_p05": 3.420831763744354,
  "summary_bg_p95": 41.323612976074216,
  "summary_bg_stdv": 13.421297073364258,
  "summary_csf_k": -0.5912195161892377,
  "summary_csf_mad": 149.9842536783781,
  "summary_csf_mean": 349.1404724121094,
  "summary_csf_median": 359.9626159667969,
  "summary_csf_n": 16332.0,
  "summary_csf_p05": 114.06918907165527,
  "summary_csf_p95": 556.7387817382812,
  "summary_csf_stdv": 137.7489471435547,
  "summary_gm_k": 0.15607127796566855,
  "summary_gm_mad": 83.73349848265414,
  "summary_gm_mean": 693.5589599609375,
  "summary_gm_median": 690.3260498046875,
  "summary_gm_n": 17456.0,
  "summary_gm_p05": 558.1017303466797,
  "summary_gm_p95": 839.5945129394531,
  "summary_gm_stdv": 85.33797454833984,
  "summary_wm_k": 0.4541919783236108,
  "summary_wm_mad": 59.5317637391108,
  "summary_wm_mean": 1000.2985229492188,
  "summary_wm_median": 1000.0166015625,
  "summary_wm_n": 219017.0,
  "summary_wm_p05": 898.038671875,
  "summary_wm_p95": 1102.8209228515625,
  "summary_wm_stdv": 62.63230514526367,
  "tpm_overlap_csf": 0.1663658171892166,
  "tpm_overlap_gm": 0.43480122089385986,
  "tpm_overlap_wm": 0.5140062570571899,
  "wm2max": 0.7229590967831787
}