{
  "aor": 0.0011059550561797753,
  "aqi": 0.007265982397003746,
  "bids_meta": {
    "AccelNumReferenceLines": 24,
    "AccelerationFactorPE": 2,
    "AcquisitionMatrix": "64/0/0/64",
    "CogAtlasID": "trm_4d559bcd67c18",
    "CogPOID": "",
    "DeviceSerialNumber": "35426",
    "EPIFactor": 128,
    "EchoTime": 0.03,
    "EchoTrainLength": 1,
    "EffectiveEchoSpacing": 0.000395,
    "FlipAngle": 90,
    "ImageType": "ORIGINAL/PRIMARY/M/ND/MOSAIC",
    "ImagingFrequency": 123191571,
    "InPlanePhaseEncodingDirection": "COL",
    "Instructions": "This task is the one where you score points by inflating balloons. You push the first button to inflate the balloon, and the second button to stop inflating and move on to the next one. The more you inflate the balloon the more points you’ll get, but if you inflate it too much the balloon will pop and you won’t get any points. There are two different colors of balloons, green and white. Green balloons give points, but white balloons don’t, so when you see a white balloon you can just inflate it until it goes away to move on to the next one. You only get a limited number of balloons, so try to get as many points as you can on each. Any questions?",
    "MRAcquisitionType": "2D",
    "MagneticFieldStrength": 3,
    "ManufacturerModelName": "TrioTim",
    "NumberOfAverages": 1,
    "NumberOfPhaseEncodingSteps": 63,
    "PatientPosition": "HFS",
    "PercentPhaseFieldOfView": 100,
    "PercentSampling": 100,
    "PhaseEncodingDirection": "j-",
    "PixelBandwidth": 1420,
    "ProtocolName": "BOLD - BART",
    "ReceiveCoilName": "HeadMatrix",
    "RepetitionTime": 2,
    "ScanOptions": "FS",
    "ScanningSequence": "EP",
    "SequenceName": "epfid2d1_64",
    "SequenceVariant": "SK",
    "SliceTiming": [
      1.0025,
      0,
      1.0625,
      0.0575,
      1.1225,
      0.1175,
      1.18,
      0.1775,
      1.24,
      0.235,
      1.2975,
      0.295,
      1.3575,
      0.3525,
      1.4175,
      0.4125,
      1.475,
      0.4725,
      1.535,
      0.53,
      1.5925,
      0.59,
      1.6525,
      0.65,
      1.7125,
      0.7075,
      1.77,
      0.7675,
      1.83,
      0.825,
      1.89,
      0.885,
      1.9475,
      0.945
    ],
    "SoftwareVersions": "syngo MR B17",
    "TaskDescription": "In the BART (Lejuez et al., 2002), participants were allowed to pump a series of green (experimental) and white (control) balloons (Figure 1B). On each trial, participants chose to pump the balloon or cash out and collect their accumulated earnings for that round. For experimental balloons, after a trial in which the participant successfully pumped the balloon (meaning it did not result in an explosion), an image of a larger balloon was presented, the participant earned 5 points, and was able to pump again or cash-out. After a trial in which the participant chose to cash out, the participant’s accumulated earnings for that round were displayed and the task moved onto the next round. On an explosion trial (necessarily following a Risky choice trial), an exploded balloon was presented, the participant received no points for that round, and the task moved onto the next round. In this version of the BART, balloons exploded randomly on a number drawn from a uniform distribution over numbers of pumps, with 12 maximum pumps possible before an explosion or end of a round. Thus, participants experienced the probability as non-stationary, as the likelihood of a loss event increased with each trial in a round and as no information was provided to subjects about the probability of explosion. Participants also responded to control balloons, which increased in size on successive trials, but which neither resulted in points nor exploded. For both balloons (green and white), the balloon would disappear from the screen once the participant responded, and each balloon trial was separated by a jittered delay. An outcome trial (following a Cash-out choice or a Loss event) was displayed for a fixed duration of 2 s. Each trial was separated by a blank screen that was presented for a variable duration (1-2 s, average 1.5 s); each round was separated by a blank screen that was presented for variable duration (1-12 s, average 4 s). The task performed in the scanner was self-paced, but the task was programmed such that participants saw approximately 30 virtual balloons, with an approximate run time of 9 minutes. Each successful pump was worth 5 points, but participants did not collect their earnings at the end of the scan. For the practice run, participants had one minute to complete 5 balloon rounds.",
    "TaskFullName": "Balloon Analog Risk Task (BART)",
    "TaskName": "bart",
    "TaskParameters": {
      "ISI": 3,
      "ITI": 2,
      "max_iti": 12,
      "mean_iti": 4,
      "min_iti": 1,
      "trigger_time": 8.0915
    },
    "TotalScanTimeSec": 542,
    "TransmitCoilName": "Body",
    "VariableFlipAngleFlag": "N",
    "dataset": "ds000030",
    "modality": "bold",
    "subject_id": "70057",
    "task_id": "bart"
  },
  "dummy_trs": 0,
  "dvars_nstd": 21.565329895977428,
  "dvars_std": 1.0353076482330832,
  "dvars_vstd": 0.9856981515789471,
  "efc": 0.5788127914682896,
  "fber": 1652.5050048828125,
  "fd_mean": 0.14203480012850223,
  "fd_num": 35,
  "fd_perc": 13.108614232209737,
  "fwhm_avg": 2.217763611111111,
  "fwhm_x": 2.20498,
  "fwhm_y": 2.4286333333333334,
  "fwhm_z": 2.0196775,
  "gcor": 0.022651,
  "gsr_x": -0.009038515388965607,
  "gsr_y": 0.05522673577070236,
  "provenance": {
    "md5sum": "34add186ea0c4fb41e73ad65f0e3ff6d",
    "settings": {
      "fd_thres": 0.2,
      "testing": false
    },
    "software": "mriqc",
    "version": "21.0.0rc2",
    "webapi_port": null,
    "webapi_url": "https://mriqc.nimh.nih.gov/api/v1"
  },
  "size_t": 267,
  "size_x": 64,
  "size_y": 64,
  "size_z": 34,
  "snr": 4.938542286865281,
  "spacing_tr": 2.0,
  "spacing_x": 3.0,
  "spacing_y": 3.0,
  "spacing_z": 4.0,
  "summary_bg_k": 19.35387267159978,
  "summary_bg_mad": 7.707309985663682,
  "summary_bg_mean": 43.76083755493164,
  "summary_bg_median": 17.868913650512695,
  "summary_bg_n": 72450.0,
  "summary_bg_p05": 11.737828254699707,
  "summary_bg_p95": 177.88389587402344,
  "summary_bg_stdv": 65.22523498535156,
  "summary_fg_k": 1.2182022095321088,
  "summary_fg_mad": 130.50786105203107,
  "summary_fg_mean": 776.874755859375,
  "summary_fg_median": 760.402587890625,
  "summary_fg_n": 33182.0,
  "summary_fg_p05": 549.7997894287109,
  "summary_fg_p95": 1060.8175720214842,
  "summary_fg_stdv": 153.97076416015625,
  "tsnr": 58.608662616461515
}