{
  "bids_meta": {
    "AccelNumReferenceLines": 32,
    "AccelerationFactorPE": 2,
    "AcquisitionMatrix": "0/256/256/0",
    "DeviceSerialNumber": "35343",
    "EchoTime": 0.00331,
    "EchoTrainLength": 1,
    "FlipAngle": 7,
    "ImageType": "ORIGINAL/PRIMARY/M/ND/NORM",
    "ImagingFrequency": 123226895,
    "InPlanePhaseEncodingDirection": "ROW",
    "InversionTime": 1.1,
    "MRAcquisitionType": "3D",
    "MagneticFieldStrength": 3,
    "ManufacturerModelName": "TrioTim",
    "NumberOfAverages": 1,
    "NumberOfPhaseEncodingSteps": 255,
    "PatientPosition": "HFS",
    "PercentPhaseFieldOfView": 100,
    "PercentSampling": 100,
    "PhaseEncodingDirection": "i-",
    "PixelBandwidth": 200,
    "ProtocolName": "MPRAGE - BWM",
    "ReceiveCoilName": "HeadMatrix",
    "RepetitionTime": 2.53,
    "ScanOptions": "IR",
    "ScanningSequence": "GR/IR",
    "SequenceName": "*tfl3d1_ns",
    "SequenceVariant": "SP/MP",
    "SoftwareVersions": "syngo MR B15",
    "TotalScanTimeSec": 363,
    "TransmitCoilName": "Body",
    "VariableFlipAngleFlag": "N",
    "dataset": "ds000030",
    "modality": "T1w",
    "subject_id": "50085"
  },
  "cjv": 0.3918919440573883,
  "cnr": 3.503201592893973,
  "efc": 0.5592362786753015,
  "fber": 1272.533935546875,
  "fwhm_avg": 3.19397,
  "fwhm_x": 3.23781,
  "fwhm_y": 3.35593,
  "fwhm_z": 2.98817,
  "icvs_csf": 0.18254425022255039,
  "icvs_gm": 0.43283778056779626,
  "icvs_wm": 0.3846179692096533,
  "inu_med": 1.416167974472046,
  "inu_range": 0.3920075595378876,
  "provenance": {
    "md5sum": "767aa83198665f1d08ab487e36e77112",
    "settings": {
      "testing": false
    },
    "software": "mriqc",
    "version": "0.16.1",
    "warnings": {
      "large_rot_frame": true,
      "small_air_mask": false
    },
    "webapi_port": null,
    "webapi_url": "https://mriqc.nimh.nih.gov/api/v1"
  },
  "qi_1": 2.989332566735604e-06,
  "qi_2": 0.004615897241583106,
  "rpve_csf": 26.95489460100972,
  "rpve_gm": 12.487828857033008,
  "rpve_wm": 16.7223016268127,
  "size_x": 176,
  "size_y": 256,
  "size_z": 256,
  "snr_csf": 1.9954512845646497,
  "snr_gm": 8.251878936448628,
  "snr_total": 8.73915603830581,
  "snr_wm": 15.970137893904155,
  "snrd_csf": 17.808880470199828,
  "snrd_gm": 42.10910009030865,
  "snrd_total": 41.71476467348626,
  "snrd_wm": 65.22631345995029,
  "spacing_x": 1.0,
  "spacing_y": 1.0,
  "spacing_z": 1.0,
  "summary_bg_k": 227.07127692746687,
  "summary_bg_mad": 10.043805149647422,
  "summary_bg_mean": 15.665064811706543,
  "summary_bg_median": 13.569953918457031,
  "summary_bg_n": 3772165.0,
  "summary_bg_p05": 0.0,
  "summary_bg_p95": 37.721035003662095,
  "summary_bg_stdv": 13.929268836975098,
  "summary_csf_k": 0.5259760160041487,
  "summary_csf_mad": 147.02545146957488,
  "summary_csf_mean": 289.27740478515625,
  "summary_csf_median": 273.0254821777344,
  "summary_csf_n": 8607.0,
  "summary_csf_p05": 93.65804290771484,
  "summary_csf_p95": 521.0550109863282,
  "summary_csf_stdv": 136.81597900390625,
  "summary_gm_k": -0.026387078941693787,
  "summary_gm_mad": 77.65545377370181,
  "summary_gm_mean": 644.6436767578125,
  "summary_gm_median": 645.5687866210938,
  "summary_gm_n": 14883.0,
  "summary_gm_p05": 514.4358520507812,
  "summary_gm_p95": 772.2155578613281,
  "summary_gm_stdv": 78.23031616210938,
  "summary_wm_k": 0.1708040285384289,
  "summary_wm_mad": 61.233715797561324,
  "summary_wm_mean": 999.4620971679688,
  "summary_wm_median": 999.9755859375,
  "summary_wm_n": 220461.0,
  "summary_wm_p05": 895.7677612304688,
  "summary_wm_p95": 1101.455322265625,
  "summary_wm_stdv": 62.615196228027344,
  "tpm_overlap_csf": 0.1386946588754654,
  "tpm_overlap_gm": 0.4222876727581024,
  "tpm_overlap_wm": 0.47291722893714905,
  "wm2max": 0.7250464992005013
}