{
  "bids_meta": {
    "AccelNumReferenceLines": 32,
    "AccelerationFactorPE": 2,
    "AcquisitionMatrix": "0/256/256/0",
    "DeviceSerialNumber": "35426",
    "EchoTime": 0.00331,
    "EchoTrainLength": 1,
    "FlipAngle": 7,
    "ImageType": "ORIGINAL/PRIMARY/M/ND/NORM",
    "ImagingFrequency": 123191987,
    "InPlanePhaseEncodingDirection": "ROW",
    "InversionTime": 1.1,
    "MRAcquisitionType": "3D",
    "MagneticFieldStrength": 3,
    "ManufacturerModelName": "TrioTim",
    "NumberOfAverages": 1,
    "NumberOfPhaseEncodingSteps": 255,
    "PatientPosition": "HFS",
    "PercentPhaseFieldOfView": 100,
    "PercentSampling": 100,
    "PhaseEncodingDirection": "i-",
    "PixelBandwidth": 199,
    "ProtocolName": "MPRAGE - BWM",
    "ReceiveCoilName": "HeadMatrix",
    "RepetitionTime": 2.53,
    "ScanOptions": "IR",
    "ScanningSequence": "GR/IR",
    "SequenceName": "*tfl3d1_ns",
    "SequenceVariant": "SP/MP",
    "SoftwareVersions": "syngo MR B17",
    "TotalScanTimeSec": 363,
    "TransmitCoilName": "Body",
    "VariableFlipAngleFlag": "N",
    "dataset": "ds000030",
    "modality": "T1w",
    "subject_id": "60087"
  },
  "cjv": 0.49575317630931565,
  "cnr": 2.647884369399375,
  "efc": 0.5475099696711683,
  "fber": 921.6087646484375,
  "fwhm_avg": 2.9331666666666667,
  "fwhm_x": 3.03292,
  "fwhm_y": 3.02249,
  "fwhm_z": 2.74409,
  "icvs_csf": 0.17995505053232824,
  "icvs_gm": 0.41671106133871816,
  "icvs_wm": 0.4033338881289536,
  "inu_med": 1.8022143840789795,
  "inu_range": 0.7419253885746002,
  "provenance": {
    "md5sum": "9f8f16612b0581d2e3d16412c4133a07",
    "settings": {
      "testing": false
    },
    "software": "mriqc",
    "version": "21.0.0rc2",
    "warnings": {
      "large_rot_frame": true,
      "small_air_mask": false
    },
    "webapi_port": null,
    "webapi_url": "https://mriqc.nimh.nih.gov/api/v1"
  },
  "qi_1": 0.0,
  "qi_2": 0.004123001592300402,
  "rpve_csf": 28.4622611971453,
  "rpve_gm": 13.129104264002512,
  "rpve_wm": 16.520361051133044,
  "size_x": 176,
  "size_y": 256,
  "size_z": 256,
  "snr_csf": 4.149597065448835,
  "snr_gm": 8.337610670671891,
  "snr_total": 9.373853017075438,
  "snr_wm": 15.63435131510559,
  "snrd_csf": 29.358975917164187,
  "snrd_gm": 42.392438613567805,
  "snrd_total": 43.70205975280018,
  "snrd_wm": 59.35476472766856,
  "spacing_x": 1.0,
  "spacing_y": 1.0,
  "spacing_z": 1.0,
  "summary_bg_k": 219.05267702855542,
  "summary_bg_mad": 11.037842983711451,
  "summary_bg_mean": 19.608976364135742,
  "summary_bg_median": 18.03143882751465,
  "summary_bg_n": 3845057.0,
  "summary_bg_p05": 3.615353059768677,
  "summary_bg_p95": 47.150516510009766,
  "summary_bg_stdv": 14.831954002380371,
  "summary_csf_k": 50.41863325402504,
  "summary_csf_mad": 72.22668097135211,
  "summary_csf_mean": 484.3068542480469,
  "summary_csf_median": 494.6447448730469,
  "summary_csf_n": 5955.0,
  "summary_csf_p05": 301.1167907714844,
  "summary_csf_p95": 610.2231262207031,
  "summary_csf_stdv": 119.19306945800781,
  "summary_gm_k": 0.5382773885370691,
  "summary_gm_mad": 80.72775414123066,
  "summary_gm_mean": 716.4625244140625,
  "summary_gm_median": 714.234619140625,
  "summary_gm_n": 8468.0,
  "summary_gm_p05": 581.0110260009766,
  "summary_gm_p95": 862.2631713867187,
  "summary_gm_stdv": 85.65912628173828,
  "summary_wm_k": 0.44533211618733404,
  "summary_wm_mad": 60.95056990268193,
  "summary_wm_mean": 999.9166259765625,
  "summary_wm_median": 1000.0186157226562,
  "summary_wm_n": 225123.0,
  "summary_wm_p05": 894.2622985839844,
  "summary_wm_p95": 1104.039013671875,
  "summary_wm_stdv": 63.9627685546875,
  "tpm_overlap_csf": 0.1460297554731369,
  "tpm_overlap_gm": 0.4222621023654938,
  "tpm_overlap_wm": 0.505741536617279,
  "wm2max": 0.5988576514263549
}