{
  "bids_meta": {
    "AccelNumReferenceLines": 32,
    "AccelerationFactorPE": 2,
    "AcquisitionMatrix": "0/256/256/0",
    "DeviceSerialNumber": "35343",
    "EchoTime": 0.00331,
    "EchoTrainLength": 1,
    "FlipAngle": 7,
    "ImageType": "ORIGINAL/PRIMARY/M/ND/NORM",
    "ImagingFrequency": 123227525,
    "InPlanePhaseEncodingDirection": "ROW",
    "InversionTime": 1.1,
    "MRAcquisitionType": "3D",
    "MagneticFieldStrength": 3,
    "ManufacturerModelName": "TrioTim",
    "NumberOfAverages": 1,
    "NumberOfPhaseEncodingSteps": 255,
    "PatientPosition": "HFS",
    "PercentPhaseFieldOfView": 100,
    "PercentSampling": 100,
    "PhaseEncodingDirection": "i-",
    "PixelBandwidth": 200,
    "ProtocolName": "MPRAGE - BWM",
    "ReceiveCoilName": "HeadMatrix",
    "RepetitionTime": 2.53,
    "ScanOptions": "IR",
    "ScanningSequence": "GR/IR",
    "SequenceName": "*tfl3d1_ns",
    "SequenceVariant": "SP/MP",
    "SoftwareVersions": "syngo MR B15",
    "TotalScanTimeSec": 363,
    "TransmitCoilName": "Body",
    "VariableFlipAngleFlag": "N",
    "dataset": "ds000030",
    "modality": "T1w",
    "subject_id": "11059"
  },
  "cjv": 0.4302021570221092,
  "cnr": 3.0931459761182984,
  "efc": 0.5326950683380383,
  "fber": 943.8092651367188,
  "fwhm_avg": 3.2308800000000004,
  "fwhm_x": 3.2476,
  "fwhm_y": 3.45785,
  "fwhm_z": 2.98719,
  "icvs_csf": 0.17519749795864142,
  "icvs_gm": 0.45026871719622785,
  "icvs_wm": 0.3745337848451307,
  "inu_med": 1.7417943477630615,
  "inu_range": 0.6852620005607606,
  "provenance": {
    "md5sum": "889f2f4d44e9ffaadc898c8fc53905aa",
    "settings": {
      "testing": false
    },
    "software": "mriqc",
    "version": "0.16.1",
    "warnings": {
      "large_rot_frame": true,
      "small_air_mask": false
    },
    "webapi_port": null,
    "webapi_url": "https://mriqc.nimh.nih.gov/api/v1"
  },
  "qi_1": 0.00019081959349591125,
  "qi_2": 0.0033701382678062606,
  "rpve_csf": 31.552792722346734,
  "rpve_gm": 13.690841549033237,
  "rpve_wm": 19.011291195024906,
  "size_x": 176,
  "size_y": 256,
  "size_z": 256,
  "snr_csf": 2.385761882068372,
  "snr_gm": 8.481884155781637,
  "snr_total": 9.00358358343514,
  "snr_wm": 16.14310471245541,
  "snrd_csf": 25.433027524389484,
  "snrd_gm": 49.46052828197206,
  "snrd_total": 49.14764484165522,
  "snrd_wm": 72.5493787186041,
  "spacing_x": 1.0,
  "spacing_y": 1.0,
  "spacing_z": 1.0,
  "summary_bg_k": 746.6523576979534,
  "summary_bg_mad": 9.030228359840052,
  "summary_bg_mean": 17.352462768554688,
  "summary_bg_median": 14.919342994689941,
  "summary_bg_n": 3196882.0,
  "summary_bg_p05": 2.9780311703681943,
  "summary_bg_p95": 41.71422080993651,
  "summary_bg_stdv": 16.99376106262207,
  "summary_csf_k": -0.9190898817395938,
  "summary_csf_mad": 188.97925291635863,
  "summary_csf_mean": 339.871826171875,
  "summary_csf_median": 350.56219482421875,
  "summary_csf_n": 9398.0,
  "summary_csf_p05": 117.93662605285644,
  "summary_csf_p95": 558.0850189208984,
  "summary_csf_stdv": 146.93148803710938,
  "summary_gm_k": 0.025553597392558025,
  "summary_gm_mad": 79.1956986687936,
  "summary_gm_mean": 683.4796752929688,
  "summary_gm_median": 681.7509765625,
  "summary_gm_n": 14475.0,
  "summary_gm_p05": 552.7161499023438,
  "summary_gm_p95": 819.6347961425781,
  "summary_gm_stdv": 80.37452697753906,
  "summary_wm_k": 0.5581433372057116,
  "summary_wm_mad": 57.71642663550723,
  "summary_wm_mean": 997.4751586914062,
  "summary_wm_median": 1000.0016479492188,
  "summary_wm_n": 178175.0,
  "summary_wm_p05": 890.1856445312501,
  "summary_wm_p95": 1094.0145019531249,
  "summary_wm_stdv": 61.94588088989258,
  "tpm_overlap_csf": 0.16357387602329254,
  "tpm_overlap_gm": 0.4446030557155609,
  "tpm_overlap_wm": 0.4878016710281372,
  "wm2max": 0.625441765236109
}