{
  "bids_meta": {
    "AccelNumReferenceLines": 32,
    "AccelerationFactorPE": 2,
    "AcquisitionMatrix": "0/256/256/0",
    "DeviceSerialNumber": "35343",
    "EchoTime": 0.00331,
    "EchoTrainLength": 1,
    "FlipAngle": 7,
    "ImageType": "ORIGINAL/PRIMARY/M/ND/NORM",
    "ImagingFrequency": 123227391,
    "InPlanePhaseEncodingDirection": "ROW",
    "InversionTime": 1.1,
    "MRAcquisitionType": "3D",
    "MagneticFieldStrength": 3,
    "ManufacturerModelName": "TrioTim",
    "NumberOfAverages": 1,
    "NumberOfPhaseEncodingSteps": 255,
    "PatientPosition": "HFS",
    "PercentPhaseFieldOfView": 100,
    "PercentSampling": 100,
    "PhaseEncodingDirection": "i-",
    "PixelBandwidth": 200,
    "ProtocolName": "MPRAGE - BWM",
    "ReceiveCoilName": "HeadMatrix",
    "RepetitionTime": 2.53,
    "ScanOptions": "IR",
    "ScanningSequence": "GR/IR",
    "SequenceName": "*tfl3d1_ns",
    "SequenceVariant": "SP/MP",
    "SoftwareVersions": "syngo MR B15",
    "TotalScanTimeSec": 363,
    "TransmitCoilName": "Body",
    "VariableFlipAngleFlag": "N",
    "dataset": "ds000030",
    "modality": "T1w",
    "subject_id": "50035"
  },
  "cjv": 0.3869483879517273,
  "cnr": 3.425114618200317,
  "efc": 0.5015687770835535,
  "fber": 1248.809326171875,
  "fwhm_avg": 3.1313696864659555,
  "fwhm_x": 3.1664890593978674,
  "fwhm_y": 3.26377,
  "fwhm_z": 2.96385,
  "icvs_csf": 0.18303160752927675,
  "icvs_gm": 0.4419486378390237,
  "icvs_wm": 0.37501975463169956,
  "inu_med": 1.6130175590515137,
  "inu_range": 0.4618477642536163,
  "provenance": {
    "md5sum": "613a3e8bd5edeff1db5d364d6d471d84",
    "settings": {
      "testing": false
    },
    "software": "mriqc",
    "version": "0.16.1",
    "warnings": {
      "large_rot_frame": true,
      "small_air_mask": false
    },
    "webapi_port": null,
    "webapi_url": "https://mriqc.nimh.nih.gov/api/v1"
  },
  "qi_1": 0.00014639021734208025,
  "qi_2": 0.007301627795245836,
  "rpve_csf": 33.45211038724227,
  "rpve_gm": 15.367951138585774,
  "rpve_wm": 21.309349230263365,
  "size_x": 176,
  "size_y": 256,
  "size_z": 256,
  "snr_csf": 2.727517392153907,
  "snr_gm": 9.355030165426157,
  "snr_total": 10.046162875646068,
  "snr_wm": 18.05594106935814,
  "snrd_csf": 20.95808045257935,
  "snrd_gm": 36.24204731859633,
  "snrd_total": 36.78394669104037,
  "snrd_wm": 53.15171230194542,
  "spacing_x": 0.9999971389770508,
  "spacing_y": 1.0,
  "spacing_z": 1.0,
  "summary_bg_k": 479.37783747880104,
  "summary_bg_mad": 12.32568342511146,
  "summary_bg_mean": 15.196359634399414,
  "summary_bg_median": 12.613344192504883,
  "summary_bg_n": 4496929.0,
  "summary_bg_p05": 0.0,
  "summary_bg_p95": 37.67839813232422,
  "summary_bg_stdv": 15.751667976379395,
  "summary_csf_k": -0.33555777477182147,
  "summary_csf_mad": 145.87805001204944,
  "summary_csf_mean": 368.1980285644531,
  "summary_csf_median": 394.30364990234375,
  "summary_csf_n": 6661.0,
  "summary_csf_p05": 122.85928344726562,
  "summary_csf_p95": 573.6788940429688,
  "summary_csf_stdv": 144.55418395996094,
  "summary_gm_k": 0.2439753172033119,
  "summary_gm_mad": 70.25275863899299,
  "summary_gm_mean": 681.6661376953125,
  "summary_gm_median": 681.85498046875,
  "summary_gm_n": 12082.0,
  "summary_gm_p05": 560.9889923095702,
  "summary_gm_p95": 802.4512817382812,
  "summary_gm_stdv": 72.88343811035156,
  "summary_wm_k": 0.3575884612382141,
  "summary_wm_mad": 52.8498735343035,
  "summary_wm_mean": 998.9774169921875,
  "summary_wm_median": 999.9920654296875,
  "summary_wm_n": 175228.0,
  "summary_wm_p05": 905.4277160644531,
  "summary_wm_p95": 1088.0898742675781,
  "summary_wm_stdv": 55.382835388183594,
  "tpm_overlap_csf": 0.16185709834098816,
  "tpm_overlap_gm": 0.44389545917510986,
  "tpm_overlap_wm": 0.5018953084945679,
  "wm2max": 0.718512404970044
}