{
  "bids_meta": {
    "AccelNumReferenceLines": 32,
    "AccelerationFactorPE": 2,
    "AcquisitionMatrix": "0/256/256/0",
    "DeviceSerialNumber": "35426",
    "EchoTime": 0.00331,
    "EchoTrainLength": 1,
    "FlipAngle": 7,
    "ImageType": "ORIGINAL/PRIMARY/M/ND/NORM",
    "ImagingFrequency": 123191641,
    "InPlanePhaseEncodingDirection": "ROW",
    "InversionTime": 1.1,
    "MRAcquisitionType": "3D",
    "MagneticFieldStrength": 3,
    "ManufacturerModelName": "TrioTim",
    "NumberOfAverages": 1,
    "NumberOfPhaseEncodingSteps": 255,
    "PatientPosition": "HFS",
    "PercentPhaseFieldOfView": 100,
    "PercentSampling": 100,
    "PhaseEncodingDirection": "i-",
    "PixelBandwidth": 199,
    "ProtocolName": "MPRAGE - BWM",
    "ReceiveCoilName": "HeadMatrix",
    "RepetitionTime": 2.53,
    "ScanOptions": "IR",
    "ScanningSequence": "GR/IR",
    "SequenceName": "*tfl3d1_ns",
    "SequenceVariant": "SP/MP",
    "SoftwareVersions": "syngo MR B17",
    "TotalScanTimeSec": 363,
    "TransmitCoilName": "Body",
    "VariableFlipAngleFlag": "N",
    "dataset": "ds000030",
    "modality": "T1w",
    "subject_id": "11106"
  },
  "cjv": 0.4552661835595353,
  "cnr": 2.9108468369941343,
  "efc": 0.5718165726475649,
  "fber": 1013.2718505859375,
  "fwhm_avg": 3.4805363895250028,
  "fwhm_x": 3.487249168575008,
  "fwhm_y": 3.68456,
  "fwhm_z": 3.2698,
  "icvs_csf": 0.17841937659321344,
  "icvs_gm": 0.4139577581059155,
  "icvs_wm": 0.40762286530087105,
  "inu_med": 1.7378849983215332,
  "inu_range": 0.8148016452789306,
  "provenance": {
    "md5sum": "ee859b8b67fcae2098f39531d45720ec",
    "settings": {
      "testing": false
    },
    "software": "mriqc",
    "version": "0.16.1",
    "warnings": {
      "large_rot_frame": true,
      "small_air_mask": false
    },
    "webapi_port": null,
    "webapi_url": "https://mriqc.nimh.nih.gov/api/v1"
  },
  "qi_1": 0.0,
  "qi_2": 0.00478330834370068,
  "rpve_csf": 27.649405807360306,
  "rpve_gm": 13.084589255149059,
  "rpve_wm": 16.32381678410362,
  "size_x": 176,
  "size_y": 256,
  "size_z": 256,
  "snr_csf": 2.278184208152783,
  "snr_gm": 8.257813509311662,
  "snr_total": 8.741270082524656,
  "snr_wm": 15.68781253010952,
  "snrd_csf": 22.988324182199403,
  "snrd_gm": 42.314911066708284,
  "snrd_total": 42.19437228085377,
  "snrd_wm": 61.279881593653634,
  "spacing_x": 1.000000238418579,
  "spacing_y": 1.0,
  "spacing_z": 1.0,
  "summary_bg_k": 127.14397483546296,
  "summary_bg_mad": 10.69111029400685,
  "summary_bg_mean": 20.475961685180664,
  "summary_bg_median": 17.715816497802734,
  "summary_bg_n": 3291402.0,
  "summary_bg_p05": 3.5336296916007996,
  "summary_bg_p95": 49.0365358352661,
  "summary_bg_stdv": 15.772933006286621,
  "summary_csf_k": -0.06445251493167303,
  "summary_csf_mad": 212.87589773194227,
  "summary_csf_mean": 354.81695556640625,
  "summary_csf_median": 375.14434814453125,
  "summary_csf_n": 7292.0,
  "summary_csf_p05": 108.40012474060057,
  "summary_csf_p95": 591.2542327880858,
  "summary_csf_stdv": 164.65684509277344,
  "summary_gm_k": 0.3898596909564951,
  "summary_gm_mad": 79.73411927426895,
  "summary_gm_mean": 694.7225341796875,
  "summary_gm_median": 690.5331420898438,
  "summary_gm_n": 17499.0,
  "summary_gm_p05": 563.32802734375,
  "summary_gm_p95": 838.8632080078123,
  "summary_gm_stdv": 83.61940002441406,
  "summary_wm_k": 0.3758813166751436,
  "summary_wm_mad": 61.165123727149506,
  "summary_wm_mean": 999.7333374023438,
  "summary_wm_median": 1000.020751953125,
  "summary_wm_n": 258143.0,
  "summary_wm_p05": 894.5629150390624,
  "summary_wm_p95": 1103.3030883789063,
  "summary_wm_stdv": 63.74494934082031,
  "tpm_overlap_csf": 0.17400622367858887,
  "tpm_overlap_gm": 0.44142964482307434,
  "tpm_overlap_wm": 0.5189234614372253,
  "wm2max": 0.5743945034368807
}