{
  "bids_meta": {
    "AccelNumReferenceLines": 32,
    "AccelerationFactorPE": 2,
    "AcquisitionMatrix": "0/256/256/0",
    "DeviceSerialNumber": "35343",
    "EchoTime": 0.00331,
    "EchoTrainLength": 1,
    "FlipAngle": 7,
    "ImageType": "ORIGINAL/PRIMARY/M/ND/NORM",
    "ImagingFrequency": 123227631,
    "InPlanePhaseEncodingDirection": "ROW",
    "InversionTime": 1.1,
    "MRAcquisitionType": "3D",
    "MagneticFieldStrength": 3,
    "ManufacturerModelName": "TrioTim",
    "NumberOfAverages": 1,
    "NumberOfPhaseEncodingSteps": 255,
    "PatientPosition": "HFS",
    "PercentPhaseFieldOfView": 100,
    "PercentSampling": 100,
    "PhaseEncodingDirection": "i-",
    "PixelBandwidth": 200,
    "ProtocolName": "MPRAGE - BWM",
    "ReceiveCoilName": "HeadMatrix",
    "RepetitionTime": 2.53,
    "ScanOptions": "IR",
    "ScanningSequence": "GR/IR",
    "SequenceName": "*tfl3d1_ns",
    "SequenceVariant": "SP/MP",
    "SoftwareVersions": "syngo MR B15",
    "TotalScanTimeSec": 363,
    "TransmitCoilName": "Body",
    "VariableFlipAngleFlag": "N",
    "dataset": "ds000030",
    "modality": "T1w",
    "subject_id": "60037"
  },
  "cjv": 0.3996547354811409,
  "cnr": 3.3322555059650734,
  "efc": 0.5091411975141894,
  "fber": 1156.62841796875,
  "fwhm_avg": 3.142925149711554,
  "fwhm_x": 3.1812854491346614,
  "fwhm_y": 3.3051,
  "fwhm_z": 2.94239,
  "icvs_csf": 0.18940008872373595,
  "icvs_gm": 0.43517557661938455,
  "icvs_wm": 0.37542433465687947,
  "inu_med": 1.7092580795288086,
  "inu_range": 0.51159827709198,
  "provenance": {
    "md5sum": "a2115c534cb33133d2a539a1bee22f7a",
    "settings": {
      "testing": false
    },
    "software": "mriqc",
    "version": "0.16.1",
    "warnings": {
      "large_rot_frame": true,
      "small_air_mask": false
    },
    "webapi_port": null,
    "webapi_url": "https://mriqc.nimh.nih.gov/api/v1"
  },
  "qi_1": 4.73396186320323e-05,
  "qi_2": 0.0038816084472462673,
  "rpve_csf": 30.870666174541125,
  "rpve_gm": 14.598547583556883,
  "rpve_wm": 20.032485846089326,
  "size_x": 176,
  "size_y": 256,
  "size_z": 256,
  "snr_csf": 1.9916298106235442,
  "snr_gm": 8.293543055186452,
  "snr_total": 9.107967993765747,
  "snr_wm": 17.03873111548725,
  "snrd_csf": 20.10124881629385,
  "snrd_gm": 50.11548668812835,
  "snrd_total": 48.49659011633378,
  "snrd_wm": 75.27303484457914,
  "spacing_x": 1.0000014305114746,
  "spacing_y": 1.0,
  "spacing_z": 1.0,
  "summary_bg_k": 137.65216239177238,
  "summary_bg_mad": 8.703222677193205,
  "summary_bg_mean": 16.1906795501709,
  "summary_bg_median": 14.38573169708252,
  "summary_bg_n": 4497904.0,
  "summary_bg_p05": 2.8747005462646484,
  "summary_bg_p95": 38.480968284606924,
  "summary_bg_stdv": 13.083984375,
  "summary_csf_k": -0.6463827410111298,
  "summary_csf_mad": 152.15234676942612,
  "summary_csf_mean": 292.3340148925781,
  "summary_csf_median": 267.0369873046875,
  "summary_csf_n": 10521.0,
  "summary_csf_p05": 107.83446502685547,
  "summary_csf_p95": 519.3298950195312,
  "summary_csf_stdv": 134.07325744628906,
  "summary_gm_k": 0.1263175875762408,
  "summary_gm_mad": 76.93577997952607,
  "summary_gm_mean": 666.7180786132812,
  "summary_gm_median": 665.7640380859375,
  "summary_gm_n": 12903.0,
  "summary_gm_p05": 534.1612915039062,
  "summary_gm_p95": 801.0672790527344,
  "summary_gm_stdv": 80.2718734741211,
  "summary_wm_k": 0.3119644269279154,
  "summary_wm_mad": 56.63198419247921,
  "summary_wm_mean": 998.5698852539062,
  "summary_wm_median": 999.971923828125,
  "summary_wm_n": 177817.0,
  "summary_wm_p05": 899.7434448242187,
  "summary_wm_p95": 1092.2911865234375,
  "summary_wm_stdv": 58.68800354003906,
  "tpm_overlap_csf": 0.1702810376882553,
  "tpm_overlap_gm": 0.44983983039855957,
  "tpm_overlap_wm": 0.5063516497612,
  "wm2max": 0.6722305516497779
}