{
  "bids_meta": {
    "AccelNumReferenceLines": 32,
    "AccelerationFactorPE": 2,
    "AcquisitionMatrix": "0/256/256/0",
    "DeviceSerialNumber": "35426",
    "EchoTime": 0.00331,
    "EchoTrainLength": 1,
    "FlipAngle": 7,
    "ImageType": "ORIGINAL/PRIMARY/M/ND/NORM",
    "ImagingFrequency": 123191689,
    "InPlanePhaseEncodingDirection": "ROW",
    "InversionTime": 1.1,
    "MRAcquisitionType": "3D",
    "MagneticFieldStrength": 3,
    "ManufacturerModelName": "TrioTim",
    "NumberOfAverages": 1,
    "NumberOfPhaseEncodingSteps": 255,
    "PatientPosition": "HFS",
    "PercentPhaseFieldOfView": 100,
    "PercentSampling": 100,
    "PhaseEncodingDirection": "i-",
    "PixelBandwidth": 199,
    "ProtocolName": "MPRAGE - BWM",
    "ReceiveCoilName": "HeadMatrix",
    "RepetitionTime": 2.53,
    "ScanOptions": "IR",
    "ScanningSequence": "GR/IR",
    "SequenceName": "*tfl3d1_ns",
    "SequenceVariant": "SP/MP",
    "SoftwareVersions": "syngo MR B17",
    "TotalScanTimeSec": 363,
    "TransmitCoilName": "Body",
    "VariableFlipAngleFlag": "N",
    "dataset": "ds000030",
    "modality": "T1w",
    "subject_id": "50047"
  },
  "cjv": 0.4786617293201525,
  "cnr": 2.8398354006320234,
  "efc": 0.5470788521780675,
  "fber": 1448.0074462890625,
  "fwhm_avg": 3.1527766666666666,
  "fwhm_x": 3.24323,
  "fwhm_y": 3.29487,
  "fwhm_z": 2.92023,
  "icvs_csf": 0.1834381227427007,
  "icvs_gm": 0.39984851550951234,
  "icvs_wm": 0.41671336174778695,
  "inu_med": 1.6340723037719727,
  "inu_range": 0.5304554820060727,
  "provenance": {
    "md5sum": "1223f665e4d54f3d07b32518f6e04a85",
    "settings": {
      "testing": false
    },
    "software": "mriqc",
    "version": "0.16.1",
    "warnings": {
      "large_rot_frame": true,
      "small_air_mask": false
    },
    "webapi_port": null,
    "webapi_url": "https://mriqc.nimh.nih.gov/api/v1"
  },
  "qi_1": 0.0,
  "qi_2": 0.005737912925873578,
  "rpve_csf": 33.673959976384126,
  "rpve_gm": 16.100134614596854,
  "rpve_wm": 19.17319523154179,
  "size_x": 176,
  "size_y": 256,
  "size_z": 256,
  "snr_csf": 1.832231922585423,
  "snr_gm": 8.108712524785833,
  "snr_total": 8.618046331211374,
  "snr_wm": 15.913194546262867,
  "snrd_csf": 13.251017557096427,
  "snrd_gm": 39.79222590679012,
  "snrd_total": 36.7636550916783,
  "snrd_wm": 57.24772181114835,
  "spacing_x": 1.0,
  "spacing_y": 1.0,
  "spacing_z": 1.0,
  "summary_bg_k": 595.4911887940843,
  "summary_bg_mad": 11.44396100597978,
  "summary_bg_mean": 17.010356903076172,
  "summary_bg_median": 15.480547904968262,
  "summary_bg_n": 4240589.0,
  "summary_bg_p05": 0.0,
  "summary_bg_p95": 40.012001037597614,
  "summary_bg_stdv": 15.230718612670898,
  "summary_csf_k": 0.19840840275382332,
  "summary_csf_mad": 119.52421643662078,
  "summary_csf_mean": 261.18524169921875,
  "summary_csf_median": 231.4695587158203,
  "summary_csf_n": 6357.0,
  "summary_csf_p05": 96.59536437988281,
  "summary_csf_p95": 493.89249877929683,
  "summary_csf_stdv": 126.32208251953125,
  "summary_gm_k": -0.15023594642283689,
  "summary_gm_mad": 86.20222482690222,
  "summary_gm_mean": 694.0578002929688,
  "summary_gm_median": 695.0929565429688,
  "summary_gm_n": 8629.0,
  "summary_gm_p05": 551.6385620117187,
  "summary_gm_p95": 835.4330688476563,
  "summary_gm_stdv": 85.7167739868164,
  "summary_wm_k": 0.5824726593051315,
  "summary_wm_mad": 59.74826311702674,
  "summary_wm_mean": 999.4180297851562,
  "summary_wm_median": 1000.006591796875,
  "summary_wm_n": 199648.0,
  "summary_wm_p05": 894.8367919921875,
  "summary_wm_p95": 1100.9623168945313,
  "summary_wm_stdv": 62.841190338134766,
  "tpm_overlap_csf": 0.14720852673053741,
  "tpm_overlap_gm": 0.40385711193084717,
  "tpm_overlap_wm": 0.4912995398044586,
  "wm2max": 0.6088602261865885
}