{
  "bids_meta": {
    "AccelNumReferenceLines": 32,
    "AccelerationFactorPE": 2,
    "AcquisitionMatrix": "0/256/256/0",
    "DeviceSerialNumber": "35426",
    "EchoTime": 0.00331,
    "EchoTrainLength": 1,
    "FlipAngle": 7,
    "ImageType": "ORIGINAL/PRIMARY/M/ND/NORM",
    "ImagingFrequency": 123191910,
    "InPlanePhaseEncodingDirection": "ROW",
    "InversionTime": 1.1,
    "MRAcquisitionType": "3D",
    "MagneticFieldStrength": 3,
    "ManufacturerModelName": "TrioTim",
    "NumberOfAverages": 1,
    "NumberOfPhaseEncodingSteps": 255,
    "PatientPosition": "HFS",
    "PercentPhaseFieldOfView": 100,
    "PercentSampling": 100,
    "PhaseEncodingDirection": "i-",
    "PixelBandwidth": 199,
    "ProtocolName": "MPRAGE - BWM",
    "ReceiveCoilName": "HeadMatrix",
    "RepetitionTime": 2.53,
    "ScanOptions": "IR",
    "ScanningSequence": "GR/IR",
    "SequenceName": "tfl3d1_ns",
    "SequenceVariant": "SP/MP",
    "SoftwareVersions": "syngo MR B17",
    "TotalScanTimeSec": 363,
    "TransmitCoilName": "Body",
    "VariableFlipAngleFlag": "N",
    "dataset": "ds000030",
    "modality": "T1w",
    "subject_id": "70055"
  },
  "cjv": 0.3680617745421268,
  "cnr": 3.553137063389031,
  "efc": 0.5045346099985368,
  "fber": 912.1014404296875,
  "fwhm_avg": 3.039049620484249,
  "fwhm_x": 3.1836088614527482,
  "fwhm_y": 3.16429,
  "fwhm_z": 2.76925,
  "icvs_csf": 0.1813150453182766,
  "icvs_gm": 0.44225922198782647,
  "icvs_wm": 0.37642573269389695,
  "inu_med": 1.7441844940185547,
  "inu_range": 0.5003452897071838,
  "provenance": {
    "md5sum": "4cd976a404ed44b3902847f8a9d3c05a",
    "settings": {
      "testing": false
    },
    "software": "mriqc",
    "version": "21.0.0rc2",
    "warnings": {
      "large_rot_frame": true,
      "small_air_mask": false
    },
    "webapi_port": null,
    "webapi_url": "https://mriqc.nimh.nih.gov/api/v1"
  },
  "qi_1": 2.480430642446419e-05,
  "qi_2": 0.0036812722579608772,
  "rpve_csf": 34.24528375149343,
  "rpve_gm": 15.634470761444422,
  "rpve_wm": 21.904486605480766,
  "size_x": 176,
  "size_y": 256,
  "size_z": 256,
  "snr_csf": 3.0736819656237606,
  "snr_gm": 8.856512143622812,
  "snr_total": 9.765465768737563,
  "snr_wm": 17.36620319696612,
  "snrd_csf": 28.976581981224896,
  "snrd_gm": 51.57753395125325,
  "snrd_total": 52.833921599321876,
  "snrd_wm": 77.94764886548747,
  "spacing_x": 1.0000003576278687,
  "spacing_y": 1.0,
  "spacing_z": 1.0,
  "summary_bg_k": 75.87266638165804,
  "summary_bg_mad": 8.40455760015599,
  "summary_bg_mean": 16.52244758605957,
  "summary_bg_median": 13.8702392578125,
  "summary_bg_n": 3803816.0,
  "summary_bg_p05": 2.7617855072021484,
  "summary_bg_p95": 38.92916202545166,
  "summary_bg_stdv": 12.976107597351074,
  "summary_csf_k": -0.4207421289673259,
  "summary_csf_mad": 113.46714298402456,
  "summary_csf_mean": 345.294921875,
  "summary_csf_median": 371.7322998046875,
  "summary_csf_n": 4848.0,
  "summary_csf_p05": 135.34205474853516,
  "summary_csf_p95": 511.20588378906234,
  "summary_csf_stdv": 120.92791748046875,
  "summary_gm_k": 0.3431508247385864,
  "summary_gm_mad": 70.29945192175354,
  "summary_gm_mean": 661.9112548828125,
  "summary_gm_median": 661.6734619140625,
  "summary_gm_n": 8806.0,
  "summary_gm_p05": 539.3470458984375,
  "summary_gm_p95": 786.9880981445312,
  "summary_gm_stdv": 74.70614624023438,
  "summary_wm_k": 0.5311738443029435,
  "summary_wm_mad": 54.21388748331742,
  "summary_wm_mean": 1000.4921875,
  "summary_wm_median": 999.9681396484375,
  "summary_wm_n": 164000.0,
  "summary_wm_p05": 906.6267730712891,
  "summary_wm_p95": 1095.5018493652344,
  "summary_wm_stdv": 57.58110046386719,
  "tpm_overlap_csf": 0.1567232608795166,
  "tpm_overlap_gm": 0.4300292432308197,
  "tpm_overlap_wm": 0.494909405708313,
  "wm2max": 0.6771154676202313
}