{
  "bids_meta": {
    "AccelNumReferenceLines": 32,
    "AccelerationFactorPE": 2,
    "AcquisitionMatrix": "0/256/256/0",
    "DeviceSerialNumber": "35426",
    "EchoTime": 0.00331,
    "EchoTrainLength": 1,
    "FlipAngle": 7,
    "ImageType": "ORIGINAL/PRIMARY/M/ND/NORM",
    "ImagingFrequency": 123191438,
    "InPlanePhaseEncodingDirection": "ROW",
    "InversionTime": 1.1,
    "MRAcquisitionType": "3D",
    "MagneticFieldStrength": 3,
    "ManufacturerModelName": "TrioTim",
    "NumberOfAverages": 1,
    "NumberOfPhaseEncodingSteps": 255,
    "PatientPosition": "HFS",
    "PercentPhaseFieldOfView": 100,
    "PercentSampling": 100,
    "PhaseEncodingDirection": "i-",
    "PixelBandwidth": 199,
    "ProtocolName": "MPRAGE - BWM",
    "ReceiveCoilName": "HeadMatrix",
    "RepetitionTime": 2.53,
    "ScanOptions": "IR",
    "ScanningSequence": "GR/IR",
    "SequenceName": "*tfl3d1_ns",
    "SequenceVariant": "SP/MP",
    "SoftwareVersions": "syngo MR B17",
    "TotalScanTimeSec": 363,
    "TransmitCoilName": "Body",
    "VariableFlipAngleFlag": "N",
    "dataset": "ds000030",
    "modality": "T1w",
    "subject_id": "11122"
  },
  "cjv": 0.4295451732878546,
  "cnr": 3.1186175336513138,
  "efc": 0.5003160584350369,
  "fber": 674.1173095703125,
  "fwhm_avg": 2.9896717409563895,
  "fwhm_x": 3.08257522286917,
  "fwhm_y": 3.09204,
  "fwhm_z": 2.7944,
  "icvs_csf": 0.18715475297307937,
  "icvs_gm": 0.42385748583701066,
  "icvs_wm": 0.38898776118990996,
  "inu_med": 1.710052251815796,
  "inu_range": 0.3988781690597534,
  "provenance": {
    "md5sum": "7dbc9388bde08cc489a24f6c94f5bd61",
    "settings": {
      "testing": false
    },
    "software": "mriqc",
    "version": "0.16.1",
    "warnings": {
      "large_rot_frame": true,
      "small_air_mask": false
    },
    "webapi_port": null,
    "webapi_url": "https://mriqc.nimh.nih.gov/api/v1"
  },
  "qi_1": 3.138203964336158e-05,
  "qi_2": 0.004605185850276867,
  "rpve_csf": 40.7168437036564,
  "rpve_gm": 19.219517036947313,
  "rpve_wm": 25.36137448086949,
  "size_x": 176,
  "size_y": 256,
  "size_z": 256,
  "snr_csf": 2.439461378524629,
  "snr_gm": 8.408153860619853,
  "snr_total": 9.068529308460876,
  "snr_wm": 16.35797268623815,
  "snrd_csf": 19.060373122883348,
  "snrd_gm": 38.031152379761146,
  "snrd_total": 37.692648695572075,
  "snrd_wm": 55.98642058407172,
  "spacing_x": 1.0000015497207642,
  "spacing_y": 1.0,
  "spacing_z": 1.0,
  "summary_bg_k": 176.76127927727393,
  "summary_bg_mad": 11.701717852534024,
  "summary_bg_mean": 22.010774612426758,
  "summary_bg_median": 19.404027938842773,
  "summary_bg_n": 4105723.0,
  "summary_bg_p05": 3.874593734741211,
  "summary_bg_p95": 50.884505081176755,
  "summary_bg_stdv": 17.665925979614258,
  "summary_csf_k": -0.999280398618835,
  "summary_csf_mad": 178.7543741458073,
  "summary_csf_mean": 327.57464599609375,
  "summary_csf_median": 340.44683837890625,
  "summary_csf_n": 6476.0,
  "summary_csf_p05": 116.54694366455078,
  "summary_csf_p95": 529.1804656982422,
  "summary_csf_stdv": 139.54742431640625,
  "summary_gm_k": 0.08586829560416653,
  "summary_gm_mad": 78.7151922124786,
  "summary_gm_mean": 681.9201049804688,
  "summary_gm_median": 679.2933959960938,
  "summary_gm_n": 7621.0,
  "summary_gm_p05": 551.2855224609375,
  "summary_gm_p95": 820.341796875,
  "summary_gm_stdv": 80.78453826904297,
  "summary_wm_k": 0.27342141388569097,
  "summary_wm_mad": 59.04338457814433,
  "summary_wm_mean": 999.2473754882812,
  "summary_wm_median": 1000.0014038085938,
  "summary_wm_n": 142482.0,
  "summary_wm_p05": 897.2107635498047,
  "summary_wm_p95": 1098.6837890625,
  "summary_wm_stdv": 61.13214111328125,
  "tpm_overlap_csf": 0.16078802943229675,
  "tpm_overlap_gm": 0.43160369992256165,
  "tpm_overlap_wm": 0.49924734234809875,
  "wm2max": 0.5035785307001931
}