{
  "bids_meta": {
    "AccelNumReferenceLines": 32,
    "AccelerationFactorPE": 2,
    "AcquisitionMatrix": "0/256/256/0",
    "DeviceSerialNumber": "35426",
    "EchoTime": 0.00331,
    "EchoTrainLength": 1,
    "FlipAngle": 7,
    "ImageType": "ORIGINAL/PRIMARY/M/ND/NORM",
    "ImagingFrequency": 123191640,
    "InPlanePhaseEncodingDirection": "ROW",
    "InversionTime": 1.1,
    "MRAcquisitionType": "3D",
    "MagneticFieldStrength": 3,
    "ManufacturerModelName": "TrioTim",
    "NumberOfAverages": 1,
    "NumberOfPhaseEncodingSteps": 255,
    "PatientPosition": "HFS",
    "PercentPhaseFieldOfView": 100,
    "PercentSampling": 100,
    "PhaseEncodingDirection": "i-",
    "PixelBandwidth": 199,
    "ProtocolName": "MPRAGE - BWM",
    "ReceiveCoilName": "HeadMatrix",
    "RepetitionTime": 2.53,
    "ScanOptions": "IR",
    "ScanningSequence": "GR/IR",
    "SequenceName": "*tfl3d1_ns",
    "SequenceVariant": "SP/MP",
    "SoftwareVersions": "syngo MR B17",
    "TotalScanTimeSec": 363,
    "TransmitCoilName": "Body",
    "VariableFlipAngleFlag": "N",
    "dataset": "ds000030",
    "modality": "T1w",
    "subject_id": "50049"
  },
  "cjv": 0.44428707381819943,
  "cnr": 3.0412715967347834,
  "efc": 0.5621869841386694,
  "fber": 984.0805053710938,
  "fwhm_avg": 3.101460826112598,
  "fwhm_x": 3.078702478337796,
  "fwhm_y": 3.28427,
  "fwhm_z": 2.94141,
  "icvs_csf": 0.19037488764679197,
  "icvs_gm": 0.4071700115601121,
  "icvs_wm": 0.40245510079309593,
  "inu_med": 1.3667060136795044,
  "inu_range": 0.2451197266578673,
  "provenance": {
    "md5sum": "8c2912b1cff5f36459e5dc5a4c5fae15",
    "settings": {
      "testing": false
    },
    "software": "mriqc",
    "version": "0.16.1",
    "warnings": {
      "large_rot_frame": true,
      "small_air_mask": false
    },
    "webapi_port": null,
    "webapi_url": "https://mriqc.nimh.nih.gov/api/v1"
  },
  "qi_1": 2.970008083587219e-05,
  "qi_2": 0.0169095864201854,
  "rpve_csf": 29.353779677697133,
  "rpve_gm": 14.571151449388486,
  "rpve_wm": 18.2233996230481,
  "size_x": 176,
  "size_y": 256,
  "size_z": 256,
  "snr_csf": 2.161777553884042,
  "snr_gm": 7.785970686917657,
  "snr_total": 8.25137311072535,
  "snr_wm": 14.80637109137435,
  "snrd_csf": 13.333640165397467,
  "snrd_gm": 30.932058706956074,
  "snrd_total": 30.26745891657298,
  "snrd_wm": 46.536677877365406,
  "spacing_x": 0.9999959468841553,
  "spacing_y": 1.0,
  "spacing_z": 1.0,
  "summary_bg_k": 245.12148817616546,
  "summary_bg_mad": 14.077614715605952,
  "summary_bg_mean": 17.865345001220703,
  "summary_bg_median": 14.365823745727539,
  "summary_bg_n": 4386628.0,
  "summary_bg_p05": 0.0,
  "summary_bg_p95": 47.420797920227045,
  "summary_bg_stdv": 17.539501190185547,
  "summary_csf_k": 0.5888284475723764,
  "summary_csf_mad": 145.29803754593684,
  "summary_csf_mean": 300.1256408691406,
  "summary_csf_median": 286.51416015625,
  "summary_csf_n": 9146.0,
  "summary_csf_p05": 108.61091613769531,
  "summary_csf_p95": 520.326904296875,
  "summary_csf_stdv": 132.5291290283203,
  "summary_gm_k": 0.031146074426730674,
  "summary_gm_mad": 84.57148907374734,
  "summary_gm_mean": 664.4395141601562,
  "summary_gm_median": 664.670166015625,
  "summary_gm_n": 13287.0,
  "summary_gm_p05": 521.86640625,
  "summary_gm_p95": 805.5682739257812,
  "summary_gm_stdv": 85.36445617675781,
  "summary_wm_k": 0.4727812378874465,
  "summary_wm_mad": 64.40379153722735,
  "summary_wm_mean": 1001.5374145507812,
  "summary_wm_median": 999.9832763671875,
  "summary_wm_n": 217011.0,
  "summary_wm_p05": 893.6863403320312,
  "summary_wm_p95": 1114.5284423828125,
  "summary_wm_stdv": 67.5372085571289,
  "tpm_overlap_csf": 0.16529640555381775,
  "tpm_overlap_gm": 0.4191025495529175,
  "tpm_overlap_wm": 0.4901916980743408,
  "wm2max": 0.45650395751494793
}