{
  "bids_meta": {
    "AccelNumReferenceLines": 32,
    "AccelerationFactorPE": 2,
    "AcquisitionMatrix": "0/256/256/0",
    "DeviceSerialNumber": "35426",
    "EchoTime": 0.00331,
    "EchoTrainLength": 1,
    "FlipAngle": 7,
    "ImageType": "ORIGINAL/PRIMARY/M/ND/NORM",
    "ImagingFrequency": 123191407,
    "InPlanePhaseEncodingDirection": "ROW",
    "InversionTime": 1.1,
    "MRAcquisitionType": "3D",
    "MagneticFieldStrength": 3,
    "ManufacturerModelName": "TrioTim",
    "NumberOfAverages": 1,
    "NumberOfPhaseEncodingSteps": 255,
    "PatientPosition": "HFS",
    "PercentPhaseFieldOfView": 100,
    "PercentSampling": 100,
    "PhaseEncodingDirection": "i-",
    "PixelBandwidth": 199,
    "ProtocolName": "MPRAGE - BWM",
    "ReceiveCoilName": "HeadMatrix",
    "RepetitionTime": 2.53,
    "ScanOptions": "IR",
    "ScanningSequence": "GR/IR",
    "SequenceName": "*tfl3d1_ns",
    "SequenceVariant": "SP/MP",
    "SoftwareVersions": "syngo MR B17",
    "TotalScanTimeSec": 363,
    "TransmitCoilName": "Body",
    "VariableFlipAngleFlag": "N",
    "dataset": "ds000030",
    "modality": "T1w",
    "subject_id": "70080"
  },
  "cjv": 0.4446171287467585,
  "cnr": 3.033033333697391,
  "efc": 0.48656747059497196,
  "fber": 966.9727172851562,
  "fwhm_avg": 2.9926765312248165,
  "fwhm_x": 3.036889593674449,
  "fwhm_y": 3.10484,
  "fwhm_z": 2.8363,
  "icvs_csf": 0.20683807896550038,
  "icvs_gm": 0.42104018473367494,
  "icvs_wm": 0.3721217363008247,
  "inu_med": 1.7794296741485596,
  "inu_range": 0.469147652387619,
  "provenance": {
    "md5sum": "c800fe80a333e8d3439c854dea3fdad2",
    "settings": {
      "testing": false
    },
    "software": "mriqc",
    "version": "21.0.0rc2",
    "warnings": {
      "large_rot_frame": true,
      "small_air_mask": false
    },
    "webapi_port": null,
    "webapi_url": "https://mriqc.nimh.nih.gov/api/v1"
  },
  "qi_1": 0.0,
  "qi_2": 0.005740497201905822,
  "rpve_csf": 32.27233134482147,
  "rpve_gm": 16.71646143970548,
  "rpve_wm": 22.80394440315266,
  "size_x": 176,
  "size_y": 256,
  "size_z": 256,
  "snr_csf": 4.404071113888139,
  "snr_gm": 8.498192943175301,
  "snr_total": 10.065730418543236,
  "snr_wm": 17.294927198566267,
  "snrd_csf": 27.56201483954952,
  "snrd_gm": 46.88329503735475,
  "snrd_total": 47.342421227939404,
  "snrd_wm": 67.58195380691393,
  "spacing_x": 0.9999968409538269,
  "spacing_y": 1.0,
  "spacing_z": 1.0,
  "summary_bg_k": 991.9607402944819,
  "summary_bg_mad": 9.693850844003808,
  "summary_bg_mean": 16.218048095703125,
  "summary_bg_median": 13.052736282348633,
  "summary_bg_n": 3402134.0,
  "summary_bg_p05": 3.230695879459381,
  "summary_bg_p95": 38.951711273193354,
  "summary_bg_stdv": 13.8069429397583,
  "summary_csf_k": 1.0329132525883686,
  "summary_csf_mad": 81.79979933670406,
  "summary_csf_mean": 403.12493896484375,
  "summary_csf_median": 407.8266296386719,
  "summary_csf_n": 8521.0,
  "summary_csf_p05": 242.89939880371094,
  "summary_csf_p95": 547.41162109375,
  "summary_csf_stdv": 92.59675598144531,
  "summary_gm_k": -0.10310280610269729,
  "summary_gm_mad": 81.65352086464507,
  "summary_gm_mean": 693.4264526367188,
  "summary_gm_median": 693.7176513671875,
  "summary_gm_n": 9518.0,
  "summary_gm_p05": 556.2486267089844,
  "summary_gm_p95": 826.3929840087891,
  "summary_gm_stdv": 81.62690734863281,
  "summary_wm_k": 0.46947374406077635,
  "summary_wm_mad": 54.520108547002906,
  "summary_wm_mean": 998.5337524414062,
  "summary_wm_median": 999.9893188476562,
  "summary_wm_n": 151653.0,
  "summary_wm_p05": 900.8367431640625,
  "summary_wm_p95": 1090.759228515625,
  "summary_wm_stdv": 57.81961441040039,
  "tpm_overlap_csf": 0.13800658285617828,
  "tpm_overlap_gm": 0.4216216504573822,
  "tpm_overlap_wm": 0.4763689339160919,
  "wm2max": 0.6321441828557516
}