{
  "bids_meta": {
    "AccelNumReferenceLines": 32,
    "AccelerationFactorPE": 2,
    "AcquisitionMatrix": "0/256/256/0",
    "DeviceSerialNumber": "35343",
    "EchoTime": 0.00331,
    "EchoTrainLength": 1,
    "FlipAngle": 7,
    "ImageType": "ORIGINAL/PRIMARY/M/ND/NORM",
    "ImagingFrequency": 123226905,
    "InPlanePhaseEncodingDirection": "ROW",
    "InversionTime": 1.1,
    "MRAcquisitionType": "3D",
    "MagneticFieldStrength": 3,
    "ManufacturerModelName": "TrioTim",
    "NumberOfAverages": 1,
    "NumberOfPhaseEncodingSteps": 255,
    "PatientPosition": "HFS",
    "PercentPhaseFieldOfView": 100,
    "PercentSampling": 100,
    "PhaseEncodingDirection": "i-",
    "PixelBandwidth": 200,
    "ProtocolName": "MPRAGE - BWM",
    "ReceiveCoilName": "HeadMatrix",
    "RepetitionTime": 2.53,
    "ScanOptions": "IR",
    "ScanningSequence": "GR/IR",
    "SequenceName": "*tfl3d1_ns",
    "SequenceVariant": "SP/MP",
    "SoftwareVersions": "syngo MR B15",
    "TotalScanTimeSec": 363,
    "TransmitCoilName": "Body",
    "VariableFlipAngleFlag": "N",
    "dataset": "ds000030",
    "modality": "T1w",
    "subject_id": "10975"
  },
  "cjv": 0.4517150303496373,
  "cnr": 2.9712862830710987,
  "efc": 0.5303250881480658,
  "fber": 1364.945068359375,
  "fwhm_avg": 3.21998,
  "fwhm_x": 3.21442,
  "fwhm_y": 3.39502,
  "fwhm_z": 3.0505,
  "icvs_csf": 0.19658044155054663,
  "icvs_gm": 0.39805145481713566,
  "icvs_wm": 0.4053681036323177,
  "inu_med": 1.6570061445236206,
  "inu_range": 0.6206637859344482,
  "provenance": {
    "md5sum": "c78c3a50bfb338b6893aef4c05cc3425",
    "settings": {
      "testing": false
    },
    "software": "mriqc",
    "version": "0.16.1",
    "warnings": {
      "large_rot_frame": true,
      "small_air_mask": false
    },
    "webapi_port": null,
    "webapi_url": "https://mriqc.nimh.nih.gov/api/v1"
  },
  "qi_1": 0.0,
  "qi_2": 0.004467349961824618,
  "rpve_csf": 26.44198293962345,
  "rpve_gm": 13.654437668116222,
  "rpve_wm": 16.596393437399986,
  "size_x": 176,
  "size_y": 256,
  "size_z": 256,
  "snr_csf": 3.0500465254738387,
  "snr_gm": 8.392302878168831,
  "snr_total": 9.371370357000158,
  "snr_wm": 16.671761667357803,
  "snrd_csf": 27.550259526100856,
  "snrd_gm": 45.624934645355026,
  "snrd_total": 46.30731808489676,
  "snrd_wm": 65.74676008323438,
  "spacing_x": 1.0,
  "spacing_y": 1.0,
  "spacing_z": 1.0,
  "summary_bg_k": 7.065061440488014,
  "summary_bg_mad": 9.964747952892573,
  "summary_bg_mean": 17.011962890625,
  "summary_bg_median": 13.42202091217041,
  "summary_bg_n": 4632366.0,
  "summary_bg_p05": 3.326321542263031,
  "summary_bg_p95": 40.642276763916016,
  "summary_bg_stdv": 13.22065258026123,
  "summary_csf_k": 0.33044515613790537,
  "summary_csf_mad": 129.31790626850147,
  "summary_csf_mean": 406.26806640625,
  "summary_csf_median": 419.0446472167969,
  "summary_csf_n": 7329.0,
  "summary_csf_p05": 162.3107849121094,
  "summary_csf_p95": 620.4946777343748,
  "summary_csf_stdv": 137.38021850585938,
  "summary_gm_k": 0.05578592998587384,
  "summary_gm_mad": 80.78544206324588,
  "summary_gm_mean": 696.5985717773438,
  "summary_gm_median": 693.9638671875,
  "summary_gm_n": 15159.0,
  "summary_gm_p05": 563.4848754882812,
  "summary_gm_p95": 836.60947265625,
  "summary_gm_stdv": 82.68778991699219,
  "summary_wm_k": 0.44733481157437316,
  "summary_wm_mad": 57.464997786378945,
  "summary_wm_mean": 999.4932250976562,
  "summary_wm_median": 1000.0206298828125,
  "summary_wm_n": 241136.0,
  "summary_wm_p05": 900.4068756103516,
  "summary_wm_p95": 1096.3739624023438,
  "summary_wm_stdv": 59.9827766418457,
  "tpm_overlap_csf": 0.13925975561141968,
  "tpm_overlap_gm": 0.41020697355270386,
  "tpm_overlap_wm": 0.49257245659828186,
  "wm2max": 0.656731945072559
}