{
  "bids_meta": {
    "AccelNumReferenceLines": 32,
    "AccelerationFactorPE": 2,
    "AcquisitionMatrix": "0/256/256/0",
    "DeviceSerialNumber": "35426",
    "EchoTime": 0.00331,
    "EchoTrainLength": 1,
    "FlipAngle": 7,
    "ImageType": "ORIGINAL/PRIMARY/M/ND/NORM",
    "ImagingFrequency": 123191610,
    "InPlanePhaseEncodingDirection": "ROW",
    "InversionTime": 1.1,
    "MRAcquisitionType": "3D",
    "MagneticFieldStrength": 3,
    "ManufacturerModelName": "TrioTim",
    "NumberOfAverages": 1,
    "NumberOfPhaseEncodingSteps": 255,
    "PatientPosition": "HFS",
    "PercentPhaseFieldOfView": 100,
    "PercentSampling": 100,
    "PhaseEncodingDirection": "i-",
    "PixelBandwidth": 199,
    "ProtocolName": "MPRAGE - BWM",
    "ReceiveCoilName": "HeadMatrix",
    "RepetitionTime": 2.53,
    "ScanOptions": "IR",
    "ScanningSequence": "GR/IR",
    "SequenceName": "*tfl3d1_ns",
    "SequenceVariant": "SP/MP",
    "SoftwareVersions": "syngo MR B17",
    "TotalScanTimeSec": 363,
    "TransmitCoilName": "Body",
    "VariableFlipAngleFlag": "N",
    "dataset": "ds000030",
    "modality": "T1w",
    "subject_id": "11108"
  },
  "cjv": 0.42983589896828084,
  "cnr": 3.1156346574733527,
  "efc": 0.5100894198972533,
  "fber": 1083.8555908203125,
  "fwhm_avg": 3.1469233333333335,
  "fwhm_x": 3.23607,
  "fwhm_y": 3.27112,
  "fwhm_z": 2.93358,
  "icvs_csf": 0.17193125965542932,
  "icvs_gm": 0.44833225710612745,
  "icvs_wm": 0.3797364832384432,
  "inu_med": 1.7770593166351318,
  "inu_range": 0.5767768740653991,
  "provenance": {
    "md5sum": "ac9422ee34edac4023daf5eaf7d23a37",
    "settings": {
      "testing": false
    },
    "software": "mriqc",
    "version": "0.16.1",
    "warnings": {
      "large_rot_frame": true,
      "small_air_mask": false
    },
    "webapi_port": null,
    "webapi_url": "https://mriqc.nimh.nih.gov/api/v1"
  },
  "qi_1": 0.0,
  "qi_2": 0.0042629262179928,
  "rpve_csf": 33.8309503784693,
  "rpve_gm": 14.67609422320196,
  "rpve_wm": 20.41472746079306,
  "size_x": 176,
  "size_y": 256,
  "size_z": 256,
  "snr_csf": 2.8348253559002243,
  "snr_gm": 8.526988130002307,
  "snr_total": 9.53777419346842,
  "snr_wm": 17.25150909450273,
  "snrd_csf": 25.828313636620543,
  "snrd_gm": 48.496485417845946,
  "snrd_total": 48.28787428767054,
  "snrd_wm": 70.53882380854513,
  "spacing_x": 1.0,
  "spacing_y": 1.0,
  "spacing_z": 1.0,
  "summary_bg_k": 457.44642817617785,
  "summary_bg_mad": 9.287577290573184,
  "summary_bg_mean": 17.526443481445312,
  "summary_bg_median": 15.377762794494629,
  "summary_bg_n": 4150201.0,
  "summary_bg_p05": 3.069387912750244,
  "summary_bg_p95": 41.874786376953125,
  "summary_bg_stdv": 14.09630298614502,
  "summary_csf_k": -0.5864963837421828,
  "summary_csf_mad": 140.29937910331824,
  "summary_csf_mean": 345.7948303222656,
  "summary_csf_median": 366.1565246582031,
  "summary_csf_n": 5878.0,
  "summary_csf_p05": 134.37898941040038,
  "summary_csf_p95": 533.1979248046873,
  "summary_csf_stdv": 129.1527099609375,
  "summary_gm_k": 0.09583587873545696,
  "summary_gm_mad": 79.27162049870853,
  "summary_gm_mean": 688.781494140625,
  "summary_gm_median": 687.5131225585938,
  "summary_gm_n": 17454.0,
  "summary_gm_p05": 559.5592895507813,
  "summary_gm_p95": 825.8376342773437,
  "summary_gm_stdv": 80.6255874633789,
  "summary_wm_k": 0.42462411543648937,
  "summary_wm_mad": 55.04540797805912,
  "summary_wm_mean": 998.5874633789062,
  "summary_wm_median": 999.99755859375,
  "summary_wm_n": 180158.0,
  "summary_wm_p05": 900.3623718261719,
  "summary_wm_p95": 1091.1110290527342,
  "summary_wm_stdv": 57.965641021728516,
  "tpm_overlap_csf": 0.1716083139181137,
  "tpm_overlap_gm": 0.4566090703010559,
  "tpm_overlap_wm": 0.5213835835456848,
  "wm2max": 0.7089311939068222
}