{
  "bids_meta": {
    "AccelNumReferenceLines": 32,
    "AccelerationFactorPE": 2,
    "AcquisitionMatrix": "0/256/256/0",
    "DeviceSerialNumber": "35426",
    "EchoTime": 0.00331,
    "EchoTrainLength": 1,
    "FlipAngle": 7,
    "ImageType": "ORIGINAL/PRIMARY/M/ND/NORM",
    "ImagingFrequency": 123191482,
    "InPlanePhaseEncodingDirection": "ROW",
    "InversionTime": 1.1,
    "MRAcquisitionType": "3D",
    "MagneticFieldStrength": 3,
    "ManufacturerModelName": "TrioTim",
    "NumberOfAverages": 1,
    "NumberOfPhaseEncodingSteps": 255,
    "PatientPosition": "HFS",
    "PercentPhaseFieldOfView": 100,
    "PercentSampling": 100,
    "PhaseEncodingDirection": "i-",
    "PixelBandwidth": 199,
    "ProtocolName": "MPRAGE - BWM",
    "ReceiveCoilName": "HeadMatrix",
    "RepetitionTime": 2.53,
    "ScanOptions": "IR",
    "ScanningSequence": "GR/IR",
    "SequenceName": "*tfl3d1_ns",
    "SequenceVariant": "SP/MP",
    "SoftwareVersions": "syngo MR B17",
    "TotalScanTimeSec": 363,
    "TransmitCoilName": "Body",
    "VariableFlipAngleFlag": "N",
    "dataset": "ds000030",
    "modality": "T1w",
    "subject_id": "60073"
  },
  "cjv": 0.5405551847676331,
  "cnr": 2.4770103725090857,
  "efc": 0.5878554194211737,
  "fber": 544.8063354492188,
  "fwhm_avg": 3.0909866666666663,
  "fwhm_x": 3.1753,
  "fwhm_y": 3.15917,
  "fwhm_z": 2.93849,
  "icvs_csf": 0.20099572670483123,
  "icvs_gm": 0.3807606380942475,
  "icvs_wm": 0.4182436352009212,
  "inu_med": 1.6642475128173828,
  "inu_range": 0.6231102943420412,
  "provenance": {
    "md5sum": "a0ff76d4b6b3f290e60a6e9e8b685444",
    "settings": {
      "testing": false
    },
    "software": "mriqc",
    "version": "21.0.0rc2",
    "warnings": {
      "large_rot_frame": true,
      "small_air_mask": false
    },
    "webapi_port": null,
    "webapi_url": "https://mriqc.nimh.nih.gov/api/v1"
  },
  "qi_1": 4.4565663047934826e-05,
  "qi_2": 0.003460729063195753,
  "rpve_csf": 27.45947780290621,
  "rpve_gm": 14.716882613080921,
  "rpve_wm": 17.045017411034223,
  "size_x": 176,
  "size_y": 256,
  "size_z": 256,
  "snr_csf": 3.5016228663559272,
  "snr_gm": 8.098403458536069,
  "snr_total": 9.005144560899122,
  "snr_wm": 15.415407357805371,
  "snrd_csf": 24.235664779989964,
  "snrd_gm": 38.8073877768315,
  "snrd_total": 38.91014807428408,
  "snrd_wm": 53.68739166603079,
  "spacing_x": 1.0,
  "spacing_y": 1.0,
  "spacing_z": 1.0,
  "summary_bg_k": 108.45099031402786,
  "summary_bg_mad": 12.203143250177813,
  "summary_bg_mean": 22.881467819213867,
  "summary_bg_median": 20.073837280273438,
  "summary_bg_n": 3351486.0,
  "summary_bg_p05": 4.010688424110413,
  "summary_bg_p95": 55.974592208862305,
  "summary_bg_stdv": 18.599218368530273,
  "summary_csf_k": 1.5881677134413215,
  "summary_csf_mad": 116.09778009606202,
  "summary_csf_mean": 443.2165832519531,
  "summary_csf_median": 451.4346923828125,
  "summary_csf_n": 6291.0,
  "summary_csf_p05": 221.04296875,
  "summary_csf_p95": 634.4008483886719,
  "summary_csf_stdv": 128.91131591796875,
  "summary_gm_k": 0.1865001137250304,
  "summary_gm_mad": 86.94510952617112,
  "summary_gm_mean": 725.170654296875,
  "summary_gm_median": 722.8603515625,
  "summary_gm_n": 9768.0,
  "summary_gm_p05": 580.9461975097656,
  "summary_gm_p95": 874.7238586425781,
  "summary_gm_stdv": 89.25504302978516,
  "summary_wm_k": 0.3340085493961409,
  "summary_wm_mad": 62.87947303315467,
  "summary_wm_mean": 1000.4442138671875,
  "summary_wm_median": 1000.0283203125,
  "summary_wm_n": 237449.0,
  "summary_wm_p05": 894.67548828125,
  "summary_wm_p95": 1107.35869140625,
  "summary_wm_stdv": 64.87186431884766,
  "tpm_overlap_csf": 0.1523948460817337,
  "tpm_overlap_gm": 0.40590140223503113,
  "tpm_overlap_wm": 0.5097342729568481,
  "wm2max": 0.5682418220364848
}