{
  "bids_meta": {
    "AccelNumReferenceLines": 32,
    "AccelerationFactorPE": 2,
    "AcquisitionMatrix": "0/256/256/0",
    "DeviceSerialNumber": "35426",
    "EchoTime": 0.00331,
    "EchoTrainLength": 1,
    "FlipAngle": 7,
    "ImageType": "ORIGINAL/PRIMARY/M/ND/NORM",
    "ImagingFrequency": 123191441,
    "InPlanePhaseEncodingDirection": "ROW",
    "InversionTime": 1.1,
    "MRAcquisitionType": "3D",
    "MagneticFieldStrength": 3,
    "ManufacturerModelName": "TrioTim",
    "NumberOfAverages": 1,
    "NumberOfPhaseEncodingSteps": 255,
    "PatientPosition": "HFS",
    "PercentPhaseFieldOfView": 100,
    "PercentSampling": 100,
    "PhaseEncodingDirection": "i-",
    "PixelBandwidth": 199,
    "ProtocolName": "MPRAGE - BWM",
    "ReceiveCoilName": "HeadMatrix",
    "RepetitionTime": 2.53,
    "ScanOptions": "IR",
    "ScanningSequence": "GR/IR",
    "SequenceName": "*tfl3d1_ns",
    "SequenceVariant": "SP/MP",
    "SoftwareVersions": "syngo MR B17",
    "TotalScanTimeSec": 363,
    "TransmitCoilName": "Body",
    "VariableFlipAngleFlag": "N",
    "dataset": "ds000030",
    "modality": "T1w",
    "subject_id": "50067"
  },
  "cjv": 0.46060188985484474,
  "cnr": 2.900445825716229,
  "efc": 0.5843874736615414,
  "fber": 919.4265747070312,
  "fwhm_avg": 3.3831366666666667,
  "fwhm_x": 3.4546,
  "fwhm_y": 3.50883,
  "fwhm_z": 3.18598,
  "icvs_csf": 0.19163124490931951,
  "icvs_gm": 0.39357964631345566,
  "icvs_wm": 0.4147891087772248,
  "inu_med": 1.6549196243286133,
  "inu_range": 0.6831762075424193,
  "provenance": {
    "md5sum": "ec573763d2be88b1d328c0831f38f538",
    "settings": {
      "testing": false
    },
    "software": "mriqc",
    "version": "0.16.1",
    "warnings": {
      "large_rot_frame": true,
      "small_air_mask": false
    },
    "webapi_port": null,
    "webapi_url": "https://mriqc.nimh.nih.gov/api/v1"
  },
  "qi_1": 0.0,
  "qi_2": 0.009459417506839122,
  "rpve_csf": 26.967271904732733,
  "rpve_gm": 13.764295036477616,
  "rpve_wm": 16.367715124883574,
  "size_x": 176,
  "size_y": 256,
  "size_z": 256,
  "snr_csf": 2.8972560081844114,
  "snr_gm": 8.98857475421391,
  "snr_total": 9.143273513863837,
  "snr_wm": 15.543989779193188,
  "snrd_csf": 25.44005308454906,
  "snrd_gm": 40.810104358000615,
  "snrd_total": 41.443410025716105,
  "snrd_wm": 58.08007263459864,
  "spacing_x": 1.0,
  "spacing_y": 1.0,
  "spacing_z": 1.0,
  "summary_bg_k": 264.5235449123354,
  "summary_bg_mad": 11.279968948454952,
  "summary_bg_mean": 20.00499153137207,
  "summary_bg_median": 15.111699104309082,
  "summary_bg_n": 3328243.0,
  "summary_bg_p05": 3.7260446071624753,
  "summary_bg_p95": 48.94852104187011,
  "summary_bg_stdv": 16.149364471435547,
  "summary_csf_k": -0.496806954262643,
  "summary_csf_mad": 151.725478769228,
  "summary_csf_mean": 413.05731201171875,
  "summary_csf_median": 438.020263671875,
  "summary_csf_n": 7589.0,
  "summary_csf_p05": 139.11392822265626,
  "summary_csf_p95": 625.1892456054686,
  "summary_csf_stdv": 151.174560546875,
  "summary_gm_k": 0.16125615002915605,
  "summary_gm_mad": 75.00570046789852,
  "summary_gm_mean": 704.3279418945312,
  "summary_gm_median": 702.6578369140625,
  "summary_gm_n": 12474.0,
  "summary_gm_p05": 578.2077728271485,
  "summary_gm_p95": 837.5206176757813,
  "summary_gm_stdv": 78.16919708251953,
  "summary_wm_k": 0.29890435808067206,
  "summary_wm_mad": 61.954204009459616,
  "summary_wm_mean": 999.8447875976562,
  "summary_wm_median": 1000.0076904296875,
  "summary_wm_n": 254822.0,
  "summary_wm_p05": 893.6154510498046,
  "summary_wm_p95": 1105.168359375,
  "summary_wm_stdv": 64.33391571044922,
  "tpm_overlap_csf": 0.15063782036304474,
  "tpm_overlap_gm": 0.42741039395332336,
  "tpm_overlap_wm": 0.5092474818229675,
  "wm2max": 0.5997550044905973
}