{
  "bids_meta": {
    "AccelNumReferenceLines": 32,
    "AccelerationFactorPE": 2,
    "AcquisitionMatrix": "0/256/256/0",
    "DeviceSerialNumber": "35426",
    "EchoTime": 0.00331,
    "EchoTrainLength": 1,
    "FlipAngle": 7,
    "ImageType": "ORIGINAL/PRIMARY/M/ND/NORM",
    "ImagingFrequency": 123191581,
    "InPlanePhaseEncodingDirection": "ROW",
    "InversionTime": 1.1,
    "MRAcquisitionType": "3D",
    "MagneticFieldStrength": 3,
    "ManufacturerModelName": "TrioTim",
    "NumberOfAverages": 1,
    "NumberOfPhaseEncodingSteps": 255,
    "PatientPosition": "HFS",
    "PercentPhaseFieldOfView": 100,
    "PercentSampling": 100,
    "PhaseEncodingDirection": "i-",
    "PixelBandwidth": 199,
    "ProtocolName": "MPRAGE - BWM",
    "ReceiveCoilName": "HeadMatrix",
    "RepetitionTime": 2.53,
    "ScanOptions": "IR",
    "ScanningSequence": "GR/IR",
    "SequenceName": "*tfl3d1_ns",
    "SequenceVariant": "SP/MP",
    "SoftwareVersions": "syngo MR B17",
    "TotalScanTimeSec": 363,
    "TransmitCoilName": "Body",
    "VariableFlipAngleFlag": "N",
    "dataset": "ds000030",
    "modality": "T1w",
    "subject_id": "50081"
  },
  "cjv": 0.4381950628810884,
  "cnr": 3.09064146884435,
  "efc": 0.5979958598640898,
  "fber": 752.6373291015625,
  "fwhm_avg": 3.2390431413970613,
  "fwhm_x": 3.2857894241911825,
  "fwhm_y": 3.4124,
  "fwhm_z": 3.01894,
  "icvs_csf": 0.19795183076008163,
  "icvs_gm": 0.398151903504767,
  "icvs_wm": 0.4038962657351514,
  "inu_med": 1.529413104057312,
  "inu_range": 0.5545344710350035,
  "provenance": {
    "md5sum": "7a42988762efe38fdf16fe6347b12898",
    "settings": {
      "testing": false
    },
    "software": "mriqc",
    "version": "0.16.1",
    "warnings": {
      "large_rot_frame": true,
      "small_air_mask": false
    },
    "webapi_port": null,
    "webapi_url": "https://mriqc.nimh.nih.gov/api/v1"
  },
  "qi_1": 0.0,
  "qi_2": 0.0046075674504292745,
  "rpve_csf": 26.81972438361301,
  "rpve_gm": 13.899837692892465,
  "rpve_wm": 17.313720721931798,
  "size_x": 176,
  "size_y": 256,
  "size_z": 256,
  "snr_csf": 2.8493260230500734,
  "snr_gm": 7.966587671984887,
  "snr_total": 8.949820184052031,
  "snr_wm": 16.03354685712113,
  "snrd_csf": 22.986863678424275,
  "snrd_gm": 40.690958527703756,
  "snrd_total": 41.40160133139609,
  "snrd_wm": 60.526981788060226,
  "spacing_x": 1.0000032186508179,
  "spacing_y": 1.0,
  "spacing_z": 1.0,
  "summary_bg_k": 162.55423881534324,
  "summary_bg_mad": 10.823854727106767,
  "summary_bg_mean": 19.98818016052246,
  "summary_bg_median": 17.87893295288086,
  "summary_bg_n": 2898016.0,
  "summary_bg_p05": 3.5734426379203796,
  "summary_bg_p95": 47.55302715301514,
  "summary_bg_stdv": 15.271500587463379,
  "summary_csf_k": -0.45605845009864154,
  "summary_csf_mad": 133.50229403619664,
  "summary_csf_mean": 356.53704833984375,
  "summary_csf_median": 379.77813720703125,
  "summary_csf_n": 9367.0,
  "summary_csf_p05": 124.42911987304687,
  "summary_csf_p95": 549.9644287109375,
  "summary_csf_stdv": 133.27989196777344,
  "summary_gm_k": -0.03540262768898472,
  "summary_gm_mad": 84.01352244293037,
  "summary_gm_mean": 672.5979614257812,
  "summary_gm_median": 672.27685546875,
  "summary_gm_n": 14188.0,
  "summary_gm_p05": 533.9320190429687,
  "summary_gm_p95": 813.7350128173828,
  "summary_gm_stdv": 84.38407897949219,
  "summary_wm_k": 0.3446133027794249,
  "summary_wm_mad": 59.59239261401307,
  "summary_wm_mean": 999.0279541015625,
  "summary_wm_median": 999.998291015625,
  "summary_wm_n": 233893.0,
  "summary_wm_p05": 894.2778198242187,
  "summary_wm_p95": 1099.805419921875,
  "summary_wm_stdv": 62.36899185180664,
  "tpm_overlap_csf": 0.16760727763175964,
  "tpm_overlap_gm": 0.43859538435935974,
  "tpm_overlap_wm": 0.5229721665382385,
  "wm2max": 0.6879000603178558
}