{
  "bids_meta": {
    "AccelNumReferenceLines": 32,
    "AccelerationFactorPE": 2,
    "AcquisitionMatrix": "0/256/256/0",
    "DeviceSerialNumber": "35343",
    "EchoTime": 0.00331,
    "EchoTrainLength": 1,
    "FlipAngle": 7,
    "ImageType": "ORIGINAL/PRIMARY/M/ND/NORM",
    "ImagingFrequency": 123249713,
    "InPlanePhaseEncodingDirection": "ROW",
    "InversionTime": 1.1,
    "MRAcquisitionType": "3D",
    "MagneticFieldStrength": 3,
    "ManufacturerModelName": "TrioTim",
    "NumberOfAverages": 1,
    "NumberOfPhaseEncodingSteps": 255,
    "PatientPosition": "HFS",
    "PercentPhaseFieldOfView": 100,
    "PercentSampling": 100,
    "PhaseEncodingDirection": "i-",
    "PixelBandwidth": 200,
    "ProtocolName": "MPRAGE - BWM",
    "ReceiveCoilName": "HeadMatrix",
    "RepetitionTime": 2.53,
    "ScanOptions": "IR",
    "ScanningSequence": "GR/IR",
    "SequenceName": "*tfl3d1_ns",
    "SequenceVariant": "SP/MP",
    "SoftwareVersions": "syngo MR B15",
    "TotalScanTimeSec": 363,
    "TransmitCoilName": "Body",
    "VariableFlipAngleFlag": "N",
    "dataset": "ds000030",
    "modality": "T1w",
    "subject_id": "10361"
  },
  "cjv": 0.4167865700987991,
  "cnr": 3.214599974238693,
  "efc": 0.4889383814228393,
  "fber": 1830.7491455078125,
  "fwhm_avg": 3.15427,
  "fwhm_x": 3.21739,
  "fwhm_y": 3.27164,
  "fwhm_z": 2.97378,
  "icvs_csf": 0.19015604010741846,
  "icvs_gm": 0.40271771787033434,
  "icvs_wm": 0.40712624202224723,
  "inu_med": 1.404970645904541,
  "inu_range": 0.31165299415588366,
  "provenance": {
    "md5sum": "20d18bed253f95cf4db258250ff466a6",
    "settings": {
      "testing": false
    },
    "software": "mriqc",
    "version": "0.16.1",
    "warnings": {
      "large_rot_frame": true,
      "small_air_mask": false
    },
    "webapi_port": null,
    "webapi_url": "https://mriqc.nimh.nih.gov/api/v1"
  },
  "qi_1": 0.0003087674073401466,
  "qi_2": 0.007852745295202874,
  "rpve_csf": 32.33888464131854,
  "rpve_gm": 16.008152978919068,
  "rpve_wm": 19.782070116631147,
  "size_x": 176,
  "size_y": 256,
  "size_z": 256,
  "snr_csf": 2.5021394408153634,
  "snr_gm": 7.890687092068859,
  "snr_total": 9.548009156898175,
  "snr_wm": 18.251200937810303,
  "snrd_csf": 31.890191376363305,
  "snrd_gm": 62.74304205106973,
  "snrd_total": 62.693980039757086,
  "snrd_wm": 93.44870669183823,
  "spacing_x": 1.0,
  "spacing_y": 1.0,
  "spacing_z": 1.0,
  "summary_bg_k": 230.05934416928915,
  "summary_bg_mad": 7.010500686265117,
  "summary_bg_mean": 14.117313385009766,
  "summary_bg_median": 13.564126014709473,
  "summary_bg_n": 4724147.0,
  "summary_bg_p05": 0.0,
  "summary_bg_p95": 36.23798179626465,
  "summary_bg_stdv": 14.370257377624512,
  "summary_csf_k": -0.8018763536486517,
  "summary_csf_mad": 161.9619403696114,
  "summary_csf_mean": 323.1744384765625,
  "summary_csf_median": 341.25140380859375,
  "summary_csf_n": 9472.0,
  "summary_csf_p05": 107.98831672668456,
  "summary_csf_p95": 526.7195983886718,
  "summary_csf_stdv": 136.37664794921875,
  "summary_gm_k": -0.017043081772182056,
  "summary_gm_mad": 84.13016515897367,
  "summary_gm_mean": 669.2589721679688,
  "summary_gm_median": 671.4024047851562,
  "summary_gm_n": 9869.0,
  "summary_gm_p05": 524.9434936523437,
  "summary_gm_p95": 806.729736328125,
  "summary_gm_stdv": 85.0836410522461,
  "summary_wm_k": 0.32168884136475917,
  "summary_wm_mad": 52.815894217100805,
  "summary_wm_mean": 1000.0528564453125,
  "summary_wm_median": 999.9783935546875,
  "summary_wm_n": 197851.0,
  "summary_wm_p05": 910.5704040527344,
  "summary_wm_p95": 1090.0233764648438,
  "summary_wm_stdv": 54.78959274291992,
  "tpm_overlap_csf": 0.16040143370628357,
  "tpm_overlap_gm": 0.41168251633644104,
  "tpm_overlap_wm": 0.5014199614524841,
  "wm2max": 0.7127655383947484
}