{
  "bids_meta": {
    "AccelNumReferenceLines": 32,
    "AccelerationFactorPE": 2,
    "AcquisitionMatrix": "0/256/256/0",
    "DeviceSerialNumber": "35426",
    "EchoTime": 0.00331,
    "EchoTrainLength": 1,
    "FlipAngle": 7,
    "ImageType": "ORIGINAL/PRIMARY/M/ND/NORM",
    "ImagingFrequency": 123191750,
    "InPlanePhaseEncodingDirection": "ROW",
    "InversionTime": 1.1,
    "MRAcquisitionType": "3D",
    "MagneticFieldStrength": 3,
    "ManufacturerModelName": "TrioTim",
    "NumberOfAverages": 1,
    "NumberOfPhaseEncodingSteps": 255,
    "PatientPosition": "HFS",
    "PercentPhaseFieldOfView": 100,
    "PercentSampling": 100,
    "PhaseEncodingDirection": "i-",
    "PixelBandwidth": 199,
    "ProtocolName": "MPRAGE - BWM",
    "ReceiveCoilName": "HeadMatrix",
    "RepetitionTime": 2.53,
    "ScanOptions": "IR",
    "ScanningSequence": "GR/IR",
    "SequenceName": "tfl3d1_ns",
    "SequenceVariant": "SP/MP",
    "SoftwareVersions": "syngo MR B17",
    "TotalScanTimeSec": 363,
    "TransmitCoilName": "Body",
    "VariableFlipAngleFlag": "N",
    "dataset": "ds000030",
    "modality": "T1w",
    "subject_id": "11061"
  },
  "cjv": 0.4227954845446212,
  "cnr": 3.1073343300941323,
  "efc": 0.5176196429044733,
  "fber": 934.0805053710938,
  "fwhm_avg": 3.1872135157972483,
  "fwhm_x": 3.2769605473917456,
  "fwhm_y": 3.23667,
  "fwhm_z": 3.04801,
  "icvs_csf": 0.1775592113761494,
  "icvs_gm": 0.43488276782746776,
  "icvs_wm": 0.38755802079638285,
  "inu_med": 1.7443087100982666,
  "inu_range": 0.5617206871509552,
  "provenance": {
    "md5sum": "33d923e3385f391a7dc94b6d13446424",
    "settings": {
      "testing": false
    },
    "software": "mriqc",
    "version": "0.16.1",
    "warnings": {
      "large_rot_frame": true,
      "small_air_mask": false
    },
    "webapi_port": null,
    "webapi_url": "https://mriqc.nimh.nih.gov/api/v1"
  },
  "qi_1": 0.0,
  "qi_2": 0.0030584945690638717,
  "rpve_csf": 34.56119453369422,
  "rpve_gm": 15.66295723414894,
  "rpve_wm": 20.846383012756426,
  "size_x": 176,
  "size_y": 256,
  "size_z": 256,
  "snr_csf": 2.120776150658122,
  "snr_gm": 8.59897181507975,
  "snr_total": 9.505320891076279,
  "snr_wm": 17.79621470749096,
  "snrd_csf": 15.556808049342125,
  "snrd_gm": 37.88494796519333,
  "snrd_total": 36.10298891582425,
  "snrd_wm": 54.867210732937295,
  "spacing_x": 0.9999967813491821,
  "spacing_y": 1.0,
  "spacing_z": 1.0,
  "summary_bg_k": 639.644311117715,
  "summary_bg_mad": 11.940351435724153,
  "summary_bg_mean": 17.428293228149414,
  "summary_bg_median": 13.75566291809082,
  "summary_bg_n": 3329348.0,
  "summary_bg_p05": 2.73745402097702,
  "summary_bg_p95": 41.36459255218506,
  "summary_bg_stdv": 17.801660537719727,
  "summary_csf_k": 4.125522156740145,
  "summary_csf_mad": 134.89752733124234,
  "summary_csf_mean": 298.97698974609375,
  "summary_csf_median": 283.53448486328125,
  "summary_csf_n": 7128.0,
  "summary_csf_p05": 122.05274353027343,
  "summary_csf_p95": 525.5814636230467,
  "summary_csf_stdv": 133.68435668945312,
  "summary_gm_k": 0.06000328817172207,
  "summary_gm_mad": 78.68311320329525,
  "summary_gm_mean": 692.4125366210938,
  "summary_gm_median": 690.4815673828125,
  "summary_gm_n": 13896.0,
  "summary_gm_p05": 562.9943542480469,
  "summary_gm_p95": 828.41796875,
  "summary_gm_stdv": 80.2952651977539,
  "summary_wm_k": 0.5877499297716748,
  "summary_wm_mad": 52.17820514033024,
  "summary_wm_mean": 997.6560668945312,
  "summary_wm_median": 999.9960327148438,
  "summary_wm_n": 183777.0,
  "summary_wm_p05": 900.598095703125,
  "summary_wm_p95": 1085.595947265625,
  "summary_wm_stdv": 56.191349029541016,
  "tpm_overlap_csf": 0.16759544610977173,
  "tpm_overlap_gm": 0.4416648745536804,
  "tpm_overlap_wm": 0.4955369830131531,
  "wm2max": 0.7048871526411504
}