{
  "bids_meta": {
    "AccelNumReferenceLines": 32,
    "AccelerationFactorPE": 2,
    "AcquisitionMatrix": "0/256/256/0",
    "DeviceSerialNumber": "35426",
    "EchoTime": 0.00331,
    "EchoTrainLength": 1,
    "FlipAngle": 7,
    "ImageType": "ORIGINAL/PRIMARY/M/ND/NORM",
    "ImagingFrequency": 123191759,
    "InPlanePhaseEncodingDirection": "ROW",
    "InversionTime": 1.1,
    "MRAcquisitionType": "3D",
    "MagneticFieldStrength": 3,
    "ManufacturerModelName": "TrioTim",
    "NumberOfAverages": 1,
    "NumberOfPhaseEncodingSteps": 255,
    "PatientPosition": "HFS",
    "PercentPhaseFieldOfView": 100,
    "PercentSampling": 100,
    "PhaseEncodingDirection": "i-",
    "PixelBandwidth": 199,
    "ProtocolName": "MPRAGE - BWM",
    "ReceiveCoilName": "HeadMatrix",
    "RepetitionTime": 2.53,
    "ScanOptions": "IR",
    "ScanningSequence": "GR/IR",
    "SequenceName": "*tfl3d1_ns",
    "SequenceVariant": "SP/MP",
    "SoftwareVersions": "syngo MR B17",
    "TotalScanTimeSec": 363,
    "TransmitCoilName": "Body",
    "VariableFlipAngleFlag": "N",
    "dataset": "ds000030",
    "modality": "T1w",
    "subject_id": "11062"
  },
  "cjv": 0.5571342005637419,
  "cnr": 2.408929949642242,
  "efc": 0.5447759691749189,
  "fber": 719.892333984375,
  "fwhm_avg": 3.500668549925362,
  "fwhm_x": 3.500795649776085,
  "fwhm_y": 3.70519,
  "fwhm_z": 3.29602,
  "icvs_csf": 0.2336579540314481,
  "icvs_gm": 0.3949205957023248,
  "icvs_wm": 0.37142145026622714,
  "inu_med": 1.7416441440582275,
  "inu_range": 0.6025462627410887,
  "provenance": {
    "md5sum": "55353d2ede7bcfafebccb89ab19b70c1",
    "settings": {
      "testing": false
    },
    "software": "mriqc",
    "version": "0.16.1",
    "warnings": {
      "large_rot_frame": true,
      "small_air_mask": false
    },
    "webapi_port": null,
    "webapi_url": "https://mriqc.nimh.nih.gov/api/v1"
  },
  "qi_1": 0.0,
  "qi_2": 0.004057369187050243,
  "rpve_csf": 25.17485149472592,
  "rpve_gm": 14.110901991942843,
  "rpve_wm": 18.09022981695226,
  "size_x": 176,
  "size_y": 256,
  "size_z": 256,
  "snr_csf": 2.490460052090167,
  "snr_gm": 8.333550313345077,
  "snr_total": 7.575205145008328,
  "snr_wm": 11.90160506958974,
  "snrd_csf": 15.500700158782081,
  "snrd_gm": 33.45146369972651,
  "snrd_total": 32.07143956444656,
  "snrd_wm": 47.26215483483107,
  "spacing_x": 0.9999955296516418,
  "spacing_y": 1.0,
  "spacing_z": 1.0,
  "summary_bg_k": 15.422060892136503,
  "summary_bg_mad": 13.862223850701291,
  "summary_bg_mean": 22.377382278442383,
  "summary_bg_median": 15.8560791015625,
  "summary_bg_n": 3864702.0,
  "summary_bg_p05": 3.1439430713653564,
  "summary_bg_p95": 60.876718711853016,
  "summary_bg_stdv": 21.03313636779785,
  "summary_csf_k": -0.21327970477817626,
  "summary_csf_mad": 139.425814293649,
  "summary_csf_mean": 327.3665466308594,
  "summary_csf_median": 327.98388671875,
  "summary_csf_n": 21270.0,
  "summary_csf_p05": 113.007767868042,
  "summary_csf_p95": 540.1510192871094,
  "summary_csf_stdv": 131.69300842285156,
  "summary_gm_k": 0.06113709226571018,
  "summary_gm_mad": 83.8862018056356,
  "summary_gm_mean": 707.3603515625,
  "summary_gm_median": 707.8093872070312,
  "summary_gm_n": 10539.0,
  "summary_gm_p05": 567.5640380859375,
  "summary_gm_p95": 848.7391967773438,
  "summary_gm_stdv": 84.9308853149414,
  "summary_wm_k": 0.6871817679089256,
  "summary_wm_mad": 78.92205431401082,
  "summary_wm_mean": 1006.4613647460938,
  "summary_wm_median": 1000.0338745117188,
  "summary_wm_n": 193805.0,
  "summary_wm_p05": 880.5620849609376,
  "summary_wm_p95": 1155.4014404296875,
  "summary_wm_stdv": 84.02490997314453,
  "tpm_overlap_csf": 0.1690858006477356,
  "tpm_overlap_gm": 0.4441215395927429,
  "tpm_overlap_wm": 0.5093896389007568,
  "wm2max": 0.6497077024346521
}