{
  "bids_meta": {
    "AccelNumReferenceLines": 32,
    "AccelerationFactorPE": 2,
    "AcquisitionMatrix": "0/256/256/0",
    "DeviceSerialNumber": "35426",
    "EchoTime": 0.00331,
    "EchoTrainLength": 1,
    "FlipAngle": 7,
    "ImageType": "ORIGINAL/PRIMARY/M/ND/NORM",
    "ImagingFrequency": 123191594,
    "InPlanePhaseEncodingDirection": "ROW",
    "InversionTime": 1.1,
    "MRAcquisitionType": "3D",
    "MagneticFieldStrength": 3,
    "ManufacturerModelName": "TrioTim",
    "NumberOfAverages": 1,
    "NumberOfPhaseEncodingSteps": 255,
    "PatientPosition": "HFS",
    "PercentPhaseFieldOfView": 100,
    "PercentSampling": 100,
    "PhaseEncodingDirection": "i-",
    "PixelBandwidth": 199,
    "ProtocolName": "MPRAGE - BWM",
    "ReceiveCoilName": "HeadMatrix",
    "RepetitionTime": 2.53,
    "ScanOptions": "IR",
    "ScanningSequence": "GR/IR",
    "SequenceName": "*tfl3d1_ns",
    "SequenceVariant": "SP/MP",
    "SoftwareVersions": "syngo MR B17",
    "TotalScanTimeSec": 363,
    "TransmitCoilName": "Body",
    "VariableFlipAngleFlag": "N",
    "dataset": "ds000030",
    "modality": "T1w",
    "subject_id": "50060"
  },
  "cjv": 0.5361583610797225,
  "cnr": 2.549225653779013,
  "efc": 0.5413253992583407,
  "fber": 1235.634033203125,
  "fwhm_avg": 3.1520739908027084,
  "fwhm_x": 3.2066819724081252,
  "fwhm_y": 3.31952,
  "fwhm_z": 2.93002,
  "icvs_csf": 0.21614456809274138,
  "icvs_gm": 0.40030176745162466,
  "icvs_wm": 0.38355366445563394,
  "inu_med": 1.6402227878570557,
  "inu_range": 0.6004879474639893,
  "provenance": {
    "md5sum": "67a1329970643d0ef585c80eec29cfe6",
    "settings": {
      "testing": false
    },
    "software": "mriqc",
    "version": "0.16.1",
    "warnings": {
      "large_rot_frame": true,
      "small_air_mask": false
    },
    "webapi_port": null,
    "webapi_url": "https://mriqc.nimh.nih.gov/api/v1"
  },
  "qi_1": 0.0,
  "qi_2": 0.0090412686735761,
  "rpve_csf": 27.74721408334746,
  "rpve_gm": 14.51329175276141,
  "rpve_wm": 18.125675846786958,
  "size_x": 176,
  "size_y": 256,
  "size_z": 256,
  "snr_csf": 2.0461383601322227,
  "snr_gm": 7.862599660981577,
  "snr_total": 7.837081466781224,
  "snr_wm": 13.60250637922987,
  "snrd_csf": 17.29743903480581,
  "snrd_gm": 45.768530637169526,
  "snrd_total": 42.73634792411688,
  "snrd_wm": 65.14307410037532,
  "spacing_x": 1.0000025033950806,
  "spacing_y": 1.0,
  "spacing_z": 1.0,
  "summary_bg_k": 41.38611886483264,
  "summary_bg_mad": 10.057313031092823,
  "summary_bg_mean": 18.01062774658203,
  "summary_bg_median": 13.502189636230469,
  "summary_bg_n": 4414663.0,
  "summary_bg_p05": 3.34114146232605,
  "summary_bg_p95": 44.72856101989746,
  "summary_bg_stdv": 14.950489044189453,
  "summary_csf_k": 0.15442195818338877,
  "summary_csf_mad": 128.82028572865534,
  "summary_csf_mean": 286.69085693359375,
  "summary_csf_median": 265.5412902832031,
  "summary_csf_n": 11238.0,
  "summary_csf_p05": 106.17391548156738,
  "summary_csf_p95": 519.9886657714844,
  "summary_csf_stdv": 129.77102661132812,
  "summary_gm_k": -0.1566024716411425,
  "summary_gm_mad": 89.40976378180636,
  "summary_gm_mean": 701.8132934570312,
  "summary_gm_median": 702.6146850585938,
  "summary_gm_n": 6401.0,
  "summary_gm_p05": 553.6288452148438,
  "summary_gm_p95": 850.4573974609375,
  "summary_gm_stdv": 89.35464477539062,
  "summary_wm_k": 0.6264641492157144,
  "summary_wm_mad": 70.0587009938767,
  "summary_wm_mean": 1002.1965942382812,
  "summary_wm_median": 1000.0426025390625,
  "summary_wm_n": 180106.0,
  "summary_wm_p05": 885.4822540283203,
  "summary_wm_p95": 1125.6737976074219,
  "summary_wm_stdv": 73.51879119873047,
  "tpm_overlap_csf": 0.16193364560604095,
  "tpm_overlap_gm": 0.4082246720790863,
  "tpm_overlap_wm": 0.4941403567790985,
  "wm2max": 0.5498586308210015
}