{
  "bids_meta": {
    "AccelNumReferenceLines": 32,
    "AccelerationFactorPE": 2,
    "AcquisitionMatrix": "0/256/256/0",
    "DeviceSerialNumber": "35343",
    "EchoTime": 0.00331,
    "EchoTrainLength": 1,
    "FlipAngle": 7,
    "ImageType": "ORIGINAL/PRIMARY/M/ND/NORM",
    "ImagingFrequency": 123249375,
    "InPlanePhaseEncodingDirection": "ROW",
    "InversionTime": 1.1,
    "MRAcquisitionType": "3D",
    "MagneticFieldStrength": 3,
    "ManufacturerModelName": "TrioTim",
    "NumberOfAverages": 1,
    "NumberOfPhaseEncodingSteps": 255,
    "PatientPosition": "HFS",
    "PercentPhaseFieldOfView": 100,
    "PercentSampling": 100,
    "PhaseEncodingDirection": "i-",
    "PixelBandwidth": 200,
    "ProtocolName": "MPRAGE - BWM",
    "ReceiveCoilName": "HeadMatrix",
    "RepetitionTime": 2.53,
    "ScanOptions": "IR",
    "ScanningSequence": "GR/IR",
    "SequenceName": "*tfl3d1_ns",
    "SequenceVariant": "SP/MP",
    "SoftwareVersions": "syngo MR B15",
    "TotalScanTimeSec": 363,
    "TransmitCoilName": "Body",
    "VariableFlipAngleFlag": "N",
    "dataset": "ds000030",
    "modality": "T1w",
    "subject_id": "60008"
  },
  "cjv": 0.4264041035108639,
  "cnr": 3.2153710310005494,
  "efc": 0.534329661608738,
  "fber": 1594.92431640625,
  "fwhm_avg": 2.97449,
  "fwhm_x": 3.00914,
  "fwhm_y": 3.11702,
  "fwhm_z": 2.79731,
  "icvs_csf": 0.16161315005801477,
  "icvs_gm": 0.435298174381728,
  "icvs_wm": 0.4030886755602572,
  "inu_med": 1.5566688776016235,
  "inu_range": 0.3573209166526794,
  "provenance": {
    "md5sum": "878a3b2c9bb5ff3b8406919ff2b02eae",
    "settings": {
      "testing": false
    },
    "software": "mriqc",
    "version": "0.16.1",
    "warnings": {
      "large_rot_frame": true,
      "small_air_mask": false
    },
    "webapi_port": null,
    "webapi_url": "https://mriqc.nimh.nih.gov/api/v1"
  },
  "qi_1": 0.0003054501765914136,
  "qi_2": 0.0057565250254898006,
  "rpve_csf": 35.51199435122731,
  "rpve_gm": 15.000927450970075,
  "rpve_wm": 19.324662348865736,
  "size_x": 176,
  "size_y": 256,
  "size_z": 256,
  "snr_csf": 1.7315502184203586,
  "snr_gm": 8.263418191472468,
  "snr_total": 9.230360361608234,
  "snr_wm": 17.696112674931875,
  "snrd_csf": 15.029281775395095,
  "snrd_gm": 41.83670674561021,
  "snrd_total": 39.552945166481386,
  "snrd_wm": 61.79284697843885,
  "spacing_x": 1.0,
  "spacing_y": 1.0,
  "spacing_z": 1.0,
  "summary_bg_k": 229.7250091835084,
  "summary_bg_mad": 10.602139399575291,
  "summary_bg_mean": 15.749861717224121,
  "summary_bg_median": 14.34779167175293,
  "summary_bg_n": 3882234.0,
  "summary_bg_p05": 0.0,
  "summary_bg_p95": 38.880796623229905,
  "summary_bg_stdv": 13.50124454498291,
  "summary_csf_k": 0.4267453119355564,
  "summary_csf_mad": 138.6342568240994,
  "summary_csf_mean": 282.6499938964844,
  "summary_csf_median": 243.2204132080078,
  "summary_csf_n": 3762.0,
  "summary_csf_p05": 105.00471000671386,
  "summary_csf_p95": 531.7937408447264,
  "summary_csf_stdv": 140.44529724121094,
  "summary_gm_k": -0.13139028333134695,
  "summary_gm_mad": 82.72619949612489,
  "summary_gm_mean": 678.2740478515625,
  "summary_gm_median": 677.0477294921875,
  "summary_gm_n": 16009.0,
  "summary_gm_p05": 544.5411865234375,
  "summary_gm_p95": 817.0857666015625,
  "summary_gm_stdv": 81.93057250976562,
  "summary_wm_k": 0.2412791921997992,
  "summary_wm_mad": 54.9819738865569,
  "summary_wm_mean": 999.8521118164062,
  "summary_wm_median": 1000.0,
  "summary_wm_n": 190424.0,
  "summary_wm_p05": 906.9362701416015,
  "summary_wm_p95": 1092.0226318359375,
  "summary_wm_stdv": 56.509437561035156,
  "tpm_overlap_csf": 0.1605294942855835,
  "tpm_overlap_gm": 0.4297775328159332,
  "tpm_overlap_wm": 0.49528393149375916,
  "wm2max": 0.7156228146258227
}