{
  "bids_meta": {
    "AccelNumReferenceLines": 32,
    "AccelerationFactorPE": 2,
    "AcquisitionMatrix": "0/256/256/0",
    "DeviceSerialNumber": "35343",
    "EchoTime": 0.00331,
    "EchoTrainLength": 1,
    "FlipAngle": 7,
    "ImageType": "ORIGINAL/PRIMARY/M/ND/NORM",
    "ImagingFrequency": 123227395,
    "InPlanePhaseEncodingDirection": "ROW",
    "InversionTime": 1.1,
    "MRAcquisitionType": "3D",
    "MagneticFieldStrength": 3,
    "ManufacturerModelName": "TrioTim",
    "NumberOfAverages": 1,
    "NumberOfPhaseEncodingSteps": 255,
    "PatientPosition": "HFS",
    "PercentPhaseFieldOfView": 100,
    "PercentSampling": 100,
    "PhaseEncodingDirection": "i-",
    "PixelBandwidth": 200,
    "ProtocolName": "MPRAGE - BWM",
    "ReceiveCoilName": "HeadMatrix",
    "RepetitionTime": 2.53,
    "ScanOptions": "IR",
    "ScanningSequence": "GR/IR",
    "SequenceName": "*tfl3d1_ns",
    "SequenceVariant": "SP/MP",
    "SoftwareVersions": "syngo MR B15",
    "TotalScanTimeSec": 363,
    "TransmitCoilName": "Body",
    "VariableFlipAngleFlag": "N",
    "dataset": "ds000030",
    "modality": "T1w",
    "subject_id": "70046"
  },
  "cjv": 0.47528908156825594,
  "cnr": 2.7824637995891357,
  "efc": 0.5302920663642576,
  "fber": 1291.0067138671875,
  "fwhm_avg": 3.1767958397102998,
  "fwhm_x": 3.2346175191309,
  "fwhm_y": 3.33843,
  "fwhm_z": 2.95734,
  "icvs_csf": 0.19135477114380142,
  "icvs_gm": 0.3954763573112615,
  "icvs_wm": 0.4131688715449371,
  "inu_med": 1.6742926836013794,
  "inu_range": 0.6344384670257566,
  "provenance": {
    "md5sum": "c3f86b1b6ee006944a150e5d45f5c2f0",
    "settings": {
      "testing": false
    },
    "software": "mriqc",
    "version": "21.0.0rc2",
    "warnings": {
      "large_rot_frame": true,
      "small_air_mask": false
    },
    "webapi_port": null,
    "webapi_url": "https://mriqc.nimh.nih.gov/api/v1"
  },
  "qi_1": 9.658633831318185e-06,
  "qi_2": 0.0051342798725530535,
  "rpve_csf": 28.0860574010346,
  "rpve_gm": 14.21511613383494,
  "rpve_wm": 17.01998126292628,
  "size_x": 176,
  "size_y": 256,
  "size_z": 256,
  "snr_csf": 2.6928111499504532,
  "snr_gm": 7.866255520387473,
  "snr_total": 8.999673174623,
  "snr_wm": 16.43995285353107,
  "snrd_csf": 24.657393120088933,
  "snrd_gm": 43.661132766439295,
  "snrd_total": 43.61956445137753,
  "snrd_wm": 62.54016746760435,
  "spacing_x": 0.9999976754188538,
  "spacing_y": 1.0,
  "spacing_z": 1.0,
  "summary_bg_k": 171.47589986516036,
  "summary_bg_mad": 10.475559656180922,
  "summary_bg_mean": 16.648508071899414,
  "summary_bg_median": 14.138663291931152,
  "summary_bg_n": 4407634.0,
  "summary_bg_p05": 3.485937249660492,
  "summary_bg_p95": 39.44651336669921,
  "summary_bg_stdv": 13.94018268585205,
  "summary_csf_k": -0.6862826530479249,
  "summary_csf_mad": 152.59726769580777,
  "summary_csf_mean": 364.8777770996094,
  "summary_csf_median": 394.26904296875,
  "summary_csf_n": 7483.0,
  "summary_csf_p05": 115.81497955322266,
  "summary_csf_p95": 566.02470703125,
  "summary_csf_stdv": 146.40562438964844,
  "summary_gm_k": 0.17098543376618291,
  "summary_gm_mad": 85.0731703908491,
  "summary_gm_mean": 702.0818481445312,
  "summary_gm_median": 698.1367797851562,
  "summary_gm_n": 11774.0,
  "summary_gm_p05": 561.8974670410156,
  "summary_gm_p95": 856.6806274414063,
  "summary_gm_stdv": 88.7470703125,
  "summary_wm_k": 0.33815669930945136,
  "summary_wm_mad": 58.40411191135765,
  "summary_wm_mean": 999.3296508789062,
  "summary_wm_median": 1000.010498046875,
  "summary_wm_n": 242270.0,
  "summary_wm_p05": 898.157421875,
  "summary_wm_p95": 1097.922607421875,
  "summary_wm_stdv": 60.827938079833984,
  "tpm_overlap_csf": 0.17019100487232208,
  "tpm_overlap_gm": 0.41985002160072327,
  "tpm_overlap_wm": 0.5083191394805908,
  "wm2max": 0.6072613545295775
}