{
  "bids_meta": {
    "AccelNumReferenceLines": 32,
    "AccelerationFactorPE": 2,
    "AcquisitionMatrix": "0/256/256/0",
    "DeviceSerialNumber": "35426",
    "EchoTime": 0.00331,
    "EchoTrainLength": 1,
    "FlipAngle": 7,
    "ImageType": "ORIGINAL/PRIMARY/M/ND/NORM",
    "ImagingFrequency": 123191655,
    "InPlanePhaseEncodingDirection": "ROW",
    "InversionTime": 1.1,
    "MRAcquisitionType": "3D",
    "MagneticFieldStrength": 3,
    "ManufacturerModelName": "TrioTim",
    "NumberOfAverages": 1,
    "NumberOfPhaseEncodingSteps": 255,
    "PatientPosition": "HFS",
    "PercentPhaseFieldOfView": 100,
    "PercentSampling": 100,
    "PhaseEncodingDirection": "i-",
    "PixelBandwidth": 199,
    "ProtocolName": "MPRAGE - BWM",
    "ReceiveCoilName": "HeadMatrix",
    "RepetitionTime": 2.53,
    "ScanOptions": "IR",
    "ScanningSequence": "GR/IR",
    "SequenceName": "tfl3d1_ns",
    "SequenceVariant": "SP/MP",
    "SoftwareVersions": "syngo MR B17",
    "TotalScanTimeSec": 363,
    "TransmitCoilName": "Body",
    "VariableFlipAngleFlag": "N",
    "dataset": "ds000030",
    "modality": "T1w",
    "subject_id": "11068"
  },
  "cjv": 0.4796911890052441,
  "cnr": 2.7735733415369626,
  "efc": 0.562749977688623,
  "fber": 1082.60400390625,
  "fwhm_avg": 3.1048749983199517,
  "fwhm_x": 3.146784994959855,
  "fwhm_y": 3.21919,
  "fwhm_z": 2.94865,
  "icvs_csf": 0.16972269296166187,
  "icvs_gm": 0.4276996687426815,
  "icvs_wm": 0.4025776382956566,
  "inu_med": 1.654140591621399,
  "inu_range": 0.691130304336548,
  "provenance": {
    "md5sum": "391756780f6cb3bdc38e7600cc0b6a26",
    "settings": {
      "testing": false
    },
    "software": "mriqc",
    "version": "0.16.1",
    "warnings": {
      "large_rot_frame": true,
      "small_air_mask": false
    },
    "webapi_port": null,
    "webapi_url": "https://mriqc.nimh.nih.gov/api/v1"
  },
  "qi_1": 0.0,
  "qi_2": 0.005555462140777478,
  "rpve_csf": 29.164475309349367,
  "rpve_gm": 12.77546281995262,
  "rpve_wm": 16.28495424739958,
  "size_x": 176,
  "size_y": 256,
  "size_z": 256,
  "snr_csf": 1.7486340349801774,
  "snr_gm": 8.331498020531061,
  "snr_total": 8.63627291183984,
  "snr_wm": 15.82868668000828,
  "snrd_csf": 19.280583644613426,
  "snrd_gm": 39.24167928637637,
  "snrd_total": 38.102660563105985,
  "snrd_wm": 55.78571875832816,
  "spacing_x": 1.000004768371582,
  "spacing_y": 1.0,
  "spacing_z": 1.0,
  "summary_bg_k": 410.81329570754593,
  "summary_bg_mad": 11.743910629025594,
  "summary_bg_mean": 19.16161346435547,
  "summary_bg_median": 15.833283424377441,
  "summary_bg_n": 3537861.0,
  "summary_bg_p05": 3.9070684909820557,
  "summary_bg_p95": 45.809024810791016,
  "summary_bg_stdv": 17.705698013305664,
  "summary_csf_k": 26.822415862954717,
  "summary_csf_mad": 197.361715194031,
  "summary_csf_mean": 349.95440673828125,
  "summary_csf_median": 345.6218566894531,
  "summary_csf_n": 4623.0,
  "summary_csf_p05": 112.15982360839844,
  "summary_csf_p95": 592.8000305175782,
  "summary_csf_stdv": 197.631103515625,
  "summary_gm_k": 0.1597054420780024,
  "summary_gm_mad": 81.399513026062,
  "summary_gm_mean": 707.032470703125,
  "summary_gm_median": 703.4425048828125,
  "summary_gm_n": 19067.0,
  "summary_gm_p05": 574.0821899414062,
  "summary_gm_p95": 853.2316284179689,
  "summary_gm_stdv": 84.42948150634766,
  "summary_wm_k": 0.2960362170139921,
  "summary_wm_mad": 60.86098395319947,
  "summary_wm_mean": 998.4227294921875,
  "summary_wm_median": 1000.0093383789062,
  "summary_wm_n": 235835.0,
  "summary_wm_p05": 891.3474426269531,
  "summary_wm_p95": 1099.273193359375,
  "summary_wm_stdv": 63.1768913269043,
  "tpm_overlap_csf": 0.1541842371225357,
  "tpm_overlap_gm": 0.432472825050354,
  "tpm_overlap_wm": 0.49524539709091187,
  "wm2max": 0.5595731523093428
}