{
  "bids_meta": {
    "AccelNumReferenceLines": 32,
    "AccelerationFactorPE": 2,
    "AcquisitionMatrix": "0/256/256/0",
    "DeviceSerialNumber": "35343",
    "EchoTime": 0.00331,
    "EchoTrainLength": 1,
    "FlipAngle": 7,
    "ImageType": "ORIGINAL/PRIMARY/M/ND/NORM",
    "ImagingFrequency": 123249777,
    "InPlanePhaseEncodingDirection": "ROW",
    "InversionTime": 1.1,
    "MRAcquisitionType": "3D",
    "MagneticFieldStrength": 3,
    "ManufacturerModelName": "TrioTim",
    "NumberOfAverages": 1,
    "NumberOfPhaseEncodingSteps": 255,
    "PatientPosition": "HFS",
    "PercentPhaseFieldOfView": 100,
    "PercentSampling": 100,
    "PhaseEncodingDirection": "i-",
    "PixelBandwidth": 200,
    "ProtocolName": "MPRAGE - BWM",
    "ReceiveCoilName": "HeadMatrix",
    "RepetitionTime": 2.53,
    "ScanOptions": "IR",
    "ScanningSequence": "GR/IR",
    "SequenceName": "*tfl3d1_ns",
    "SequenceVariant": "SP/MP",
    "SoftwareVersions": "syngo MR B15",
    "TotalScanTimeSec": 363,
    "TransmitCoilName": "Body",
    "VariableFlipAngleFlag": "N",
    "dataset": "ds000030",
    "modality": "T1w",
    "subject_id": "10557"
  },
  "cjv": 0.4043499100859743,
  "cnr": 3.229688573036529,
  "efc": 0.5265766111313829,
  "fber": 1311.6114501953125,
  "fwhm_avg": 3.1048233333333335,
  "fwhm_x": 3.17025,
  "fwhm_y": 3.28791,
  "fwhm_z": 2.85631,
  "icvs_csf": 0.1811834405831986,
  "icvs_gm": 0.4457188718083299,
  "icvs_wm": 0.3730976876084715,
  "inu_med": 1.7415704727172852,
  "inu_range": 0.6745192110538483,
  "provenance": {
    "md5sum": "765d47ec79463abb4d324ff1567d6acd",
    "settings": {
      "testing": false
    },
    "software": "mriqc",
    "version": "0.16.1",
    "warnings": {
      "large_rot_frame": true,
      "small_air_mask": false
    },
    "webapi_port": null,
    "webapi_url": "https://mriqc.nimh.nih.gov/api/v1"
  },
  "qi_1": 0.0,
  "qi_2": 0.005777869760298214,
  "rpve_csf": 28.4723553509461,
  "rpve_gm": 12.792622676174478,
  "rpve_wm": 17.96721203490524,
  "size_x": 176,
  "size_y": 256,
  "size_z": 256,
  "snr_csf": 2.2789639388957297,
  "snr_gm": 8.006161795969723,
  "snr_total": 8.694220459214216,
  "snr_wm": 15.7975356427772,
  "snrd_csf": 21.30236465121053,
  "snrd_gm": 42.819021910490044,
  "snrd_total": 42.9546786546355,
  "snrd_wm": 64.74264940220591,
  "spacing_x": 1.0,
  "spacing_y": 1.0,
  "spacing_z": 1.0,
  "summary_bg_k": 61.1248969563341,
  "summary_bg_mad": 10.119153635141341,
  "summary_bg_mean": 16.48919677734375,
  "summary_bg_median": 13.642374992370605,
  "summary_bg_n": 4386457.0,
  "summary_bg_p05": 3.379591417312622,
  "summary_bg_p95": 39.03110122680648,
  "summary_bg_stdv": 12.750566482543945,
  "summary_csf_k": -0.9139742118217589,
  "summary_csf_mad": 188.62344286245457,
  "summary_csf_mean": 323.5098876953125,
  "summary_csf_median": 329.03363037109375,
  "summary_csf_n": 6257.0,
  "summary_csf_p05": 114.08157653808594,
  "summary_csf_p95": 535.6341064453125,
  "summary_csf_stdv": 144.3670654296875,
  "summary_gm_k": 0.34680296644330344,
  "summary_gm_mad": 77.8970191193012,
  "summary_gm_mean": 666.0408325195312,
  "summary_gm_median": 661.377197265625,
  "summary_gm_n": 14016.0,
  "summary_gm_p05": 537.3507843017578,
  "summary_gm_p95": 810.4870452880859,
  "summary_gm_stdv": 82.60557556152344,
  "summary_wm_k": 0.5901385093466476,
  "summary_wm_mad": 59.027820150557474,
  "summary_wm_mean": 996.8247680664062,
  "summary_wm_median": 1000.0067749023438,
  "summary_wm_n": 197438.0,
  "summary_wm_p05": 885.7696533203125,
  "summary_wm_p95": 1094.7038940429686,
  "summary_wm_stdv": 63.3012809753418,
  "tpm_overlap_csf": 0.17221599817276,
  "tpm_overlap_gm": 0.4481814205646515,
  "tpm_overlap_wm": 0.5104091167449951,
  "wm2max": 0.7215747619485956
}