{
  "bids_meta": {
    "AccelNumReferenceLines": 32,
    "AccelerationFactorPE": 2,
    "AcquisitionMatrix": "0/256/256/0",
    "DeviceSerialNumber": "35426",
    "EchoTime": 0.00331,
    "EchoTrainLength": 1,
    "FlipAngle": 7,
    "ImageType": "ORIGINAL/PRIMARY/M/ND/NORM",
    "ImagingFrequency": 123191552,
    "InPlanePhaseEncodingDirection": "ROW",
    "InversionTime": 1.1,
    "MRAcquisitionType": "3D",
    "MagneticFieldStrength": 3,
    "ManufacturerModelName": "TrioTim",
    "NumberOfAverages": 1,
    "NumberOfPhaseEncodingSteps": 255,
    "PatientPosition": "HFS",
    "PercentPhaseFieldOfView": 100,
    "PercentSampling": 100,
    "PhaseEncodingDirection": "i-",
    "PixelBandwidth": 199,
    "ProtocolName": "MPRAGE - BWM",
    "ReceiveCoilName": "HeadMatrix",
    "RepetitionTime": 2.53,
    "ScanOptions": "IR",
    "ScanningSequence": "GR/IR",
    "SequenceName": "*tfl3d1_ns",
    "SequenceVariant": "SP/MP",
    "SoftwareVersions": "syngo MR B17",
    "TotalScanTimeSec": 363,
    "TransmitCoilName": "Body",
    "VariableFlipAngleFlag": "N",
    "dataset": "ds000030",
    "modality": "T1w",
    "subject_id": "11149"
  },
  "cjv": 0.483877516203464,
  "cnr": 2.746610482352494,
  "efc": 0.5679434652707885,
  "fber": 880.5637817382812,
  "fwhm_avg": 3.2429133333333335,
  "fwhm_x": 3.28858,
  "fwhm_y": 3.39008,
  "fwhm_z": 3.05008,
  "icvs_csf": 0.18584713597656746,
  "icvs_gm": 0.43357898887203283,
  "icvs_wm": 0.38057387515139973,
  "inu_med": 1.8056676387786865,
  "inu_range": 0.8802877783775327,
  "provenance": {
    "md5sum": "2592595c87f0c768b2a73e8d6219dc29",
    "settings": {
      "testing": false
    },
    "software": "mriqc",
    "version": "0.16.1",
    "warnings": {
      "large_rot_frame": true,
      "small_air_mask": false
    },
    "webapi_port": null,
    "webapi_url": "https://mriqc.nimh.nih.gov/api/v1"
  },
  "qi_1": 0.0,
  "qi_2": 0.004313616573593623,
  "rpve_csf": 26.553763977288284,
  "rpve_gm": 12.484780003010272,
  "rpve_wm": 16.97959915905836,
  "size_x": 176,
  "size_y": 256,
  "size_z": 256,
  "snr_csf": 2.8095651502122285,
  "snr_gm": 7.870921670083653,
  "snr_total": 8.606149787822213,
  "snr_wm": 15.137962543170756,
  "snrd_csf": 24.813245454154597,
  "snrd_gm": 42.31029350825065,
  "snrd_total": 42.678090168837684,
  "snrd_wm": 60.91073154410779,
  "spacing_x": 1.0,
  "spacing_y": 1.0,
  "spacing_z": 1.0,
  "summary_bg_k": 5.9290666754419465,
  "summary_bg_mad": 10.756060107381629,
  "summary_bg_mean": 19.838167190551758,
  "summary_bg_median": 17.80386734008789,
  "summary_bg_n": 3543416.0,
  "summary_bg_p05": 3.556386709213257,
  "summary_bg_p95": 46.64627742767334,
  "summary_bg_stdv": 14.480595588684082,
  "summary_csf_k": -0.39902310713049394,
  "summary_csf_mad": 159.58221178426837,
  "summary_csf_mean": 389.60662841796875,
  "summary_csf_median": 407.3850402832031,
  "summary_csf_n": 2853.0,
  "summary_csf_p05": 149.633056640625,
  "summary_csf_p95": 601.7784912109375,
  "summary_csf_stdv": 144.97390747070312,
  "summary_gm_k": 0.21791717552239165,
  "summary_gm_mad": 85.048647368314,
  "summary_gm_mean": 698.021484375,
  "summary_gm_median": 694.6524047851562,
  "summary_gm_n": 12293.0,
  "summary_gm_p05": 555.6104614257813,
  "summary_gm_p95": 847.4511352539062,
  "summary_gm_stdv": 88.25194549560547,
  "summary_wm_k": 0.5862475554526565,
  "summary_wm_mad": 62.71925896895398,
  "summary_wm_mean": 999.3756713867188,
  "summary_wm_median": 1000.0352783203125,
  "summary_wm_n": 213888.0,
  "summary_wm_p05": 889.3916870117187,
  "summary_wm_p95": 1106.2640808105468,
  "summary_wm_stdv": 66.06126403808594,
  "tpm_overlap_csf": 0.14675331115722656,
  "tpm_overlap_gm": 0.4489525556564331,
  "tpm_overlap_wm": 0.5041582584381104,
  "wm2max": 0.6559944418763556
}