{
  "bids_meta": {
    "AccelNumReferenceLines": 32,
    "AccelerationFactorPE": 2,
    "AcquisitionMatrix": "0/256/256/0",
    "DeviceSerialNumber": "35343",
    "EchoTime": 0.00331,
    "EchoTrainLength": 1,
    "FlipAngle": 7,
    "ImageType": "ORIGINAL/PRIMARY/M/ND/NORM",
    "ImagingFrequency": 123227124,
    "InPlanePhaseEncodingDirection": "ROW",
    "InversionTime": 1.1,
    "MRAcquisitionType": "3D",
    "MagneticFieldStrength": 3,
    "ManufacturerModelName": "TrioTim",
    "NumberOfAverages": 1,
    "NumberOfPhaseEncodingSteps": 255,
    "PatientPosition": "HFS",
    "PercentPhaseFieldOfView": 100,
    "PercentSampling": 100,
    "PhaseEncodingDirection": "i-",
    "PixelBandwidth": 200,
    "ProtocolName": "MPRAGE - BWM",
    "ReceiveCoilName": "HeadMatrix",
    "RepetitionTime": 2.53,
    "ScanOptions": "IR",
    "ScanningSequence": "GR/IR",
    "SequenceName": "*tfl3d1_ns",
    "SequenceVariant": "SP/MP",
    "SoftwareVersions": "syngo MR B15",
    "TotalScanTimeSec": 363,
    "TransmitCoilName": "Body",
    "VariableFlipAngleFlag": "N",
    "dataset": "ds000030",
    "modality": "T1w",
    "subject_id": "10855"
  },
  "cjv": 0.4232535015013094,
  "cnr": 3.1855634207073753,
  "efc": 0.5281807625374941,
  "fber": 1256.8546142578125,
  "fwhm_avg": 3.068819973770067,
  "fwhm_x": 3.131339921310201,
  "fwhm_y": 3.18761,
  "fwhm_z": 2.88751,
  "icvs_csf": 0.19621652378014962,
  "icvs_gm": 0.42638597129425926,
  "icvs_wm": 0.3773975049255911,
  "inu_med": 1.7243633270263672,
  "inu_range": 0.6424138724803927,
  "provenance": {
    "md5sum": "6565b5067f9c51551eb66c409a3c70c6",
    "settings": {
      "testing": false
    },
    "software": "mriqc",
    "version": "0.16.1",
    "warnings": {
      "large_rot_frame": true,
      "small_air_mask": false
    },
    "webapi_port": null,
    "webapi_url": "https://mriqc.nimh.nih.gov/api/v1"
  },
  "qi_1": 0.0,
  "qi_2": 0.004727331887122642,
  "rpve_csf": 30.687425874314965,
  "rpve_gm": 14.698128569253518,
  "rpve_wm": 19.595083444324572,
  "size_x": 176,
  "size_y": 256,
  "size_z": 256,
  "snr_csf": 2.1337608958203194,
  "snr_gm": 8.599749311572642,
  "snr_total": 8.914712358119239,
  "snr_wm": 16.010626866964756,
  "snrd_csf": 17.672861592039443,
  "snrd_gm": 43.75193846890536,
  "snrd_total": 42.01055621856398,
  "snrd_wm": 64.60686859474714,
  "spacing_x": 1.0000032186508179,
  "spacing_y": 1.0,
  "spacing_z": 1.0,
  "summary_bg_k": 68.74639637554971,
  "summary_bg_mad": 10.14036172304005,
  "summary_bg_mean": 15.691438674926758,
  "summary_bg_median": 13.701284408569336,
  "summary_bg_n": 4555873.0,
  "summary_bg_p05": 0.0,
  "summary_bg_p95": 38.181610107421875,
  "summary_bg_stdv": 12.91171646118164,
  "summary_csf_k": -0.5140966663272817,
  "summary_csf_mad": 138.4471104182677,
  "summary_csf_mean": 295.6008605957031,
  "summary_csf_median": 273.5448913574219,
  "summary_csf_n": 11440.0,
  "summary_csf_p05": 118.23553428649903,
  "summary_csf_p95": 521.9593902587889,
  "summary_csf_stdv": 128.19287109375,
  "summary_gm_k": 0.12273283944736813,
  "summary_gm_mad": 77.01794567864737,
  "summary_gm_mean": 676.6434326171875,
  "summary_gm_median": 677.2032470703125,
  "summary_gm_n": 8060.0,
  "summary_gm_p05": 546.3074127197266,
  "summary_gm_p95": 807.3862548828124,
  "summary_gm_stdv": 78.74197387695312,
  "summary_wm_k": 0.40033702797307136,
  "summary_wm_mad": 59.60732360559348,
  "summary_wm_mean": 999.2805786132812,
  "summary_wm_median": 1000.0009765625,
  "summary_wm_n": 162754.0,
  "summary_wm_p05": 895.0610656738281,
  "summary_wm_p95": 1100.507257080078,
  "summary_wm_stdv": 62.4583854675293,
  "tpm_overlap_csf": 0.16095419228076935,
  "tpm_overlap_gm": 0.4331951439380646,
  "tpm_overlap_wm": 0.49328964948654175,
  "wm2max": 0.6547618932486194
}